{
  "aor": 0.008014974874371859,
  "aqi": 0.0069555321105527635,
  "bids_meta": {
    "AcquisitionMatrixPE": 70,
    "AcquisitionNumber": 1,
    "AcquisitionTime": "11:01:46.055000",
    "BandwidthPerPixelPhaseEncode": 57.143,
    "BaseResolution": 70,
    "BodyPartExamined": "BRAIN",
    "ConsistencyInfo": "N4_VE11C_LATEST_20160120",
    "ConversionSoftware": "dcm2niix",
    "ConversionSoftwareVersion": "v1.0.20181125  (JP2:OpenJPEG) (JP-LS:CharLS) GCC5.5.0",
    "DerivedVendorReportedEchoSpacing": 0.000499999,
    "DeviceSerialNumber": "167012",
    "DwellTime": 3e-06,
    "EchoTime": 0.03,
    "EchoTrainLength": 35,
    "EffectiveEchoSpacing": 0.000249999,
    "FlipAngle": 90,
    "ImageOrientationPatientDICOM": [
      0.99982,
      -0.00105796,
      -0.0189229,
      -0.00157055,
      0.990382,
      -0.138353
    ],
    "ImageType": [
      "ORIGINAL",
      "PRIMARY",
      "M",
      "ND",
      "MOSAIC"
    ],
    "ImagingFrequency": 123.254,
    "InPlanePhaseEncodingDirectionDICOM": "COL",
    "InstitutionAddress": "Vassar_Street_43_Cambridge_Boston_US_02139",
    "InstitutionName": "McGovern_Institute_for_Brain_Research_(3T1)",
    "InstitutionalDepartmentName": "Department",
    "MRAcquisitionType": "2D",
    "MagneticFieldStrength": 3,
    "Manufacturer": "Siemens",
    "ManufacturersModelName": "Prisma_fit",
    "Modality": "MR",
    "ParallelReductionFactorInPlane": 2,
    "PartialFourier": 1,
    "PatientPosition": "HFS",
    "PercentPhaseFOV": 100,
    "PhaseEncodingDirection": "j-",
    "PhaseEncodingSteps": 70,
    "PhaseResolution": 1,
    "PixelBandwidth": 2380,
    "ProcedureStepDescription": "Young_Emily",
    "ProtocolName": "FIRSTTHIRD",
    "PulseSequenceDetails": "%SiemensSeq%_ep2d_pace",
    "ReceiveCoilActiveElements": "HEA;HEP",
    "ReceiveCoilName": "Head_32",
    "ReconMatrixPE": 70,
    "RepetitionTime": 2,
    "SAR": 0.131344,
    "ScanOptions": "FS",
    "ScanningSequence": "EP",
    "SequenceName": "_epfid2d1_70",
    "SequenceVariant": "SK",
    "SeriesDescription": "FIRSTTHIRD",
    "SeriesNumber": 23,
    "ShimSetting": [
      -5614,
      -1462,
      3143,
      379,
      -40,
      261,
      37,
      4
    ],
    "SliceThickness": 3,
    "SliceTiming": [
      0,
      0.0525,
      0.1075,
      0.1625,
      0.2175,
      0.2725,
      0.3275,
      0.3825,
      0.4375,
      0.4925,
      0.5475,
      0.6025,
      0.6575,
      0.7125,
      0.7675,
      0.8225,
      0.8775,
      0.9325,
      0.9875,
      1.0425,
      1.0975,
      1.1525,
      1.2075,
      1.2625,
      1.3175,
      1.3725,
      1.4275,
      1.4825,
      1.5375,
      1.5925,
      1.6475,
      1.7025,
      1.7575,
      1.8125,
      1.8675,
      1.9225
    ],
    "SoftwareVersions": "syngo_MR_E11",
    "SpacingBetweenSlices": 3.54,
    "StationName": "MRC35115",
    "TaskName": "firstthird",
    "TotalReadoutTime": 0.01725,
    "TxRefAmp": 245.021,
    "dataset": "ds002250",
    "modality": "bold",
    "run_id": 4,
    "subject_id": "19",
    "task_id": "firstthird"
  },
  "dummy_trs": 0,
  "dvars_nstd": 36.62912162611113,
  "dvars_std": 1.2146973825252518,
  "dvars_vstd": 1.051434768939394,
  "efc": 0.566263466220302,
  "fber": 439.18975830078125,
  "fd_mean": 0.34871010943740205,
  "fd_num": 96,
  "fd_perc": 48.24120603015076,
  "fwhm_avg": 2.6779231926816363,
  "fwhm_x": 2.4140266666666665,
  "fwhm_y": 2.8337033333333337,
  "fwhm_z": 2.786039578044908,
  "gcor": 0.0580118,
  "gsr_x": -0.020551666617393494,
  "gsr_y": 0.09827231615781784,
  "provenance": {
    "md5sum": "8da130ae201eaeab6ff8c7a9bac2f353",
    "settings": {
      "fd_thres": 0.2,
      "testing": false
    },
    "software": "mriqc",
    "version": "22.0.6",
    "webapi_port": null,
    "webapi_url": "https://mriqc.nimh.nih.gov/api/v1"
  },
  "size_t": 199,
  "size_x": 70,
  "size_y": 70,
  "size_z": 36,
  "snr": 2.407114753322299,
  "spacing_tr": 2.0,
  "spacing_x": 3.0,
  "spacing_y": 3.0,
  "spacing_z": 3.5399999618530273,
  "summary_bg_k": 25.30358738597146,
  "summary_bg_mad": 5.587697371822985,
  "summary_bg_mean": 42.819454193115234,
  "summary_bg_median": 16.793970108032227,
  "summary_bg_n": 101157.0,
  "summary_bg_p05": 12.492462158203125,
  "summary_bg_p95": 197.49848937988278,
  "summary_bg_stdv": 71.9337158203125,
  "summary_fg_k": 0.6035633001717589,
  "summary_fg_mad": 145.05661924798179,
  "summary_fg_mean": 386.4315185546875,
  "summary_fg_median": 360.31658935546875,
  "summary_fg_n": 36185.0,
  "summary_fg_p05": 191.5989959716797,
  "summary_fg_p95": 671.1196044921875,
  "summary_fg_stdv": 149.68609619140625,
  "tsnr": 44.75100387632847
}