{
  "aor": 0.0054132,
  "aqi": 0.0035580011200000003,
  "bids_meta": {
    "AcquisitionMatrixPE": 70,
    "AcquisitionNumber": 1,
    "AcquisitionTime": "11:30:28.895000",
    "BandwidthPerPixelPhaseEncode": 57.143,
    "BaseResolution": 70,
    "BodyPartExamined": "BRAIN",
    "ConsistencyInfo": "N4_VE11C_LATEST_20160120",
    "ConversionSoftware": "dcm2niix",
    "ConversionSoftwareVersion": "v1.0.20181125  (JP2:OpenJPEG) (JP-LS:CharLS) GCC5.5.0",
    "DerivedVendorReportedEchoSpacing": 0.000499999,
    "DeviceSerialNumber": "167012",
    "DwellTime": 3e-06,
    "EchoTime": 0.03,
    "EchoTrainLength": 35,
    "EffectiveEchoSpacing": 0.000249999,
    "FlipAngle": 90,
    "ImageOrientationPatientDICOM": [
      0.99982,
      -0.00105796,
      -0.0189229,
      -0.00157055,
      0.990382,
      -0.138353
    ],
    "ImageType": [
      "ORIGINAL",
      "PRIMARY",
      "M",
      "ND",
      "MOSAIC"
    ],
    "ImagingFrequency": 123.254,
    "InPlanePhaseEncodingDirectionDICOM": "COL",
    "InstitutionAddress": "Vassar_Street_43_Cambridge_Boston_US_02139",
    "InstitutionName": "McGovern_Institute_for_Brain_Research_(3T1)",
    "InstitutionalDepartmentName": "Department",
    "MRAcquisitionType": "2D",
    "MagneticFieldStrength": 3,
    "Manufacturer": "Siemens",
    "ManufacturersModelName": "Prisma_fit",
    "Modality": "MR",
    "ParallelReductionFactorInPlane": 2,
    "PartialFourier": 1,
    "PatientPosition": "HFS",
    "PercentPhaseFOV": 100,
    "PhaseEncodingDirection": "j-",
    "PhaseEncodingSteps": 70,
    "PhaseResolution": 1,
    "PixelBandwidth": 2380,
    "ProcedureStepDescription": "Young_Emily",
    "ProtocolName": "so_localizer",
    "PulseSequenceDetails": "%SiemensSeq%_ep2d_pace",
    "ReceiveCoilActiveElements": "HEA;HEP",
    "ReceiveCoilName": "Head_32",
    "ReconMatrixPE": 70,
    "RepetitionTime": 2,
    "SAR": 0.131062,
    "ScanOptions": "FS",
    "ScanningSequence": "EP",
    "SequenceName": "_epfid2d1_70",
    "SequenceVariant": "SK",
    "SeriesDescription": "so_localizer",
    "SeriesNumber": 31,
    "ShimSetting": [
      -5614,
      -1462,
      3143,
      379,
      -40,
      261,
      37,
      4
    ],
    "SliceThickness": 3,
    "SliceTiming": [
      0,
      0.055,
      0.11,
      0.165,
      0.22,
      0.275,
      0.33,
      0.385,
      0.44,
      0.495,
      0.55,
      0.605,
      0.66,
      0.715,
      0.77,
      0.825,
      0.88,
      0.935,
      0.99,
      1.045,
      1.1,
      1.155,
      1.21,
      1.265,
      1.32,
      1.375,
      1.43,
      1.485,
      1.54,
      1.595,
      1.65,
      1.705,
      1.76,
      1.815,
      1.87,
      1.925
    ],
    "SoftwareVersions": "syngo_MR_E11",
    "SpacingBetweenSlices": 3.54,
    "StationName": "MRC35115",
    "TaskName": "so",
    "TotalReadoutTime": 0.01725,
    "TxRefAmp": 245.021,
    "dataset": "ds002250",
    "modality": "bold",
    "run_id": 2,
    "subject_id": "19",
    "task_id": "so"
  },
  "dummy_trs": 0,
  "dvars_nstd": 26.25825768169355,
  "dvars_std": 1.1956221317741933,
  "dvars_vstd": 1.0588698197580646,
  "efc": 0.5687155478997407,
  "fber": 433.0307922363281,
  "fd_mean": 0.18583550187124626,
  "fd_num": 25,
  "fd_perc": 20.0,
  "fwhm_avg": 2.6677538141537185,
  "fwhm_x": 2.377073333333333,
  "fwhm_y": 2.8392700000000004,
  "fwhm_z": 2.786918109127822,
  "gcor": 0.0345537,
  "gsr_x": -0.022802768275141716,
  "gsr_y": 0.09810778498649597,
  "provenance": {
    "md5sum": "4b306747542c4948984ee930fefb194c",
    "settings": {
      "fd_thres": 0.2,
      "testing": false
    },
    "software": "mriqc",
    "version": "22.0.6",
    "webapi_port": null,
    "webapi_url": "https://mriqc.nimh.nih.gov/api/v1"
  },
  "size_t": 125,
  "size_x": 70,
  "size_y": 70,
  "size_z": 36,
  "snr": 2.412551718514491,
  "spacing_tr": 2.0,
  "spacing_x": 3.0,
  "spacing_y": 3.0,
  "spacing_z": 3.5399999618530273,
  "summary_bg_k": 22.07880449349531,
  "summary_bg_mad": 5.728775447382651,
  "summary_bg_mean": 44.10346984863281,
  "summary_bg_median": 16.98400115966797,
  "summary_bg_n": 100745.0,
  "summary_bg_p05": 12.552000999450684,
  "summary_bg_p95": 208.39041137695304,
  "summary_bg_stdv": 74.46483612060547,
  "summary_fg_k": 0.5870735958892612,
  "summary_fg_mad": 146.11341673387153,
  "summary_fg_mean": 389.50634765625,
  "summary_fg_median": 363.54400634765625,
  "summary_fg_n": 36267.0,
  "summary_fg_p05": 193.41040802001953,
  "summary_fg_p95": 673.7416198730468,
  "summary_fg_stdv": 150.68650817871094,
  "tsnr": 62.76268606027588
}