{
  "aor": 0.00303664,
  "aqi": 0.0034657441600000004,
  "bids_meta": {
    "AcquisitionMatrixPE": 70,
    "AcquisitionNumber": 1,
    "AcquisitionTime": "11:40:7.782500",
    "BandwidthPerPixelPhaseEncode": 57.143,
    "BaseResolution": 70,
    "BodyPartExamined": "BRAIN",
    "ConsistencyInfo": "N4_VE11C_LATEST_20160120",
    "ConversionSoftware": "dcm2niix",
    "ConversionSoftwareVersion": "v1.0.20181125  (JP2:OpenJPEG) (JP-LS:CharLS) GCC5.5.0",
    "DerivedVendorReportedEchoSpacing": 0.000499999,
    "DeviceSerialNumber": "167012",
    "DwellTime": 3e-06,
    "EchoTime": 0.03,
    "EchoTrainLength": 35,
    "EffectiveEchoSpacing": 0.000249999,
    "FlipAngle": 90,
    "ImageOrientationPatientDICOM": [
      0.99982,
      -0.00105796,
      -0.0189229,
      -0.00157055,
      0.990382,
      -0.138353
    ],
    "ImageType": [
      "ORIGINAL",
      "PRIMARY",
      "M",
      "ND",
      "MOSAIC"
    ],
    "ImagingFrequency": 123.254,
    "InPlanePhaseEncodingDirectionDICOM": "COL",
    "InstitutionAddress": "Vassar_Street_43_Cambridge_Boston_US_02139",
    "InstitutionName": "McGovern_Institute_for_Brain_Research_(3T1)",
    "InstitutionalDepartmentName": "Department",
    "MRAcquisitionType": "2D",
    "MagneticFieldStrength": 3,
    "Manufacturer": "Siemens",
    "ManufacturersModelName": "Prisma_fit",
    "Modality": "MR",
    "ParallelReductionFactorInPlane": 2,
    "PartialFourier": 1,
    "PatientPosition": "HFS",
    "PercentPhaseFOV": 100,
    "PhaseEncodingDirection": "j-",
    "PhaseEncodingSteps": 70,
    "PhaseResolution": 1,
    "PixelBandwidth": 2380,
    "ProcedureStepDescription": "Young_Emily",
    "ProtocolName": "so_localizer",
    "PulseSequenceDetails": "%SiemensSeq%_ep2d_pace",
    "ReceiveCoilActiveElements": "HEA;HEP",
    "ReceiveCoilName": "Head_32",
    "ReconMatrixPE": 70,
    "RepetitionTime": 2,
    "SAR": 0.131062,
    "ScanOptions": "FS",
    "ScanningSequence": "EP",
    "SequenceName": "_epfid2d1_70",
    "SequenceVariant": "SK",
    "SeriesDescription": "so_localizer",
    "SeriesNumber": 35,
    "ShimSetting": [
      -5614,
      -1462,
      3143,
      379,
      -40,
      261,
      37,
      4
    ],
    "SliceThickness": 3,
    "SliceTiming": [
      0,
      0.055,
      0.11,
      0.165,
      0.22,
      0.275,
      0.33,
      0.385,
      0.44,
      0.495,
      0.55,
      0.605,
      0.66,
      0.715,
      0.77,
      0.825,
      0.88,
      0.935,
      0.99,
      1.045,
      1.1,
      1.155,
      1.21,
      1.265,
      1.32,
      1.375,
      1.43,
      1.485,
      1.54,
      1.595,
      1.65,
      1.705,
      1.76,
      1.815,
      1.87,
      1.925
    ],
    "SoftwareVersions": "syngo_MR_E11",
    "SpacingBetweenSlices": 3.54,
    "StationName": "MRC35115",
    "TaskName": "so",
    "TotalReadoutTime": 0.01725,
    "TxRefAmp": 245.021,
    "dataset": "ds002250",
    "modality": "bold",
    "run_id": 4,
    "subject_id": "19",
    "task_id": "so"
  },
  "dummy_trs": 0,
  "dvars_nstd": 25.334130625080633,
  "dvars_std": 1.1739426750000002,
  "dvars_vstd": 1.039098073870968,
  "efc": 0.5699305697695897,
  "fber": 429.032470703125,
  "fd_mean": 0.16283492603802044,
  "fd_num": 29,
  "fd_perc": 23.2,
  "fwhm_avg": 2.679115546777022,
  "fwhm_x": 2.3849766666666667,
  "fwhm_y": 2.8534066666666664,
  "fwhm_z": 2.7989633069977335,
  "gcor": 0.0348628,
  "gsr_x": -0.023722290992736816,
  "gsr_y": 0.09973045438528061,
  "provenance": {
    "md5sum": "bbb18a21d1db7a3c10eb03c1e966ebb6",
    "settings": {
      "fd_thres": 0.2,
      "testing": false
    },
    "software": "mriqc",
    "version": "22.0.6",
    "webapi_port": null,
    "webapi_url": "https://mriqc.nimh.nih.gov/api/v1"
  },
  "size_t": 125,
  "size_x": 70,
  "size_y": 70,
  "size_z": 36,
  "snr": 2.409946622955078,
  "spacing_tr": 2.0,
  "spacing_x": 3.0,
  "spacing_y": 3.0,
  "spacing_z": 3.5399999618530273,
  "summary_bg_k": 21.89125744149169,
  "summary_bg_mad": 5.918547502017858,
  "summary_bg_mean": 44.99985122680664,
  "summary_bg_median": 17.128000259399414,
  "summary_bg_n": 100776.0,
  "summary_bg_p05": 12.576000213623047,
  "summary_bg_p95": 212.71001052856445,
  "summary_bg_stdv": 76.33098602294922,
  "summary_fg_k": 0.5582370913377979,
  "summary_fg_mad": 146.8132277847024,
  "summary_fg_mean": 389.66497802734375,
  "summary_fg_median": 363.61602783203125,
  "summary_fg_n": 36377.0,
  "summary_fg_p05": 192.7904083251953,
  "summary_fg_p95": 675.2944335937497,
  "summary_fg_stdv": 150.87928771972656,
  "tsnr": 65.83711345447227
}