{
  "aor": 0.0024793600000000003,
  "aqi": 0.0023722784800000005,
  "bids_meta": {
    "AcquisitionMatrixPE": 70,
    "AcquisitionNumber": 1,
    "AcquisitionTime": "10:06:55.510000",
    "BandwidthPerPixelPhaseEncode": 57.143,
    "BaseResolution": 70,
    "BodyPartExamined": "BRAIN",
    "ConsistencyInfo": "N4_VE11C_LATEST_20160120",
    "ConversionSoftware": "dcm2niix",
    "ConversionSoftwareVersion": "v1.0.20181125  (JP2:OpenJPEG) (JP-LS:CharLS) GCC5.5.0",
    "DerivedVendorReportedEchoSpacing": 0.000499999,
    "DeviceSerialNumber": "167012",
    "DwellTime": 3e-06,
    "EchoTime": 0.03,
    "EchoTrainLength": 35,
    "EffectiveEchoSpacing": 0.000249999,
    "FlipAngle": 90,
    "ImageOrientationPatientDICOM": [
      0.992961,
      -0.081645,
      0.0858035,
      0.0975357,
      0.97466,
      -0.201309
    ],
    "ImageType": [
      "ORIGINAL",
      "PRIMARY",
      "M",
      "ND",
      "MOSAIC"
    ],
    "ImagingFrequency": 123.254,
    "InPlanePhaseEncodingDirectionDICOM": "COL",
    "InstitutionAddress": "Vassar_Street_43_Cambridge_Boston_US_02139",
    "InstitutionName": "MIT",
    "InstitutionalDepartmentName": "Department",
    "MRAcquisitionType": "2D",
    "MagneticFieldStrength": 3,
    "Manufacturer": "Siemens",
    "ManufacturersModelName": "Prisma_fit",
    "Modality": "MR",
    "ParallelReductionFactorInPlane": 2,
    "PartialFourier": 1,
    "PatientPosition": "HFS",
    "PercentPhaseFOV": 100,
    "PhaseEncodingDirection": "j-",
    "PhaseEncodingSteps": 70,
    "PhaseResolution": 1,
    "PixelBandwidth": 2380,
    "ProcedureStepDescription": "Young_Emily",
    "ProtocolName": "so_localizer",
    "PulseSequenceDetails": "%SiemensSeq%_ep2d_pace",
    "ReceiveCoilActiveElements": "HEA;HEP",
    "ReceiveCoilName": "Head_32",
    "ReconMatrixPE": 70,
    "RepetitionTime": 2,
    "SAR": 0.123692,
    "ScanOptions": "FS",
    "ScanningSequence": "EP",
    "SequenceName": "_epfid2d1_70",
    "SequenceVariant": "SK",
    "SeriesDescription": "so_localizer",
    "SeriesNumber": 17,
    "ShimSetting": [
      -5606,
      -1492,
      3145,
      324,
      24,
      76,
      -94,
      -31
    ],
    "SliceThickness": 3,
    "SliceTiming": [
      0,
      0.055,
      0.11,
      0.165,
      0.22,
      0.275,
      0.33,
      0.385,
      0.44,
      0.495,
      0.55,
      0.605,
      0.66,
      0.715,
      0.77,
      0.825,
      0.88,
      0.935,
      0.99,
      1.045,
      1.1,
      1.155,
      1.21,
      1.265,
      1.32,
      1.375,
      1.43,
      1.485,
      1.54,
      1.595,
      1.65,
      1.705,
      1.76,
      1.815,
      1.87,
      1.925
    ],
    "SoftwareVersions": "syngo_MR_E11",
    "SpacingBetweenSlices": 3.54,
    "StationName": "MRC35115",
    "TaskName": "so",
    "TotalReadoutTime": 0.01725,
    "TxRefAmp": 248.701,
    "dataset": "ds002250",
    "modality": "bold",
    "run_id": 3,
    "subject_id": "15",
    "task_id": "so"
  },
  "dummy_trs": 0,
  "dvars_nstd": 21.997845972822585,
  "dvars_std": 1.1470799784677421,
  "dvars_vstd": 1.0193893558870968,
  "efc": 0.5251410556064499,
  "fber": 530.479248046875,
  "fd_mean": 0.1223092980720327,
  "fd_num": 6,
  "fd_perc": 4.8,
  "fwhm_avg": 2.7746713216037233,
  "fwhm_x": 2.5738266666666667,
  "fwhm_y": 2.931173333333333,
  "fwhm_z": 2.819013964811171,
  "gcor": 0.0213023,
  "gsr_x": 0.009118509478867054,
  "gsr_y": 0.031638894230127335,
  "provenance": {
    "md5sum": "6ee8a2ff1720e9f5e86223baf5b95277",
    "settings": {
      "fd_thres": 0.2,
      "testing": false
    },
    "software": "mriqc",
    "version": "22.0.6",
    "webapi_port": null,
    "webapi_url": "https://mriqc.nimh.nih.gov/api/v1"
  },
  "size_t": 125,
  "size_x": 70,
  "size_y": 70,
  "size_z": 36,
  "snr": 2.623473567245311,
  "spacing_tr": 2.0,
  "spacing_x": 3.0,
  "spacing_y": 3.0,
  "spacing_z": 3.5400002002716064,
  "summary_bg_k": 42.0895713132607,
  "summary_bg_mad": 5.088291051449728,
  "summary_bg_mean": 31.550296783447266,
  "summary_bg_median": 16.488000869750977,
  "summary_bg_n": 107934.0,
  "summary_bg_p05": 12.5600004196167,
  "summary_bg_p95": 111.82400512695312,
  "summary_bg_stdv": 46.109256744384766,
  "summary_fg_k": 0.4518155754548667,
  "summary_fg_mad": 141.74863544062762,
  "summary_fg_mean": 412.67535400390625,
  "summary_fg_median": 388.0480041503906,
  "summary_fg_n": 30621.0,
  "summary_fg_p05": 215.50401306152344,
  "summary_fg_p95": 693.6160278320312,
  "summary_fg_stdv": 147.91140747070312,
  "tsnr": 77.51637462002691
}