{
  "aor": 0.0036219852941176468,
  "aqi": 0.002415092867647059,
  "bids_meta": {
    "AcquisitionMatrixPE": 70,
    "AcquisitionNumber": 1,
    "AcquisitionTime": "11:09:20.322500",
    "BandwidthPerPixelPhaseEncode": 57.143,
    "BaseResolution": 70,
    "BodyPartExamined": "BRAIN",
    "ConsistencyInfo": "N4_VE11C_LATEST_20160120",
    "ConversionSoftware": "dcm2niix",
    "ConversionSoftwareVersion": "v1.0.20181125  (JP2:OpenJPEG) (JP-LS:CharLS) GCC5.5.0",
    "DerivedVendorReportedEchoSpacing": 0.000499999,
    "DeviceSerialNumber": "167012",
    "DwellTime": 3e-06,
    "EchoTime": 0.03,
    "EchoTrainLength": 35,
    "EffectiveEchoSpacing": 0.000249999,
    "FlipAngle": 90,
    "ImageOrientationPatientDICOM": [
      0.992961,
      -0.081645,
      0.0858035,
      0.0975357,
      0.97466,
      -0.201309
    ],
    "ImageType": [
      "ORIGINAL",
      "PRIMARY",
      "M",
      "ND",
      "MOSAIC"
    ],
    "ImagingFrequency": 123.254,
    "InPlanePhaseEncodingDirectionDICOM": "COL",
    "InstitutionAddress": "Vassar_Street_43_Cambridge_Boston_US_02139",
    "InstitutionName": "MIT",
    "InstitutionalDepartmentName": "Department",
    "MRAcquisitionType": "2D",
    "MagneticFieldStrength": 3,
    "Manufacturer": "Siemens",
    "ManufacturersModelName": "Prisma_fit",
    "Modality": "MR",
    "ParallelReductionFactorInPlane": 2,
    "PartialFourier": 1,
    "PatientPosition": "HFS",
    "PercentPhaseFOV": 100,
    "PhaseEncodingDirection": "j-",
    "PhaseEncodingSteps": 70,
    "PhaseResolution": 1,
    "PixelBandwidth": 2380,
    "ProcedureStepDescription": "Young_Emily",
    "ProtocolName": "tom_localizer",
    "PulseSequenceDetails": "%SiemensSeq%_ep2d_pace",
    "ReceiveCoilActiveElements": "HEA;HEP",
    "ReceiveCoilName": "Head_32",
    "ReconMatrixPE": 70,
    "RepetitionTime": 2,
    "SAR": 0.123749,
    "ScanOptions": "FS",
    "ScanningSequence": "EP",
    "SequenceName": "_epfid2d1_70",
    "SequenceVariant": "SK",
    "SeriesDescription": "tom_localizer",
    "SeriesNumber": 35,
    "ShimSetting": [
      -5606,
      -1492,
      3145,
      324,
      24,
      76,
      -94,
      -31
    ],
    "SliceThickness": 3,
    "SliceTiming": [
      0,
      0.055,
      0.11,
      0.165,
      0.22,
      0.275,
      0.33,
      0.385,
      0.44,
      0.495,
      0.55,
      0.605,
      0.66,
      0.715,
      0.77,
      0.825,
      0.88,
      0.935,
      0.99,
      1.045,
      1.1,
      1.155,
      1.21,
      1.265,
      1.32,
      1.375,
      1.43,
      1.485,
      1.54,
      1.595,
      1.65,
      1.705,
      1.76,
      1.815,
      1.87,
      1.925
    ],
    "SoftwareVersions": "syngo_MR_E11",
    "SpacingBetweenSlices": 3.54,
    "StationName": "MRC35115",
    "TaskName": "tom",
    "TotalReadoutTime": 0.01725,
    "TxRefAmp": 248.701,
    "dataset": "ds002250",
    "modality": "bold",
    "run_id": 2,
    "subject_id": "15",
    "task_id": "tom"
  },
  "dummy_trs": 0,
  "dvars_nstd": 22.10619307585187,
  "dvars_std": 1.1024852463703712,
  "dvars_vstd": 1.012133311407407,
  "efc": 0.5269267061387098,
  "fber": 520.4088134765625,
  "fd_mean": 0.13232497560975837,
  "fd_num": 17,
  "fd_perc": 12.5,
  "fwhm_avg": 2.7401272729392616,
  "fwhm_x": 2.54344,
  "fwhm_y": 2.8738233333333336,
  "fwhm_z": 2.8031184854844513,
  "gcor": 0.0331112,
  "gsr_x": 0.013776198960840702,
  "gsr_y": 0.02874014340341091,
  "provenance": {
    "md5sum": "fdb1e5203de10bc84906a400a2c4479e",
    "settings": {
      "fd_thres": 0.2,
      "testing": false
    },
    "software": "mriqc",
    "version": "22.0.6",
    "webapi_port": null,
    "webapi_url": "https://mriqc.nimh.nih.gov/api/v1"
  },
  "size_t": 136,
  "size_x": 70,
  "size_y": 70,
  "size_z": 36,
  "snr": 2.665377705977872,
  "spacing_tr": 2.0,
  "spacing_x": 3.0,
  "spacing_y": 3.0,
  "spacing_z": 3.5400002002716064,
  "summary_bg_k": 35.70984230825359,
  "summary_bg_mad": 5.036487863047926,
  "summary_bg_mean": 31.40107536315918,
  "summary_bg_median": 16.34558868408203,
  "summary_bg_n": 108271.0,
  "summary_bg_p05": 12.411765098571777,
  "summary_bg_p95": 114.22794342041016,
  "summary_bg_stdv": 45.00232696533203,
  "summary_fg_k": 0.543539100676603,
  "summary_fg_mad": 134.45891814221056,
  "summary_fg_mean": 404.18878173828125,
  "summary_fg_median": 379.73529052734375,
  "summary_fg_n": 30201.0,
  "summary_fg_p05": 216.50735473632812,
  "summary_fg_p95": 676.9264526367188,
  "summary_fg_stdv": 142.4672393798828,
  "tsnr": 66.14292569365352
}