{
  "aor": 0.010894852941176472,
  "aqi": 0.0034709903676470584,
  "bids_meta": {
    "AcquisitionMatrixPE": 70,
    "AcquisitionNumber": 1,
    "AcquisitionTime": "15:48:32.107500",
    "BandwidthPerPixelPhaseEncode": 57.143,
    "BaseResolution": 70,
    "BodyPartExamined": "BRAIN",
    "ConsistencyInfo": "N4_VE11C_LATEST_20160120",
    "ConversionSoftware": "dcm2niix",
    "ConversionSoftwareVersion": "v1.0.20181125  (JP2:OpenJPEG) (JP-LS:CharLS) GCC5.5.0",
    "DerivedVendorReportedEchoSpacing": 0.000499999,
    "DeviceSerialNumber": "167012",
    "DwellTime": 3e-06,
    "EchoTime": 0.03,
    "EchoTrainLength": 35,
    "EffectiveEchoSpacing": 0.000249999,
    "FlipAngle": 90,
    "ImageOrientationPatientDICOM": [
      0.994902,
      -0.0552867,
      0.084346,
      0.0774269,
      0.954631,
      -0.28755
    ],
    "ImageType": [
      "ORIGINAL",
      "PRIMARY",
      "M",
      "ND",
      "MOSAIC"
    ],
    "ImagingFrequency": 123.253,
    "InPlanePhaseEncodingDirectionDICOM": "COL",
    "InstitutionAddress": "Vassar_Street_43_Cambridge_Boston_US_02139",
    "InstitutionName": "McGovern_Institute_for_Brain_Research_(3T1)",
    "InstitutionalDepartmentName": "Department",
    "MRAcquisitionType": "2D",
    "MagneticFieldStrength": 3,
    "Manufacturer": "Siemens",
    "ManufacturersModelName": "Prisma_fit",
    "Modality": "MR",
    "ParallelReductionFactorInPlane": 2,
    "PartialFourier": 1,
    "PatientPosition": "HFS",
    "PercentPhaseFOV": 100,
    "PhaseEncodingDirection": "j-",
    "PhaseEncodingSteps": 70,
    "PhaseResolution": 1,
    "PixelBandwidth": 2380,
    "ProcedureStepDescription": "Young_Emily",
    "ProtocolName": "tom_localizer",
    "PulseSequenceDetails": "%SiemensSeq%_ep2d_pace",
    "ReceiveCoilActiveElements": "HEA;HEP",
    "ReceiveCoilName": "Head_32",
    "ReconMatrixPE": 70,
    "RepetitionTime": 2,
    "SAR": 0.141775,
    "ScanOptions": "FS",
    "ScanningSequence": "EP",
    "SequenceName": "_epfid2d1_70",
    "SequenceVariant": "SK",
    "SeriesDescription": "tom_localizer",
    "SeriesNumber": 13,
    "ShimSetting": [
      -5602,
      -1468,
      3147,
      363,
      86,
      174,
      -78,
      -8
    ],
    "SliceThickness": 3,
    "SliceTiming": [
      0,
      0.055,
      0.11,
      0.165,
      0.22,
      0.275,
      0.33,
      0.385,
      0.44,
      0.495,
      0.55,
      0.605,
      0.66,
      0.715,
      0.77,
      0.825,
      0.88,
      0.935,
      0.99,
      1.045,
      1.1,
      1.155,
      1.21,
      1.265,
      1.32,
      1.375,
      1.43,
      1.485,
      1.54,
      1.595,
      1.65,
      1.705,
      1.76,
      1.815,
      1.87,
      1.925
    ],
    "SoftwareVersions": "syngo_MR_E11",
    "SpacingBetweenSlices": 3.54,
    "StationName": "MRC35115",
    "TaskName": "tom",
    "TotalReadoutTime": 0.01725,
    "TxRefAmp": 278.094,
    "dataset": "ds002250",
    "modality": "bold",
    "run_id": 2,
    "subject_id": "04",
    "task_id": "tom"
  },
  "dummy_trs": 0,
  "dvars_nstd": 29.09240113718518,
  "dvars_std": 1.2376594954814821,
  "dvars_vstd": 1.0859595905925923,
  "efc": 0.5630649816560231,
  "fber": 423.388671875,
  "fd_mean": 0.2005116336377877,
  "fd_num": 14,
  "fd_perc": 10.294117647058824,
  "fwhm_avg": 2.720885732877735,
  "fwhm_x": 2.491000197966909,
  "fwhm_y": 2.88856356289574,
  "fwhm_z": 2.783093437770557,
  "gcor": 0.0336139,
  "gsr_x": -0.0015604380751028657,
  "gsr_y": 0.06821275502443314,
  "provenance": {
    "md5sum": "5b91bf4e4b3927b5c7232b1c18a3a20c",
    "settings": {
      "fd_thres": 0.2,
      "testing": false
    },
    "software": "mriqc",
    "version": "22.0.6",
    "webapi_port": null,
    "webapi_url": "https://mriqc.nimh.nih.gov/api/v1"
  },
  "size_t": 136,
  "size_x": 70,
  "size_y": 70,
  "size_z": 36,
  "snr": 2.4078485167539485,
  "spacing_tr": 2.0,
  "spacing_x": 2.999999761581421,
  "spacing_y": 2.999999761581421,
  "spacing_z": 3.5399997234344482,
  "summary_bg_k": 41.197192845873964,
  "summary_bg_mad": 5.7341822761519206,
  "summary_bg_mean": 39.1243896484375,
  "summary_bg_median": 17.367647171020508,
  "summary_bg_n": 100096.0,
  "summary_bg_p05": 13.088234901428223,
  "summary_bg_p95": 153.5735321044922,
  "summary_bg_stdv": 61.60558319091797,
  "summary_fg_k": 1.153075224873942,
  "summary_fg_mad": 144.84260836866258,
  "summary_fg_mean": 397.8277893066406,
  "summary_fg_median": 368.9448547363281,
  "summary_fg_n": 35292.0,
  "summary_fg_p05": 198.96801376342773,
  "summary_fg_p95": 682.3014526367188,
  "summary_fg_stdv": 153.22377014160156,
  "tsnr": 56.22165624774061
}