{
  "aor": 0.027872462311557787,
  "aqi": 0.008852126080402012,
  "bids_meta": {
    "AcquisitionMatrixPE": 70,
    "AcquisitionNumber": 1,
    "AcquisitionTime": "16:10:21.850000",
    "BandwidthPerPixelPhaseEncode": 57.143,
    "BaseResolution": 70,
    "BodyPartExamined": "BRAIN",
    "ConsistencyInfo": "N4_VE11C_LATEST_20160120",
    "ConversionSoftware": "dcm2niix",
    "ConversionSoftwareVersion": "v1.0.20181125  (JP2:OpenJPEG) (JP-LS:CharLS) GCC5.5.0",
    "DerivedVendorReportedEchoSpacing": 0.000499999,
    "DeviceSerialNumber": "167012",
    "DwellTime": 3e-06,
    "EchoTime": 0.03,
    "EchoTrainLength": 35,
    "EffectiveEchoSpacing": 0.000249999,
    "FlipAngle": 90,
    "ImageOrientationPatientDICOM": [
      0.994902,
      -0.0552867,
      0.084346,
      0.0774269,
      0.954631,
      -0.28755
    ],
    "ImageType": [
      "ORIGINAL",
      "PRIMARY",
      "M",
      "ND",
      "MOSAIC"
    ],
    "ImagingFrequency": 123.253,
    "InPlanePhaseEncodingDirectionDICOM": "COL",
    "InstitutionAddress": "Vassar_Street_43_Cambridge_Boston_US_02139",
    "InstitutionName": "McGovern_Institute_for_Brain_Research_(3T1)",
    "InstitutionalDepartmentName": "Department",
    "MRAcquisitionType": "2D",
    "MagneticFieldStrength": 3,
    "Manufacturer": "Siemens",
    "ManufacturersModelName": "Prisma_fit",
    "Modality": "MR",
    "ParallelReductionFactorInPlane": 2,
    "PartialFourier": 1,
    "PatientPosition": "HFS",
    "PercentPhaseFOV": 100,
    "PhaseEncodingDirection": "j-",
    "PhaseEncodingSteps": 70,
    "PhaseResolution": 1,
    "PixelBandwidth": 2380,
    "ProcedureStepDescription": "Young_Emily",
    "ProtocolName": "FIRSTTHIRD",
    "PulseSequenceDetails": "%SiemensSeq%_ep2d_pace",
    "ReceiveCoilActiveElements": "HEA;HEP",
    "ReceiveCoilName": "Head_32",
    "ReconMatrixPE": 70,
    "RepetitionTime": 2,
    "SAR": 0.142015,
    "ScanOptions": "FS",
    "ScanningSequence": "EP",
    "SequenceName": "_epfid2d1_70",
    "SequenceVariant": "SK",
    "SeriesDescription": "FIRSTTHIRD",
    "SeriesNumber": 19,
    "ShimSetting": [
      -5602,
      -1468,
      3147,
      363,
      86,
      174,
      -78,
      -8
    ],
    "SliceThickness": 3,
    "SliceTiming": [
      0,
      0.055,
      0.11,
      0.165,
      0.22,
      0.275,
      0.33,
      0.385,
      0.44,
      0.495,
      0.55,
      0.605,
      0.66,
      0.715,
      0.77,
      0.825,
      0.88,
      0.935,
      0.99,
      1.045,
      1.1,
      1.155,
      1.21,
      1.265,
      1.32,
      1.375,
      1.43,
      1.485,
      1.54,
      1.595,
      1.65,
      1.705,
      1.76,
      1.815,
      1.87,
      1.925
    ],
    "SoftwareVersions": "syngo_MR_E11",
    "SpacingBetweenSlices": 3.54,
    "StationName": "MRC35115",
    "TaskName": "firstthird",
    "TotalReadoutTime": 0.01725,
    "TxRefAmp": 278.094,
    "dataset": "ds002250",
    "modality": "bold",
    "run_id": 3,
    "subject_id": "04",
    "task_id": "firstthird"
  },
  "dummy_trs": 0,
  "dvars_nstd": 46.478021072424255,
  "dvars_std": 1.412232516919192,
  "dvars_vstd": 1.212806001262626,
  "efc": 0.5675604326564792,
  "fber": 390.2035217285156,
  "fd_mean": 0.703597615716278,
  "fd_num": 71,
  "fd_perc": 35.678391959798994,
  "fwhm_avg": 2.734620423231076,
  "fwhm_x": 2.4905901979343255,
  "fwhm_y": 2.9218668988757845,
  "fwhm_z": 2.791404172883117,
  "gcor": 0.0414405,
  "gsr_x": -0.003998889587819576,
  "gsr_y": 0.06862536817789078,
  "provenance": {
    "md5sum": "e3de49caebd5f83edb5d2cce4159a158",
    "settings": {
      "fd_thres": 0.2,
      "testing": false
    },
    "software": "mriqc",
    "version": "22.0.6",
    "webapi_port": null,
    "webapi_url": "https://mriqc.nimh.nih.gov/api/v1"
  },
  "size_t": 199,
  "size_x": 70,
  "size_y": 70,
  "size_z": 36,
  "snr": 2.41747293814945,
  "spacing_tr": 2.0,
  "spacing_x": 2.999999761581421,
  "spacing_y": 2.999999761581421,
  "spacing_z": 3.5399997234344482,
  "summary_bg_k": 38.58393963380851,
  "summary_bg_mad": 6.638184534282493,
  "summary_bg_mean": 40.53914260864258,
  "summary_bg_median": 18.211055755615234,
  "summary_bg_n": 99613.0,
  "summary_bg_p05": 13.251255989074707,
  "summary_bg_p95": 158.97889099121087,
  "summary_bg_stdv": 62.621437072753906,
  "summary_fg_k": 0.9783095852502566,
  "summary_fg_mad": 147.0904917738077,
  "summary_fg_mean": 403.321533203125,
  "summary_fg_median": 374.11053466796875,
  "summary_fg_n": 35251.0,
  "summary_fg_p05": 201.72110748291016,
  "summary_fg_p95": 693.2914428710938,
  "summary_fg_stdv": 154.7505340576172,
  "tsnr": 33.570126231294125
}