{
  "aor": 0.0053084,
  "aqi": 0.0030329383200000002,
  "bids_meta": {
    "AcquisitionMatrixPE": 70,
    "AcquisitionNumber": 1,
    "AcquisitionTime": "09:32:56.450000",
    "BandwidthPerPixelPhaseEncode": 57.143,
    "BaseResolution": 70,
    "BodyPartExamined": "BRAIN",
    "ConsistencyInfo": "N4_VE11C_LATEST_20160120",
    "ConversionSoftware": "dcm2niix",
    "ConversionSoftwareVersion": "v1.0.20181125  (JP2:OpenJPEG) (JP-LS:CharLS) GCC5.5.0",
    "DerivedVendorReportedEchoSpacing": 0.000499999,
    "DeviceSerialNumber": "167012",
    "DwellTime": 3e-06,
    "EchoTime": 0.03,
    "EchoTrainLength": 35,
    "EffectiveEchoSpacing": 0.000249999,
    "FlipAngle": 90,
    "ImageOrientationPatientDICOM": [
      0.996951,
      -0.0482337,
      0.0613296,
      0.0604523,
      0.97445,
      -0.216317
    ],
    "ImageType": [
      "ORIGINAL",
      "PRIMARY",
      "M",
      "ND",
      "MOSAIC"
    ],
    "ImagingFrequency": 123.254,
    "InPlanePhaseEncodingDirectionDICOM": "COL",
    "InstitutionAddress": "Vassar_Street_43_Cambridge_Boston_US_02139",
    "InstitutionName": "McGovern_Institute_for_Brain_Research_(3T1)",
    "InstitutionalDepartmentName": "Department",
    "MRAcquisitionType": "2D",
    "MagneticFieldStrength": 3,
    "Manufacturer": "Siemens",
    "ManufacturersModelName": "Prisma_fit",
    "Modality": "MR",
    "ParallelReductionFactorInPlane": 2,
    "PartialFourier": 1,
    "PatientPosition": "HFS",
    "PercentPhaseFOV": 100,
    "PhaseEncodingDirection": "j-",
    "PhaseEncodingSteps": 70,
    "PhaseResolution": 1,
    "PixelBandwidth": 2380,
    "ProcedureStepDescription": "Young_Emily",
    "ProtocolName": "so_localizer",
    "PulseSequenceDetails": "%SiemensSeq%_ep2d_pace",
    "ReceiveCoilActiveElements": "HEA;HEP",
    "ReceiveCoilName": "Head_32",
    "ReconMatrixPE": 70,
    "RepetitionTime": 2,
    "SAR": 0.118965,
    "ScanOptions": "FS",
    "ScanningSequence": "EP",
    "SequenceName": "_epfid2d1_70",
    "SequenceVariant": "SK",
    "SeriesDescription": "so_localizer",
    "SeriesNumber": 15,
    "ShimSetting": [
      -5596,
      -1454,
      3121,
      467,
      62,
      32,
      -127,
      -40
    ],
    "SliceThickness": 3,
    "SliceTiming": [
      0,
      0.055,
      0.11,
      0.165,
      0.22,
      0.275,
      0.33,
      0.385,
      0.44,
      0.495,
      0.55,
      0.605,
      0.66,
      0.715,
      0.77,
      0.825,
      0.88,
      0.935,
      0.99,
      1.045,
      1.1,
      1.155,
      1.21,
      1.265,
      1.32,
      1.375,
      1.43,
      1.485,
      1.54,
      1.595,
      1.65,
      1.705,
      1.76,
      1.815,
      1.87,
      1.925
    ],
    "SoftwareVersions": "syngo_MR_E11",
    "SpacingBetweenSlices": 3.54,
    "StationName": "MRC35115",
    "TaskName": "so",
    "TotalReadoutTime": 0.01725,
    "TxRefAmp": 262.286,
    "dataset": "ds002250",
    "modality": "bold",
    "run_id": 3,
    "subject_id": "16",
    "task_id": "so"
  },
  "dummy_trs": 0,
  "dvars_nstd": 29.033610513145156,
  "dvars_std": 1.2731076104838706,
  "dvars_vstd": 1.054808708306452,
  "efc": 0.5554923509954065,
  "fber": 418.86614990234375,
  "fd_mean": 0.1674640971633313,
  "fd_num": 23,
  "fd_perc": 18.4,
  "fwhm_avg": 2.670147090763784,
  "fwhm_x": 2.448863333333333,
  "fwhm_y": 2.8376033333333335,
  "fwhm_z": 2.723974605624685,
  "gcor": 0.0394206,
  "gsr_x": 0.021723197773098946,
  "gsr_y": 0.04218506067991257,
  "provenance": {
    "md5sum": "51f124bab31172a0f0d31da62b7d5d17",
    "settings": {
      "fd_thres": 0.2,
      "testing": false
    },
    "software": "mriqc",
    "version": "22.0.6",
    "webapi_port": null,
    "webapi_url": "https://mriqc.nimh.nih.gov/api/v1"
  },
  "size_t": 125,
  "size_x": 70,
  "size_y": 70,
  "size_z": 36,
  "snr": 2.6046548651100494,
  "spacing_tr": 2.0,
  "spacing_x": 3.0,
  "spacing_y": 3.0,
  "spacing_z": 3.5399999618530273,
  "summary_bg_k": 48.33999050355466,
  "summary_bg_mad": 4.554554761798788,
  "summary_bg_mean": 31.312734603881836,
  "summary_bg_median": 15.408000946044922,
  "summary_bg_n": 102520.0,
  "summary_bg_p05": 11.880000114440918,
  "summary_bg_p95": 108.36920394897433,
  "summary_bg_stdv": 50.79531478881836,
  "summary_fg_k": 0.5937931708214665,
  "summary_fg_mad": 116.13519806587111,
  "summary_fg_mean": 341.0054016113281,
  "summary_fg_median": 319.0360107421875,
  "summary_fg_n": 35136.0,
  "summary_fg_p05": 183.3020133972168,
  "summary_fg_p95": 580.4020233154297,
  "summary_fg_stdv": 122.48512268066406,
  "tsnr": 59.13785903900862
}