{
  "bids_meta": {
    "AcquisitionMatrixPE": 256,
    "AcquisitionNumber": 1,
    "AcquisitionTime": "15:52:33.752500",
    "BaseResolution": 256,
    "BodyPartExamined": "BRAIN",
    "ConsistencyInfo": "N4_VE11C_LATEST_20160120",
    "ConversionSoftware": "dcm2niix",
    "ConversionSoftwareVersion": "v1.0.20181125  (JP2:OpenJPEG) (JP-LS:CharLS) GCC5.5.0",
    "DeviceSerialNumber": "167012",
    "DwellTime": 3e-06,
    "EchoTime": 0.00169,
    "FlipAngle": 7,
    "ImageOrientationPatientDICOM": [
      0.0620845,
      0.993571,
      0.0946712,
      0.0588096,
      0.0910477,
      -0.994108
    ],
    "ImageType": [
      "ORIGINAL",
      "PRIMARY",
      "OTHER",
      "ND",
      "NORM",
      "MEAN"
    ],
    "ImagingFrequency": 123.254,
    "InPlanePhaseEncodingDirectionDICOM": "ROW",
    "InstitutionAddress": "Vassar_Street_43_Cambridge_Boston_US_02139",
    "InstitutionName": "MIT",
    "InstitutionalDepartmentName": "Department",
    "InversionTime": 1.4,
    "MRAcquisitionType": "3D",
    "MagneticFieldStrength": 3,
    "Manufacturer": "Siemens",
    "ManufacturersModelName": "Prisma_fit",
    "Modality": "MR",
    "PartialFourier": 1,
    "PatientPosition": "HFS",
    "PercentPhaseFOV": 100,
    "PhaseEncodingSteps": 255,
    "PhaseResolution": 1,
    "PixelBandwidth": 650,
    "ProcedureStepDescription": "Young_Emily",
    "ProtocolName": "T1w_MPRAGE_FourEcho_vNav",
    "PulseSequenceDetails": "%CustomerSeq%_tfl_mgh_epinav_ABCD",
    "ReceiveCoilActiveElements": "HEA;HEP",
    "ReceiveCoilName": "Head_32",
    "ReconMatrixPE": 256,
    "RepetitionTime": 2.53,
    "SAR": 0.0382566,
    "ScanOptions": "IR_WE",
    "ScanningSequence": "GR_IR",
    "SequenceName": "tfl3d4_16ns",
    "SequenceVariant": "SK_SP_MP",
    "SeriesDescription": "T1w_MPRAGE_FourEcho_vNav_RMS",
    "SeriesNumber": 10,
    "ShimSetting": [
      -5594,
      -1552,
      3158,
      441,
      26,
      -33,
      37,
      -61
    ],
    "SliceThickness": 1,
    "SoftwareVersions": "syngo_MR_E11",
    "StationName": "MRC35115",
    "TxRefAmp": 221.265,
    "WipMemBlock": "Prisma_epi_moco_navigator_ABCD_tfl.prot",
    "dataset": "ds002250",
    "modality": "T1w",
    "run_id": 1,
    "subject_id": "11"
  },
  "cjv": 0.39595845593675344,
  "cnr": 3.410773856205919,
  "efc": 0.5530761599625078,
  "fber": 20981.76258355972,
  "fwhm_avg": 3.7341833333333336,
  "fwhm_x": 3.85279,
  "fwhm_y": 3.77113,
  "fwhm_z": 3.57863,
  "icvs_csf": 0.19229975635015228,
  "icvs_gm": 0.4543976290468098,
  "icvs_wm": 0.3533026146030379,
  "inu_med": 0.3843604326248169,
  "inu_range": 0.1264084428548813,
  "provenance": {
    "md5sum": "c702408479d7e57a84114e0cf99c7af7",
    "settings": {
      "testing": false
    },
    "software": "mriqc",
    "version": "22.0.6",
    "warnings": {
      "large_rot_frame": true,
      "small_air_mask": false
    },
    "webapi_port": null,
    "webapi_url": "https://mriqc.nimh.nih.gov/api/v1"
  },
  "qi_1": 0.0,
  "qi_2": 0.001828742515162082,
  "rpve_csf": 29.13748056856629,
  "rpve_gm": 13.21675521121992,
  "rpve_wm": 18.78401447508162,
  "size_x": 176,
  "size_y": 256,
  "size_z": 256,
  "snr_csf": 2.872262710020217,
  "snr_gm": 15.38570589284582,
  "snr_total": 15.664588932159305,
  "snr_wm": 28.735798193611878,
  "snrd_csf": 49.682457663319106,
  "snrd_gm": 111.91685854273489,
  "snrd_total": 101.2189689774649,
  "snrd_wm": 142.0575907263407,
  "spacing_x": 1.0,
  "spacing_y": 1.0,
  "spacing_z": 1.0,
  "summary_bg_k": 6.061032568646322,
  "summary_bg_mad": 4.611866434822404,
  "summary_bg_mean": 4.44814946983895,
  "summary_bg_median": 3.110656639561057,
  "summary_bg_n": 2278694.0,
  "summary_bg_p05": 0.0,
  "summary_bg_p95": 16.880206659436226,
  "summary_bg_stdv": 6.06356321200813,
  "summary_csf_k": 0.7553807789160203,
  "summary_csf_mad": 95.6881658190075,
  "summary_csf_mean": 362.0280167544267,
  "summary_csf_median": 349.74221993610263,
  "summary_csf_n": 26195.0,
  "summary_csf_p05": 152.66145661845803,
  "summary_csf_p95": 577.4575129425153,
  "summary_csf_stdv": 121.7630765140159,
  "summary_gm_k": 0.06805096858889259,
  "summary_gm_mad": 50.69827996881691,
  "summary_gm_mean": 788.1603834125979,
  "summary_gm_median": 787.8444907106459,
  "summary_gm_n": 28785.0,
  "summary_gm_p05": 704.8573922496289,
  "summary_gm_p95": 873.763872493431,
  "summary_gm_stdv": 51.20537277232006,
  "summary_wm_k": 0.4138980335918214,
  "summary_wm_mad": 33.3150910991017,
  "summary_wm_mean": 1000.8459704838948,
  "summary_wm_median": 1000.0217275097966,
  "summary_wm_n": 171708.0,
  "summary_wm_p05": 945.2480672411621,
  "summary_wm_p95": 1059.4069906286895,
  "summary_wm_stdv": 34.800453733154384,
  "tpm_overlap_csf": 0.14998640980965036,
  "tpm_overlap_gm": 0.47494252014857585,
  "tpm_overlap_wm": 0.49259344630133495,
  "wm2max": 0.9078229079845144
}