{
  "aor": 0.005682296296296296,
  "aqi": 0.0030463358518518515,
  "bids_meta": {
    "AcquisitionMatrixPE": 70,
    "AcquisitionNumber": 1,
    "AcquisitionTime": "10:28:48.817500",
    "BandwidthPerPixelPhaseEncode": 57.143,
    "BaseResolution": 70,
    "BodyPartExamined": "BRAIN",
    "ConsistencyInfo": "N4_VE11C_LATEST_20160120",
    "ConversionSoftware": "dcm2niix",
    "ConversionSoftwareVersion": "v1.0.20181125  (JP2:OpenJPEG) (JP-LS:CharLS) GCC5.5.0",
    "DerivedVendorReportedEchoSpacing": 0.000499999,
    "DeviceSerialNumber": "167012",
    "DwellTime": 3e-06,
    "EchoTime": 0.03,
    "EchoTrainLength": 35,
    "EffectiveEchoSpacing": 0.000249999,
    "FlipAngle": 90,
    "ImageOrientationPatientDICOM": [
      0.996951,
      -0.0482337,
      0.0613296,
      0.0604523,
      0.97445,
      -0.216317
    ],
    "ImageType": [
      "ORIGINAL",
      "PRIMARY",
      "M",
      "ND",
      "MOSAIC"
    ],
    "ImagingFrequency": 123.254,
    "InPlanePhaseEncodingDirectionDICOM": "COL",
    "InstitutionAddress": "Vassar_Street_43_Cambridge_Boston_US_02139",
    "InstitutionName": "McGovern_Institute_for_Brain_Research_(3T1)",
    "InstitutionalDepartmentName": "Department",
    "MRAcquisitionType": "2D",
    "MagneticFieldStrength": 3,
    "Manufacturer": "Siemens",
    "ManufacturersModelName": "Prisma_fit",
    "Modality": "MR",
    "ParallelReductionFactorInPlane": 2,
    "PartialFourier": 1,
    "PatientPosition": "HFS",
    "PercentPhaseFOV": 100,
    "PhaseEncodingDirection": "j-",
    "PhaseEncodingSteps": 70,
    "PhaseResolution": 1,
    "PixelBandwidth": 2380,
    "ProcedureStepDescription": "Young_Emily",
    "ProtocolName": "tom_localizer",
    "PulseSequenceDetails": "%SiemensSeq%_ep2d_pace",
    "ReceiveCoilActiveElements": "HEA;HEP",
    "ReceiveCoilName": "Head_32",
    "ReconMatrixPE": 70,
    "RepetitionTime": 2,
    "SAR": 0.11902,
    "ScanOptions": "FS",
    "ScanningSequence": "EP",
    "SequenceName": "_epfid2d1_70",
    "SequenceVariant": "SK",
    "SeriesDescription": "tom_localizer",
    "SeriesNumber": 31,
    "ShimSetting": [
      -5596,
      -1454,
      3121,
      467,
      62,
      32,
      -127,
      -40
    ],
    "SliceThickness": 3,
    "SliceTiming": [
      0,
      0.055,
      0.11,
      0.165,
      0.22,
      0.275,
      0.33,
      0.385,
      0.44,
      0.495,
      0.55,
      0.605,
      0.66,
      0.715,
      0.77,
      0.825,
      0.88,
      0.935,
      0.99,
      1.045,
      1.1,
      1.155,
      1.21,
      1.265,
      1.32,
      1.375,
      1.43,
      1.485,
      1.54,
      1.595,
      1.65,
      1.705,
      1.76,
      1.815,
      1.87,
      1.925
    ],
    "SoftwareVersions": "syngo_MR_E11",
    "SpacingBetweenSlices": 3.54,
    "StationName": "MRC35115",
    "TaskName": "tom",
    "TotalReadoutTime": 0.01725,
    "TxRefAmp": 262.286,
    "dataset": "ds002250",
    "modality": "bold",
    "run_id": 1,
    "subject_id": "16",
    "task_id": "tom"
  },
  "dummy_trs": 1,
  "dvars_nstd": 24.45818529567165,
  "dvars_std": 1.0959138182089554,
  "dvars_vstd": 1.0318193018656714,
  "efc": 0.5432677903386207,
  "fber": 430.4020690917969,
  "fd_mean": 0.20146369026238578,
  "fd_num": 44,
  "fd_perc": 32.592592592592595,
  "fwhm_avg": 2.744768635601249,
  "fwhm_x": 2.4440633333333333,
  "fwhm_y": 2.9044233333333334,
  "fwhm_z": 2.885819240137081,
  "gcor": 0.030163,
  "gsr_x": 0.038625460118055344,
  "gsr_y": 0.05906154215335846,
  "provenance": {
    "md5sum": "8468af3d35782c89f90b3c5d439a9306",
    "settings": {
      "fd_thres": 0.2,
      "testing": false
    },
    "software": "mriqc",
    "version": "22.0.6",
    "webapi_port": null,
    "webapi_url": "https://mriqc.nimh.nih.gov/api/v1"
  },
  "size_t": 135,
  "size_x": 70,
  "size_y": 70,
  "size_z": 36,
  "snr": 2.446969949929153,
  "spacing_tr": 2.0,
  "spacing_x": 3.0,
  "spacing_y": 3.0,
  "spacing_z": 3.5399999618530273,
  "summary_bg_k": 53.32846985311316,
  "summary_bg_mad": 3.909675903571177,
  "summary_bg_mean": 29.79011344909668,
  "summary_bg_median": 14.370369911193848,
  "summary_bg_n": 105563.0,
  "summary_bg_p05": 11.44444465637207,
  "summary_bg_p95": 101.28740539550773,
  "summary_bg_stdv": 51.41233444213867,
  "summary_fg_k": 0.7762621312141471,
  "summary_fg_mad": 109.86083344035092,
  "summary_fg_mean": 324.5209655761719,
  "summary_fg_median": 298.54443359375,
  "summary_fg_n": 33702.0,
  "summary_fg_p05": 174.34851455688477,
  "summary_fg_p95": 567.7236694335936,
  "summary_fg_stdv": 122.00395202636719,
  "tsnr": 60.04833762568887
}