{
  "aor": 0.0028915577889447232,
  "aqi": 0.003455792613065327,
  "bids_meta": {
    "AcquisitionMatrixPE": 70,
    "AcquisitionNumber": 1,
    "AcquisitionTime": "09:56:50.815000",
    "BandwidthPerPixelPhaseEncode": 57.143,
    "BaseResolution": 70,
    "BodyPartExamined": "BRAIN",
    "ConsistencyInfo": "N4_VE11C_LATEST_20160120",
    "ConversionSoftware": "dcm2niix",
    "ConversionSoftwareVersion": "v1.0.20181125  (JP2:OpenJPEG) (JP-LS:CharLS) GCC5.5.0",
    "DerivedVendorReportedEchoSpacing": 0.000499999,
    "DeviceSerialNumber": "167012",
    "DwellTime": 3e-06,
    "EchoTime": 0.03,
    "EchoTrainLength": 35,
    "EffectiveEchoSpacing": 0.000249999,
    "FlipAngle": 90,
    "ImageOrientationPatientDICOM": [
      0.996951,
      -0.0482337,
      0.0613296,
      0.0604523,
      0.97445,
      -0.216317
    ],
    "ImageType": [
      "ORIGINAL",
      "PRIMARY",
      "M",
      "ND",
      "MOSAIC"
    ],
    "ImagingFrequency": 123.254,
    "InPlanePhaseEncodingDirectionDICOM": "COL",
    "InstitutionAddress": "Vassar_Street_43_Cambridge_Boston_US_02139",
    "InstitutionName": "McGovern_Institute_for_Brain_Research_(3T1)",
    "InstitutionalDepartmentName": "Department",
    "MRAcquisitionType": "2D",
    "MagneticFieldStrength": 3,
    "Manufacturer": "Siemens",
    "ManufacturersModelName": "Prisma_fit",
    "Modality": "MR",
    "ParallelReductionFactorInPlane": 2,
    "PartialFourier": 1,
    "PatientPosition": "HFS",
    "PercentPhaseFOV": 100,
    "PhaseEncodingDirection": "j-",
    "PhaseEncodingSteps": 70,
    "PhaseResolution": 1,
    "PixelBandwidth": 2380,
    "ProcedureStepDescription": "Young_Emily",
    "ProtocolName": "FIRSTTHIRD",
    "PulseSequenceDetails": "%SiemensSeq%_ep2d_pace",
    "ReceiveCoilActiveElements": "HEA;HEP",
    "ReceiveCoilName": "Head_32",
    "ReconMatrixPE": 70,
    "RepetitionTime": 2,
    "SAR": 0.119221,
    "ScanOptions": "FS",
    "ScanningSequence": "EP",
    "SequenceName": "_epfid2d1_70",
    "SequenceVariant": "SK",
    "SeriesDescription": "FIRSTTHIRD",
    "SeriesNumber": 23,
    "ShimSetting": [
      -5596,
      -1454,
      3121,
      467,
      62,
      32,
      -127,
      -40
    ],
    "SliceThickness": 3,
    "SliceTiming": [
      0,
      0.055,
      0.11,
      0.165,
      0.22,
      0.275,
      0.33,
      0.385,
      0.44,
      0.495,
      0.55,
      0.605,
      0.66,
      0.715,
      0.77,
      0.825,
      0.88,
      0.935,
      0.99,
      1.045,
      1.1,
      1.155,
      1.21,
      1.265,
      1.32,
      1.375,
      1.43,
      1.485,
      1.54,
      1.595,
      1.65,
      1.705,
      1.76,
      1.815,
      1.87,
      1.925
    ],
    "SoftwareVersions": "syngo_MR_E11",
    "SpacingBetweenSlices": 3.54,
    "StationName": "MRC35115",
    "TaskName": "firstthird",
    "TotalReadoutTime": 0.01725,
    "TxRefAmp": 262.286,
    "dataset": "ds002250",
    "modality": "bold",
    "run_id": 2,
    "subject_id": "16",
    "task_id": "firstthird"
  },
  "dummy_trs": 0,
  "dvars_nstd": 27.405440782979785,
  "dvars_std": 1.1097143384848485,
  "dvars_vstd": 1.0134730798484846,
  "efc": 0.5474325278896501,
  "fber": 426.5802917480469,
  "fd_mean": 0.23766979056145832,
  "fd_num": 77,
  "fd_perc": 38.69346733668342,
  "fwhm_avg": 2.7224718933674166,
  "fwhm_x": 2.4575466666666665,
  "fwhm_y": 2.8901966666666667,
  "fwhm_z": 2.8196723467689164,
  "gcor": 0.0445096,
  "gsr_x": 0.03187907487154007,
  "gsr_y": 0.054577939212322235,
  "provenance": {
    "md5sum": "ed802704edd16fbdf506223e29266129",
    "settings": {
      "fd_thres": 0.2,
      "testing": false
    },
    "software": "mriqc",
    "version": "22.0.6",
    "webapi_port": null,
    "webapi_url": "https://mriqc.nimh.nih.gov/api/v1"
  },
  "size_t": 199,
  "size_x": 70,
  "size_y": 70,
  "size_z": 36,
  "snr": 2.498769628692481,
  "spacing_tr": 2.0,
  "spacing_x": 3.0,
  "spacing_y": 3.0,
  "spacing_z": 3.5399999618530273,
  "summary_bg_k": 50.930317547131395,
  "summary_bg_mad": 4.1199950386653335,
  "summary_bg_mean": 30.203433990478516,
  "summary_bg_median": 14.703516960144043,
  "summary_bg_n": 104208.0,
  "summary_bg_p05": 11.557788848876953,
  "summary_bg_p95": 100.75829162597638,
  "summary_bg_stdv": 51.55237579345703,
  "summary_fg_k": 0.7360143003161603,
  "summary_fg_mad": 111.82844403536014,
  "summary_fg_mean": 329.7630615234375,
  "summary_fg_median": 305.4924621582031,
  "summary_fg_n": 34295.0,
  "summary_fg_p05": 176.8592987060547,
  "summary_fg_p95": 572.7783874511719,
  "summary_fg_stdv": 122.25537109375,
  "tsnr": 57.64959540287964
}