{
  "aor": 0.0022039705882352938,
  "aqi": 0.00305968,
  "bids_meta": {
    "AcquisitionMatrixPE": 70,
    "AcquisitionNumber": 1,
    "AcquisitionTime": "10:34:28.110000",
    "BandwidthPerPixelPhaseEncode": 57.143,
    "BaseResolution": 70,
    "BodyPartExamined": "BRAIN",
    "ConsistencyInfo": "N4_VE11C_LATEST_20160120",
    "ConversionSoftware": "dcm2niix",
    "ConversionSoftwareVersion": "v1.0.20181125  (JP2:OpenJPEG) (JP-LS:CharLS) GCC5.5.0",
    "DerivedVendorReportedEchoSpacing": 0.000499999,
    "DeviceSerialNumber": "167012",
    "DwellTime": 3e-06,
    "EchoTime": 0.03,
    "EchoTrainLength": 35,
    "EffectiveEchoSpacing": 0.000249999,
    "FlipAngle": 90,
    "ImageOrientationPatientDICOM": [
      0.996951,
      -0.0482337,
      0.0613296,
      0.0604523,
      0.97445,
      -0.216317
    ],
    "ImageType": [
      "ORIGINAL",
      "PRIMARY",
      "M",
      "ND",
      "MOSAIC"
    ],
    "ImagingFrequency": 123.254,
    "InPlanePhaseEncodingDirectionDICOM": "COL",
    "InstitutionAddress": "Vassar_Street_43_Cambridge_Boston_US_02139",
    "InstitutionName": "McGovern_Institute_for_Brain_Research_(3T1)",
    "InstitutionalDepartmentName": "Department",
    "MRAcquisitionType": "2D",
    "MagneticFieldStrength": 3,
    "Manufacturer": "Siemens",
    "ManufacturersModelName": "Prisma_fit",
    "Modality": "MR",
    "ParallelReductionFactorInPlane": 2,
    "PartialFourier": 1,
    "PatientPosition": "HFS",
    "PercentPhaseFOV": 100,
    "PhaseEncodingDirection": "j-",
    "PhaseEncodingSteps": 70,
    "PhaseResolution": 1,
    "PixelBandwidth": 2380,
    "ProcedureStepDescription": "Young_Emily",
    "ProtocolName": "tom_localizer",
    "PulseSequenceDetails": "%SiemensSeq%_ep2d_pace",
    "ReceiveCoilActiveElements": "HEA;HEP",
    "ReceiveCoilName": "Head_32",
    "ReconMatrixPE": 70,
    "RepetitionTime": 2,
    "SAR": 0.11902,
    "ScanOptions": "FS",
    "ScanningSequence": "EP",
    "SequenceName": "_epfid2d1_70",
    "SequenceVariant": "SK",
    "SeriesDescription": "tom_localizer",
    "SeriesNumber": 33,
    "ShimSetting": [
      -5596,
      -1454,
      3121,
      467,
      62,
      32,
      -127,
      -40
    ],
    "SliceThickness": 3,
    "SliceTiming": [
      0,
      0.055,
      0.11,
      0.165,
      0.22,
      0.275,
      0.33,
      0.385,
      0.44,
      0.495,
      0.55,
      0.605,
      0.66,
      0.715,
      0.77,
      0.825,
      0.88,
      0.935,
      0.99,
      1.045,
      1.1,
      1.155,
      1.21,
      1.265,
      1.32,
      1.375,
      1.43,
      1.485,
      1.54,
      1.595,
      1.65,
      1.705,
      1.76,
      1.815,
      1.87,
      1.925
    ],
    "SoftwareVersions": "syngo_MR_E11",
    "SpacingBetweenSlices": 3.54,
    "StationName": "MRC35115",
    "TaskName": "tom",
    "TotalReadoutTime": 0.01725,
    "TxRefAmp": 262.286,
    "dataset": "ds002250",
    "modality": "bold",
    "run_id": 2,
    "subject_id": "16",
    "task_id": "tom"
  },
  "dummy_trs": 0,
  "dvars_nstd": 25.717053900814815,
  "dvars_std": 1.0923154097037036,
  "dvars_vstd": 1.0073584124444437,
  "efc": 0.5444668852258188,
  "fber": 422.4445495605469,
  "fd_mean": 0.22053390484987617,
  "fd_num": 58,
  "fd_perc": 42.64705882352941,
  "fwhm_avg": 2.777871799479586,
  "fwhm_x": 2.5088266666666668,
  "fwhm_y": 2.9288000000000003,
  "fwhm_z": 2.895988731772091,
  "gcor": 0.0350002,
  "gsr_x": 0.037338439375162125,
  "gsr_y": 0.05952564626932144,
  "provenance": {
    "md5sum": "8b0291067ca7dee8279a63419716c277",
    "settings": {
      "fd_thres": 0.2,
      "testing": false
    },
    "software": "mriqc",
    "version": "22.0.6",
    "webapi_port": null,
    "webapi_url": "https://mriqc.nimh.nih.gov/api/v1"
  },
  "size_t": 136,
  "size_x": 70,
  "size_y": 70,
  "size_z": 36,
  "snr": 2.449993443990583,
  "spacing_tr": 2.0,
  "spacing_x": 3.0,
  "spacing_y": 3.0,
  "spacing_z": 3.5399999618530273,
  "summary_bg_k": 53.23339379314372,
  "summary_bg_mad": 4.120761383119555,
  "summary_bg_mean": 30.14958953857422,
  "summary_bg_median": 14.58088207244873,
  "summary_bg_n": 105161.0,
  "summary_bg_p05": 11.485294342041016,
  "summary_bg_p95": 102.1617660522461,
  "summary_bg_stdv": 51.88446044921875,
  "summary_fg_k": 0.7777843670346285,
  "summary_fg_mad": 110.45385396731008,
  "summary_fg_mean": 325.7835388183594,
  "summary_fg_median": 300.3419189453125,
  "summary_fg_n": 33914.0,
  "summary_fg_p05": 174.9727928161621,
  "summary_fg_p95": 568.9555236816402,
  "summary_fg_stdv": 122.5870590209961,
  "tsnr": 58.04468287341297
}