{
  "aor": 0.006278894472361808,
  "aqi": 0.004790059095477387,
  "bids_meta": {
    "AcquisitionMatrixPE": 70,
    "AcquisitionNumber": 1,
    "AcquisitionTime": "09:48:17.727500",
    "BandwidthPerPixelPhaseEncode": 57.143,
    "BaseResolution": 70,
    "BodyPartExamined": "BRAIN",
    "ConsistencyInfo": "N4_VE11C_LATEST_20160120",
    "ConversionSoftware": "dcm2niix",
    "ConversionSoftwareVersion": "v1.0.20181125  (JP2:OpenJPEG) (JP-LS:CharLS) GCC5.5.0",
    "DerivedVendorReportedEchoSpacing": 0.000499999,
    "DeviceSerialNumber": "167012",
    "DwellTime": 3e-06,
    "EchoTime": 0.03,
    "EchoTrainLength": 35,
    "EffectiveEchoSpacing": 0.000249999,
    "FlipAngle": 90,
    "ImageOrientationPatientDICOM": [
      0.996951,
      -0.0482337,
      0.0613296,
      0.0604523,
      0.97445,
      -0.216317
    ],
    "ImageType": [
      "ORIGINAL",
      "PRIMARY",
      "M",
      "ND",
      "MOSAIC"
    ],
    "ImagingFrequency": 123.254,
    "InPlanePhaseEncodingDirectionDICOM": "COL",
    "InstitutionAddress": "Vassar_Street_43_Cambridge_Boston_US_02139",
    "InstitutionName": "McGovern_Institute_for_Brain_Research_(3T1)",
    "InstitutionalDepartmentName": "Department",
    "MRAcquisitionType": "2D",
    "MagneticFieldStrength": 3,
    "Manufacturer": "Siemens",
    "ManufacturersModelName": "Prisma_fit",
    "Modality": "MR",
    "ParallelReductionFactorInPlane": 2,
    "PartialFourier": 1,
    "PatientPosition": "HFS",
    "PercentPhaseFOV": 100,
    "PhaseEncodingDirection": "j-",
    "PhaseEncodingSteps": 70,
    "PhaseResolution": 1,
    "PixelBandwidth": 2380,
    "ProcedureStepDescription": "Young_Emily",
    "ProtocolName": "FIRSTTHIRD",
    "PulseSequenceDetails": "%SiemensSeq%_ep2d_pace",
    "ReceiveCoilActiveElements": "HEA;HEP",
    "ReceiveCoilName": "Head_32",
    "ReconMatrixPE": 70,
    "RepetitionTime": 2,
    "SAR": 0.119221,
    "ScanOptions": "FS",
    "ScanningSequence": "EP",
    "SequenceName": "_epfid2d1_70",
    "SequenceVariant": "SK",
    "SeriesDescription": "FIRSTTHIRD",
    "SeriesNumber": 21,
    "ShimSetting": [
      -5596,
      -1454,
      3121,
      467,
      62,
      32,
      -127,
      -40
    ],
    "SliceThickness": 3,
    "SliceTiming": [
      0,
      0.055,
      0.11,
      0.165,
      0.22,
      0.275,
      0.33,
      0.385,
      0.44,
      0.495,
      0.55,
      0.605,
      0.66,
      0.715,
      0.77,
      0.825,
      0.88,
      0.935,
      0.99,
      1.045,
      1.1,
      1.155,
      1.21,
      1.265,
      1.32,
      1.375,
      1.43,
      1.485,
      1.54,
      1.595,
      1.65,
      1.705,
      1.76,
      1.815,
      1.87,
      1.925
    ],
    "SoftwareVersions": "syngo_MR_E11",
    "SpacingBetweenSlices": 3.54,
    "StationName": "MRC35115",
    "TaskName": "firstthird",
    "TotalReadoutTime": 0.01725,
    "TxRefAmp": 262.286,
    "dataset": "ds002250",
    "modality": "bold",
    "run_id": 1,
    "subject_id": "16",
    "task_id": "firstthird"
  },
  "dummy_trs": 0,
  "dvars_nstd": 41.171336597929304,
  "dvars_std": 1.3602453174747475,
  "dvars_vstd": 1.068743985909091,
  "efc": 0.5470761676675558,
  "fber": 426.69293212890625,
  "fd_mean": 0.42782448748788554,
  "fd_num": 153,
  "fd_perc": 76.88442211055276,
  "fwhm_avg": 2.7166882774755865,
  "fwhm_x": 2.44905,
  "fwhm_y": 2.90156,
  "fwhm_z": 2.799454832426759,
  "gcor": 0.0416355,
  "gsr_x": 0.03375794738531113,
  "gsr_y": 0.04806008189916611,
  "provenance": {
    "md5sum": "fecae098f1e4361b6dff6b8248478acc",
    "settings": {
      "fd_thres": 0.2,
      "testing": false
    },
    "software": "mriqc",
    "version": "22.0.6",
    "webapi_port": null,
    "webapi_url": "https://mriqc.nimh.nih.gov/api/v1"
  },
  "size_t": 199,
  "size_x": 70,
  "size_y": 70,
  "size_z": 36,
  "snr": 2.5094176338050085,
  "spacing_tr": 2.0,
  "spacing_x": 3.0,
  "spacing_y": 3.0,
  "spacing_z": 3.5399999618530273,
  "summary_bg_k": 58.0718403814984,
  "summary_bg_mad": 4.2391997771275625,
  "summary_bg_mean": 29.068634033203125,
  "summary_bg_median": 14.738693237304688,
  "summary_bg_n": 103696.0,
  "summary_bg_p05": 11.517587661743164,
  "summary_bg_p95": 95.87185668945312,
  "summary_bg_stdv": 47.719337463378906,
  "summary_fg_k": 0.7008600665495535,
  "summary_fg_mad": 111.69433658371065,
  "summary_fg_mean": 331.0895690917969,
  "summary_fg_median": 306.77386474609375,
  "summary_fg_n": 34165.0,
  "summary_fg_p05": 178.38593139648438,
  "summary_fg_p95": 573.91455078125,
  "summary_fg_stdv": 122.24723815917969,
  "tsnr": 50.222699062433094
}