{
  "aor": 0.001964060913705584,
  "aqi": 0.0026556417766497465,
  "bids_meta": {
    "AcquisitionMatrixPE": 70,
    "AcquisitionNumber": 1,
    "AcquisitionTime": "12:43:7.437500",
    "BandwidthPerPixelPhaseEncode": 57.143,
    "BaseResolution": 70,
    "BodyPartExamined": "BRAIN",
    "ConsistencyInfo": "N4_VE11C_LATEST_20160120",
    "ConversionSoftware": "dcm2niix",
    "ConversionSoftwareVersion": "v1.0.20181125  (JP2:OpenJPEG) (JP-LS:CharLS) GCC5.5.0",
    "DerivedVendorReportedEchoSpacing": 0.000499999,
    "DeviceSerialNumber": "167012",
    "DwellTime": 3e-06,
    "EchoTime": 0.03,
    "EchoTrainLength": 35,
    "EffectiveEchoSpacing": 0.000249999,
    "FlipAngle": 90,
    "ImageOrientationPatientDICOM": [
      0.99713,
      -0.0712256,
      0.0256657,
      0.0625594,
      0.966084,
      0.250534
    ],
    "ImageType": [
      "ORIGINAL",
      "PRIMARY",
      "M",
      "ND",
      "MOSAIC"
    ],
    "ImagingFrequency": 123.253,
    "InPlanePhaseEncodingDirectionDICOM": "COL",
    "InstitutionAddress": "Vassar_Street_43_Cambridge_Boston_US_02139",
    "InstitutionName": "McGovern_Institute_for_Brain_Research_(3T1)",
    "InstitutionalDepartmentName": "Department",
    "MRAcquisitionType": "2D",
    "MagneticFieldStrength": 3,
    "Manufacturer": "Siemens",
    "ManufacturersModelName": "Prisma_fit",
    "Modality": "MR",
    "ParallelReductionFactorInPlane": 2,
    "PartialFourier": 1,
    "PatientPosition": "HFS",
    "PercentPhaseFOV": 100,
    "PhaseEncodingDirection": "j-",
    "PhaseEncodingSteps": 70,
    "PhaseResolution": 1,
    "PixelBandwidth": 2380,
    "ProcedureStepDescription": "Young_Emily",
    "ProtocolName": "FIRSTTHIRD",
    "PulseSequenceDetails": "%SiemensSeq%_ep2d_pace",
    "ReceiveCoilActiveElements": "HEA;HEP",
    "ReceiveCoilName": "Head_32",
    "ReconMatrixPE": 70,
    "RepetitionTime": 2,
    "SAR": 0.148508,
    "ScanOptions": "FS",
    "ScanningSequence": "EP",
    "SequenceName": "_epfid2d1_70",
    "SequenceVariant": "SK",
    "SeriesDescription": "FIRSTTHIRD",
    "SeriesNumber": 44,
    "ShimSetting": [
      -5608,
      -1568,
      3298,
      847,
      5,
      -62,
      116,
      0
    ],
    "SliceThickness": 3,
    "SliceTiming": [
      0,
      0.055,
      0.11,
      0.165,
      0.22,
      0.275,
      0.33,
      0.385,
      0.44,
      0.495,
      0.55,
      0.605,
      0.66,
      0.715,
      0.77,
      0.825,
      0.88,
      0.935,
      0.99,
      1.045,
      1.1,
      1.155,
      1.21,
      1.265,
      1.32,
      1.375,
      1.43,
      1.485,
      1.54,
      1.595,
      1.65,
      1.705,
      1.76,
      1.815,
      1.87,
      1.925
    ],
    "SoftwareVersions": "syngo_MR_E11",
    "SpacingBetweenSlices": 3.54,
    "StationName": "MRC35115",
    "TaskName": "firstthird",
    "TotalReadoutTime": 0.01725,
    "TxRefAmp": 239.465,
    "dataset": "ds002250",
    "modality": "bold",
    "run_id": 5,
    "subject_id": "02",
    "task_id": "firstthird"
  },
  "dummy_trs": 2,
  "dvars_nstd": 24.788190686224475,
  "dvars_std": 1.1310555769897963,
  "dvars_vstd": 1.013025553010204,
  "efc": 0.5298869596120369,
  "fber": 563.0742797851562,
  "fd_mean": 0.14202554681841922,
  "fd_num": 20,
  "fd_perc": 10.152284263959391,
  "fwhm_avg": 2.6818212305536484,
  "fwhm_x": 2.4839066666666665,
  "fwhm_y": 2.90756,
  "fwhm_z": 2.65399702499428,
  "gcor": 0.0317486,
  "gsr_x": -0.000779960595536977,
  "gsr_y": 0.04904332756996155,
  "provenance": {
    "md5sum": "30aa11ca454c8b72862ae5e36f547584",
    "settings": {
      "fd_thres": 0.2,
      "testing": false
    },
    "software": "mriqc",
    "version": "22.0.6",
    "webapi_port": null,
    "webapi_url": "https://mriqc.nimh.nih.gov/api/v1"
  },
  "size_t": 197,
  "size_x": 70,
  "size_y": 70,
  "size_z": 36,
  "snr": 2.619626675780687,
  "spacing_tr": 2.0,
  "spacing_x": 3.0,
  "spacing_y": 3.0,
  "spacing_z": 3.5400002002716064,
  "summary_bg_k": 53.21286461587257,
  "summary_bg_mad": 4.334919310083106,
  "summary_bg_mean": 28.218297958374023,
  "summary_bg_median": 15.365482330322266,
  "summary_bg_n": 105278.0,
  "summary_bg_p05": 12.010151863098145,
  "summary_bg_p95": 86.58375549316406,
  "summary_bg_stdv": 39.45268249511719,
  "summary_fg_k": 0.4406983207148292,
  "summary_fg_mad": 137.36270190931145,
  "summary_fg_mean": 389.5854797363281,
  "summary_fg_median": 365.55584716796875,
  "summary_fg_n": 33090.0,
  "summary_fg_p05": 206.15862731933595,
  "summary_fg_p95": 654.0568328857422,
  "summary_fg_stdv": 139.54290771484375,
  "tsnr": 66.22052756510675
}