{
  "aor": 0.001022462311557789,
  "aqi": 0.003339981859296482,
  "bids_meta": {
    "AcquisitionMatrixPE": 70,
    "AcquisitionNumber": 1,
    "AcquisitionTime": "11:56:37.247500",
    "BandwidthPerPixelPhaseEncode": 57.143,
    "BaseResolution": 70,
    "BodyPartExamined": "BRAIN",
    "ConsistencyInfo": "N4_VE11C_LATEST_20160120",
    "ConversionSoftware": "dcm2niix",
    "ConversionSoftwareVersion": "v1.0.20181125  (JP2:OpenJPEG) (JP-LS:CharLS) GCC5.5.0",
    "DerivedVendorReportedEchoSpacing": 0.000499999,
    "DeviceSerialNumber": "167012",
    "DwellTime": 3e-06,
    "EchoTime": 0.03,
    "EchoTrainLength": 35,
    "EffectiveEchoSpacing": 0.000249999,
    "FlipAngle": 90,
    "ImageOrientationPatientDICOM": [
      0.99713,
      -0.0712256,
      0.0256657,
      0.0625594,
      0.966084,
      0.250534
    ],
    "ImageType": [
      "ORIGINAL",
      "PRIMARY",
      "M",
      "ND",
      "MOSAIC"
    ],
    "ImagingFrequency": 123.253,
    "InPlanePhaseEncodingDirectionDICOM": "COL",
    "InstitutionAddress": "Vassar_Street_43_Cambridge_Boston_US_02139",
    "InstitutionName": "McGovern_Institute_for_Brain_Research_(3T1)",
    "InstitutionalDepartmentName": "Department",
    "MRAcquisitionType": "2D",
    "MagneticFieldStrength": 3,
    "Manufacturer": "Siemens",
    "ManufacturersModelName": "Prisma_fit",
    "Modality": "MR",
    "ParallelReductionFactorInPlane": 2,
    "PartialFourier": 1,
    "PatientPosition": "HFS",
    "PercentPhaseFOV": 100,
    "PhaseEncodingDirection": "j-",
    "PhaseEncodingSteps": 70,
    "PhaseResolution": 1,
    "PixelBandwidth": 2380,
    "ProcedureStepDescription": "Young_Emily",
    "ProtocolName": "FIRSTTHIRD",
    "PulseSequenceDetails": "%SiemensSeq%_ep2d_pace",
    "ReceiveCoilActiveElements": "HEA;HEP",
    "ReceiveCoilName": "Head_32",
    "ReconMatrixPE": 70,
    "RepetitionTime": 2,
    "SAR": 0.148508,
    "ScanOptions": "FS",
    "ScanningSequence": "EP",
    "SequenceName": "_epfid2d1_70",
    "SequenceVariant": "SK",
    "SeriesDescription": "FIRSTTHIRD",
    "SeriesNumber": 34,
    "ShimSetting": [
      -5608,
      -1568,
      3298,
      847,
      5,
      -62,
      116,
      0
    ],
    "SliceThickness": 3,
    "SliceTiming": [
      0,
      0.055,
      0.11,
      0.165,
      0.22,
      0.275,
      0.33,
      0.385,
      0.44,
      0.495,
      0.55,
      0.605,
      0.66,
      0.715,
      0.77,
      0.825,
      0.88,
      0.935,
      0.99,
      1.045,
      1.1,
      1.155,
      1.21,
      1.265,
      1.32,
      1.375,
      1.43,
      1.485,
      1.54,
      1.595,
      1.65,
      1.705,
      1.76,
      1.815,
      1.87,
      1.925
    ],
    "SoftwareVersions": "syngo_MR_E11",
    "SpacingBetweenSlices": 3.54,
    "StationName": "MRC35115",
    "TaskName": "firstthird",
    "TotalReadoutTime": 0.01725,
    "TxRefAmp": 239.465,
    "dataset": "ds002250",
    "modality": "bold",
    "run_id": 1,
    "subject_id": "02",
    "task_id": "firstthird"
  },
  "dummy_trs": 0,
  "dvars_nstd": 25.61212424085858,
  "dvars_std": 1.1339059607575752,
  "dvars_vstd": 0.992210554040404,
  "efc": 0.5284466022142285,
  "fber": 581.884521484375,
  "fd_mean": 0.14874185195434317,
  "fd_num": 21,
  "fd_perc": 10.552763819095478,
  "fwhm_avg": 2.688008613610634,
  "fwhm_x": 2.5112533333333333,
  "fwhm_y": 2.9390466666666666,
  "fwhm_z": 2.6137258408319,
  "gcor": 0.0263144,
  "gsr_x": -0.002512497827410698,
  "gsr_y": 0.0490243025124073,
  "provenance": {
    "md5sum": "9966d63a66cf8316b17d955810bd6d27",
    "settings": {
      "fd_thres": 0.2,
      "testing": false
    },
    "software": "mriqc",
    "version": "22.0.6",
    "webapi_port": null,
    "webapi_url": "https://mriqc.nimh.nih.gov/api/v1"
  },
  "size_t": 199,
  "size_x": 70,
  "size_y": 70,
  "size_z": 36,
  "snr": 2.605873467088909,
  "spacing_tr": 2.0,
  "spacing_x": 3.0,
  "spacing_y": 3.0,
  "spacing_z": 3.5400002002716064,
  "summary_bg_k": 55.573088492037925,
  "summary_bg_mad": 4.52230891009587,
  "summary_bg_mean": 28.870681762695312,
  "summary_bg_median": 15.613064765930176,
  "summary_bg_n": 104846.0,
  "summary_bg_p05": 12.180904388427734,
  "summary_bg_p95": 87.86808967590332,
  "summary_bg_stdv": 41.111183166503906,
  "summary_fg_k": 0.5443305702775056,
  "summary_fg_mad": 141.74121519026644,
  "summary_fg_mean": 405.36944580078125,
  "summary_fg_median": 379.5527648925781,
  "summary_fg_n": 33179.0,
  "summary_fg_p05": 216.2055221557617,
  "summary_fg_p95": 680.0080200195312,
  "summary_fg_stdv": 145.65060424804688,
  "tsnr": 62.887926059775054
}