{
  "aor": 0.007656565656565657,
  "aqi": 0.0030861665656565654,
  "bids_meta": {
    "AcquisitionMatrixPE": 70,
    "AcquisitionNumber": 1,
    "AcquisitionTime": "12:27:13.585000",
    "BandwidthPerPixelPhaseEncode": 57.143,
    "BaseResolution": 70,
    "BodyPartExamined": "BRAIN",
    "ConsistencyInfo": "N4_VE11C_LATEST_20160120",
    "ConversionSoftware": "dcm2niix",
    "ConversionSoftwareVersion": "v1.0.20181125  (JP2:OpenJPEG) (JP-LS:CharLS) GCC5.5.0",
    "DerivedVendorReportedEchoSpacing": 0.000499999,
    "DeviceSerialNumber": "167012",
    "DwellTime": 3e-06,
    "EchoTime": 0.03,
    "EchoTrainLength": 35,
    "EffectiveEchoSpacing": 0.000249999,
    "FlipAngle": 90,
    "ImageOrientationPatientDICOM": [
      0.99713,
      -0.0712256,
      0.0256657,
      0.0625594,
      0.966084,
      0.250534
    ],
    "ImageType": [
      "ORIGINAL",
      "PRIMARY",
      "M",
      "ND",
      "MOSAIC"
    ],
    "ImagingFrequency": 123.253,
    "InPlanePhaseEncodingDirectionDICOM": "COL",
    "InstitutionAddress": "Vassar_Street_43_Cambridge_Boston_US_02139",
    "InstitutionName": "McGovern_Institute_for_Brain_Research_(3T1)",
    "InstitutionalDepartmentName": "Department",
    "MRAcquisitionType": "2D",
    "MagneticFieldStrength": 3,
    "Manufacturer": "Siemens",
    "ManufacturersModelName": "Prisma_fit",
    "Modality": "MR",
    "ParallelReductionFactorInPlane": 2,
    "PartialFourier": 1,
    "PatientPosition": "HFS",
    "PercentPhaseFOV": 100,
    "PhaseEncodingDirection": "j-",
    "PhaseEncodingSteps": 70,
    "PhaseResolution": 1,
    "PixelBandwidth": 2380,
    "ProcedureStepDescription": "Young_Emily",
    "ProtocolName": "FIRSTTHIRD",
    "PulseSequenceDetails": "%SiemensSeq%_ep2d_pace",
    "ReceiveCoilActiveElements": "HEA;HEP",
    "ReceiveCoilName": "Head_32",
    "ReconMatrixPE": 70,
    "RepetitionTime": 2,
    "SAR": 0.148508,
    "ScanOptions": "FS",
    "ScanningSequence": "EP",
    "SequenceName": "_epfid2d1_70",
    "SequenceVariant": "SK",
    "SeriesDescription": "FIRSTTHIRD",
    "SeriesNumber": 40,
    "ShimSetting": [
      -5608,
      -1568,
      3298,
      847,
      5,
      -62,
      116,
      0
    ],
    "SliceThickness": 3,
    "SliceTiming": [
      0,
      0.055,
      0.11,
      0.165,
      0.22,
      0.275,
      0.33,
      0.385,
      0.44,
      0.495,
      0.55,
      0.605,
      0.66,
      0.715,
      0.77,
      0.825,
      0.88,
      0.935,
      0.99,
      1.045,
      1.1,
      1.155,
      1.21,
      1.265,
      1.32,
      1.375,
      1.43,
      1.485,
      1.54,
      1.595,
      1.65,
      1.705,
      1.76,
      1.815,
      1.87,
      1.925
    ],
    "SoftwareVersions": "syngo_MR_E11",
    "SpacingBetweenSlices": 3.54,
    "StationName": "MRC35115",
    "TaskName": "firstthird",
    "TotalReadoutTime": 0.01725,
    "TxRefAmp": 239.465,
    "dataset": "ds002250",
    "modality": "bold",
    "run_id": 3,
    "subject_id": "02",
    "task_id": "firstthird"
  },
  "dummy_trs": 1,
  "dvars_nstd": 27.944314908375635,
  "dvars_std": 1.2178768888324871,
  "dvars_vstd": 1.075637982335025,
  "efc": 0.5296893399209566,
  "fber": 557.3343505859375,
  "fd_mean": 0.20870853790921934,
  "fd_num": 46,
  "fd_perc": 23.232323232323232,
  "fwhm_avg": 2.687372021783599,
  "fwhm_x": 2.4867333333333335,
  "fwhm_y": 2.9356766666666663,
  "fwhm_z": 2.639706065350798,
  "gcor": 0.0358627,
  "gsr_x": -0.0008705208310857415,
  "gsr_y": 0.049409471452236176,
  "provenance": {
    "md5sum": "a0223f475e27a5849165d6da113d7a06",
    "settings": {
      "fd_thres": 0.2,
      "testing": false
    },
    "software": "mriqc",
    "version": "22.0.6",
    "webapi_port": null,
    "webapi_url": "https://mriqc.nimh.nih.gov/api/v1"
  },
  "size_t": 198,
  "size_x": 70,
  "size_y": 70,
  "size_z": 36,
  "snr": 2.60439450599556,
  "spacing_tr": 2.0,
  "spacing_x": 3.0,
  "spacing_y": 3.0,
  "spacing_z": 3.5400002002716064,
  "summary_bg_k": 52.971483189214716,
  "summary_bg_mad": 4.342975824290035,
  "summary_bg_mean": 27.87329864501953,
  "summary_bg_median": 15.308080673217773,
  "summary_bg_n": 105188.0,
  "summary_bg_p05": 11.934343338012695,
  "summary_bg_p95": 84.81464843749994,
  "summary_bg_stdv": 38.52388381958008,
  "summary_fg_k": 0.3581832438046808,
  "summary_fg_mad": 137.22305189260558,
  "summary_fg_mean": 385.9593811035156,
  "summary_fg_median": 362.1666564941406,
  "summary_fg_n": 33261.0,
  "summary_fg_p05": 203.1262664794922,
  "summary_fg_p95": 648.353515625,
  "summary_fg_stdv": 139.0577392578125,
  "tsnr": 59.54665771161672
}