{
  "aor": 0.004823759999999999,
  "aqi": 0.00408348376,
  "bids_meta": {
    "AcquisitionMatrixPE": 70,
    "AcquisitionNumber": 1,
    "AcquisitionTime": "11:45:29.365000",
    "BandwidthPerPixelPhaseEncode": 57.143,
    "BaseResolution": 70,
    "BodyPartExamined": "BRAIN",
    "ConsistencyInfo": "N4_VE11C_LATEST_20160120",
    "ConversionSoftware": "dcm2niix",
    "ConversionSoftwareVersion": "v1.0.20181125  (JP2:OpenJPEG) (JP-LS:CharLS) GCC5.5.0",
    "DerivedVendorReportedEchoSpacing": 0.000499999,
    "DeviceSerialNumber": "167012",
    "DwellTime": 3e-06,
    "EchoTime": 0.03,
    "EchoTrainLength": 35,
    "EffectiveEchoSpacing": 0.000249999,
    "FlipAngle": 90,
    "ImageOrientationPatientDICOM": [
      0.99713,
      -0.0712256,
      0.0256657,
      0.0625594,
      0.966084,
      0.250534
    ],
    "ImageType": [
      "ORIGINAL",
      "PRIMARY",
      "M",
      "ND",
      "MOSAIC"
    ],
    "ImagingFrequency": 123.253,
    "InPlanePhaseEncodingDirectionDICOM": "COL",
    "InstitutionAddress": "Vassar_Street_43_Cambridge_Boston_US_02139",
    "InstitutionName": "McGovern_Institute_for_Brain_Research_(3T1)",
    "InstitutionalDepartmentName": "Department",
    "MRAcquisitionType": "2D",
    "MagneticFieldStrength": 3,
    "Manufacturer": "Siemens",
    "ManufacturersModelName": "Prisma_fit",
    "Modality": "MR",
    "ParallelReductionFactorInPlane": 2,
    "PartialFourier": 1,
    "PatientPosition": "HFS",
    "PercentPhaseFOV": 100,
    "PhaseEncodingDirection": "j-",
    "PhaseEncodingSteps": 70,
    "PhaseResolution": 1,
    "PixelBandwidth": 2380,
    "ProcedureStepDescription": "Young_Emily",
    "ProtocolName": "so_localizer",
    "PulseSequenceDetails": "%SiemensSeq%_ep2d_pace",
    "ReceiveCoilActiveElements": "HEA;HEP",
    "ReceiveCoilName": "Head_32",
    "ReconMatrixPE": 70,
    "RepetitionTime": 2,
    "SAR": 0.148189,
    "ScanOptions": "FS",
    "ScanningSequence": "EP",
    "SequenceName": "_epfid2d1_70",
    "SequenceVariant": "SK",
    "SeriesDescription": "so_localizer",
    "SeriesNumber": 30,
    "ShimSetting": [
      -5608,
      -1568,
      3298,
      847,
      5,
      -62,
      116,
      0
    ],
    "SliceThickness": 3,
    "SliceTiming": [
      0,
      0.055,
      0.11,
      0.165,
      0.22,
      0.275,
      0.33,
      0.385,
      0.44,
      0.495,
      0.55,
      0.605,
      0.66,
      0.715,
      0.77,
      0.825,
      0.88,
      0.935,
      0.99,
      1.045,
      1.1,
      1.155,
      1.21,
      1.265,
      1.32,
      1.375,
      1.43,
      1.485,
      1.54,
      1.595,
      1.6475,
      1.7025,
      1.7575,
      1.8125,
      1.8675,
      1.9225
    ],
    "SoftwareVersions": "syngo_MR_E11",
    "SpacingBetweenSlices": 3.54,
    "StationName": "MRC35115",
    "TaskName": "so",
    "TotalReadoutTime": 0.01725,
    "TxRefAmp": 239.465,
    "dataset": "ds002250",
    "modality": "bold",
    "run_id": 3,
    "subject_id": "02",
    "task_id": "so"
  },
  "dummy_trs": 0,
  "dvars_nstd": 26.982721820806457,
  "dvars_std": 1.1490763926612904,
  "dvars_vstd": 1.017323643709677,
  "efc": 0.5274298736842729,
  "fber": 587.8450317382812,
  "fd_mean": 0.1653568790523649,
  "fd_num": 23,
  "fd_perc": 18.4,
  "fwhm_avg": 2.6818074461898616,
  "fwhm_x": 2.5006266666666668,
  "fwhm_y": 2.9410133333333337,
  "fwhm_z": 2.603782338569584,
  "gcor": 0.0289547,
  "gsr_x": -0.002710823668166995,
  "gsr_y": 0.050929490476846695,
  "provenance": {
    "md5sum": "34131af5081456b1e3b7fc8829b08492",
    "settings": {
      "fd_thres": 0.2,
      "testing": false
    },
    "software": "mriqc",
    "version": "22.0.6",
    "webapi_port": null,
    "webapi_url": "https://mriqc.nimh.nih.gov/api/v1"
  },
  "size_t": 125,
  "size_x": 70,
  "size_y": 70,
  "size_z": 36,
  "snr": 2.6157934417880706,
  "spacing_tr": 2.0,
  "spacing_x": 3.0,
  "spacing_y": 3.0,
  "spacing_z": 3.5400002002716064,
  "summary_bg_k": 62.448366616167405,
  "summary_bg_mad": 4.507110687700243,
  "summary_bg_mean": 28.686426162719727,
  "summary_bg_median": 15.520000457763672,
  "summary_bg_n": 105081.0,
  "summary_bg_p05": 12.088000297546387,
  "summary_bg_p95": 85.91200256347656,
  "summary_bg_stdv": 41.76911544799805,
  "summary_fg_k": 0.5584103553420352,
  "summary_fg_mad": 141.1793122071237,
  "summary_fg_mean": 404.4193420410156,
  "summary_fg_median": 379.0240173339844,
  "summary_fg_n": 33007.0,
  "summary_fg_p05": 216.88240814208984,
  "summary_fg_p95": 678.4032226562499,
  "summary_fg_stdv": 144.89610290527344,
  "tsnr": 58.43227913463488
}