{
  "aor": 0.0053174619289340095,
  "aqi": 0.003392629340101523,
  "bids_meta": {
    "AcquisitionMatrixPE": 70,
    "AcquisitionNumber": 1,
    "AcquisitionTime": "12:50:36.735000",
    "BandwidthPerPixelPhaseEncode": 57.143,
    "BaseResolution": 70,
    "BodyPartExamined": "BRAIN",
    "ConsistencyInfo": "N4_VE11C_LATEST_20160120",
    "ConversionSoftware": "dcm2niix",
    "ConversionSoftwareVersion": "v1.0.20181125  (JP2:OpenJPEG) (JP-LS:CharLS) GCC5.5.0",
    "DerivedVendorReportedEchoSpacing": 0.000499999,
    "DeviceSerialNumber": "167012",
    "DwellTime": 3e-06,
    "EchoTime": 0.03,
    "EchoTrainLength": 35,
    "EffectiveEchoSpacing": 0.000249999,
    "FlipAngle": 90,
    "ImageOrientationPatientDICOM": [
      0.99713,
      -0.0712256,
      0.0256657,
      0.0625594,
      0.966084,
      0.250534
    ],
    "ImageType": [
      "ORIGINAL",
      "PRIMARY",
      "M",
      "ND",
      "MOSAIC"
    ],
    "ImagingFrequency": 123.253,
    "InPlanePhaseEncodingDirectionDICOM": "COL",
    "InstitutionAddress": "Vassar_Street_43_Cambridge_Boston_US_02139",
    "InstitutionName": "McGovern_Institute_for_Brain_Research_(3T1)",
    "InstitutionalDepartmentName": "Department",
    "MRAcquisitionType": "2D",
    "MagneticFieldStrength": 3,
    "Manufacturer": "Siemens",
    "ManufacturersModelName": "Prisma_fit",
    "Modality": "MR",
    "ParallelReductionFactorInPlane": 2,
    "PartialFourier": 1,
    "PatientPosition": "HFS",
    "PercentPhaseFOV": 100,
    "PhaseEncodingDirection": "j-",
    "PhaseEncodingSteps": 70,
    "PhaseResolution": 1,
    "PixelBandwidth": 2380,
    "ProcedureStepDescription": "Young_Emily",
    "ProtocolName": "FIRSTTHIRD",
    "PulseSequenceDetails": "%SiemensSeq%_ep2d_pace",
    "ReceiveCoilActiveElements": "HEA;HEP",
    "ReceiveCoilName": "Head_32",
    "ReconMatrixPE": 70,
    "RepetitionTime": 2,
    "SAR": 0.148508,
    "ScanOptions": "FS",
    "ScanningSequence": "EP",
    "SequenceName": "_epfid2d1_70",
    "SequenceVariant": "SK",
    "SeriesDescription": "FIRSTTHIRD",
    "SeriesNumber": 46,
    "ShimSetting": [
      -5608,
      -1568,
      3298,
      847,
      5,
      -62,
      116,
      0
    ],
    "SliceThickness": 3,
    "SliceTiming": [
      0,
      0.055,
      0.11,
      0.165,
      0.22,
      0.275,
      0.33,
      0.385,
      0.44,
      0.495,
      0.55,
      0.605,
      0.66,
      0.715,
      0.77,
      0.825,
      0.88,
      0.935,
      0.99,
      1.045,
      1.1,
      1.155,
      1.21,
      1.265,
      1.32,
      1.375,
      1.43,
      1.485,
      1.54,
      1.595,
      1.65,
      1.705,
      1.76,
      1.815,
      1.87,
      1.925
    ],
    "SoftwareVersions": "syngo_MR_E11",
    "SpacingBetweenSlices": 3.54,
    "StationName": "MRC35115",
    "TaskName": "firstthird",
    "TotalReadoutTime": 0.01725,
    "TxRefAmp": 239.465,
    "dataset": "ds002250",
    "modality": "bold",
    "run_id": 6,
    "subject_id": "02",
    "task_id": "firstthird"
  },
  "dummy_trs": 2,
  "dvars_nstd": 25.875657392704078,
  "dvars_std": 1.1505022360204074,
  "dvars_vstd": 1.0300621836224488,
  "efc": 0.5291063449910492,
  "fber": 583.5016479492188,
  "fd_mean": 0.1719394191427691,
  "fd_num": 33,
  "fd_perc": 16.751269035532996,
  "fwhm_avg": 2.65281663583277,
  "fwhm_x": 2.46584,
  "fwhm_y": 2.8589066666666665,
  "fwhm_z": 2.633703240831644,
  "gcor": 0.0267716,
  "gsr_x": -0.0017971895867958665,
  "gsr_y": 0.04801187664270401,
  "provenance": {
    "md5sum": "9b6e3fd364afee6bebc7d228762de622",
    "settings": {
      "fd_thres": 0.2,
      "testing": false
    },
    "software": "mriqc",
    "version": "22.0.6",
    "webapi_port": null,
    "webapi_url": "https://mriqc.nimh.nih.gov/api/v1"
  },
  "size_t": 197,
  "size_x": 70,
  "size_y": 70,
  "size_z": 36,
  "snr": 2.6125506754735617,
  "spacing_tr": 2.0,
  "spacing_x": 3.0,
  "spacing_y": 3.0,
  "spacing_z": 3.5400002002716064,
  "summary_bg_k": 55.36903222837778,
  "summary_bg_mad": 4.139245554798597,
  "summary_bg_mean": 27.90312385559082,
  "summary_bg_median": 15.142131805419922,
  "summary_bg_n": 105068.0,
  "summary_bg_p05": 11.908629417419434,
  "summary_bg_p95": 86.01014709472656,
  "summary_bg_stdv": 38.55236053466797,
  "summary_fg_k": 0.4592859471353061,
  "summary_fg_mad": 138.45395378940873,
  "summary_fg_mean": 390.9554748535156,
  "summary_fg_median": 367.0152282714844,
  "summary_fg_n": 33031.0,
  "summary_fg_p05": 207.27664947509766,
  "summary_fg_p95": 657.6344909667969,
  "summary_fg_stdv": 140.4794464111328,
  "tsnr": 59.93603436485864
}