{
  "aor": 0.000990603015075377,
  "aqi": 0.002763912663316583,
  "bids_meta": {
    "AcquisitionMatrixPE": 70,
    "AcquisitionNumber": 1,
    "AcquisitionTime": "12:04:22.275000",
    "BandwidthPerPixelPhaseEncode": 57.143,
    "BaseResolution": 70,
    "BodyPartExamined": "BRAIN",
    "ConsistencyInfo": "N4_VE11C_LATEST_20160120",
    "ConversionSoftware": "dcm2niix",
    "ConversionSoftwareVersion": "v1.0.20181125  (JP2:OpenJPEG) (JP-LS:CharLS) GCC5.5.0",
    "DerivedVendorReportedEchoSpacing": 0.000499999,
    "DeviceSerialNumber": "167012",
    "DwellTime": 3e-06,
    "EchoTime": 0.03,
    "EchoTrainLength": 35,
    "EffectiveEchoSpacing": 0.000249999,
    "FlipAngle": 90,
    "ImageOrientationPatientDICOM": [
      0.99713,
      -0.0712256,
      0.0256657,
      0.0625594,
      0.966084,
      0.250534
    ],
    "ImageType": [
      "ORIGINAL",
      "PRIMARY",
      "M",
      "ND",
      "MOSAIC"
    ],
    "ImagingFrequency": 123.253,
    "InPlanePhaseEncodingDirectionDICOM": "COL",
    "InstitutionAddress": "Vassar_Street_43_Cambridge_Boston_US_02139",
    "InstitutionName": "McGovern_Institute_for_Brain_Research_(3T1)",
    "InstitutionalDepartmentName": "Department",
    "MRAcquisitionType": "2D",
    "MagneticFieldStrength": 3,
    "Manufacturer": "Siemens",
    "ManufacturersModelName": "Prisma_fit",
    "Modality": "MR",
    "ParallelReductionFactorInPlane": 2,
    "PartialFourier": 1,
    "PatientPosition": "HFS",
    "PercentPhaseFOV": 100,
    "PhaseEncodingDirection": "j-",
    "PhaseEncodingSteps": 70,
    "PhaseResolution": 1,
    "PixelBandwidth": 2380,
    "ProcedureStepDescription": "Young_Emily",
    "ProtocolName": "FIRSTTHIRD",
    "PulseSequenceDetails": "%SiemensSeq%_ep2d_pace",
    "ReceiveCoilActiveElements": "HEA;HEP",
    "ReceiveCoilName": "Head_32",
    "ReconMatrixPE": 70,
    "RepetitionTime": 2,
    "SAR": 0.148508,
    "ScanOptions": "FS",
    "ScanningSequence": "EP",
    "SequenceName": "_epfid2d1_70",
    "SequenceVariant": "SK",
    "SeriesDescription": "FIRSTTHIRD",
    "SeriesNumber": 36,
    "ShimSetting": [
      -5608,
      -1568,
      3298,
      847,
      5,
      -62,
      116,
      0
    ],
    "SliceThickness": 3,
    "SliceTiming": [
      0,
      0.055,
      0.11,
      0.165,
      0.22,
      0.275,
      0.33,
      0.385,
      0.44,
      0.495,
      0.55,
      0.605,
      0.66,
      0.715,
      0.77,
      0.825,
      0.88,
      0.935,
      0.99,
      1.045,
      1.1,
      1.155,
      1.21,
      1.265,
      1.32,
      1.375,
      1.43,
      1.485,
      1.54,
      1.595,
      1.65,
      1.705,
      1.76,
      1.815,
      1.87,
      1.925
    ],
    "SoftwareVersions": "syngo_MR_E11",
    "SpacingBetweenSlices": 3.54,
    "StationName": "MRC35115",
    "TaskName": "firstthird",
    "TotalReadoutTime": 0.01725,
    "TxRefAmp": 239.465,
    "dataset": "ds002250",
    "modality": "bold",
    "run_id": 2,
    "subject_id": "02",
    "task_id": "firstthird"
  },
  "dummy_trs": 0,
  "dvars_nstd": 23.88496073333333,
  "dvars_std": 1.1268363967171715,
  "dvars_vstd": 0.9999223642929298,
  "efc": 0.5283456511278183,
  "fber": 590.0643920898438,
  "fd_mean": 0.12172781513780391,
  "fd_num": 20,
  "fd_perc": 10.050251256281408,
  "fwhm_avg": 2.697000044568332,
  "fwhm_x": 2.5043833333333336,
  "fwhm_y": 2.9567666666666668,
  "fwhm_z": 2.629850133704997,
  "gcor": 0.0257025,
  "gsr_x": -0.0030621120240539312,
  "gsr_y": 0.04935329779982567,
  "provenance": {
    "md5sum": "59ca3e42688d17002edbdabd36f783b7",
    "settings": {
      "fd_thres": 0.2,
      "testing": false
    },
    "software": "mriqc",
    "version": "22.0.6",
    "webapi_port": null,
    "webapi_url": "https://mriqc.nimh.nih.gov/api/v1"
  },
  "size_t": 199,
  "size_x": 70,
  "size_y": 70,
  "size_z": 36,
  "snr": 2.594739099191756,
  "spacing_tr": 2.0,
  "spacing_x": 3.0,
  "spacing_y": 3.0,
  "spacing_z": 3.5400002002716064,
  "summary_bg_k": 58.21772112842506,
  "summary_bg_mad": 4.529758852769845,
  "summary_bg_mean": 29.34788703918457,
  "summary_bg_median": 15.67336654663086,
  "summary_bg_n": 104861.0,
  "summary_bg_p05": 12.226130485534668,
  "summary_bg_p95": 89.7889404296875,
  "summary_bg_stdv": 42.55067825317383,
  "summary_fg_k": 0.65579665966832,
  "summary_fg_mad": 143.6708422476037,
  "summary_fg_mean": 409.46954345703125,
  "summary_fg_median": 383.56280517578125,
  "summary_fg_n": 33067.0,
  "summary_fg_p05": 218.0145736694336,
  "summary_fg_p95": 686.7221191406248,
  "summary_fg_stdv": 147.82102966308594,
  "tsnr": 65.91253149614204
}