{
  "aor": 0.0033428000000000004,
  "aqi": 0.00251894776,
  "bids_meta": {
    "AcquisitionMatrixPE": 70,
    "AcquisitionNumber": 1,
    "AcquisitionTime": "11:40:24.122500",
    "BandwidthPerPixelPhaseEncode": 57.143,
    "BaseResolution": 70,
    "BodyPartExamined": "BRAIN",
    "ConsistencyInfo": "N4_VE11C_LATEST_20160120",
    "ConversionSoftware": "dcm2niix",
    "ConversionSoftwareVersion": "v1.0.20181125  (JP2:OpenJPEG) (JP-LS:CharLS) GCC5.5.0",
    "DerivedVendorReportedEchoSpacing": 0.000499999,
    "DeviceSerialNumber": "167012",
    "DwellTime": 3e-06,
    "EchoTime": 0.03,
    "EchoTrainLength": 35,
    "EffectiveEchoSpacing": 0.000249999,
    "FlipAngle": 90,
    "ImageOrientationPatientDICOM": [
      0.99713,
      -0.0712256,
      0.0256657,
      0.0625594,
      0.966084,
      0.250534
    ],
    "ImageType": [
      "ORIGINAL",
      "PRIMARY",
      "M",
      "ND",
      "MOSAIC"
    ],
    "ImagingFrequency": 123.253,
    "InPlanePhaseEncodingDirectionDICOM": "COL",
    "InstitutionAddress": "Vassar_Street_43_Cambridge_Boston_US_02139",
    "InstitutionName": "McGovern_Institute_for_Brain_Research_(3T1)",
    "InstitutionalDepartmentName": "Department",
    "MRAcquisitionType": "2D",
    "MagneticFieldStrength": 3,
    "Manufacturer": "Siemens",
    "ManufacturersModelName": "Prisma_fit",
    "Modality": "MR",
    "ParallelReductionFactorInPlane": 2,
    "PartialFourier": 1,
    "PatientPosition": "HFS",
    "PercentPhaseFOV": 100,
    "PhaseEncodingDirection": "j-",
    "PhaseEncodingSteps": 70,
    "PhaseResolution": 1,
    "PixelBandwidth": 2380,
    "ProcedureStepDescription": "Young_Emily",
    "ProtocolName": "so_localizer",
    "PulseSequenceDetails": "%SiemensSeq%_ep2d_pace",
    "ReceiveCoilActiveElements": "HEA;HEP",
    "ReceiveCoilName": "Head_32",
    "ReconMatrixPE": 70,
    "RepetitionTime": 2,
    "SAR": 0.148189,
    "ScanOptions": "FS",
    "ScanningSequence": "EP",
    "SequenceName": "_epfid2d1_70",
    "SequenceVariant": "SK",
    "SeriesDescription": "so_localizer",
    "SeriesNumber": 28,
    "ShimSetting": [
      -5608,
      -1568,
      3298,
      847,
      5,
      -62,
      116,
      0
    ],
    "SliceThickness": 3,
    "SliceTiming": [
      0,
      0.055,
      0.11,
      0.165,
      0.22,
      0.275,
      0.33,
      0.385,
      0.44,
      0.495,
      0.55,
      0.605,
      0.66,
      0.715,
      0.77,
      0.825,
      0.88,
      0.935,
      0.99,
      1.045,
      1.1,
      1.155,
      1.21,
      1.265,
      1.32,
      1.375,
      1.43,
      1.485,
      1.54,
      1.595,
      1.65,
      1.705,
      1.76,
      1.815,
      1.87,
      1.925
    ],
    "SoftwareVersions": "syngo_MR_E11",
    "SpacingBetweenSlices": 3.54,
    "StationName": "MRC35115",
    "TaskName": "so",
    "TotalReadoutTime": 0.01725,
    "TxRefAmp": 239.465,
    "dataset": "ds002250",
    "modality": "bold",
    "run_id": 2,
    "subject_id": "02",
    "task_id": "so"
  },
  "dummy_trs": 0,
  "dvars_nstd": 24.309330155967743,
  "dvars_std": 1.16493222483871,
  "dvars_vstd": 1.0350026136290325,
  "efc": 0.5270586931882919,
  "fber": 597.0948486328125,
  "fd_mean": 0.12226617582126975,
  "fd_num": 9,
  "fd_perc": 7.2,
  "fwhm_avg": 2.6647131336616012,
  "fwhm_x": 2.4728866666666667,
  "fwhm_y": 2.9222133333333336,
  "fwhm_z": 2.5990394009848035,
  "gcor": 0.018807,
  "gsr_x": -0.002405665349215269,
  "gsr_y": 0.05040381848812103,
  "provenance": {
    "md5sum": "4d58b9519b453bb5692e1d5a1c788c5f",
    "settings": {
      "fd_thres": 0.2,
      "testing": false
    },
    "software": "mriqc",
    "version": "22.0.6",
    "webapi_port": null,
    "webapi_url": "https://mriqc.nimh.nih.gov/api/v1"
  },
  "size_t": 125,
  "size_x": 70,
  "size_y": 70,
  "size_z": 36,
  "snr": 2.622088055171664,
  "spacing_tr": 2.0,
  "spacing_x": 3.0,
  "spacing_y": 3.0,
  "spacing_z": 3.5400002002716064,
  "summary_bg_k": 63.59590402547684,
  "summary_bg_mad": 4.317337219145379,
  "summary_bg_mean": 28.141454696655273,
  "summary_bg_median": 15.368000984191895,
  "summary_bg_n": 104979.0,
  "summary_bg_p05": 12.056000709533691,
  "summary_bg_p95": 83.72240142822244,
  "summary_bg_stdv": 40.68052291870117,
  "summary_fg_k": 0.5853360986414935,
  "summary_fg_mad": 140.44986540027716,
  "summary_fg_mean": 401.9653625488281,
  "summary_fg_median": 377.46002197265625,
  "summary_fg_n": 33150.0,
  "summary_fg_p05": 214.70681533813476,
  "summary_fg_p95": 672.6284210205079,
  "summary_fg_stdv": 143.95181274414062,
  "tsnr": 68.62712648371235
}