{
  "aor": 0.010534720000000003,
  "aqi": 0.0043528230399999986,
  "bids_meta": {
    "AcquisitionMatrixPE": 70,
    "AcquisitionNumber": 1,
    "AcquisitionTime": "11:25:32.740000",
    "BandwidthPerPixelPhaseEncode": 57.143,
    "BaseResolution": 70,
    "BodyPartExamined": "BRAIN",
    "ConsistencyInfo": "N4_VE11C_LATEST_20160120",
    "ConversionSoftware": "dcm2niix",
    "ConversionSoftwareVersion": "v1.0.20181125  (JP2:OpenJPEG) (JP-LS:CharLS) GCC5.5.0",
    "DerivedVendorReportedEchoSpacing": 0.000499999,
    "DeviceSerialNumber": "167012",
    "DwellTime": 3e-06,
    "EchoTime": 0.03,
    "EchoTrainLength": 35,
    "EffectiveEchoSpacing": 0.000249999,
    "FlipAngle": 90,
    "ImageOrientationPatientDICOM": [
      0.99982,
      -0.00105796,
      -0.0189229,
      -0.00157055,
      0.990382,
      -0.138353
    ],
    "ImageType": [
      "ORIGINAL",
      "PRIMARY",
      "M",
      "ND",
      "MOSAIC"
    ],
    "ImagingFrequency": 123.254,
    "InPlanePhaseEncodingDirectionDICOM": "COL",
    "InstitutionAddress": "Vassar_Street_43_Cambridge_Boston_US_02139",
    "InstitutionName": "McGovern_Institute_for_Brain_Research_(3T1)",
    "InstitutionalDepartmentName": "Department",
    "MRAcquisitionType": "2D",
    "MagneticFieldStrength": 3,
    "Manufacturer": "Siemens",
    "ManufacturersModelName": "Prisma_fit",
    "Modality": "MR",
    "ParallelReductionFactorInPlane": 2,
    "PartialFourier": 1,
    "PatientPosition": "HFS",
    "PercentPhaseFOV": 100,
    "PhaseEncodingDirection": "j-",
    "PhaseEncodingSteps": 70,
    "PhaseResolution": 1,
    "PixelBandwidth": 2380,
    "ProcedureStepDescription": "Young_Emily",
    "ProtocolName": "so_localizer",
    "PulseSequenceDetails": "%SiemensSeq%_ep2d_pace",
    "ReceiveCoilActiveElements": "HEA;HEP",
    "ReceiveCoilName": "Head_32",
    "ReconMatrixPE": 70,
    "RepetitionTime": 2,
    "SAR": 0.131062,
    "ScanOptions": "FS",
    "ScanningSequence": "EP",
    "SequenceName": "_epfid2d1_70",
    "SequenceVariant": "SK",
    "SeriesDescription": "so_localizer",
    "SeriesNumber": 29,
    "ShimSetting": [
      -5614,
      -1462,
      3143,
      379,
      -40,
      261,
      37,
      4
    ],
    "SliceThickness": 3,
    "SliceTiming": [
      0,
      0.055,
      0.11,
      0.165,
      0.22,
      0.275,
      0.33,
      0.385,
      0.44,
      0.495,
      0.55,
      0.605,
      0.66,
      0.715,
      0.77,
      0.825,
      0.88,
      0.935,
      0.99,
      1.045,
      1.1,
      1.155,
      1.21,
      1.265,
      1.32,
      1.375,
      1.43,
      1.485,
      1.54,
      1.595,
      1.65,
      1.705,
      1.76,
      1.815,
      1.87,
      1.925
    ],
    "SoftwareVersions": "syngo_MR_E11",
    "SpacingBetweenSlices": 3.54,
    "StationName": "MRC35115",
    "TaskName": "so",
    "TotalReadoutTime": 0.01725,
    "TxRefAmp": 245.021,
    "dataset": "ds002250",
    "modality": "bold",
    "run_id": 1,
    "subject_id": "19",
    "task_id": "so"
  },
  "dummy_trs": 0,
  "dvars_nstd": 29.49365817362904,
  "dvars_std": 1.2126019037096774,
  "dvars_vstd": 1.0729260329838708,
  "efc": 0.5684533060403816,
  "fber": 433.8385009765625,
  "fd_mean": 0.2292529169737794,
  "fd_num": 36,
  "fd_perc": 28.8,
  "fwhm_avg": 2.6998256410294403,
  "fwhm_x": 2.3957166666666665,
  "fwhm_y": 2.8796133333333334,
  "fwhm_z": 2.8241469230883207,
  "gcor": 0.0422212,
  "gsr_x": -0.022649211809039116,
  "gsr_y": 0.09404876083135605,
  "provenance": {
    "md5sum": "7f86e5180227a63e1ab79ab46d2e7b4d",
    "settings": {
      "fd_thres": 0.2,
      "testing": false
    },
    "software": "mriqc",
    "version": "22.0.6",
    "webapi_port": null,
    "webapi_url": "https://mriqc.nimh.nih.gov/api/v1"
  },
  "size_t": 125,
  "size_x": 70,
  "size_y": 70,
  "size_z": 36,
  "snr": 2.4187689411478797,
  "spacing_tr": 2.0,
  "spacing_x": 3.0,
  "spacing_y": 3.0,
  "spacing_z": 3.5399999618530273,
  "summary_bg_k": 21.69264756108929,
  "summary_bg_mad": 5.835522139744976,
  "summary_bg_mean": 43.83654022216797,
  "summary_bg_median": 17.09600067138672,
  "summary_bg_n": 100921.0,
  "summary_bg_p05": 12.608000755310059,
  "summary_bg_p95": 204.17601013183594,
  "summary_bg_stdv": 72.89395904541016,
  "summary_fg_k": 0.5574167735492526,
  "summary_fg_mad": 146.4692267877756,
  "summary_fg_mean": 391.0892028808594,
  "summary_fg_median": 365.02801513671875,
  "summary_fg_n": 36122.0,
  "summary_fg_p05": 194.52040481567383,
  "summary_fg_p95": 677.036437988281,
  "summary_fg_stdv": 150.91270446777344,
  "tsnr": 53.31042924558278
}