{
  "aor": 0.012952311557788943,
  "aqi": 0.006009522763819095,
  "bids_meta": {
    "AcquisitionMatrixPE": 70,
    "AcquisitionNumber": 1,
    "AcquisitionTime": "10:46:1.647500",
    "BandwidthPerPixelPhaseEncode": 57.143,
    "BaseResolution": 70,
    "BodyPartExamined": "BRAIN",
    "ConsistencyInfo": "N4_VE11C_LATEST_20160120",
    "ConversionSoftware": "dcm2niix",
    "ConversionSoftwareVersion": "v1.0.20181125  (JP2:OpenJPEG) (JP-LS:CharLS) GCC5.5.0",
    "DerivedVendorReportedEchoSpacing": 0.000499999,
    "DeviceSerialNumber": "167012",
    "DwellTime": 3e-06,
    "EchoTime": 0.03,
    "EchoTrainLength": 35,
    "EffectiveEchoSpacing": 0.000249999,
    "FlipAngle": 90,
    "ImageOrientationPatientDICOM": [
      0.99982,
      -0.00105796,
      -0.0189229,
      -0.00157055,
      0.990382,
      -0.138353
    ],
    "ImageType": [
      "ORIGINAL",
      "PRIMARY",
      "M",
      "ND",
      "MOSAIC"
    ],
    "ImagingFrequency": 123.254,
    "InPlanePhaseEncodingDirectionDICOM": "COL",
    "InstitutionAddress": "Vassar_Street_43_Cambridge_Boston_US_02139",
    "InstitutionName": "McGovern_Institute_for_Brain_Research_(3T1)",
    "InstitutionalDepartmentName": "Department",
    "MRAcquisitionType": "2D",
    "MagneticFieldStrength": 3,
    "Manufacturer": "Siemens",
    "ManufacturersModelName": "Prisma_fit",
    "Modality": "MR",
    "ParallelReductionFactorInPlane": 2,
    "PartialFourier": 1,
    "PatientPosition": "HFS",
    "PercentPhaseFOV": 100,
    "PhaseEncodingDirection": "j-",
    "PhaseEncodingSteps": 70,
    "PhaseResolution": 1,
    "PixelBandwidth": 2380,
    "ProcedureStepDescription": "Young_Emily",
    "ProtocolName": "FIRSTTHIRD",
    "PulseSequenceDetails": "%SiemensSeq%_ep2d_pace",
    "ReceiveCoilActiveElements": "HEA;HEP",
    "ReceiveCoilName": "Head_32",
    "ReconMatrixPE": 70,
    "RepetitionTime": 2,
    "SAR": 0.131344,
    "ScanOptions": "FS",
    "ScanningSequence": "EP",
    "SequenceName": "_epfid2d1_70",
    "SequenceVariant": "SK",
    "SeriesDescription": "FIRSTTHIRD",
    "SeriesNumber": 19,
    "ShimSetting": [
      -5614,
      -1462,
      3143,
      379,
      -40,
      261,
      37,
      4
    ],
    "SliceThickness": 3,
    "SliceTiming": [
      0,
      0.055,
      0.11,
      0.165,
      0.22,
      0.275,
      0.33,
      0.385,
      0.44,
      0.495,
      0.55,
      0.605,
      0.66,
      0.715,
      0.77,
      0.825,
      0.88,
      0.935,
      0.99,
      1.045,
      1.1,
      1.155,
      1.21,
      1.265,
      1.32,
      1.375,
      1.43,
      1.485,
      1.54,
      1.595,
      1.65,
      1.705,
      1.76,
      1.815,
      1.87,
      1.925
    ],
    "SoftwareVersions": "syngo_MR_E11",
    "SpacingBetweenSlices": 3.54,
    "StationName": "MRC35115",
    "TaskName": "firstthird",
    "TotalReadoutTime": 0.01725,
    "TxRefAmp": 245.021,
    "dataset": "ds002250",
    "modality": "bold",
    "run_id": 2,
    "subject_id": "19",
    "task_id": "firstthird"
  },
  "dummy_trs": 0,
  "dvars_nstd": 36.01417120535354,
  "dvars_std": 1.273978284949495,
  "dvars_vstd": 1.095509113030303,
  "efc": 0.5658769842727107,
  "fber": 433.9995422363281,
  "fd_mean": 0.3652226541815891,
  "fd_num": 88,
  "fd_perc": 44.221105527638194,
  "fwhm_avg": 2.7119758481375107,
  "fwhm_x": 2.4366333333333334,
  "fwhm_y": 2.888576666666667,
  "fwhm_z": 2.8107175444125323,
  "gcor": 0.0528437,
  "gsr_x": -0.021474117413163185,
  "gsr_y": 0.0941610038280487,
  "provenance": {
    "md5sum": "88daf0e715111ed9e1b39c79cdff7a3d",
    "settings": {
      "fd_thres": 0.2,
      "testing": false
    },
    "software": "mriqc",
    "version": "22.0.6",
    "webapi_port": null,
    "webapi_url": "https://mriqc.nimh.nih.gov/api/v1"
  },
  "size_t": 199,
  "size_x": 70,
  "size_y": 70,
  "size_z": 36,
  "snr": 2.4132303530191446,
  "spacing_tr": 2.0,
  "spacing_x": 3.0,
  "spacing_y": 3.0,
  "spacing_z": 3.5399999618530273,
  "summary_bg_k": 23.544021453171126,
  "summary_bg_mad": 5.8633565621173185,
  "summary_bg_mean": 42.33435821533203,
  "summary_bg_median": 17.065326690673828,
  "summary_bg_n": 101212.0,
  "summary_bg_p05": 12.582914352416992,
  "summary_bg_p95": 191.9090438842773,
  "summary_bg_stdv": 69.4317398071289,
  "summary_fg_k": 0.5132662134137318,
  "summary_fg_mad": 147.32149231172826,
  "summary_fg_mean": 389.9354248046875,
  "summary_fg_median": 363.9321594238281,
  "summary_fg_n": 36052.0,
  "summary_fg_p05": 193.2595428466797,
  "summary_fg_p95": 676.4205932617184,
  "summary_fg_stdv": 150.80496215820312,
  "tsnr": 44.45000881142914
}