{
  "aor": 0.005423529411764706,
  "aqi": 0.0027049986764705884,
  "bids_meta": {
    "AcquisitionMatrixPE": 70,
    "AcquisitionNumber": 1,
    "AcquisitionTime": "11:22:47.285000",
    "BandwidthPerPixelPhaseEncode": 57.143,
    "BaseResolution": 70,
    "BodyPartExamined": "BRAIN",
    "ConsistencyInfo": "N4_VE11C_LATEST_20160120",
    "ConversionSoftware": "dcm2niix",
    "ConversionSoftwareVersion": "v1.0.20181125  (JP2:OpenJPEG) (JP-LS:CharLS) GCC5.5.0",
    "DerivedVendorReportedEchoSpacing": 0.000499999,
    "DeviceSerialNumber": "167012",
    "DwellTime": 3e-06,
    "EchoTime": 0.03,
    "EchoTrainLength": 35,
    "EffectiveEchoSpacing": 0.000249999,
    "FlipAngle": 90,
    "ImageOrientationPatientDICOM": [
      0.997534,
      -0.044139,
      -0.05456,
      0.0200245,
      0.924144,
      -0.381518
    ],
    "ImageType": [
      "ORIGINAL",
      "PRIMARY",
      "M",
      "ND",
      "MOSAIC"
    ],
    "ImagingFrequency": 123.254,
    "InPlanePhaseEncodingDirectionDICOM": "COL",
    "InstitutionAddress": "Vassar_Street_43_Cambridge_Boston_US_02139",
    "InstitutionName": "MIT",
    "InstitutionalDepartmentName": "Department",
    "MRAcquisitionType": "2D",
    "MagneticFieldStrength": 3,
    "Manufacturer": "Siemens",
    "ManufacturersModelName": "Prisma_fit",
    "Modality": "MR",
    "ParallelReductionFactorInPlane": 2,
    "PartialFourier": 1,
    "PatientPosition": "HFS",
    "PercentPhaseFOV": 100,
    "PhaseEncodingDirection": "j-",
    "PhaseEncodingSteps": 70,
    "PhaseResolution": 1,
    "PixelBandwidth": 2380,
    "ProcedureStepDescription": "Young_Emily",
    "ProtocolName": "tom_localizer",
    "PulseSequenceDetails": "%SiemensSeq%_ep2d_pace",
    "ReceiveCoilActiveElements": "HEA;HEP",
    "ReceiveCoilName": "Head_32",
    "ReconMatrixPE": 70,
    "RepetitionTime": 2,
    "SAR": 0.0981564,
    "ScanOptions": "FS",
    "ScanningSequence": "EP",
    "SequenceName": "_epfid2d1_70",
    "SequenceVariant": "SK",
    "SeriesDescription": "tom_localizer",
    "SeriesNumber": 11,
    "ShimSetting": [
      -5622,
      -1427,
      3131,
      302,
      -62,
      152,
      -179,
      -35
    ],
    "SliceThickness": 3,
    "SliceTiming": [
      0,
      0.055,
      0.11,
      0.165,
      0.22,
      0.275,
      0.33,
      0.385,
      0.44,
      0.495,
      0.55,
      0.605,
      0.66,
      0.715,
      0.77,
      0.825,
      0.88,
      0.935,
      0.99,
      1.045,
      1.1,
      1.155,
      1.21,
      1.265,
      1.32,
      1.375,
      1.43,
      1.485,
      1.54,
      1.595,
      1.65,
      1.705,
      1.76,
      1.815,
      1.87,
      1.925
    ],
    "SoftwareVersions": "syngo_MR_E11",
    "SpacingBetweenSlices": 3.54,
    "StationName": "MRC35115",
    "TaskName": "tom",
    "TotalReadoutTime": 0.01725,
    "TxRefAmp": 221.035,
    "dataset": "ds002250",
    "modality": "bold",
    "run_id": 1,
    "subject_id": "09",
    "task_id": "tom"
  },
  "dummy_trs": 0,
  "dvars_nstd": 27.53859421074073,
  "dvars_std": 1.218255656148149,
  "dvars_vstd": 1.036478519259259,
  "efc": 0.5097006398695635,
  "fber": 633.8751831054688,
  "fd_mean": 0.21842823201452172,
  "fd_num": 41,
  "fd_perc": 30.147058823529413,
  "fwhm_avg": 2.803240292722043,
  "fwhm_x": 2.6483666666666665,
  "fwhm_y": 2.9116366666666664,
  "fwhm_z": 2.849717544832796,
  "gcor": 0.0209852,
  "gsr_x": -0.000738457019906491,
  "gsr_y": 0.04480154439806938,
  "provenance": {
    "md5sum": "4ddea6df7d2c1d480c999a38e51f1efb",
    "settings": {
      "fd_thres": 0.2,
      "testing": false
    },
    "software": "mriqc",
    "version": "22.0.6",
    "webapi_port": null,
    "webapi_url": "https://mriqc.nimh.nih.gov/api/v1"
  },
  "size_t": 136,
  "size_x": 70,
  "size_y": 70,
  "size_z": 36,
  "snr": 2.4329357333849484,
  "spacing_tr": 2.0,
  "spacing_x": 3.0,
  "spacing_y": 3.0,
  "spacing_z": 3.5399999618530273,
  "summary_bg_k": 87.70561882548053,
  "summary_bg_mad": 3.063317735946448,
  "summary_bg_mean": 24.780315399169922,
  "summary_bg_median": 13.786765098571777,
  "summary_bg_n": 106874.0,
  "summary_bg_p05": 11.411765098571777,
  "summary_bg_p95": 78.20845336914056,
  "summary_bg_stdv": 37.74354934692383,
  "summary_fg_k": 1.7815639841980238,
  "summary_fg_mad": 121.72599474958275,
  "summary_fg_mean": 378.97760009765625,
  "summary_fg_median": 348.86029052734375,
  "summary_fg_n": 31726.0,
  "summary_fg_p05": 201.69485473632812,
  "summary_fg_p95": 663.4466857910156,
  "summary_fg_stdv": 143.38841247558594,
  "tsnr": 66.39188651554286
}