{
  "aor": 0.009686740740740742,
  "aqi": 0.0032474802962962966,
  "bids_meta": {
    "AcquisitionMatrixPE": 70,
    "AcquisitionNumber": 1,
    "AcquisitionTime": "11:28:36.917500",
    "BandwidthPerPixelPhaseEncode": 57.143,
    "BaseResolution": 70,
    "BodyPartExamined": "BRAIN",
    "ConsistencyInfo": "N4_VE11C_LATEST_20160120",
    "ConversionSoftware": "dcm2niix",
    "ConversionSoftwareVersion": "v1.0.20181125  (JP2:OpenJPEG) (JP-LS:CharLS) GCC5.5.0",
    "DerivedVendorReportedEchoSpacing": 0.000499999,
    "DeviceSerialNumber": "167012",
    "DwellTime": 3e-06,
    "EchoTime": 0.03,
    "EchoTrainLength": 35,
    "EffectiveEchoSpacing": 0.000249999,
    "FlipAngle": 90,
    "ImageOrientationPatientDICOM": [
      0.997534,
      -0.044139,
      -0.05456,
      0.0200245,
      0.924144,
      -0.381518
    ],
    "ImageType": [
      "ORIGINAL",
      "PRIMARY",
      "M",
      "ND",
      "MOSAIC"
    ],
    "ImagingFrequency": 123.254,
    "InPlanePhaseEncodingDirectionDICOM": "COL",
    "InstitutionAddress": "Vassar_Street_43_Cambridge_Boston_US_02139",
    "InstitutionName": "MIT",
    "InstitutionalDepartmentName": "Department",
    "MRAcquisitionType": "2D",
    "MagneticFieldStrength": 3,
    "Manufacturer": "Siemens",
    "ManufacturersModelName": "Prisma_fit",
    "Modality": "MR",
    "ParallelReductionFactorInPlane": 2,
    "PartialFourier": 1,
    "PatientPosition": "HFS",
    "PercentPhaseFOV": 100,
    "PhaseEncodingDirection": "j-",
    "PhaseEncodingSteps": 70,
    "PhaseResolution": 1,
    "PixelBandwidth": 2380,
    "ProcedureStepDescription": "Young_Emily",
    "ProtocolName": "tom_localizer",
    "PulseSequenceDetails": "%SiemensSeq%_ep2d_pace",
    "ReceiveCoilActiveElements": "HEA;HEP",
    "ReceiveCoilName": "Head_32",
    "ReconMatrixPE": 70,
    "RepetitionTime": 2,
    "SAR": 0.0981564,
    "ScanOptions": "FS",
    "ScanningSequence": "EP",
    "SequenceName": "_epfid2d1_70",
    "SequenceVariant": "SK",
    "SeriesDescription": "tom_localizer",
    "SeriesNumber": 13,
    "ShimSetting": [
      -5622,
      -1427,
      3131,
      302,
      -62,
      152,
      -179,
      -35
    ],
    "SliceThickness": 3,
    "SliceTiming": [
      0,
      0.055,
      0.11,
      0.165,
      0.22,
      0.275,
      0.33,
      0.385,
      0.44,
      0.495,
      0.55,
      0.605,
      0.66,
      0.715,
      0.77,
      0.825,
      0.88,
      0.935,
      0.99,
      1.045,
      1.1,
      1.155,
      1.21,
      1.265,
      1.32,
      1.375,
      1.43,
      1.485,
      1.54,
      1.595,
      1.65,
      1.705,
      1.76,
      1.815,
      1.87,
      1.925
    ],
    "SoftwareVersions": "syngo_MR_E11",
    "SpacingBetweenSlices": 3.54,
    "StationName": "MRC35115",
    "TaskName": "tom",
    "TotalReadoutTime": 0.01725,
    "TxRefAmp": 221.035,
    "dataset": "ds002250",
    "modality": "bold",
    "run_id": 2,
    "subject_id": "09",
    "task_id": "tom"
  },
  "dummy_trs": 1,
  "dvars_nstd": 29.99007075567164,
  "dvars_std": 1.2635574108955225,
  "dvars_vstd": 1.0814334478358207,
  "efc": 0.509755446012281,
  "fber": 632.070556640625,
  "fd_mean": 0.28179468754578474,
  "fd_num": 53,
  "fd_perc": 39.25925925925926,
  "fwhm_avg": 2.8160756411240295,
  "fwhm_x": 2.6578066666666667,
  "fwhm_y": 2.93994,
  "fwhm_z": 2.8504802567054215,
  "gcor": 0.0408789,
  "gsr_x": 0.00018352207553107291,
  "gsr_y": 0.046117499470710754,
  "provenance": {
    "md5sum": "ea063218e7046f23cc4e5d480c2fdd4e",
    "settings": {
      "fd_thres": 0.2,
      "testing": false
    },
    "software": "mriqc",
    "version": "22.0.6",
    "webapi_port": null,
    "webapi_url": "https://mriqc.nimh.nih.gov/api/v1"
  },
  "size_t": 135,
  "size_x": 70,
  "size_y": 70,
  "size_z": 36,
  "snr": 2.4180058529288173,
  "spacing_tr": 2.0,
  "spacing_x": 3.0,
  "spacing_y": 3.0,
  "spacing_z": 3.5399999618530273,
  "summary_bg_k": 91.00212453653776,
  "summary_bg_mad": 3.0860083186057667,
  "summary_bg_mean": 24.89988136291504,
  "summary_bg_median": 13.748147964477539,
  "summary_bg_n": 106954.0,
  "summary_bg_p05": 11.340740203857422,
  "summary_bg_p95": 78.88147735595703,
  "summary_bg_stdv": 38.455867767333984,
  "summary_fg_k": 1.7566830521730887,
  "summary_fg_mad": 121.39217397418804,
  "summary_fg_mean": 378.19171142578125,
  "summary_fg_median": 347.58148193359375,
  "summary_fg_n": 31808.0,
  "summary_fg_p05": 200.43481216430663,
  "summary_fg_p95": 661.4044464111324,
  "summary_fg_stdv": 143.74490356445312,
  "tsnr": 58.282013358548284
}