{
  "aor": 0.0035074371859296475,
  "aqi": 0.0021235067336683416,
  "bids_meta": {
    "AcquisitionMatrixPE": 70,
    "AcquisitionNumber": 1,
    "AcquisitionTime": "11:34:45.505000",
    "BandwidthPerPixelPhaseEncode": 57.143,
    "BaseResolution": 70,
    "BodyPartExamined": "BRAIN",
    "ConsistencyInfo": "N4_VE11C_LATEST_20160120",
    "ConversionSoftware": "dcm2niix",
    "ConversionSoftwareVersion": "v1.0.20181125  (JP2:OpenJPEG) (JP-LS:CharLS) GCC5.5.0",
    "DerivedVendorReportedEchoSpacing": 0.000499999,
    "DeviceSerialNumber": "167012",
    "DwellTime": 3e-06,
    "EchoTime": 0.03,
    "EchoTrainLength": 35,
    "EffectiveEchoSpacing": 0.000249999,
    "FlipAngle": 90,
    "ImageOrientationPatientDICOM": [
      0.997534,
      -0.044139,
      -0.05456,
      0.0200245,
      0.924144,
      -0.381518
    ],
    "ImageType": [
      "ORIGINAL",
      "PRIMARY",
      "M",
      "ND",
      "MOSAIC"
    ],
    "ImagingFrequency": 123.254,
    "InPlanePhaseEncodingDirectionDICOM": "COL",
    "InstitutionAddress": "Vassar_Street_43_Cambridge_Boston_US_02139",
    "InstitutionName": "MIT",
    "InstitutionalDepartmentName": "Department",
    "MRAcquisitionType": "2D",
    "MagneticFieldStrength": 3,
    "Manufacturer": "Siemens",
    "ManufacturersModelName": "Prisma_fit",
    "Modality": "MR",
    "ParallelReductionFactorInPlane": 2,
    "PartialFourier": 1,
    "PatientPosition": "HFS",
    "PercentPhaseFOV": 100,
    "PhaseEncodingDirection": "j-",
    "PhaseEncodingSteps": 70,
    "PhaseResolution": 1,
    "PixelBandwidth": 2380,
    "ProcedureStepDescription": "Young_Emily",
    "ProtocolName": "FIRSTTHIRD",
    "PulseSequenceDetails": "%SiemensSeq%_ep2d_pace",
    "ReceiveCoilActiveElements": "HEA;HEP",
    "ReceiveCoilName": "Head_32",
    "ReconMatrixPE": 70,
    "RepetitionTime": 2,
    "SAR": 0.0983221,
    "ScanOptions": "FS",
    "ScanningSequence": "EP",
    "SequenceName": "_epfid2d1_70",
    "SequenceVariant": "SK",
    "SeriesDescription": "FIRSTTHIRD",
    "SeriesNumber": 15,
    "ShimSetting": [
      -5622,
      -1427,
      3131,
      302,
      -62,
      152,
      -179,
      -35
    ],
    "SliceThickness": 3,
    "SliceTiming": [
      0,
      0.055,
      0.11,
      0.165,
      0.22,
      0.275,
      0.33,
      0.385,
      0.44,
      0.495,
      0.55,
      0.605,
      0.66,
      0.715,
      0.77,
      0.825,
      0.88,
      0.935,
      0.99,
      1.045,
      1.1,
      1.155,
      1.21,
      1.265,
      1.32,
      1.375,
      1.43,
      1.485,
      1.54,
      1.595,
      1.65,
      1.705,
      1.76,
      1.815,
      1.87,
      1.925
    ],
    "SoftwareVersions": "syngo_MR_E11",
    "SpacingBetweenSlices": 3.54,
    "StationName": "MRC35115",
    "TaskName": "firstthird",
    "TotalReadoutTime": 0.01725,
    "TxRefAmp": 221.035,
    "dataset": "ds002250",
    "modality": "bold",
    "run_id": 1,
    "subject_id": "09",
    "task_id": "firstthird"
  },
  "dummy_trs": 0,
  "dvars_nstd": 24.818187434191913,
  "dvars_std": 1.2030053479292926,
  "dvars_vstd": 1.0393795858080817,
  "efc": 0.5094749675171976,
  "fber": 636.5931396484375,
  "fd_mean": 0.1714652297653986,
  "fd_num": 39,
  "fd_perc": 19.597989949748744,
  "fwhm_avg": 2.8128156222837233,
  "fwhm_x": 2.6620233333333334,
  "fwhm_y": 2.9281466666666667,
  "fwhm_z": 2.8482768668511693,
  "gcor": 0.0254626,
  "gsr_x": 0.0013412476982921362,
  "gsr_y": 0.04565810039639473,
  "provenance": {
    "md5sum": "5595398231e5b9c049d4f36acac5cbe8",
    "settings": {
      "fd_thres": 0.2,
      "testing": false
    },
    "software": "mriqc",
    "version": "22.0.6",
    "webapi_port": null,
    "webapi_url": "https://mriqc.nimh.nih.gov/api/v1"
  },
  "size_t": 199,
  "size_x": 70,
  "size_y": 70,
  "size_z": 36,
  "snr": 2.413594289821764,
  "spacing_tr": 2.0,
  "spacing_x": 3.0,
  "spacing_y": 3.0,
  "spacing_z": 3.5399999618530273,
  "summary_bg_k": 82.0775590491129,
  "summary_bg_mad": 2.9801057362788113,
  "summary_bg_mean": 25.228511810302734,
  "summary_bg_median": 13.733668327331543,
  "summary_bg_n": 107279.0,
  "summary_bg_p05": 11.391960144042969,
  "summary_bg_p95": 81.34723587036129,
  "summary_bg_stdv": 39.06925582885742,
  "summary_fg_k": 1.7227816553020574,
  "summary_fg_mad": 121.1487083205693,
  "summary_fg_mean": 378.3836975097656,
  "summary_fg_median": 347.6683349609375,
  "summary_fg_n": 31599.0,
  "summary_fg_p05": 201.24020538330078,
  "summary_fg_p95": 664.7532409667969,
  "summary_fg_stdv": 144.04360961914062,
  "tsnr": 72.9681395161897
}