{
  "aor": 0.0012296482412060303,
  "aqi": 0.0037008473869346737,
  "bids_meta": {
    "AcquisitionMatrixPE": 70,
    "AcquisitionNumber": 1,
    "AcquisitionTime": "11:08:4.665000",
    "BandwidthPerPixelPhaseEncode": 57.143,
    "BaseResolution": 70,
    "BodyPartExamined": "BRAIN",
    "ConsistencyInfo": "N4_VE11C_LATEST_20160120",
    "ConversionSoftware": "dcm2niix",
    "ConversionSoftwareVersion": "v1.0.20181125  (JP2:OpenJPEG) (JP-LS:CharLS) GCC5.5.0",
    "DerivedVendorReportedEchoSpacing": 0.000499999,
    "DeviceSerialNumber": "167012",
    "DwellTime": 3e-06,
    "EchoTime": 0.03,
    "EchoTrainLength": 35,
    "EffectiveEchoSpacing": 0.000249999,
    "FlipAngle": 90,
    "ImageOrientationPatientDICOM": [
      0.999561,
      0.0288825,
      0.00662013,
      -0.0275711,
      0.988403,
      -0.14933
    ],
    "ImageType": [
      "ORIGINAL",
      "PRIMARY",
      "M",
      "ND",
      "MOSAIC"
    ],
    "ImagingFrequency": 123.254,
    "InPlanePhaseEncodingDirectionDICOM": "COL",
    "InstitutionAddress": "Vassar_Street_43_Cambridge_Boston_US_02139",
    "InstitutionName": "McGovern_Institute_for_Brain_Research_(3T1)",
    "InstitutionalDepartmentName": "Department",
    "MRAcquisitionType": "2D",
    "MagneticFieldStrength": 3,
    "Manufacturer": "Siemens",
    "ManufacturersModelName": "Prisma_fit",
    "Modality": "MR",
    "ParallelReductionFactorInPlane": 2,
    "PartialFourier": 1,
    "PatientPosition": "HFS",
    "PercentPhaseFOV": 100,
    "PhaseEncodingDirection": "j-",
    "PhaseEncodingSteps": 70,
    "PhaseResolution": 1,
    "PixelBandwidth": 2380,
    "ProcedureStepDescription": "Young_Emily",
    "ProtocolName": "FIRSTTHIRD",
    "PulseSequenceDetails": "%SiemensSeq%_ep2d_pace",
    "ReceiveCoilActiveElements": "HEA;HEP",
    "ReceiveCoilName": "Head_32",
    "ReconMatrixPE": 70,
    "RepetitionTime": 2,
    "SAR": 0.0920651,
    "ScanOptions": "FS",
    "ScanningSequence": "EP",
    "SequenceName": "_epfid2d1_70",
    "SequenceVariant": "SK",
    "SeriesDescription": "FIRSTTHIRD",
    "SeriesNumber": 25,
    "ShimSetting": [
      -5619,
      -1470,
      3149,
      222,
      -32,
      43,
      -72,
      -18
    ],
    "SliceThickness": 3,
    "SliceTiming": [
      0,
      0.055,
      0.11,
      0.165,
      0.22,
      0.275,
      0.33,
      0.385,
      0.44,
      0.495,
      0.55,
      0.605,
      0.66,
      0.715,
      0.77,
      0.825,
      0.88,
      0.935,
      0.99,
      1.045,
      1.1,
      1.155,
      1.21,
      1.265,
      1.32,
      1.375,
      1.43,
      1.485,
      1.54,
      1.595,
      1.65,
      1.705,
      1.76,
      1.815,
      1.87,
      1.925
    ],
    "SoftwareVersions": "syngo_MR_E11",
    "SpacingBetweenSlices": 3.54,
    "StationName": "MRC35115",
    "TaskName": "firstthird",
    "TotalReadoutTime": 0.01725,
    "TxRefAmp": 225.943,
    "dataset": "ds002250",
    "modality": "bold",
    "run_id": 4,
    "subject_id": "20",
    "task_id": "firstthird"
  },
  "dummy_trs": 0,
  "dvars_nstd": 25.54476435510101,
  "dvars_std": 1.159447146161617,
  "dvars_vstd": 1.0044248434848484,
  "efc": 0.5499715583837425,
  "fber": 459.31317138671875,
  "fd_mean": 0.13904820592491796,
  "fd_num": 21,
  "fd_perc": 10.552763819095478,
  "fwhm_avg": 2.62384503772237,
  "fwhm_x": 2.4652066666666665,
  "fwhm_y": 2.7688566666666667,
  "fwhm_z": 2.6374717798337755,
  "gcor": 0.0182977,
  "gsr_x": 0.02034754678606987,
  "gsr_y": 0.04725893586874008,
  "provenance": {
    "md5sum": "c9acea0f22b6c2c2a4d3c6ebc33e653d",
    "settings": {
      "fd_thres": 0.2,
      "testing": false
    },
    "software": "mriqc",
    "version": "22.0.6",
    "webapi_port": null,
    "webapi_url": "https://mriqc.nimh.nih.gov/api/v1"
  },
  "size_t": 199,
  "size_x": 70,
  "size_y": 70,
  "size_z": 36,
  "snr": 2.6762939973113333,
  "spacing_tr": 2.0,
  "spacing_x": 3.0,
  "spacing_y": 3.0,
  "spacing_z": 3.5399999618530273,
  "summary_bg_k": 59.42914065503494,
  "summary_bg_mad": 4.8799217115629006,
  "summary_bg_mean": 31.25428581237793,
  "summary_bg_median": 15.68844223022461,
  "summary_bg_n": 102533.0,
  "summary_bg_p05": 11.889447212219238,
  "summary_bg_p95": 105.46030120849598,
  "summary_bg_stdv": 51.22915267944336,
  "summary_fg_k": 0.6588074754551969,
  "summary_fg_mad": 118.60075723008698,
  "summary_fg_mean": 363.40093994140625,
  "summary_fg_median": 340.517578125,
  "summary_fg_n": 34429.0,
  "summary_fg_p05": 197.6,
  "summary_fg_p95": 605.84521484375,
  "summary_fg_stdv": 127.23289489746094,
  "tsnr": 68.11964767752215
}