{
  "aor": 0.0010990954773869345,
  "aqi": 0.004000972814070352,
  "bids_meta": {
    "AcquisitionMatrixPE": 70,
    "AcquisitionNumber": 1,
    "AcquisitionTime": "11:23:28.840000",
    "BandwidthPerPixelPhaseEncode": 57.143,
    "BaseResolution": 70,
    "BodyPartExamined": "BRAIN",
    "ConsistencyInfo": "N4_VE11C_LATEST_20160120",
    "ConversionSoftware": "dcm2niix",
    "ConversionSoftwareVersion": "v1.0.20181125  (JP2:OpenJPEG) (JP-LS:CharLS) GCC5.5.0",
    "DerivedVendorReportedEchoSpacing": 0.000499999,
    "DeviceSerialNumber": "167012",
    "DwellTime": 3e-06,
    "EchoTime": 0.03,
    "EchoTrainLength": 35,
    "EffectiveEchoSpacing": 0.000249999,
    "FlipAngle": 90,
    "ImageOrientationPatientDICOM": [
      0.999561,
      0.0288825,
      0.00662013,
      -0.0275711,
      0.988403,
      -0.14933
    ],
    "ImageType": [
      "ORIGINAL",
      "PRIMARY",
      "M",
      "ND",
      "MOSAIC"
    ],
    "ImagingFrequency": 123.254,
    "InPlanePhaseEncodingDirectionDICOM": "COL",
    "InstitutionAddress": "Vassar_Street_43_Cambridge_Boston_US_02139",
    "InstitutionName": "McGovern_Institute_for_Brain_Research_(3T1)",
    "InstitutionalDepartmentName": "Department",
    "MRAcquisitionType": "2D",
    "MagneticFieldStrength": 3,
    "Manufacturer": "Siemens",
    "ManufacturersModelName": "Prisma_fit",
    "Modality": "MR",
    "ParallelReductionFactorInPlane": 2,
    "PartialFourier": 1,
    "PatientPosition": "HFS",
    "PercentPhaseFOV": 100,
    "PhaseEncodingDirection": "j-",
    "PhaseEncodingSteps": 70,
    "PhaseResolution": 1,
    "PixelBandwidth": 2380,
    "ProcedureStepDescription": "Young_Emily",
    "ProtocolName": "FIRSTTHIRD",
    "PulseSequenceDetails": "%SiemensSeq%_ep2d_pace",
    "ReceiveCoilActiveElements": "HEA;HEP",
    "ReceiveCoilName": "Head_32",
    "ReconMatrixPE": 70,
    "RepetitionTime": 2,
    "SAR": 0.0920651,
    "ScanOptions": "FS",
    "ScanningSequence": "EP",
    "SequenceName": "_epfid2d1_70",
    "SequenceVariant": "SK",
    "SeriesDescription": "FIRSTTHIRD",
    "SeriesNumber": 29,
    "ShimSetting": [
      -5619,
      -1470,
      3149,
      222,
      -32,
      43,
      -72,
      -18
    ],
    "SliceThickness": 3,
    "SliceTiming": [
      0,
      0.055,
      0.11,
      0.165,
      0.22,
      0.275,
      0.33,
      0.385,
      0.44,
      0.495,
      0.55,
      0.605,
      0.66,
      0.715,
      0.77,
      0.825,
      0.88,
      0.935,
      0.99,
      1.045,
      1.1,
      1.155,
      1.21,
      1.265,
      1.32,
      1.375,
      1.43,
      1.485,
      1.54,
      1.5925,
      1.6475,
      1.7025,
      1.7575,
      1.8125,
      1.8675,
      1.9225
    ],
    "SoftwareVersions": "syngo_MR_E11",
    "SpacingBetweenSlices": 3.54,
    "StationName": "MRC35115",
    "TaskName": "firstthird",
    "TotalReadoutTime": 0.01725,
    "TxRefAmp": 225.943,
    "dataset": "ds002250",
    "modality": "bold",
    "run_id": 6,
    "subject_id": "20",
    "task_id": "firstthird"
  },
  "dummy_trs": 0,
  "dvars_nstd": 26.344282246919207,
  "dvars_std": 1.1466417290909097,
  "dvars_vstd": 0.9945652256565655,
  "efc": 0.5502416915577685,
  "fber": 452.8658447265625,
  "fd_mean": 0.15515222863044037,
  "fd_num": 42,
  "fd_perc": 21.105527638190956,
  "fwhm_avg": 2.6285992373643614,
  "fwhm_x": 2.4706366666666666,
  "fwhm_y": 2.7725000000000004,
  "fwhm_z": 2.6426610454264177,
  "gcor": 0.0241734,
  "gsr_x": 0.019683849066495895,
  "gsr_y": 0.04814934730529785,
  "provenance": {
    "md5sum": "532636dfb62abb70ee458c0ed82e1e7b",
    "settings": {
      "fd_thres": 0.2,
      "testing": false
    },
    "software": "mriqc",
    "version": "22.0.6",
    "webapi_port": null,
    "webapi_url": "https://mriqc.nimh.nih.gov/api/v1"
  },
  "size_t": 199,
  "size_x": 70,
  "size_y": 70,
  "size_z": 36,
  "snr": 2.662613374259574,
  "spacing_tr": 2.0,
  "spacing_x": 3.0,
  "spacing_y": 3.0,
  "spacing_z": 3.5399999618530273,
  "summary_bg_k": 62.366566212577084,
  "summary_bg_mad": 4.91717425277209,
  "summary_bg_mean": 31.090452194213867,
  "summary_bg_median": 15.748744010925293,
  "summary_bg_n": 102294.0,
  "summary_bg_p05": 11.904522895812988,
  "summary_bg_p95": 103.72537727355953,
  "summary_bg_stdv": 50.92198944091797,
  "summary_fg_k": 0.6423863058560992,
  "summary_fg_mad": 118.83168989986397,
  "summary_fg_mean": 362.68353271484375,
  "summary_fg_median": 339.7688293457031,
  "summary_fg_n": 34505.0,
  "summary_fg_p05": 196.0562774658203,
  "summary_fg_p95": 606.0803833007809,
  "summary_fg_stdv": 127.60542297363281,
  "tsnr": 63.60633376031183
}