{
  "aor": 0.0014952763819095476,
  "aqi": 0.00298252391959799,
  "bids_meta": {
    "AcquisitionMatrixPE": 70,
    "AcquisitionNumber": 1,
    "AcquisitionTime": "10:44:32.412500",
    "BandwidthPerPixelPhaseEncode": 57.143,
    "BaseResolution": 70,
    "BodyPartExamined": "BRAIN",
    "ConsistencyInfo": "N4_VE11C_LATEST_20160120",
    "ConversionSoftware": "dcm2niix",
    "ConversionSoftwareVersion": "v1.0.20181125  (JP2:OpenJPEG) (JP-LS:CharLS) GCC5.5.0",
    "DerivedVendorReportedEchoSpacing": 0.000499999,
    "DeviceSerialNumber": "167012",
    "DwellTime": 3e-06,
    "EchoTime": 0.03,
    "EchoTrainLength": 35,
    "EffectiveEchoSpacing": 0.000249999,
    "FlipAngle": 90,
    "ImageOrientationPatientDICOM": [
      0.999561,
      0.0288825,
      0.00662013,
      -0.0275711,
      0.988403,
      -0.14933
    ],
    "ImageType": [
      "ORIGINAL",
      "PRIMARY",
      "M",
      "ND",
      "MOSAIC"
    ],
    "ImagingFrequency": 123.254,
    "InPlanePhaseEncodingDirectionDICOM": "COL",
    "InstitutionAddress": "Vassar_Street_43_Cambridge_Boston_US_02139",
    "InstitutionName": "McGovern_Institute_for_Brain_Research_(3T1)",
    "InstitutionalDepartmentName": "Department",
    "MRAcquisitionType": "2D",
    "MagneticFieldStrength": 3,
    "Manufacturer": "Siemens",
    "ManufacturersModelName": "Prisma_fit",
    "Modality": "MR",
    "ParallelReductionFactorInPlane": 2,
    "PartialFourier": 1,
    "PatientPosition": "HFS",
    "PercentPhaseFOV": 100,
    "PhaseEncodingDirection": "j-",
    "PhaseEncodingSteps": 70,
    "PhaseResolution": 1,
    "PixelBandwidth": 2380,
    "ProcedureStepDescription": "Young_Emily",
    "ProtocolName": "FIRSTTHIRD",
    "PulseSequenceDetails": "%SiemensSeq%_ep2d_pace",
    "ReceiveCoilActiveElements": "HEA;HEP",
    "ReceiveCoilName": "Head_32",
    "ReconMatrixPE": 70,
    "RepetitionTime": 2,
    "SAR": 0.0920651,
    "ScanOptions": "FS",
    "ScanningSequence": "EP",
    "SequenceName": "_epfid2d1_70",
    "SequenceVariant": "SK",
    "SeriesDescription": "FIRSTTHIRD",
    "SeriesNumber": 19,
    "ShimSetting": [
      -5619,
      -1470,
      3149,
      222,
      -32,
      43,
      -72,
      -18
    ],
    "SliceThickness": 3,
    "SliceTiming": [
      0,
      0.055,
      0.11,
      0.165,
      0.2175,
      0.2725,
      0.3275,
      0.3825,
      0.4375,
      0.4925,
      0.5475,
      0.6025,
      0.6575,
      0.7125,
      0.7675,
      0.8225,
      0.8775,
      0.9325,
      0.9875,
      1.0425,
      1.0975,
      1.1525,
      1.2075,
      1.2625,
      1.3175,
      1.3725,
      1.4275,
      1.4825,
      1.5375,
      1.5925,
      1.6475,
      1.7025,
      1.7575,
      1.8125,
      1.8675,
      1.9225
    ],
    "SoftwareVersions": "syngo_MR_E11",
    "SpacingBetweenSlices": 3.54,
    "StationName": "MRC35115",
    "TaskName": "firstthird",
    "TotalReadoutTime": 0.01725,
    "TxRefAmp": 225.943,
    "dataset": "ds002250",
    "modality": "bold",
    "run_id": 1,
    "subject_id": "20",
    "task_id": "firstthird"
  },
  "dummy_trs": 0,
  "dvars_nstd": 25.211954743181828,
  "dvars_std": 1.1752733611616155,
  "dvars_vstd": 1.0211142314646466,
  "efc": 0.5491854102189334,
  "fber": 460.85333251953125,
  "fd_mean": 0.14212605564087608,
  "fd_num": 24,
  "fd_perc": 12.06030150753769,
  "fwhm_avg": 2.6337226461756598,
  "fwhm_x": 2.4720933333333335,
  "fwhm_y": 2.7451000000000003,
  "fwhm_z": 2.6839746051936455,
  "gcor": 0.0178736,
  "gsr_x": 0.01985165663063526,
  "gsr_y": 0.04519360139966011,
  "provenance": {
    "md5sum": "98f0c1d825384eaaf2627c90953cab1b",
    "settings": {
      "fd_thres": 0.2,
      "testing": false
    },
    "software": "mriqc",
    "version": "22.0.6",
    "webapi_port": null,
    "webapi_url": "https://mriqc.nimh.nih.gov/api/v1"
  },
  "size_t": 199,
  "size_x": 70,
  "size_y": 70,
  "size_z": 36,
  "snr": 2.6672025890568865,
  "spacing_tr": 2.0,
  "spacing_x": 3.0,
  "spacing_y": 3.0,
  "spacing_z": 3.5399999618530273,
  "summary_bg_k": 55.82765793602311,
  "summary_bg_mad": 4.827769285005761,
  "summary_bg_mean": 30.724828720092773,
  "summary_bg_median": 15.65829086303711,
  "summary_bg_n": 102406.0,
  "summary_bg_p05": 11.904522895812988,
  "summary_bg_p95": 102.1155776977539,
  "summary_bg_stdv": 49.37737274169922,
  "summary_fg_k": 0.6448728391460308,
  "summary_fg_mad": 119.49849441021634,
  "summary_fg_mean": 363.44573974609375,
  "summary_fg_median": 340.6256103515625,
  "summary_fg_n": 34452.0,
  "summary_fg_p05": 196.4884391784668,
  "summary_fg_p95": 609.590948486328,
  "summary_fg_stdv": 127.70708465576172,
  "tsnr": 71.94659252918791
}