{
  "aor": 0.00152713567839196,
  "aqi": 0.0033246373869346723,
  "bids_meta": {
    "AcquisitionMatrixPE": 70,
    "AcquisitionNumber": 1,
    "AcquisitionTime": "11:00:19.625000",
    "BandwidthPerPixelPhaseEncode": 57.143,
    "BaseResolution": 70,
    "BodyPartExamined": "BRAIN",
    "ConsistencyInfo": "N4_VE11C_LATEST_20160120",
    "ConversionSoftware": "dcm2niix",
    "ConversionSoftwareVersion": "v1.0.20181125  (JP2:OpenJPEG) (JP-LS:CharLS) GCC5.5.0",
    "DerivedVendorReportedEchoSpacing": 0.000499999,
    "DeviceSerialNumber": "167012",
    "DwellTime": 3e-06,
    "EchoTime": 0.03,
    "EchoTrainLength": 35,
    "EffectiveEchoSpacing": 0.000249999,
    "FlipAngle": 90,
    "ImageOrientationPatientDICOM": [
      0.999561,
      0.0288825,
      0.00662013,
      -0.0275711,
      0.988403,
      -0.14933
    ],
    "ImageType": [
      "ORIGINAL",
      "PRIMARY",
      "M",
      "ND",
      "MOSAIC"
    ],
    "ImagingFrequency": 123.254,
    "InPlanePhaseEncodingDirectionDICOM": "COL",
    "InstitutionAddress": "Vassar_Street_43_Cambridge_Boston_US_02139",
    "InstitutionName": "McGovern_Institute_for_Brain_Research_(3T1)",
    "InstitutionalDepartmentName": "Department",
    "MRAcquisitionType": "2D",
    "MagneticFieldStrength": 3,
    "Manufacturer": "Siemens",
    "ManufacturersModelName": "Prisma_fit",
    "Modality": "MR",
    "ParallelReductionFactorInPlane": 2,
    "PartialFourier": 1,
    "PatientPosition": "HFS",
    "PercentPhaseFOV": 100,
    "PhaseEncodingDirection": "j-",
    "PhaseEncodingSteps": 70,
    "PhaseResolution": 1,
    "PixelBandwidth": 2380,
    "ProcedureStepDescription": "Young_Emily",
    "ProtocolName": "FIRSTTHIRD",
    "PulseSequenceDetails": "%SiemensSeq%_ep2d_pace",
    "ReceiveCoilActiveElements": "HEA;HEP",
    "ReceiveCoilName": "Head_32",
    "ReconMatrixPE": 70,
    "RepetitionTime": 2,
    "SAR": 0.0920651,
    "ScanOptions": "FS",
    "ScanningSequence": "EP",
    "SequenceName": "_epfid2d1_70",
    "SequenceVariant": "SK",
    "SeriesDescription": "FIRSTTHIRD",
    "SeriesNumber": 23,
    "ShimSetting": [
      -5619,
      -1470,
      3149,
      222,
      -32,
      43,
      -72,
      -18
    ],
    "SliceThickness": 3,
    "SliceTiming": [
      0,
      0.055,
      0.11,
      0.165,
      0.22,
      0.275,
      0.33,
      0.385,
      0.44,
      0.495,
      0.55,
      0.605,
      0.66,
      0.715,
      0.77,
      0.825,
      0.88,
      0.935,
      0.99,
      1.045,
      1.1,
      1.155,
      1.21,
      1.265,
      1.32,
      1.375,
      1.43,
      1.485,
      1.54,
      1.595,
      1.65,
      1.705,
      1.76,
      1.815,
      1.87,
      1.925
    ],
    "SoftwareVersions": "syngo_MR_E11",
    "SpacingBetweenSlices": 3.54,
    "StationName": "MRC35115",
    "TaskName": "firstthird",
    "TotalReadoutTime": 0.01725,
    "TxRefAmp": 225.943,
    "dataset": "ds002250",
    "modality": "bold",
    "run_id": 3,
    "subject_id": "20",
    "task_id": "firstthird"
  },
  "dummy_trs": 0,
  "dvars_nstd": 26.409948907626255,
  "dvars_std": 1.1893824376262625,
  "dvars_vstd": 1.024202371767676,
  "efc": 0.5501408848246754,
  "fber": 458.9906921386719,
  "fd_mean": 0.1671565099230392,
  "fd_num": 48,
  "fd_perc": 24.12060301507538,
  "fwhm_avg": 2.6417571847234544,
  "fwhm_x": 2.4800633333333333,
  "fwhm_y": 2.7775499999999997,
  "fwhm_z": 2.66765822083703,
  "gcor": 0.0219952,
  "gsr_x": 0.018865153193473816,
  "gsr_y": 0.046568430960178375,
  "provenance": {
    "md5sum": "782d038710725d09b6db63605896fae5",
    "settings": {
      "fd_thres": 0.2,
      "testing": false
    },
    "software": "mriqc",
    "version": "22.0.6",
    "webapi_port": null,
    "webapi_url": "https://mriqc.nimh.nih.gov/api/v1"
  },
  "size_t": 199,
  "size_x": 70,
  "size_y": 70,
  "size_z": 36,
  "snr": 2.6672453663379048,
  "spacing_tr": 2.0,
  "spacing_x": 3.0,
  "spacing_y": 3.0,
  "spacing_z": 3.5399999618530273,
  "summary_bg_k": 55.47869294002931,
  "summary_bg_mad": 4.805419456983835,
  "summary_bg_mean": 30.994552612304688,
  "summary_bg_median": 15.668341636657715,
  "summary_bg_n": 102313.0,
  "summary_bg_p05": 11.949748992919922,
  "summary_bg_p95": 104.62311553955078,
  "summary_bg_stdv": 50.01847839355469,
  "summary_fg_k": 0.6302164038826601,
  "summary_fg_mad": 119.27124924290541,
  "summary_fg_mean": 362.5514221191406,
  "summary_fg_median": 340.11053466796875,
  "summary_fg_n": 34537.0,
  "summary_fg_p05": 195.03918762207033,
  "summary_fg_p95": 606.8452026367187,
  "summary_fg_stdv": 127.51193237304688,
  "tsnr": 69.34992020507343
}