{
  "aor": 0.03996870466321244,
  "aqi": 0.013282651761658031,
  "bids_meta": {
    "AcquisitionMatrixPE": 70,
    "AcquisitionNumber": 1,
    "AcquisitionTime": "09:46:47.502500",
    "BandwidthPerPixelPhaseEncode": 57.143,
    "BaseResolution": 70,
    "BodyPartExamined": "BRAIN",
    "ConsistencyInfo": "N4_VE11C_LATEST_20160120",
    "ConversionSoftware": "dcm2niix",
    "ConversionSoftwareVersion": "v1.0.20181125  (JP2:OpenJPEG) (JP-LS:CharLS) GCC5.5.0",
    "DerivedVendorReportedEchoSpacing": 0.000499999,
    "DeviceSerialNumber": "167012",
    "DwellTime": 3e-06,
    "EchoTime": 0.03,
    "EchoTrainLength": 35,
    "EffectiveEchoSpacing": 0.000249999,
    "FlipAngle": 90,
    "ImageOrientationPatientDICOM": [
      0.99951,
      0.0296738,
      -0.0100121,
      -0.0312362,
      0.967603,
      -0.250538
    ],
    "ImageType": [
      "ORIGINAL",
      "PRIMARY",
      "M",
      "ND",
      "MOSAIC"
    ],
    "ImagingFrequency": 123.253,
    "InPlanePhaseEncodingDirectionDICOM": "COL",
    "InstitutionAddress": "Vassar_Street_43_Cambridge_Boston_US_02139",
    "InstitutionName": "McGovern_Institute_for_Brain_Research_(3T1)",
    "InstitutionalDepartmentName": "Department",
    "MRAcquisitionType": "2D",
    "MagneticFieldStrength": 3,
    "Manufacturer": "Siemens",
    "ManufacturersModelName": "Prisma_fit",
    "Modality": "MR",
    "ParallelReductionFactorInPlane": 2,
    "PartialFourier": 1,
    "PatientPosition": "HFS",
    "PercentPhaseFOV": 100,
    "PhaseEncodingDirection": "j-",
    "PhaseEncodingSteps": 70,
    "PhaseResolution": 1,
    "PixelBandwidth": 2380,
    "ProcedureStepDescription": "Young_Emily",
    "ProtocolName": "FIRSTTHIRD",
    "PulseSequenceDetails": "%SiemensSeq%_ep2d_pace",
    "ReceiveCoilActiveElements": "HEA;HEP",
    "ReceiveCoilName": "Head_32",
    "ReconMatrixPE": 70,
    "RepetitionTime": 2,
    "SAR": 0.139303,
    "ScanOptions": "FS",
    "ScanningSequence": "EP",
    "SequenceName": "_epfid2d1_70",
    "SequenceVariant": "SK",
    "SeriesDescription": "FIRSTTHIRD",
    "SeriesNumber": 15,
    "ShimSetting": [
      -5608,
      -1466,
      3160,
      518,
      -2,
      148,
      -64,
      12
    ],
    "SliceThickness": 3,
    "SliceTiming": [
      0,
      0.055,
      0.11,
      0.165,
      0.22,
      0.275,
      0.33,
      0.385,
      0.44,
      0.495,
      0.55,
      0.605,
      0.66,
      0.715,
      0.77,
      0.825,
      0.88,
      0.935,
      0.99,
      1.045,
      1.1,
      1.155,
      1.21,
      1.265,
      1.32,
      1.375,
      1.43,
      1.485,
      1.54,
      1.595,
      1.65,
      1.705,
      1.76,
      1.815,
      1.87,
      1.925
    ],
    "SoftwareVersions": "syngo_MR_E11",
    "SpacingBetweenSlices": 3.54,
    "StationName": "MRC35115",
    "TaskName": "firstthird",
    "TotalReadoutTime": 0.01725,
    "TxRefAmp": 239.411,
    "dataset": "ds002250",
    "modality": "bold",
    "run_id": 1,
    "subject_id": "17",
    "task_id": "firstthird"
  },
  "dummy_trs": 0,
  "dvars_nstd": 51.084017872864564,
  "dvars_std": 1.2812903368750002,
  "dvars_vstd": 1.136588488854167,
  "efc": 0.5550923960715545,
  "fber": 446.3680725097656,
  "fd_mean": 0.8840821498076635,
  "fd_num": 110,
  "fd_perc": 56.994818652849744,
  "fwhm_avg": 2.769610292617875,
  "fwhm_x": 2.59063,
  "fwhm_y": 2.897483333333333,
  "fwhm_z": 2.8207175445202926,
  "gcor": 0.170802,
  "gsr_x": -0.005451945587992668,
  "gsr_y": 0.09274038672447205,
  "provenance": {
    "md5sum": "b1290f878329c893fb88b264e23fe62e",
    "settings": {
      "fd_thres": 0.2,
      "testing": false
    },
    "software": "mriqc",
    "version": "22.0.6",
    "webapi_port": null,
    "webapi_url": "https://mriqc.nimh.nih.gov/api/v1"
  },
  "size_t": 193,
  "size_x": 70,
  "size_y": 70,
  "size_z": 36,
  "snr": 2.637267854825321,
  "spacing_tr": 2.0,
  "spacing_x": 3.0,
  "spacing_y": 3.0,
  "spacing_z": 3.5399999618530273,
  "summary_bg_k": 66.18314788960944,
  "summary_bg_mad": 6.591050108588883,
  "summary_bg_mean": 33.595272064208984,
  "summary_bg_median": 16.621761322021484,
  "summary_bg_n": 102922.0,
  "summary_bg_p05": 11.911916732788086,
  "summary_bg_p95": 100.48600883483881,
  "summary_bg_stdv": 48.474769592285156,
  "summary_fg_k": 0.385891320938776,
  "summary_fg_mad": 133.05778031867624,
  "summary_fg_mean": 380.96380615234375,
  "summary_fg_median": 357.7409362792969,
  "summary_fg_n": 34494.0,
  "summary_fg_p05": 203.98211746215821,
  "summary_fg_p95": 637.5251312255859,
  "summary_fg_stdv": 135.64634704589844,
  "tsnr": 22.373535099090077
}