{
  "aor": 0.00133072,
  "aqi": 0.0026140436000000006,
  "bids_meta": {
    "AcquisitionMatrixPE": 70,
    "AcquisitionNumber": 1,
    "AcquisitionTime": "10:45:4.532500",
    "BandwidthPerPixelPhaseEncode": 57.143,
    "BaseResolution": 70,
    "BodyPartExamined": "BRAIN",
    "ConsistencyInfo": "N4_VE11C_LATEST_20160120",
    "ConversionSoftware": "dcm2niix",
    "ConversionSoftwareVersion": "v1.0.20181125  (JP2:OpenJPEG) (JP-LS:CharLS) GCC5.5.0",
    "DerivedVendorReportedEchoSpacing": 0.000499999,
    "DeviceSerialNumber": "167012",
    "DwellTime": 3e-06,
    "EchoTime": 0.03,
    "EchoTrainLength": 35,
    "EffectiveEchoSpacing": 0.000249999,
    "FlipAngle": 90,
    "ImageOrientationPatientDICOM": [
      0.99951,
      0.0296738,
      -0.0100121,
      -0.0312362,
      0.967603,
      -0.250538
    ],
    "ImageType": [
      "ORIGINAL",
      "PRIMARY",
      "M",
      "ND",
      "MOSAIC"
    ],
    "ImagingFrequency": 123.253,
    "InPlanePhaseEncodingDirectionDICOM": "COL",
    "InstitutionAddress": "Vassar_Street_43_Cambridge_Boston_US_02139",
    "InstitutionName": "McGovern_Institute_for_Brain_Research_(3T1)",
    "InstitutionalDepartmentName": "Department",
    "MRAcquisitionType": "2D",
    "MagneticFieldStrength": 3,
    "Manufacturer": "Siemens",
    "ManufacturersModelName": "Prisma_fit",
    "Modality": "MR",
    "ParallelReductionFactorInPlane": 2,
    "PartialFourier": 1,
    "PatientPosition": "HFS",
    "PercentPhaseFOV": 100,
    "PhaseEncodingDirection": "j-",
    "PhaseEncodingSteps": 70,
    "PhaseResolution": 1,
    "PixelBandwidth": 2380,
    "ProcedureStepDescription": "Young_Emily",
    "ProtocolName": "so_localizer",
    "PulseSequenceDetails": "%SiemensSeq%_ep2d_pace",
    "ReceiveCoilActiveElements": "HEA;HEP",
    "ReceiveCoilName": "Head_32",
    "ReconMatrixPE": 70,
    "RepetitionTime": 2,
    "SAR": 0.139004,
    "ScanOptions": "FS",
    "ScanningSequence": "EP",
    "SequenceName": "_epfid2d1_70",
    "SequenceVariant": "SK",
    "SeriesDescription": "so_localizer",
    "SeriesNumber": 31,
    "ShimSetting": [
      -5608,
      -1466,
      3160,
      518,
      -2,
      148,
      -64,
      12
    ],
    "SliceThickness": 3,
    "SliceTiming": [
      0,
      0.055,
      0.11,
      0.165,
      0.22,
      0.275,
      0.33,
      0.385,
      0.44,
      0.495,
      0.55,
      0.605,
      0.66,
      0.715,
      0.77,
      0.825,
      0.88,
      0.935,
      0.99,
      1.045,
      1.1,
      1.155,
      1.21,
      1.265,
      1.32,
      1.375,
      1.43,
      1.485,
      1.54,
      1.595,
      1.65,
      1.705,
      1.76,
      1.815,
      1.87,
      1.925
    ],
    "SoftwareVersions": "syngo_MR_E11",
    "SpacingBetweenSlices": 3.54,
    "StationName": "MRC35115",
    "TaskName": "so",
    "TotalReadoutTime": 0.01725,
    "TxRefAmp": 239.411,
    "dataset": "ds002250",
    "modality": "bold",
    "run_id": 3,
    "subject_id": "17",
    "task_id": "so"
  },
  "dummy_trs": 0,
  "dvars_nstd": 22.98532841250001,
  "dvars_std": 1.1139773051612896,
  "dvars_vstd": 1.002345525,
  "efc": 0.5389050962721045,
  "fber": 545.783935546875,
  "fd_mean": 0.12411404689137213,
  "fd_num": 6,
  "fd_perc": 4.8,
  "fwhm_avg": 2.8466426657684885,
  "fwhm_x": 2.6712633333333335,
  "fwhm_y": 2.972986666666667,
  "fwhm_z": 2.895677997305466,
  "gcor": 0.0240774,
  "gsr_x": 0.008223396725952625,
  "gsr_y": 0.05009251832962036,
  "provenance": {
    "md5sum": "10d720e510552ee44fc1aecf6c4d5917",
    "settings": {
      "fd_thres": 0.2,
      "testing": false
    },
    "software": "mriqc",
    "version": "22.0.6",
    "webapi_port": null,
    "webapi_url": "https://mriqc.nimh.nih.gov/api/v1"
  },
  "size_t": 125,
  "size_x": 70,
  "size_y": 70,
  "size_z": 36,
  "snr": 2.557033094051893,
  "spacing_tr": 2.0,
  "spacing_x": 3.0,
  "spacing_y": 3.0,
  "spacing_z": 3.5399999618530273,
  "summary_bg_k": 74.83294112690118,
  "summary_bg_mad": 4.874796252805421,
  "summary_bg_mean": 31.99551010131836,
  "summary_bg_median": 16.04800033569336,
  "summary_bg_n": 102965.0,
  "summary_bg_p05": 12.272000312805176,
  "summary_bg_p95": 105.96800231933594,
  "summary_bg_stdv": 53.774330139160156,
  "summary_fg_k": 0.18008466458447314,
  "summary_fg_mad": 149.20315921429204,
  "summary_fg_mean": 405.3576354980469,
  "summary_fg_median": 380.21600341796875,
  "summary_fg_n": 34210.0,
  "summary_fg_p05": 209.44720535278321,
  "summary_fg_p95": 683.79365234375,
  "summary_fg_stdv": 148.69203186035156,
  "tsnr": 67.19973261002451
}