{
  "aor": 0.0016030399999999998,
  "aqi": 0.0020272376799999998,
  "bids_meta": {
    "AcquisitionMatrixPE": 70,
    "AcquisitionNumber": 1,
    "AcquisitionTime": "10:40:2.905000",
    "BandwidthPerPixelPhaseEncode": 57.143,
    "BaseResolution": 70,
    "BodyPartExamined": "BRAIN",
    "ConsistencyInfo": "N4_VE11C_LATEST_20160120",
    "ConversionSoftware": "dcm2niix",
    "ConversionSoftwareVersion": "v1.0.20181125  (JP2:OpenJPEG) (JP-LS:CharLS) GCC5.5.0",
    "DerivedVendorReportedEchoSpacing": 0.000499999,
    "DeviceSerialNumber": "167012",
    "DwellTime": 3e-06,
    "EchoTime": 0.03,
    "EchoTrainLength": 35,
    "EffectiveEchoSpacing": 0.000249999,
    "FlipAngle": 90,
    "ImageOrientationPatientDICOM": [
      0.99951,
      0.0296738,
      -0.0100121,
      -0.0312362,
      0.967603,
      -0.250538
    ],
    "ImageType": [
      "ORIGINAL",
      "PRIMARY",
      "M",
      "ND",
      "MOSAIC"
    ],
    "ImagingFrequency": 123.253,
    "InPlanePhaseEncodingDirectionDICOM": "COL",
    "InstitutionAddress": "Vassar_Street_43_Cambridge_Boston_US_02139",
    "InstitutionName": "McGovern_Institute_for_Brain_Research_(3T1)",
    "InstitutionalDepartmentName": "Department",
    "MRAcquisitionType": "2D",
    "MagneticFieldStrength": 3,
    "Manufacturer": "Siemens",
    "ManufacturersModelName": "Prisma_fit",
    "Modality": "MR",
    "ParallelReductionFactorInPlane": 2,
    "PartialFourier": 1,
    "PatientPosition": "HFS",
    "PercentPhaseFOV": 100,
    "PhaseEncodingDirection": "j-",
    "PhaseEncodingSteps": 70,
    "PhaseResolution": 1,
    "PixelBandwidth": 2380,
    "ProcedureStepDescription": "Young_Emily",
    "ProtocolName": "so_localizer",
    "PulseSequenceDetails": "%SiemensSeq%_ep2d_pace",
    "ReceiveCoilActiveElements": "HEA;HEP",
    "ReceiveCoilName": "Head_32",
    "ReconMatrixPE": 70,
    "RepetitionTime": 2,
    "SAR": 0.139004,
    "ScanOptions": "FS",
    "ScanningSequence": "EP",
    "SequenceName": "_epfid2d1_70",
    "SequenceVariant": "SK",
    "SeriesDescription": "so_localizer",
    "SeriesNumber": 29,
    "ShimSetting": [
      -5608,
      -1466,
      3160,
      518,
      -2,
      148,
      -64,
      12
    ],
    "SliceThickness": 3,
    "SliceTiming": [
      0,
      0.055,
      0.11,
      0.165,
      0.22,
      0.275,
      0.33,
      0.385,
      0.44,
      0.495,
      0.55,
      0.605,
      0.66,
      0.715,
      0.77,
      0.825,
      0.88,
      0.935,
      0.99,
      1.045,
      1.1,
      1.155,
      1.21,
      1.265,
      1.32,
      1.375,
      1.43,
      1.485,
      1.54,
      1.595,
      1.65,
      1.705,
      1.7575,
      1.8125,
      1.8675,
      1.9225
    ],
    "SoftwareVersions": "syngo_MR_E11",
    "SpacingBetweenSlices": 3.54,
    "StationName": "MRC35115",
    "TaskName": "so",
    "TotalReadoutTime": 0.01725,
    "TxRefAmp": 239.411,
    "dataset": "ds002250",
    "modality": "bold",
    "run_id": 2,
    "subject_id": "17",
    "task_id": "so"
  },
  "dummy_trs": 0,
  "dvars_nstd": 21.736595184112904,
  "dvars_std": 1.1298305710483871,
  "dvars_vstd": 1.0202408457258068,
  "efc": 0.5386654697657544,
  "fber": 549.759521484375,
  "fd_mean": 0.11401339121808103,
  "fd_num": 4,
  "fd_perc": 3.2,
  "fwhm_avg": 2.8448473738694613,
  "fwhm_x": 2.6612,
  "fwhm_y": 2.9768166666666667,
  "fwhm_z": 2.8965254549417168,
  "gcor": 0.0174438,
  "gsr_x": 0.0076224468648433685,
  "gsr_y": 0.049228910356760025,
  "provenance": {
    "md5sum": "1cd7a40b76b04f8e2c412b6195a91e05",
    "settings": {
      "fd_thres": 0.2,
      "testing": false
    },
    "software": "mriqc",
    "version": "22.0.6",
    "webapi_port": null,
    "webapi_url": "https://mriqc.nimh.nih.gov/api/v1"
  },
  "size_t": 125,
  "size_x": 70,
  "size_y": 70,
  "size_z": 36,
  "snr": 2.554401276992608,
  "spacing_tr": 2.0,
  "spacing_x": 3.0,
  "spacing_y": 3.0,
  "spacing_z": 3.5399999618530273,
  "summary_bg_k": 74.52201667141595,
  "summary_bg_mad": 4.768048146523438,
  "summary_bg_mean": 31.775236129760742,
  "summary_bg_median": 15.992000579833984,
  "summary_bg_n": 102829.0,
  "summary_bg_p05": 12.304000854492188,
  "summary_bg_p95": 104.44800415039028,
  "summary_bg_stdv": 53.17959976196289,
  "summary_fg_k": 0.17099244845170736,
  "summary_fg_mad": 149.6894570855231,
  "summary_fg_mean": 406.0335388183594,
  "summary_fg_median": 380.77203369140625,
  "summary_fg_n": 34120.0,
  "summary_fg_p05": 209.91160278320314,
  "summary_fg_p95": 684.4368072509765,
  "summary_fg_stdv": 149.06289672851562,
  "tsnr": 76.14581610029563
}