{
  "bids_meta": {
    "AcquisitionMatrixPE": 256,
    "AcquisitionNumber": 1,
    "AcquisitionTime": "10:16:20.770000",
    "BaseResolution": 256,
    "BodyPartExamined": "BRAIN",
    "ConsistencyInfo": "N4_VE11C_LATEST_20160120",
    "ConversionSoftware": "dcm2niix",
    "ConversionSoftwareVersion": "v1.0.20181125  (JP2:OpenJPEG) (JP-LS:CharLS) GCC5.5.0",
    "DeviceSerialNumber": "167012",
    "DwellTime": 3e-06,
    "EchoTime": 0.00169,
    "FlipAngle": 7,
    "ImageOrientationPatientDICOM": [
      0.0050342,
      0.991752,
      -0.128076,
      -0.0214323,
      -0.127941,
      -0.99155
    ],
    "ImageType": [
      "ORIGINAL",
      "PRIMARY",
      "OTHER",
      "ND",
      "NORM",
      "MEAN"
    ],
    "ImagingFrequency": 123.254,
    "InPlanePhaseEncodingDirectionDICOM": "ROW",
    "InstitutionAddress": "Vassar_Street_43_Cambridge_Boston_US_02139",
    "InstitutionName": "McGovern_Institute_for_Brain_Research_(3T1)",
    "InstitutionalDepartmentName": "Department",
    "InversionTime": 1.4,
    "MRAcquisitionType": "3D",
    "MagneticFieldStrength": 3,
    "Manufacturer": "Siemens",
    "ManufacturersModelName": "Prisma_fit",
    "Modality": "MR",
    "PartialFourier": 1,
    "PatientPosition": "HFS",
    "PercentPhaseFOV": 100,
    "PhaseEncodingSteps": 255,
    "PhaseResolution": 1,
    "PixelBandwidth": 650,
    "ProcedureStepDescription": "Young_Emily",
    "ProtocolName": "T1w_MPRAGE_FourEcho_vNav",
    "PulseSequenceDetails": "%CustomerSeq%_tfl_mgh_epinav_ABCD",
    "ReceiveCoilActiveElements": "HEA;HEP",
    "ReceiveCoilName": "Head_32",
    "ReconMatrixPE": 256,
    "RepetitionTime": 2.53,
    "SAR": 0.0430825,
    "ScanOptions": "IR_WE",
    "ScanningSequence": "GR_IR",
    "SequenceName": "tfl3d4_16ns",
    "SequenceVariant": "SK_SP_MP",
    "SeriesDescription": "T1w_MPRAGE_FourEcho_vNav_RMS",
    "SeriesNumber": 10,
    "ShimSetting": [
      -5615,
      -1480,
      3134,
      371,
      -40,
      156,
      58,
      5
    ],
    "SliceThickness": 1,
    "SoftwareVersions": "syngo_MR_E11",
    "StationName": "MRC35115",
    "TxRefAmp": 245.021,
    "WipMemBlock": "Prisma_epi_moco_navigator_ABCD_tfl.prot",
    "dataset": "ds002250",
    "modality": "T1w",
    "run_id": 1,
    "subject_id": "19"
  },
  "cjv": 0.35467203116070684,
  "cnr": 3.6619898313644725,
  "efc": 0.5771925135716465,
  "fber": 20376.135025,
  "fwhm_avg": 3.91919,
  "fwhm_x": 3.98582,
  "fwhm_y": 4.06117,
  "fwhm_z": 3.71058,
  "icvs_csf": 0.20632056272025182,
  "icvs_gm": 0.44515800361358876,
  "icvs_wm": 0.3485214336661594,
  "inu_med": 0.3678378313779831,
  "inu_range": 0.1258151158690451,
  "provenance": {
    "md5sum": "2cb9b34147058c80c395365495649056",
    "settings": {
      "testing": false
    },
    "software": "mriqc",
    "version": "22.0.6",
    "warnings": {
      "large_rot_frame": true,
      "small_air_mask": false
    },
    "webapi_port": null,
    "webapi_url": "https://mriqc.nimh.nih.gov/api/v1"
  },
  "qi_1": 0.0,
  "qi_2": 0.0016440117849486758,
  "rpve_csf": 24.575565154941955,
  "rpve_gm": 11.91443771366504,
  "rpve_wm": 16.815331363370134,
  "size_x": 176,
  "size_y": 256,
  "size_z": 256,
  "snr_csf": 3.464439757810222,
  "snr_gm": 17.400055976113887,
  "snr_total": 16.534664866171582,
  "snr_wm": 28.739498864590633,
  "snrd_csf": 56.409099499930356,
  "snrd_gm": 131.17359569760427,
  "snrd_total": 117.91711209419346,
  "snrd_wm": 166.16864108504578,
  "spacing_x": 1.0,
  "spacing_y": 1.0,
  "spacing_z": 1.0,
  "summary_bg_k": 8.484369294329523,
  "summary_bg_mad": 3.942681383609945,
  "summary_bg_mean": 4.173412185111165,
  "summary_bg_median": 2.6592981815338135,
  "summary_bg_n": 2544327.0,
  "summary_bg_p05": 0.0,
  "summary_bg_p95": 16.57906210049987,
  "summary_bg_stdv": 6.203676398201098,
  "summary_csf_k": 3.1940881511752774,
  "summary_csf_mad": 64.68461644985065,
  "summary_csf_mean": 349.56990281306554,
  "summary_csf_median": 339.4760334864259,
  "summary_csf_n": 44866.0,
  "summary_csf_p05": 211.77258741343394,
  "summary_csf_p95": 528.6913318326697,
  "summary_csf_stdv": 97.98763262617548,
  "summary_gm_k": 0.33501840600939703,
  "summary_gm_mad": 42.691846856901435,
  "summary_gm_mean": 788.9665517990938,
  "summary_gm_median": 789.4168203417212,
  "summary_gm_n": 31428.0,
  "summary_gm_p05": 713.218578345608,
  "summary_gm_p95": 863.1770260753109,
  "summary_gm_stdv": 45.36791503390396,
  "summary_wm_k": 0.9558234186368693,
  "summary_wm_mad": 32.00348404352135,
  "summary_wm_mean": 1000.8541721835113,
  "summary_wm_median": 1000.0207708589733,
  "summary_wm_n": 198736.0,
  "summary_wm_p05": 945.6921400409192,
  "summary_wm_p95": 1058.774640057236,
  "summary_wm_stdv": 34.7959531102041,
  "tpm_overlap_csf": 0.13532953684404392,
  "tpm_overlap_gm": 0.45745686982492595,
  "tpm_overlap_wm": 0.4868634764044342,
  "wm2max": 0.8948170731707317
}