{
  "bids_meta": {
    "AcquisitionMatrixPE": 256,
    "AcquisitionNumber": 1,
    "AcquisitionTime": "09:10:59.757500",
    "BaseResolution": 256,
    "BodyPartExamined": "BRAIN",
    "ConsistencyInfo": "N4_VE11C_LATEST_20160120",
    "ConversionSoftware": "dcm2niix",
    "ConversionSoftwareVersion": "v1.0.20181125  (JP2:OpenJPEG) (JP-LS:CharLS) GCC5.5.0",
    "DeviceSerialNumber": "167012",
    "DwellTime": 3e-06,
    "EchoTime": 0.00169,
    "FlipAngle": 7,
    "ImageOrientationPatientDICOM": [
      -0.0278005,
      0.92552,
      -0.377677,
      0.00766451,
      -0.377615,
      -0.925931
    ],
    "ImageType": [
      "ORIGINAL",
      "PRIMARY",
      "OTHER",
      "ND",
      "NORM",
      "MEAN"
    ],
    "ImagingFrequency": 123.254,
    "InPlanePhaseEncodingDirectionDICOM": "ROW",
    "InstitutionAddress": "Vassar_Street_43_Cambridge_Boston_US_02139",
    "InstitutionName": "McGovern_Institute_for_Brain_Research_(3T1)",
    "InstitutionalDepartmentName": "Department",
    "InversionTime": 1.4,
    "MRAcquisitionType": "3D",
    "MagneticFieldStrength": 3,
    "Manufacturer": "Siemens",
    "ManufacturersModelName": "Prisma_fit",
    "Modality": "MR",
    "PartialFourier": 1,
    "PatientPosition": "HFS",
    "PercentPhaseFOV": 100,
    "PhaseEncodingSteps": 255,
    "PhaseResolution": 1,
    "PixelBandwidth": 650,
    "ProcedureStepDescription": "Young_Emily",
    "ProtocolName": "T1w_MPRAGE_FourEcho_vNav",
    "PulseSequenceDetails": "%CustomerSeq%_tfl_mgh_epinav_ABCD",
    "ReceiveCoilActiveElements": "HEA;HEP",
    "ReceiveCoilName": "Head_32",
    "ReconMatrixPE": 256,
    "RepetitionTime": 2.53,
    "SAR": 0.0405325,
    "ScanOptions": "IR_WE",
    "ScanningSequence": "GR_IR",
    "SequenceName": "tfl3d4_16ns",
    "SequenceVariant": "SK_SP_MP",
    "SeriesDescription": "T1w_MPRAGE_FourEcho_vNav_RMS",
    "SeriesNumber": 10,
    "ShimSetting": [
      -5608,
      -1460,
      3107,
      295,
      -20,
      -17,
      12,
      -27
    ],
    "SliceThickness": 1,
    "SoftwareVersions": "syngo_MR_E11",
    "StationName": "MRC35115",
    "TxRefAmp": 254.52,
    "WipMemBlock": "Prisma_epi_moco_navigator_ABCD_tfl.prot",
    "dataset": "ds002250",
    "modality": "T1w",
    "run_id": 1,
    "subject_id": "05"
  },
  "cjv": 0.36737282909369995,
  "cnr": 3.5974511163756095,
  "efc": 0.5764661236607205,
  "fber": 19447.06566669142,
  "fwhm_avg": 3.9149333333333334,
  "fwhm_x": 3.90655,
  "fwhm_y": 4.1403,
  "fwhm_z": 3.69795,
  "icvs_csf": 0.18133351733384837,
  "icvs_gm": 0.4314855899976845,
  "icvs_wm": 0.3871808926684671,
  "inu_med": 0.3205218017101288,
  "inu_range": 0.09312813282012938,
  "provenance": {
    "md5sum": "b7bdf3f335a808aa9187d3f6e1bc544c",
    "settings": {
      "testing": false
    },
    "software": "mriqc",
    "version": "22.0.6",
    "warnings": {
      "large_rot_frame": true,
      "small_air_mask": false
    },
    "webapi_port": null,
    "webapi_url": "https://mriqc.nimh.nih.gov/api/v1"
  },
  "qi_1": 0.0,
  "qi_2": 0.0019186367196779006,
  "rpve_csf": 27.94140963796716,
  "rpve_gm": 12.514740639246327,
  "rpve_wm": 15.740177822974069,
  "size_x": 176,
  "size_y": 256,
  "size_z": 256,
  "snr_csf": 2.4089981817988555,
  "snr_gm": 16.378810467629226,
  "snr_total": 16.060889756824533,
  "snr_wm": 29.394860621045513,
  "snrd_csf": 59.509650642228735,
  "snrd_gm": 136.09989832835095,
  "snrd_total": 122.84286098711209,
  "snrd_wm": 172.91903399075662,
  "spacing_x": 1.0,
  "spacing_y": 1.0,
  "spacing_z": 1.0,
  "summary_bg_k": 6.27588244098486,
  "summary_bg_mad": 3.788761653396495,
  "summary_bg_mean": 4.120775918605645,
  "summary_bg_median": 2.5554809011518955,
  "summary_bg_n": 2732230.0,
  "summary_bg_p05": 0.0,
  "summary_bg_p95": 16.85080263391137,
  "summary_bg_stdv": 6.064429122558731,
  "summary_csf_k": -0.07832387058691603,
  "summary_csf_mad": 127.52174091300309,
  "summary_csf_mean": 350.63782140034687,
  "summary_csf_median": 344.1541064735502,
  "summary_csf_n": 31290.0,
  "summary_csf_p05": 88.25055472925305,
  "summary_csf_p95": 578.9048091646283,
  "summary_csf_stdv": 142.85963750549152,
  "summary_gm_k": 0.39366756151728977,
  "summary_gm_mad": 45.52211370020751,
  "summary_gm_mean": 787.7771314991569,
  "summary_gm_median": 787.0881175547838,
  "summary_gm_n": 35232.0,
  "summary_gm_p05": 709.5590541251004,
  "summary_gm_p95": 866.8930961178615,
  "summary_gm_stdv": 48.05458546313584,
  "summary_wm_k": 0.3316556132332047,
  "summary_wm_mad": 32.70299532405396,
  "summary_wm_mean": 1000.1919960119228,
  "summary_wm_median": 1000.0192404612899,
  "summary_wm_n": 233284.0,
  "summary_wm_p05": 944.8198922893033,
  "summary_wm_p95": 1056.6048889867961,
  "summary_wm_stdv": 34.02013399551497,
  "tpm_overlap_csf": 0.15417875310175938,
  "tpm_overlap_gm": 0.4624293829285207,
  "tpm_overlap_wm": 0.5113950445070419,
  "wm2max": 0.9106911636045494
}