{
  "aor": 0.018942663316582915,
  "aqi": 0.003889968994974875,
  "bids_meta": {
    "AcquisitionMatrixPE": 70,
    "AcquisitionNumber": 1,
    "AcquisitionTime": "11:42:2.270000",
    "BandwidthPerPixelPhaseEncode": 57.143,
    "BaseResolution": 70,
    "BodyPartExamined": "BRAIN",
    "ConsistencyInfo": "N4_VE11C_LATEST_20160120",
    "ConversionSoftware": "dcm2niix",
    "ConversionSoftwareVersion": "v1.0.20181125  (JP2:OpenJPEG) (JP-LS:CharLS) GCC5.5.0",
    "DerivedVendorReportedEchoSpacing": 0.000499999,
    "DeviceSerialNumber": "167012",
    "DwellTime": 3e-06,
    "EchoTime": 0.03,
    "EchoTrainLength": 35,
    "EffectiveEchoSpacing": 0.000249999,
    "FlipAngle": 90,
    "ImageOrientationPatientDICOM": [
      0.997534,
      -0.044139,
      -0.05456,
      0.0200245,
      0.924144,
      -0.381518
    ],
    "ImageType": [
      "ORIGINAL",
      "PRIMARY",
      "M",
      "ND",
      "MOSAIC"
    ],
    "ImagingFrequency": 123.254,
    "InPlanePhaseEncodingDirectionDICOM": "COL",
    "InstitutionAddress": "Vassar_Street_43_Cambridge_Boston_US_02139",
    "InstitutionName": "MIT",
    "InstitutionalDepartmentName": "Department",
    "MRAcquisitionType": "2D",
    "MagneticFieldStrength": 3,
    "Manufacturer": "Siemens",
    "ManufacturersModelName": "Prisma_fit",
    "Modality": "MR",
    "ParallelReductionFactorInPlane": 2,
    "PartialFourier": 1,
    "PatientPosition": "HFS",
    "PercentPhaseFOV": 100,
    "PhaseEncodingDirection": "j-",
    "PhaseEncodingSteps": 70,
    "PhaseResolution": 1,
    "PixelBandwidth": 2380,
    "ProcedureStepDescription": "Young_Emily",
    "ProtocolName": "FIRSTTHIRD",
    "PulseSequenceDetails": "%SiemensSeq%_ep2d_pace",
    "ReceiveCoilActiveElements": "HEA;HEP",
    "ReceiveCoilName": "Head_32",
    "ReconMatrixPE": 70,
    "RepetitionTime": 2,
    "SAR": 0.0983221,
    "ScanOptions": "FS",
    "ScanningSequence": "EP",
    "SequenceName": "_epfid2d1_70",
    "SequenceVariant": "SK",
    "SeriesDescription": "FIRSTTHIRD",
    "SeriesNumber": 17,
    "ShimSetting": [
      -5622,
      -1427,
      3131,
      302,
      -62,
      152,
      -179,
      -35
    ],
    "SliceThickness": 3,
    "SliceTiming": [
      0,
      0.055,
      0.11,
      0.165,
      0.22,
      0.275,
      0.33,
      0.385,
      0.44,
      0.495,
      0.55,
      0.605,
      0.66,
      0.715,
      0.77,
      0.8225,
      0.8775,
      0.9325,
      0.9875,
      1.0425,
      1.0975,
      1.1525,
      1.2075,
      1.2625,
      1.3175,
      1.3725,
      1.4275,
      1.4825,
      1.5375,
      1.5925,
      1.6475,
      1.7025,
      1.7575,
      1.8125,
      1.8675,
      1.9225
    ],
    "SoftwareVersions": "syngo_MR_E11",
    "SpacingBetweenSlices": 3.54,
    "StationName": "MRC35115",
    "TaskName": "firstthird",
    "TotalReadoutTime": 0.01725,
    "TxRefAmp": 221.035,
    "dataset": "ds002250",
    "modality": "bold",
    "run_id": 2,
    "subject_id": "09",
    "task_id": "firstthird"
  },
  "dummy_trs": 0,
  "dvars_nstd": 31.297245622929275,
  "dvars_std": 1.3374870845454547,
  "dvars_vstd": 1.1584825601515147,
  "efc": 0.5100196607003068,
  "fber": 625.9830322265625,
  "fd_mean": 0.3081915268013866,
  "fd_num": 54,
  "fd_perc": 27.1356783919598,
  "fwhm_avg": 2.8302208201129258,
  "fwhm_x": 2.676083333333333,
  "fwhm_y": 2.9415,
  "fwhm_z": 2.8730791270054437,
  "gcor": 0.0374036,
  "gsr_x": 0.0012961231404915452,
  "gsr_y": 0.04644045606255531,
  "provenance": {
    "md5sum": "42121f831724da102090f24851cfb2b4",
    "settings": {
      "fd_thres": 0.2,
      "testing": false
    },
    "software": "mriqc",
    "version": "22.0.6",
    "webapi_port": null,
    "webapi_url": "https://mriqc.nimh.nih.gov/api/v1"
  },
  "size_t": 199,
  "size_x": 70,
  "size_y": 70,
  "size_z": 36,
  "snr": 2.4041863151409757,
  "spacing_tr": 2.0,
  "spacing_x": 3.0,
  "spacing_y": 3.0,
  "spacing_z": 3.5399999618530273,
  "summary_bg_k": 87.90874588225844,
  "summary_bg_mad": 3.069507876205826,
  "summary_bg_mean": 25.291465759277344,
  "summary_bg_median": 13.798995018005371,
  "summary_bg_n": 107132.0,
  "summary_bg_p05": 11.417085647583008,
  "summary_bg_p95": 81.77386474609375,
  "summary_bg_stdv": 39.26948928833008,
  "summary_fg_k": 1.745703340344403,
  "summary_fg_mad": 121.08912009053475,
  "summary_fg_mean": 378.0635986328125,
  "summary_fg_median": 346.9296569824219,
  "summary_fg_n": 31591.0,
  "summary_fg_p05": 200.33416748046875,
  "summary_fg_p95": 664.7185974121094,
  "summary_fg_stdv": 144.30003356933594,
  "tsnr": 52.535044646356255
}