{
  "aor": 0.008918479999999998,
  "aqi": 0.0025747706399999997,
  "bids_meta": {
    "AcquisitionMatrixPE": 70,
    "AcquisitionNumber": 1,
    "AcquisitionTime": "12:23:49.707500",
    "BandwidthPerPixelPhaseEncode": 57.143,
    "BaseResolution": 70,
    "BodyPartExamined": "BRAIN",
    "ConsistencyInfo": "N4_VE11C_LATEST_20160120",
    "ConversionSoftware": "dcm2niix",
    "ConversionSoftwareVersion": "v1.0.20181125  (JP2:OpenJPEG) (JP-LS:CharLS) GCC5.5.0",
    "DerivedVendorReportedEchoSpacing": 0.000499999,
    "DeviceSerialNumber": "167012",
    "DwellTime": 3e-06,
    "EchoTime": 0.03,
    "EchoTrainLength": 35,
    "EffectiveEchoSpacing": 0.000249999,
    "FlipAngle": 90,
    "ImageOrientationPatientDICOM": [
      0.997534,
      -0.044139,
      -0.05456,
      0.0200245,
      0.924144,
      -0.381518
    ],
    "ImageType": [
      "ORIGINAL",
      "PRIMARY",
      "M",
      "ND",
      "MOSAIC"
    ],
    "ImagingFrequency": 123.254,
    "InPlanePhaseEncodingDirectionDICOM": "COL",
    "InstitutionAddress": "Vassar_Street_43_Cambridge_Boston_US_02139",
    "InstitutionName": "MIT",
    "InstitutionalDepartmentName": "Department",
    "MRAcquisitionType": "2D",
    "MagneticFieldStrength": 3,
    "Manufacturer": "Siemens",
    "ManufacturersModelName": "Prisma_fit",
    "Modality": "MR",
    "ParallelReductionFactorInPlane": 2,
    "PartialFourier": 1,
    "PatientPosition": "HFS",
    "PercentPhaseFOV": 100,
    "PhaseEncodingDirection": "j-",
    "PhaseEncodingSteps": 70,
    "PhaseResolution": 1,
    "PixelBandwidth": 2380,
    "ProcedureStepDescription": "Young_Emily",
    "ProtocolName": "so_localizer",
    "PulseSequenceDetails": "%SiemensSeq%_ep2d_pace",
    "ReceiveCoilActiveElements": "HEA;HEP",
    "ReceiveCoilName": "Head_32",
    "ReconMatrixPE": 70,
    "RepetitionTime": 2,
    "SAR": 0.0981109,
    "ScanOptions": "FS",
    "ScanningSequence": "EP",
    "SequenceName": "_epfid2d1_70",
    "SequenceVariant": "SK",
    "SeriesDescription": "so_localizer",
    "SeriesNumber": 27,
    "ShimSetting": [
      -5622,
      -1427,
      3131,
      302,
      -62,
      152,
      -179,
      -35
    ],
    "SliceThickness": 3,
    "SliceTiming": [
      0,
      0.055,
      0.11,
      0.165,
      0.22,
      0.275,
      0.33,
      0.385,
      0.44,
      0.495,
      0.55,
      0.605,
      0.66,
      0.715,
      0.77,
      0.825,
      0.88,
      0.935,
      0.99,
      1.045,
      1.1,
      1.155,
      1.21,
      1.265,
      1.32,
      1.375,
      1.43,
      1.485,
      1.54,
      1.595,
      1.65,
      1.705,
      1.76,
      1.815,
      1.87,
      1.925
    ],
    "SoftwareVersions": "syngo_MR_E11",
    "SpacingBetweenSlices": 3.54,
    "StationName": "MRC35115",
    "TaskName": "so",
    "TotalReadoutTime": 0.01725,
    "TxRefAmp": 221.035,
    "dataset": "ds002250",
    "modality": "bold",
    "run_id": 1,
    "subject_id": "09",
    "task_id": "so"
  },
  "dummy_trs": 0,
  "dvars_nstd": 26.292182737741943,
  "dvars_std": 1.2323830070967743,
  "dvars_vstd": 1.0799764271774186,
  "efc": 0.5038878686152222,
  "fber": 628.4285278320312,
  "fd_mean": 0.18847691327748528,
  "fd_num": 27,
  "fd_perc": 21.6,
  "fwhm_avg": 2.8594840972486195,
  "fwhm_x": 2.6850566666666666,
  "fwhm_y": 2.9369266666666665,
  "fwhm_z": 2.9564689584125254,
  "gcor": 0.029518,
  "gsr_x": 0.007537279278039932,
  "gsr_y": 0.048963915556669235,
  "provenance": {
    "md5sum": "77df07ae2e62dcdc3f61490bc2a3d4a0",
    "settings": {
      "fd_thres": 0.2,
      "testing": false
    },
    "software": "mriqc",
    "version": "22.0.6",
    "webapi_port": null,
    "webapi_url": "https://mriqc.nimh.nih.gov/api/v1"
  },
  "size_t": 125,
  "size_x": 70,
  "size_y": 70,
  "size_z": 36,
  "snr": 2.2712893277143764,
  "spacing_tr": 2.0,
  "spacing_x": 3.0,
  "spacing_y": 3.0,
  "spacing_z": 3.5399999618530273,
  "summary_bg_k": 64.18127916022226,
  "summary_bg_mad": 3.1075352453871803,
  "summary_bg_mean": 25.31967544555664,
  "summary_bg_median": 13.592000961303711,
  "summary_bg_n": 108565.0,
  "summary_bg_p05": 11.168000221252441,
  "summary_bg_p95": 84.18400573730469,
  "summary_bg_stdv": 38.69784164428711,
  "summary_fg_k": 1.9347025764100323,
  "summary_fg_mad": 120.84988488453047,
  "summary_fg_mean": 377.1816711425781,
  "summary_fg_median": 340.78802490234375,
  "summary_fg_n": 30856.0,
  "summary_fg_p05": 200.95201110839844,
  "summary_fg_p95": 685.1880340576172,
  "summary_fg_stdv": 150.0392303466797,
  "tsnr": 65.21826787642203
}