{
  "bids_meta": {
    "AcquisitionMatrixPE": 256,
    "AcquisitionNumber": 1,
    "AcquisitionTime": "09:49:55.770000",
    "BaseResolution": 256,
    "BodyPartExamined": "BRAIN",
    "ConsistencyInfo": "N4_VE11C_LATEST_20160120",
    "ConversionSoftware": "dcm2niix",
    "ConversionSoftwareVersion": "v1.0.20181125  (JP2:OpenJPEG) (JP-LS:CharLS) GCC5.5.0",
    "DeviceSerialNumber": "167012",
    "DwellTime": 3e-06,
    "EchoTime": 0.00169,
    "FlipAngle": 7,
    "ImageOrientationPatientDICOM": [
      -0.0468841,
      0.998361,
      -0.0328254,
      -0.0953522,
      -0.0371845,
      -0.994749
    ],
    "ImageType": [
      "ORIGINAL",
      "PRIMARY",
      "OTHER",
      "ND",
      "NORM",
      "MEAN"
    ],
    "ImagingFrequency": 123.254,
    "InPlanePhaseEncodingDirectionDICOM": "ROW",
    "InstitutionAddress": "Vassar_Street_43_Cambridge_Boston_US_02139",
    "InstitutionName": "MIT",
    "InstitutionalDepartmentName": "Department",
    "InversionTime": 1.4,
    "MRAcquisitionType": "3D",
    "MagneticFieldStrength": 3,
    "Manufacturer": "Siemens",
    "ManufacturersModelName": "Prisma_fit",
    "Modality": "MR",
    "PartialFourier": 1,
    "PatientPosition": "HFS",
    "PercentPhaseFOV": 100,
    "PhaseEncodingSteps": 255,
    "PhaseResolution": 1,
    "PixelBandwidth": 650,
    "ProcedureStepDescription": "Young_Emily",
    "ProtocolName": "T1w_MPRAGE_FourEcho_vNav",
    "PulseSequenceDetails": "%CustomerSeq%_tfl_mgh_epinav_ABCD",
    "ReceiveCoilActiveElements": "HEA;HEP",
    "ReceiveCoilName": "Head_32",
    "ReconMatrixPE": 256,
    "RepetitionTime": 2.53,
    "SAR": 0.03934,
    "ScanOptions": "IR_WE",
    "ScanningSequence": "GR_IR",
    "SequenceName": "tfl3d4_16ns",
    "SequenceVariant": "SK_SP_MP",
    "SeriesDescription": "T1w_MPRAGE_FourEcho_vNav_RMS",
    "SeriesNumber": 10,
    "ShimSetting": [
      -5653,
      -1568,
      3166,
      446,
      -56,
      -36,
      66,
      3
    ],
    "SliceThickness": 1,
    "SoftwareVersions": "syngo_MR_E11",
    "StationName": "MRC35115",
    "TxRefAmp": 236.303,
    "WipMemBlock": "Prisma_epi_moco_navigator_ABCD_tfl.prot",
    "dataset": "ds002250",
    "modality": "T1w",
    "run_id": 1,
    "subject_id": "12"
  },
  "cjv": 0.4499338875859697,
  "cnr": 2.99920757113896,
  "efc": 0.5891388178893907,
  "fber": 5854.461191486518,
  "fwhm_avg": 4.133086666666666,
  "fwhm_x": 4.21365,
  "fwhm_y": 4.23187,
  "fwhm_z": 3.95374,
  "icvs_csf": 0.19679935124226838,
  "icvs_gm": 0.3819267173117133,
  "icvs_wm": 0.4212739314460183,
  "inu_med": 0.42391011118888855,
  "inu_range": 0.15630597770214072,
  "provenance": {
    "md5sum": "0b8e5e79e07525c40fb1c4e3cff62f49",
    "settings": {
      "testing": false
    },
    "software": "mriqc",
    "version": "22.0.6",
    "warnings": {
      "large_rot_frame": true,
      "small_air_mask": false
    },
    "webapi_port": null,
    "webapi_url": "https://mriqc.nimh.nih.gov/api/v1"
  },
  "qi_1": 0.0,
  "qi_2": 0.0012350814943690026,
  "rpve_csf": 29.698905685979003,
  "rpve_gm": 14.725393369542143,
  "rpve_wm": 16.000560824257818,
  "size_x": 176,
  "size_y": 256,
  "size_z": 256,
  "snr_csf": 3.207419896345477,
  "snr_gm": 14.870864027706482,
  "snr_total": 12.423151623132014,
  "snr_wm": 19.19117094534408,
  "snrd_csf": 38.74859509498984,
  "snrd_gm": 87.35969455757748,
  "snrd_total": 79.60589389034821,
  "snrd_wm": 112.7093920184773,
  "spacing_x": 1.0,
  "spacing_y": 1.0,
  "spacing_z": 1.0,
  "summary_bg_k": 14.293987709622112,
  "summary_bg_mad": 5.812890582708223,
  "summary_bg_mean": 8.63201980669309,
  "summary_bg_median": 3.920735117048025,
  "summary_bg_n": 2216546.0,
  "summary_bg_p05": 0.0,
  "summary_bg_p95": 35.546423802152276,
  "summary_bg_stdv": 13.855268442109853,
  "summary_csf_k": 0.6030037229962959,
  "summary_csf_mad": 95.82515108181357,
  "summary_csf_mean": 342.1202727092137,
  "summary_csf_median": 343.80831765849143,
  "summary_csf_n": 37500.0,
  "summary_csf_p05": 151.37344195879996,
  "summary_csf_p95": 518.3660583576185,
  "summary_csf_stdv": 107.19012309824384,
  "summary_gm_k": 0.25750011234611403,
  "summary_gm_mad": 50.70521423952715,
  "summary_gm_mean": 775.6297492003234,
  "summary_gm_median": 775.1246088631451,
  "summary_gm_n": 17180.0,
  "summary_gm_p05": 691.3472383997403,
  "summary_gm_p95": 861.4752569831908,
  "summary_gm_stdv": 52.12219331488174,
  "summary_wm_k": 0.3958250584193843,
  "summary_wm_mad": 50.49510976063408,
  "summary_wm_mean": 1006.0675134489579,
  "summary_wm_median": 1000.0472625959665,
  "summary_wm_n": 190902.0,
  "summary_wm_p05": 930.6549748014659,
  "summary_wm_p95": 1100.096864739433,
  "summary_wm_stdv": 52.10962093829223,
  "tpm_overlap_csf": 0.157388010636448,
  "tpm_overlap_gm": 0.4346815547776225,
  "tpm_overlap_wm": 0.4953064372247128,
  "wm2max": 0.8590354845908823
}