{
  "aor": 0.006426733668341708,
  "aqi": 0.005195745778894473,
  "bids_meta": {
    "AcquisitionMatrixPE": 70,
    "AcquisitionNumber": 1,
    "AcquisitionTime": "13:09:24.460000",
    "BandwidthPerPixelPhaseEncode": 57.143,
    "BaseResolution": 70,
    "BodyPartExamined": "BRAIN",
    "ConsistencyInfo": "N4_VE11C_LATEST_20160120",
    "ConversionSoftware": "dcm2niix",
    "ConversionSoftwareVersion": "v1.0.20181125  (JP2:OpenJPEG) (JP-LS:CharLS) GCC5.5.0",
    "DerivedVendorReportedEchoSpacing": 0.000499999,
    "DeviceSerialNumber": "167012",
    "DwellTime": 3e-06,
    "EchoTime": 0.03,
    "EchoTrainLength": 35,
    "EffectiveEchoSpacing": 0.000249999,
    "FlipAngle": 90,
    "ImageOrientationPatientDICOM": [
      0.998248,
      0.00686555,
      0.0587685,
      -0.00435575,
      0.999077,
      -0.0427286
    ],
    "ImageType": [
      "ORIGINAL",
      "PRIMARY",
      "M",
      "ND",
      "MOSAIC"
    ],
    "ImagingFrequency": 123.254,
    "InPlanePhaseEncodingDirectionDICOM": "COL",
    "InstitutionAddress": "Vassar_Street_43_Cambridge_Boston_US_02139",
    "InstitutionName": "MIT",
    "InstitutionalDepartmentName": "Department",
    "MRAcquisitionType": "2D",
    "MagneticFieldStrength": 3,
    "Manufacturer": "Siemens",
    "ManufacturersModelName": "Prisma_fit",
    "Modality": "MR",
    "ParallelReductionFactorInPlane": 2,
    "PartialFourier": 1,
    "PatientPosition": "HFS",
    "PercentPhaseFOV": 100,
    "PhaseEncodingDirection": "j-",
    "PhaseEncodingSteps": 70,
    "PhaseResolution": 1,
    "PixelBandwidth": 2380,
    "ProcedureStepDescription": "Young_Emily",
    "ProtocolName": "FIRSTTHIRD",
    "PulseSequenceDetails": "%SiemensSeq%_ep2d_pace",
    "ReceiveCoilActiveElements": "HEA;HEP",
    "ReceiveCoilName": "Head_32",
    "ReconMatrixPE": 70,
    "RepetitionTime": 2,
    "SAR": 0.153255,
    "ScanOptions": "FS",
    "ScanningSequence": "EP",
    "SequenceName": "_epfid2d1_70",
    "SequenceVariant": "SK",
    "SeriesDescription": "FIRSTTHIRD",
    "SeriesNumber": 27,
    "ShimSetting": [
      -5610,
      -1511,
      3147,
      406,
      86,
      193,
      -148,
      -14
    ],
    "SliceThickness": 3,
    "SliceTiming": [
      0,
      0.055,
      0.11,
      0.165,
      0.22,
      0.275,
      0.33,
      0.385,
      0.44,
      0.495,
      0.55,
      0.605,
      0.66,
      0.715,
      0.77,
      0.825,
      0.88,
      0.935,
      0.99,
      1.045,
      1.1,
      1.155,
      1.21,
      1.265,
      1.32,
      1.375,
      1.43,
      1.485,
      1.54,
      1.595,
      1.65,
      1.705,
      1.76,
      1.815,
      1.87,
      1.925
    ],
    "SoftwareVersions": "syngo_MR_E11",
    "SpacingBetweenSlices": 3.54,
    "StationName": "MRC35115",
    "TaskName": "firstthird",
    "TotalReadoutTime": 0.01725,
    "TxRefAmp": 277.051,
    "dataset": "ds002250",
    "modality": "bold",
    "run_id": 5,
    "subject_id": "13",
    "task_id": "firstthird"
  },
  "dummy_trs": 0,
  "dvars_nstd": 44.433897085858575,
  "dvars_std": 1.2803680840404044,
  "dvars_vstd": 1.0624536343434343,
  "efc": 0.572775725531433,
  "fber": 369.8032531738281,
  "fd_mean": 0.39125611011780775,
  "fd_num": 129,
  "fd_perc": 64.82412060301507,
  "fwhm_avg": 2.615783004164228,
  "fwhm_x": 2.325153333333333,
  "fwhm_y": 2.7900233333333335,
  "fwhm_z": 2.732172345826018,
  "gcor": 0.0303745,
  "gsr_x": 0.0072600520215928555,
  "gsr_y": 0.049704957753419876,
  "provenance": {
    "md5sum": "295b7d96b203aa66876c806ae5d8c295",
    "settings": {
      "fd_thres": 0.2,
      "testing": false
    },
    "software": "mriqc",
    "version": "22.0.6",
    "webapi_port": null,
    "webapi_url": "https://mriqc.nimh.nih.gov/api/v1"
  },
  "size_t": 199,
  "size_x": 70,
  "size_y": 70,
  "size_z": 36,
  "snr": 2.393647522605194,
  "spacing_tr": 2.0,
  "spacing_x": 3.0,
  "spacing_y": 3.0,
  "spacing_z": 3.5399999618530273,
  "summary_bg_k": 28.641511438931143,
  "summary_bg_mad": 5.580246015229353,
  "summary_bg_mean": 36.120426177978516,
  "summary_bg_median": 16.723617553710938,
  "summary_bg_n": 98622.0,
  "summary_bg_p05": 12.477386474609375,
  "summary_bg_p95": 140.1655807495117,
  "summary_bg_stdv": 53.04666519165039,
  "summary_fg_k": 0.7105084485771402,
  "summary_fg_mad": 128.8075604517402,
  "summary_fg_mean": 356.419921875,
  "summary_fg_median": 329.404541015625,
  "summary_fg_n": 37710.0,
  "summary_fg_p05": 182.25125122070312,
  "summary_fg_p95": 620.257794189453,
  "summary_fg_stdv": 137.61431884765625,
  "tsnr": 46.13373433472589
}