{
  "aor": 0.00388144,
  "aqi": 0.0046864704,
  "bids_meta": {
    "AcquisitionMatrixPE": 70,
    "AcquisitionNumber": 1,
    "AcquisitionTime": "12:23:5.522500",
    "BandwidthPerPixelPhaseEncode": 57.143,
    "BaseResolution": 70,
    "BodyPartExamined": "BRAIN",
    "ConsistencyInfo": "N4_VE11C_LATEST_20160120",
    "ConversionSoftware": "dcm2niix",
    "ConversionSoftwareVersion": "v1.0.20181125  (JP2:OpenJPEG) (JP-LS:CharLS) GCC5.5.0",
    "DerivedVendorReportedEchoSpacing": 0.000499999,
    "DeviceSerialNumber": "167012",
    "DwellTime": 3e-06,
    "EchoTime": 0.03,
    "EchoTrainLength": 35,
    "EffectiveEchoSpacing": 0.000249999,
    "FlipAngle": 90,
    "ImageOrientationPatientDICOM": [
      0.998248,
      0.00686555,
      0.0587685,
      -0.00435575,
      0.999077,
      -0.0427286
    ],
    "ImageType": [
      "ORIGINAL",
      "PRIMARY",
      "M",
      "ND",
      "MOSAIC"
    ],
    "ImagingFrequency": 123.254,
    "InPlanePhaseEncodingDirectionDICOM": "COL",
    "InstitutionAddress": "Vassar_Street_43_Cambridge_Boston_US_02139",
    "InstitutionName": "MIT",
    "InstitutionalDepartmentName": "Department",
    "MRAcquisitionType": "2D",
    "MagneticFieldStrength": 3,
    "Manufacturer": "Siemens",
    "ManufacturersModelName": "Prisma_fit",
    "Modality": "MR",
    "ParallelReductionFactorInPlane": 2,
    "PartialFourier": 1,
    "PatientPosition": "HFS",
    "PercentPhaseFOV": 100,
    "PhaseEncodingDirection": "j-",
    "PhaseEncodingSteps": 70,
    "PhaseResolution": 1,
    "PixelBandwidth": 2380,
    "ProcedureStepDescription": "Young_Emily",
    "ProtocolName": "so_localizer",
    "PulseSequenceDetails": "%SiemensSeq%_ep2d_pace",
    "ReceiveCoilActiveElements": "HEA;HEP",
    "ReceiveCoilName": "Head_32",
    "ReconMatrixPE": 70,
    "RepetitionTime": 2,
    "SAR": 0.152926,
    "ScanOptions": "FS",
    "ScanningSequence": "EP",
    "SequenceName": "_epfid2d1_70",
    "SequenceVariant": "SK",
    "SeriesDescription": "so_localizer",
    "SeriesNumber": 13,
    "ShimSetting": [
      -5610,
      -1511,
      3147,
      406,
      86,
      193,
      -148,
      -14
    ],
    "SliceThickness": 3,
    "SliceTiming": [
      0,
      0.055,
      0.11,
      0.165,
      0.22,
      0.275,
      0.33,
      0.385,
      0.44,
      0.495,
      0.55,
      0.605,
      0.66,
      0.715,
      0.77,
      0.825,
      0.88,
      0.935,
      0.99,
      1.045,
      1.1,
      1.155,
      1.21,
      1.265,
      1.32,
      1.375,
      1.43,
      1.485,
      1.54,
      1.595,
      1.65,
      1.705,
      1.76,
      1.815,
      1.87,
      1.925
    ],
    "SoftwareVersions": "syngo_MR_E11",
    "SpacingBetweenSlices": 3.54,
    "StationName": "MRC35115",
    "TaskName": "so",
    "TotalReadoutTime": 0.01725,
    "TxRefAmp": 277.051,
    "dataset": "ds002250",
    "modality": "bold",
    "run_id": 2,
    "subject_id": "13",
    "task_id": "so"
  },
  "dummy_trs": 0,
  "dvars_nstd": 42.23691728064516,
  "dvars_std": 1.204615081290322,
  "dvars_vstd": 1.017428136451613,
  "efc": 0.5694361115408237,
  "fber": 383.2268371582031,
  "fd_mean": 0.35233506953587207,
  "fd_num": 65,
  "fd_perc": 52.0,
  "fwhm_avg": 2.6231621377891177,
  "fwhm_x": 2.3204433333333334,
  "fwhm_y": 2.84056,
  "fwhm_z": 2.7084830800340196,
  "gcor": 0.047379,
  "gsr_x": 0.005376793444156647,
  "gsr_y": 0.05408918112516403,
  "provenance": {
    "md5sum": "630884636fa4fc9d10f6a6b9de8e0b6a",
    "settings": {
      "fd_thres": 0.2,
      "testing": false
    },
    "software": "mriqc",
    "version": "22.0.6",
    "webapi_port": null,
    "webapi_url": "https://mriqc.nimh.nih.gov/api/v1"
  },
  "size_t": 125,
  "size_x": 70,
  "size_y": 70,
  "size_z": 36,
  "snr": 2.389105204104077,
  "spacing_tr": 2.0,
  "spacing_x": 3.0,
  "spacing_y": 3.0,
  "spacing_z": 3.5399999618530273,
  "summary_bg_k": 31.733214789522606,
  "summary_bg_mad": 5.2899230641698285,
  "summary_bg_mean": 34.506797790527344,
  "summary_bg_median": 16.3439998626709,
  "summary_bg_n": 98535.0,
  "summary_bg_p05": 12.35200023651123,
  "summary_bg_p95": 132.9224121093749,
  "summary_bg_stdv": 50.744651794433594,
  "summary_fg_k": 0.6479006852027429,
  "summary_fg_mad": 128.37554578398976,
  "summary_fg_mean": 354.9512939453125,
  "summary_fg_median": 327.7200012207031,
  "summary_fg_n": 37840.0,
  "summary_fg_p05": 181.0880126953125,
  "summary_fg_p95": 618.7792053222646,
  "summary_fg_stdv": 137.17088317871094,
  "tsnr": 47.65516906231642
}