{
  "aor": 0.004817336683417085,
  "aqi": 0.005642264371859297,
  "bids_meta": {
    "AcquisitionMatrixPE": 70,
    "AcquisitionNumber": 1,
    "AcquisitionTime": "13:17:7.587500",
    "BandwidthPerPixelPhaseEncode": 57.143,
    "BaseResolution": 70,
    "BodyPartExamined": "BRAIN",
    "ConsistencyInfo": "N4_VE11C_LATEST_20160120",
    "ConversionSoftware": "dcm2niix",
    "ConversionSoftwareVersion": "v1.0.20181125  (JP2:OpenJPEG) (JP-LS:CharLS) GCC5.5.0",
    "DerivedVendorReportedEchoSpacing": 0.000499999,
    "DeviceSerialNumber": "167012",
    "DwellTime": 3e-06,
    "EchoTime": 0.03,
    "EchoTrainLength": 35,
    "EffectiveEchoSpacing": 0.000249999,
    "FlipAngle": 90,
    "ImageOrientationPatientDICOM": [
      0.998248,
      0.00686555,
      0.0587685,
      -0.00435575,
      0.999077,
      -0.0427286
    ],
    "ImageType": [
      "ORIGINAL",
      "PRIMARY",
      "M",
      "ND",
      "MOSAIC"
    ],
    "ImagingFrequency": 123.254,
    "InPlanePhaseEncodingDirectionDICOM": "COL",
    "InstitutionAddress": "Vassar_Street_43_Cambridge_Boston_US_02139",
    "InstitutionName": "MIT",
    "InstitutionalDepartmentName": "Department",
    "MRAcquisitionType": "2D",
    "MagneticFieldStrength": 3,
    "Manufacturer": "Siemens",
    "ManufacturersModelName": "Prisma_fit",
    "Modality": "MR",
    "ParallelReductionFactorInPlane": 2,
    "PartialFourier": 1,
    "PatientPosition": "HFS",
    "PercentPhaseFOV": 100,
    "PhaseEncodingDirection": "j-",
    "PhaseEncodingSteps": 70,
    "PhaseResolution": 1,
    "PixelBandwidth": 2380,
    "ProcedureStepDescription": "Young_Emily",
    "ProtocolName": "FIRSTTHIRD",
    "PulseSequenceDetails": "%SiemensSeq%_ep2d_pace",
    "ReceiveCoilActiveElements": "HEA;HEP",
    "ReceiveCoilName": "Head_32",
    "ReconMatrixPE": 70,
    "RepetitionTime": 2,
    "SAR": 0.153255,
    "ScanOptions": "FS",
    "ScanningSequence": "EP",
    "SequenceName": "_epfid2d1_70",
    "SequenceVariant": "SK",
    "SeriesDescription": "FIRSTTHIRD",
    "SeriesNumber": 29,
    "ShimSetting": [
      -5610,
      -1511,
      3147,
      406,
      86,
      193,
      -148,
      -14
    ],
    "SliceThickness": 3,
    "SliceTiming": [
      0,
      0.055,
      0.11,
      0.165,
      0.22,
      0.275,
      0.33,
      0.385,
      0.44,
      0.495,
      0.55,
      0.605,
      0.66,
      0.715,
      0.77,
      0.825,
      0.88,
      0.935,
      0.99,
      1.045,
      1.1,
      1.155,
      1.21,
      1.265,
      1.32,
      1.375,
      1.43,
      1.485,
      1.54,
      1.595,
      1.65,
      1.705,
      1.76,
      1.815,
      1.87,
      1.925
    ],
    "SoftwareVersions": "syngo_MR_E11",
    "SpacingBetweenSlices": 3.54,
    "StationName": "MRC35115",
    "TaskName": "firstthird",
    "TotalReadoutTime": 0.01725,
    "TxRefAmp": 277.051,
    "dataset": "ds002250",
    "modality": "bold",
    "run_id": 6,
    "subject_id": "13",
    "task_id": "firstthird"
  },
  "dummy_trs": 0,
  "dvars_nstd": 40.58834828247476,
  "dvars_std": 1.2267244409090907,
  "dvars_vstd": 1.0443541068181814,
  "efc": 0.5738621285957651,
  "fber": 364.4495544433594,
  "fd_mean": 0.36272218181124394,
  "fd_num": 123,
  "fd_perc": 61.80904522613066,
  "fwhm_avg": 2.6138618176308284,
  "fwhm_x": 2.33862,
  "fwhm_y": 2.796606666666667,
  "fwhm_z": 2.7063587862258176,
  "gcor": 0.0280859,
  "gsr_x": 0.006618194747716188,
  "gsr_y": 0.049342431128025055,
  "provenance": {
    "md5sum": "8409c032aaa2343aaf9e7f8ed4626c14",
    "settings": {
      "fd_thres": 0.2,
      "testing": false
    },
    "software": "mriqc",
    "version": "22.0.6",
    "webapi_port": null,
    "webapi_url": "https://mriqc.nimh.nih.gov/api/v1"
  },
  "size_t": 199,
  "size_x": 70,
  "size_y": 70,
  "size_z": 36,
  "snr": 2.3959316118075193,
  "spacing_tr": 2.0,
  "spacing_x": 3.0,
  "spacing_y": 3.0,
  "spacing_z": 3.5399999618530273,
  "summary_bg_k": 28.06964456053024,
  "summary_bg_mad": 5.639849798380125,
  "summary_bg_mean": 36.05575180053711,
  "summary_bg_median": 16.793970108032227,
  "summary_bg_n": 98299.0,
  "summary_bg_p05": 12.522612571716309,
  "summary_bg_p95": 139.3447204589841,
  "summary_bg_stdv": 52.7491340637207,
  "summary_fg_k": 0.6251401626454638,
  "summary_fg_mad": 129.24714241749615,
  "summary_fg_mean": 355.8476257324219,
  "summary_fg_median": 329.25628662109375,
  "summary_fg_n": 37981.0,
  "summary_fg_p05": 181.23617553710938,
  "summary_fg_p95": 620.2562866210938,
  "summary_fg_stdv": 137.4212646484375,
  "tsnr": 45.97075321362354
}