{
  "aor": 0.0014996,
  "aqi": 0.0021410695200000003,
  "bids_meta": {
    "AcquisitionMatrixPE": 70,
    "AcquisitionNumber": 1,
    "AcquisitionTime": "10:35:5.852500",
    "BandwidthPerPixelPhaseEncode": 57.143,
    "BaseResolution": 70,
    "BodyPartExamined": "BRAIN",
    "ConsistencyInfo": "N4_VE11C_LATEST_20160120",
    "ConversionSoftware": "dcm2niix",
    "ConversionSoftwareVersion": "v1.0.20181125  (JP2:OpenJPEG) (JP-LS:CharLS) GCC5.5.0",
    "DerivedVendorReportedEchoSpacing": 0.000499999,
    "DeviceSerialNumber": "167012",
    "DwellTime": 3e-06,
    "EchoTime": 0.03,
    "EchoTrainLength": 35,
    "EffectiveEchoSpacing": 0.000249999,
    "FlipAngle": 90,
    "ImageOrientationPatientDICOM": [
      0.99951,
      0.0296738,
      -0.0100121,
      -0.0312362,
      0.967603,
      -0.250538
    ],
    "ImageType": [
      "ORIGINAL",
      "PRIMARY",
      "M",
      "ND",
      "MOSAIC"
    ],
    "ImagingFrequency": 123.253,
    "InPlanePhaseEncodingDirectionDICOM": "COL",
    "InstitutionAddress": "Vassar_Street_43_Cambridge_Boston_US_02139",
    "InstitutionName": "McGovern_Institute_for_Brain_Research_(3T1)",
    "InstitutionalDepartmentName": "Department",
    "MRAcquisitionType": "2D",
    "MagneticFieldStrength": 3,
    "Manufacturer": "Siemens",
    "ManufacturersModelName": "Prisma_fit",
    "Modality": "MR",
    "ParallelReductionFactorInPlane": 2,
    "PartialFourier": 1,
    "PatientPosition": "HFS",
    "PercentPhaseFOV": 100,
    "PhaseEncodingDirection": "j-",
    "PhaseEncodingSteps": 70,
    "PhaseResolution": 1,
    "PixelBandwidth": 2380,
    "ProcedureStepDescription": "Young_Emily",
    "ProtocolName": "so_localizer",
    "PulseSequenceDetails": "%SiemensSeq%_ep2d_pace",
    "ReceiveCoilActiveElements": "HEA;HEP",
    "ReceiveCoilName": "Head_32",
    "ReconMatrixPE": 70,
    "RepetitionTime": 2,
    "SAR": 0.139004,
    "ScanOptions": "FS",
    "ScanningSequence": "EP",
    "SequenceName": "_epfid2d1_70",
    "SequenceVariant": "SK",
    "SeriesDescription": "so_localizer",
    "SeriesNumber": 27,
    "ShimSetting": [
      -5608,
      -1466,
      3160,
      518,
      -2,
      148,
      -64,
      12
    ],
    "SliceThickness": 3,
    "SliceTiming": [
      0,
      0.055,
      0.11,
      0.165,
      0.22,
      0.275,
      0.33,
      0.385,
      0.44,
      0.495,
      0.55,
      0.605,
      0.66,
      0.715,
      0.77,
      0.825,
      0.88,
      0.935,
      0.99,
      1.045,
      1.1,
      1.155,
      1.21,
      1.265,
      1.32,
      1.375,
      1.43,
      1.485,
      1.54,
      1.595,
      1.65,
      1.705,
      1.76,
      1.815,
      1.87,
      1.925
    ],
    "SoftwareVersions": "syngo_MR_E11",
    "SpacingBetweenSlices": 3.54,
    "StationName": "MRC35115",
    "TaskName": "so",
    "TotalReadoutTime": 0.01725,
    "TxRefAmp": 239.411,
    "dataset": "ds002250",
    "modality": "bold",
    "run_id": 1,
    "subject_id": "17",
    "task_id": "so"
  },
  "dummy_trs": 0,
  "dvars_nstd": 21.376964892096776,
  "dvars_std": 1.1216359725806453,
  "dvars_vstd": 1.0155124085483869,
  "efc": 0.5388703071226886,
  "fber": 547.7944946289062,
  "fd_mean": 0.09754839343351838,
  "fd_num": 5,
  "fd_perc": 4.0,
  "fwhm_avg": 2.829497957655543,
  "fwhm_x": 2.6494033333333333,
  "fwhm_y": 2.9475933333333333,
  "fwhm_z": 2.891497206299962,
  "gcor": 0.016614,
  "gsr_x": 0.008977002464234829,
  "gsr_y": 0.0473896861076355,
  "provenance": {
    "md5sum": "bce751dabfdfe031a6ac4fdab04494bd",
    "settings": {
      "fd_thres": 0.2,
      "testing": false
    },
    "software": "mriqc",
    "version": "22.0.6",
    "webapi_port": null,
    "webapi_url": "https://mriqc.nimh.nih.gov/api/v1"
  },
  "size_t": 125,
  "size_x": 70,
  "size_y": 70,
  "size_z": 36,
  "snr": 2.561506300063955,
  "spacing_tr": 2.0,
  "spacing_x": 3.0,
  "spacing_y": 3.0,
  "spacing_z": 3.5399999618530273,
  "summary_bg_k": 70.03069623951146,
  "summary_bg_mad": 4.839213550711427,
  "summary_bg_mean": 31.754756927490234,
  "summary_bg_median": 15.992000579833984,
  "summary_bg_n": 103045.0,
  "summary_bg_p05": 12.224000930786133,
  "summary_bg_p95": 105.24000549316406,
  "summary_bg_stdv": 52.61314010620117,
  "summary_fg_k": 0.14632387173445816,
  "summary_fg_mad": 148.98369626077456,
  "summary_fg_mean": 404.21990966796875,
  "summary_fg_median": 379.5520324707031,
  "summary_fg_n": 34145.0,
  "summary_fg_p05": 208.76321105957032,
  "summary_fg_p95": 683.1056396484374,
  "summary_fg_stdv": 148.17315673828125,
  "tsnr": 75.73704131669365
}