{
  "aor": 0.00586125,
  "aqi": 0.003308857941176471,
  "bids_meta": {
    "AcquisitionMatrixPE": 70,
    "AcquisitionNumber": 1,
    "AcquisitionTime": "09:35:9.395000",
    "BandwidthPerPixelPhaseEncode": 57.143,
    "BaseResolution": 70,
    "BodyPartExamined": "BRAIN",
    "ConsistencyInfo": "N4_VE11C_LATEST_20160120",
    "ConversionSoftware": "dcm2niix",
    "ConversionSoftwareVersion": "v1.0.20181125  (JP2:OpenJPEG) (JP-LS:CharLS) GCC5.5.0",
    "DerivedVendorReportedEchoSpacing": 0.000499999,
    "DeviceSerialNumber": "167012",
    "DwellTime": 3e-06,
    "EchoTime": 0.03,
    "EchoTrainLength": 35,
    "EffectiveEchoSpacing": 0.000249999,
    "FlipAngle": 90,
    "ImageOrientationPatientDICOM": [
      0.99951,
      0.0296738,
      -0.0100121,
      -0.0312362,
      0.967603,
      -0.250538
    ],
    "ImageType": [
      "ORIGINAL",
      "PRIMARY",
      "M",
      "ND",
      "MOSAIC"
    ],
    "ImagingFrequency": 123.253,
    "InPlanePhaseEncodingDirectionDICOM": "COL",
    "InstitutionAddress": "Vassar_Street_43_Cambridge_Boston_US_02139",
    "InstitutionName": "McGovern_Institute_for_Brain_Research_(3T1)",
    "InstitutionalDepartmentName": "Department",
    "MRAcquisitionType": "2D",
    "MagneticFieldStrength": 3,
    "Manufacturer": "Siemens",
    "ManufacturersModelName": "Prisma_fit",
    "Modality": "MR",
    "ParallelReductionFactorInPlane": 2,
    "PartialFourier": 1,
    "PatientPosition": "HFS",
    "PercentPhaseFOV": 100,
    "PhaseEncodingDirection": "j-",
    "PhaseEncodingSteps": 70,
    "PhaseResolution": 1,
    "PixelBandwidth": 2380,
    "ProcedureStepDescription": "Young_Emily",
    "ProtocolName": "tom_localizer",
    "PulseSequenceDetails": "%SiemensSeq%_ep2d_pace",
    "ReceiveCoilActiveElements": "HEA;HEP",
    "ReceiveCoilName": "Head_32",
    "ReconMatrixPE": 70,
    "RepetitionTime": 2,
    "SAR": 0.139068,
    "ScanOptions": "FS",
    "ScanningSequence": "EP",
    "SequenceName": "_epfid2d1_70",
    "SequenceVariant": "SK",
    "SeriesDescription": "tom_localizer",
    "SeriesNumber": 11,
    "ShimSetting": [
      -5608,
      -1466,
      3160,
      518,
      -2,
      148,
      -64,
      12
    ],
    "SliceThickness": 3,
    "SliceTiming": [
      0,
      0.055,
      0.11,
      0.165,
      0.22,
      0.275,
      0.33,
      0.385,
      0.44,
      0.495,
      0.55,
      0.605,
      0.66,
      0.715,
      0.77,
      0.825,
      0.88,
      0.935,
      0.99,
      1.045,
      1.1,
      1.155,
      1.21,
      1.265,
      1.32,
      1.375,
      1.43,
      1.485,
      1.54,
      1.5925,
      1.6475,
      1.7025,
      1.7575,
      1.8125,
      1.8675,
      1.9225
    ],
    "SoftwareVersions": "syngo_MR_E11",
    "SpacingBetweenSlices": 3.54,
    "StationName": "MRC35115",
    "TaskName": "tom",
    "TotalReadoutTime": 0.01725,
    "TxRefAmp": 239.411,
    "dataset": "ds002250",
    "modality": "bold",
    "run_id": 1,
    "subject_id": "17",
    "task_id": "tom"
  },
  "dummy_trs": 0,
  "dvars_nstd": 25.115785514222218,
  "dvars_std": 1.1693307522222223,
  "dvars_vstd": 1.0450701062222227,
  "efc": 0.5367732864854904,
  "fber": 558.557861328125,
  "fd_mean": 0.20753649480729502,
  "fd_num": 32,
  "fd_perc": 23.529411764705884,
  "fwhm_avg": 2.821415321024409,
  "fwhm_x": 2.6451366666666667,
  "fwhm_y": 2.9544200000000003,
  "fwhm_z": 2.8646892964065604,
  "gcor": 0.0213459,
  "gsr_x": 0.006510772276669741,
  "gsr_y": 0.052211325615644455,
  "provenance": {
    "md5sum": "f0314cd359d5d2634c731433351b11b6",
    "settings": {
      "fd_thres": 0.2,
      "testing": false
    },
    "software": "mriqc",
    "version": "22.0.6",
    "webapi_port": null,
    "webapi_url": "https://mriqc.nimh.nih.gov/api/v1"
  },
  "size_t": 136,
  "size_x": 70,
  "size_y": 70,
  "size_z": 36,
  "snr": 2.5672036636895412,
  "spacing_tr": 2.0,
  "spacing_x": 3.0,
  "spacing_y": 3.0,
  "spacing_z": 3.5399999618530273,
  "summary_bg_k": 74.29335582535226,
  "summary_bg_mad": 4.687638535616443,
  "summary_bg_mean": 30.66836929321289,
  "summary_bg_median": 15.70588207244873,
  "summary_bg_n": 103242.0,
  "summary_bg_p05": 12.08088207244873,
  "summary_bg_p95": 101.86691017150875,
  "summary_bg_stdv": 49.87785720825195,
  "summary_fg_k": 0.2531596971227268,
  "summary_fg_mad": 146.16712305813198,
  "summary_fg_mean": 400.592529296875,
  "summary_fg_median": 375.8455810546875,
  "summary_fg_n": 34219.0,
  "summary_fg_p05": 208.86690979003907,
  "summary_fg_p95": 674.835284423828,
  "summary_fg_stdv": 146.40057373046875,
  "tsnr": 62.23931856220588
}