{
  "aor": 0.001364170854271357,
  "aqi": 0.0029476612060301507,
  "bids_meta": {
    "AcquisitionMatrixPE": 70,
    "AcquisitionNumber": 1,
    "AcquisitionTime": "10:52:6.605000",
    "BandwidthPerPixelPhaseEncode": 57.143,
    "BaseResolution": 70,
    "BodyPartExamined": "BRAIN",
    "ConsistencyInfo": "N4_VE11C_LATEST_20160120",
    "ConversionSoftware": "dcm2niix",
    "ConversionSoftwareVersion": "v1.0.20181125  (JP2:OpenJPEG) (JP-LS:CharLS) GCC5.5.0",
    "DerivedVendorReportedEchoSpacing": 0.000499999,
    "DeviceSerialNumber": "167012",
    "DwellTime": 3e-06,
    "EchoTime": 0.03,
    "EchoTrainLength": 35,
    "EffectiveEchoSpacing": 0.000249999,
    "FlipAngle": 90,
    "ImageOrientationPatientDICOM": [
      0.999561,
      0.0288825,
      0.00662013,
      -0.0275711,
      0.988403,
      -0.14933
    ],
    "ImageType": [
      "ORIGINAL",
      "PRIMARY",
      "M",
      "ND",
      "MOSAIC"
    ],
    "ImagingFrequency": 123.254,
    "InPlanePhaseEncodingDirectionDICOM": "COL",
    "InstitutionAddress": "Vassar_Street_43_Cambridge_Boston_US_02139",
    "InstitutionName": "McGovern_Institute_for_Brain_Research_(3T1)",
    "InstitutionalDepartmentName": "Department",
    "MRAcquisitionType": "2D",
    "MagneticFieldStrength": 3,
    "Manufacturer": "Siemens",
    "ManufacturersModelName": "Prisma_fit",
    "Modality": "MR",
    "ParallelReductionFactorInPlane": 2,
    "PartialFourier": 1,
    "PatientPosition": "HFS",
    "PercentPhaseFOV": 100,
    "PhaseEncodingDirection": "j-",
    "PhaseEncodingSteps": 70,
    "PhaseResolution": 1,
    "PixelBandwidth": 2380,
    "ProcedureStepDescription": "Young_Emily",
    "ProtocolName": "FIRSTTHIRD",
    "PulseSequenceDetails": "%SiemensSeq%_ep2d_pace",
    "ReceiveCoilActiveElements": "HEA;HEP",
    "ReceiveCoilName": "Head_32",
    "ReconMatrixPE": 70,
    "RepetitionTime": 2,
    "SAR": 0.0920651,
    "ScanOptions": "FS",
    "ScanningSequence": "EP",
    "SequenceName": "_epfid2d1_70",
    "SequenceVariant": "SK",
    "SeriesDescription": "FIRSTTHIRD",
    "SeriesNumber": 21,
    "ShimSetting": [
      -5619,
      -1470,
      3149,
      222,
      -32,
      43,
      -72,
      -18
    ],
    "SliceThickness": 3,
    "SliceTiming": [
      0,
      0.055,
      0.11,
      0.165,
      0.22,
      0.275,
      0.33,
      0.385,
      0.44,
      0.495,
      0.55,
      0.605,
      0.66,
      0.715,
      0.77,
      0.825,
      0.88,
      0.935,
      0.99,
      1.045,
      1.1,
      1.155,
      1.21,
      1.265,
      1.32,
      1.375,
      1.43,
      1.485,
      1.54,
      1.595,
      1.65,
      1.705,
      1.76,
      1.815,
      1.87,
      1.925
    ],
    "SoftwareVersions": "syngo_MR_E11",
    "SpacingBetweenSlices": 3.54,
    "StationName": "MRC35115",
    "TaskName": "firstthird",
    "TotalReadoutTime": 0.01725,
    "TxRefAmp": 225.943,
    "dataset": "ds002250",
    "modality": "bold",
    "run_id": 2,
    "subject_id": "20",
    "task_id": "firstthird"
  },
  "dummy_trs": 0,
  "dvars_nstd": 24.908697205201985,
  "dvars_std": 1.171920798181818,
  "dvars_vstd": 1.0205173912121213,
  "efc": 0.5499820480581168,
  "fber": 457.7508850097656,
  "fd_mean": 0.13490082561995076,
  "fd_num": 21,
  "fd_perc": 10.552763819095478,
  "fwhm_avg": 2.6355625330990993,
  "fwhm_x": 2.479643333333333,
  "fwhm_y": 2.7659566666666664,
  "fwhm_z": 2.661087599297298,
  "gcor": 0.0193083,
  "gsr_x": 0.019561296328902245,
  "gsr_y": 0.04497703164815903,
  "provenance": {
    "md5sum": "0640c2b3ed4002f60d890256d1ef66d0",
    "settings": {
      "fd_thres": 0.2,
      "testing": false
    },
    "software": "mriqc",
    "version": "22.0.6",
    "webapi_port": null,
    "webapi_url": "https://mriqc.nimh.nih.gov/api/v1"
  },
  "size_t": 199,
  "size_x": 70,
  "size_y": 70,
  "size_z": 36,
  "snr": 2.665533157512921,
  "spacing_tr": 2.0,
  "spacing_x": 3.0,
  "spacing_y": 3.0,
  "spacing_z": 3.5399999618530273,
  "summary_bg_k": 54.30937058741417,
  "summary_bg_mad": 4.842670584273368,
  "summary_bg_mean": 30.929655075073242,
  "summary_bg_median": 15.733668327331543,
  "summary_bg_n": 102331.0,
  "summary_bg_p05": 11.98492431640625,
  "summary_bg_p95": 104.21356582641602,
  "summary_bg_stdv": 49.437103271484375,
  "summary_fg_k": 0.6165961230602743,
  "summary_fg_mad": 119.45376930361866,
  "summary_fg_mean": 363.2628479003906,
  "summary_fg_median": 340.5552978515625,
  "summary_fg_n": 34572.0,
  "summary_fg_p05": 195.07537841796875,
  "summary_fg_p95": 608.6414520263669,
  "summary_fg_stdv": 127.76069641113281,
  "tsnr": 70.63488623476587
}