{
  "aor": 0.002183308823529412,
  "aqi": 0.004601402352941176,
  "bids_meta": {
    "AcquisitionMatrixPE": 70,
    "AcquisitionNumber": 1,
    "AcquisitionTime": "11:31:12.162500",
    "BandwidthPerPixelPhaseEncode": 57.143,
    "BaseResolution": 70,
    "BodyPartExamined": "BRAIN",
    "ConsistencyInfo": "N4_VE11C_LATEST_20160120",
    "ConversionSoftware": "dcm2niix",
    "ConversionSoftwareVersion": "v1.0.20181125  (JP2:OpenJPEG) (JP-LS:CharLS) GCC5.5.0",
    "DerivedVendorReportedEchoSpacing": 0.000499999,
    "DeviceSerialNumber": "167012",
    "DwellTime": 3e-06,
    "EchoTime": 0.03,
    "EchoTrainLength": 35,
    "EffectiveEchoSpacing": 0.000249999,
    "FlipAngle": 90,
    "ImageOrientationPatientDICOM": [
      0.999561,
      0.0288825,
      0.00662013,
      -0.0275711,
      0.988403,
      -0.14933
    ],
    "ImageType": [
      "ORIGINAL",
      "PRIMARY",
      "M",
      "ND",
      "MOSAIC"
    ],
    "ImagingFrequency": 123.254,
    "InPlanePhaseEncodingDirectionDICOM": "COL",
    "InstitutionAddress": "Vassar_Street_43_Cambridge_Boston_US_02139",
    "InstitutionName": "McGovern_Institute_for_Brain_Research_(3T1)",
    "InstitutionalDepartmentName": "Department",
    "MRAcquisitionType": "2D",
    "MagneticFieldStrength": 3,
    "Manufacturer": "Siemens",
    "ManufacturersModelName": "Prisma_fit",
    "Modality": "MR",
    "ParallelReductionFactorInPlane": 2,
    "PartialFourier": 1,
    "PatientPosition": "HFS",
    "PercentPhaseFOV": 100,
    "PhaseEncodingDirection": "j-",
    "PhaseEncodingSteps": 70,
    "PhaseResolution": 1,
    "PixelBandwidth": 2380,
    "ProcedureStepDescription": "Young_Emily",
    "ProtocolName": "tom_localizer",
    "PulseSequenceDetails": "%SiemensSeq%_ep2d_pace",
    "ReceiveCoilActiveElements": "HEA;HEP",
    "ReceiveCoilName": "Head_32",
    "ReconMatrixPE": 70,
    "RepetitionTime": 2,
    "SAR": 0.0919099,
    "ScanOptions": "FS",
    "ScanningSequence": "EP",
    "SequenceName": "_epfid2d1_70",
    "SequenceVariant": "SK",
    "SeriesDescription": "tom_localizer",
    "SeriesNumber": 31,
    "ShimSetting": [
      -5619,
      -1470,
      3149,
      222,
      -32,
      43,
      -72,
      -18
    ],
    "SliceThickness": 3,
    "SliceTiming": [
      0,
      0.055,
      0.11,
      0.165,
      0.22,
      0.275,
      0.33,
      0.385,
      0.44,
      0.495,
      0.55,
      0.605,
      0.66,
      0.715,
      0.77,
      0.825,
      0.88,
      0.935,
      0.99,
      1.045,
      1.1,
      1.155,
      1.21,
      1.265,
      1.32,
      1.375,
      1.43,
      1.485,
      1.54,
      1.595,
      1.65,
      1.705,
      1.76,
      1.815,
      1.87,
      1.925
    ],
    "SoftwareVersions": "syngo_MR_E11",
    "SpacingBetweenSlices": 3.54,
    "StationName": "MRC35115",
    "TaskName": "tom",
    "TotalReadoutTime": 0.01725,
    "TxRefAmp": 225.943,
    "dataset": "ds002250",
    "modality": "bold",
    "run_id": 1,
    "subject_id": "20",
    "task_id": "tom"
  },
  "dummy_trs": 0,
  "dvars_nstd": 25.980774618074072,
  "dvars_std": 1.165083706,
  "dvars_vstd": 1.0137535881481476,
  "efc": 0.5518347266472735,
  "fber": 445.8460998535156,
  "fd_mean": 0.16192945750672175,
  "fd_num": 21,
  "fd_perc": 15.441176470588236,
  "fwhm_avg": 2.6360986913145683,
  "fwhm_x": 2.4556033333333334,
  "fwhm_y": 2.7850966666666666,
  "fwhm_z": 2.6675960739437046,
  "gcor": 0.0188317,
  "gsr_x": 0.019793540239334106,
  "gsr_y": 0.04796715825796127,
  "provenance": {
    "md5sum": "ce608fb7ef0b774f705f425f4575943e",
    "settings": {
      "fd_thres": 0.2,
      "testing": false
    },
    "software": "mriqc",
    "version": "22.0.6",
    "webapi_port": null,
    "webapi_url": "https://mriqc.nimh.nih.gov/api/v1"
  },
  "size_t": 136,
  "size_x": 70,
  "size_y": 70,
  "size_z": 36,
  "snr": 2.6709104320488146,
  "spacing_tr": 2.0,
  "spacing_x": 3.0,
  "spacing_y": 3.0,
  "spacing_z": 3.5399999618530273,
  "summary_bg_k": 59.57496050633515,
  "summary_bg_mad": 5.10189578639165,
  "summary_bg_mean": 31.97787094116211,
  "summary_bg_median": 15.941176414489746,
  "summary_bg_n": 102271.0,
  "summary_bg_p05": 11.985294342041016,
  "summary_bg_p95": 108.51470565795898,
  "summary_bg_stdv": 52.912620544433594,
  "summary_fg_k": 0.6034694128598415,
  "summary_fg_mad": 119.59475406048095,
  "summary_fg_mean": 364.8139343261719,
  "summary_fg_median": 342.4448547363281,
  "summary_fg_n": 34486.0,
  "summary_fg_p05": 196.84926986694336,
  "summary_fg_p95": 611.7316131591797,
  "summary_fg_stdv": 128.21092224121094,
  "tsnr": 63.250897374004126
}