{
  "aor": 0.0015163131313131312,
  "aqi": 0.0020229109595959593,
  "bids_meta": {
    "AcquisitionMatrixPE": 70,
    "AcquisitionNumber": 1,
    "AcquisitionTime": "11:50:24.995000",
    "BandwidthPerPixelPhaseEncode": 57.143,
    "BaseResolution": 70,
    "BodyPartExamined": "BRAIN",
    "ConsistencyInfo": "N4_VE11C_LATEST_20160120",
    "ConversionSoftware": "dcm2niix",
    "ConversionSoftwareVersion": "v1.0.20181125  (JP2:OpenJPEG) (JP-LS:CharLS) GCC5.5.0",
    "DerivedVendorReportedEchoSpacing": 0.000499999,
    "DeviceSerialNumber": "167012",
    "DwellTime": 3e-06,
    "EchoTime": 0.03,
    "EchoTrainLength": 35,
    "EffectiveEchoSpacing": 0.000249999,
    "FlipAngle": 90,
    "ImageOrientationPatientDICOM": [
      0.999927,
      0.0120791,
      0.000229269,
      -0.0115188,
      0.958928,
      -0.283415
    ],
    "ImageType": [
      "ORIGINAL",
      "PRIMARY",
      "M",
      "ND",
      "MOSAIC"
    ],
    "ImagingFrequency": 123.254,
    "InPlanePhaseEncodingDirectionDICOM": "COL",
    "InstitutionAddress": "Vassar_Street_43_Cambridge_Boston_US_02139",
    "InstitutionName": "McGovern_Institute_for_Brain_Research_(3T1)",
    "InstitutionalDepartmentName": "Department",
    "MRAcquisitionType": "2D",
    "MagneticFieldStrength": 3,
    "Manufacturer": "Siemens",
    "ManufacturersModelName": "Prisma_fit",
    "Modality": "MR",
    "ParallelReductionFactorInPlane": 2,
    "PartialFourier": 1,
    "PatientPosition": "HFS",
    "PercentPhaseFOV": 100,
    "PhaseEncodingDirection": "j-",
    "PhaseEncodingSteps": 70,
    "PhaseResolution": 1,
    "PixelBandwidth": 2380,
    "ProcedureStepDescription": "Young_Emily",
    "ProtocolName": "FIRSTTHIRD",
    "PulseSequenceDetails": "%SiemensSeq%_ep2d_pace",
    "ReceiveCoilActiveElements": "HEA;HEP",
    "ReceiveCoilName": "Head_32",
    "ReconMatrixPE": 70,
    "RepetitionTime": 2,
    "SAR": 0.105319,
    "ScanOptions": "FS",
    "ScanningSequence": "EP",
    "SequenceName": "_epfid2d1_70",
    "SequenceVariant": "SK",
    "SeriesDescription": "FIRSTTHIRD",
    "SeriesNumber": 21,
    "ShimSetting": [
      -5618,
      -1463,
      3130,
      400,
      33,
      339,
      -211,
      -26
    ],
    "SliceThickness": 3,
    "SliceTiming": [
      0,
      0.055,
      0.11,
      0.165,
      0.22,
      0.275,
      0.33,
      0.385,
      0.44,
      0.495,
      0.55,
      0.605,
      0.66,
      0.715,
      0.77,
      0.825,
      0.88,
      0.935,
      0.99,
      1.045,
      1.1,
      1.155,
      1.21,
      1.265,
      1.32,
      1.375,
      1.43,
      1.485,
      1.54,
      1.595,
      1.65,
      1.705,
      1.76,
      1.815,
      1.87,
      1.925
    ],
    "SoftwareVersions": "syngo_MR_E11",
    "SpacingBetweenSlices": 3.54,
    "StationName": "MRC35115",
    "TaskName": "firstthird",
    "TotalReadoutTime": 0.01725,
    "TxRefAmp": 228.692,
    "dataset": "ds002250",
    "modality": "bold",
    "run_id": 3,
    "subject_id": "06",
    "task_id": "firstthird"
  },
  "dummy_trs": 1,
  "dvars_nstd": 19.647166372791876,
  "dvars_std": 1.10956958751269,
  "dvars_vstd": 1.0269402886802037,
  "efc": 0.5109071448937049,
  "fber": 619.2152709960938,
  "fd_mean": 0.11003080262835227,
  "fd_num": 13,
  "fd_perc": 6.565656565656566,
  "fwhm_avg": 2.7048676746815725,
  "fwhm_x": 2.5681566666666664,
  "fwhm_y": 2.7908333333333335,
  "fwhm_z": 2.7556130240447163,
  "gcor": 0.0193762,
  "gsr_x": 0.0073514156974852085,
  "gsr_y": 0.031769175082445145,
  "provenance": {
    "md5sum": "06ff550804550bb2de0ae3e533db4d2c",
    "settings": {
      "fd_thres": 0.2,
      "testing": false
    },
    "software": "mriqc",
    "version": "22.0.6",
    "webapi_port": null,
    "webapi_url": "https://mriqc.nimh.nih.gov/api/v1"
  },
  "size_t": 198,
  "size_x": 70,
  "size_y": 70,
  "size_z": 36,
  "snr": 2.648098307144077,
  "spacing_tr": 2.0,
  "spacing_x": 3.0,
  "spacing_y": 3.0,
  "spacing_z": 3.5399999618530273,
  "summary_bg_k": 61.39580320978523,
  "summary_bg_mad": 3.21230527806869,
  "summary_bg_mean": 24.892107009887695,
  "summary_bg_median": 14.13131332397461,
  "summary_bg_n": 108948.0,
  "summary_bg_p05": 11.61111068725586,
  "summary_bg_p95": 78.1212158203125,
  "summary_bg_stdv": 35.26033401489258,
  "summary_fg_k": 1.1547240931817546,
  "summary_fg_mad": 119.88111238082159,
  "summary_fg_mean": 376.5447082519531,
  "summary_fg_median": 351.5909118652344,
  "summary_fg_n": 30751.0,
  "summary_fg_p05": 207.59343719482422,
  "summary_fg_p95": 636.5606079101562,
  "summary_fg_stdv": 132.76893615722656,
  "tsnr": 75.48357295920141
}