{
  "aor": 0.0030458823529411765,
  "aqi": 0.0015758400955882355,
  "bids_meta": {
    "AcquisitionMatrixPE": 70,
    "AcquisitionNumber": 1,
    "AcquisitionTime": "11:22:49.810000",
    "BandwidthPerPixelPhaseEncode": 57.143,
    "BaseResolution": 70,
    "BodyPartExamined": "BRAIN",
    "ConsistencyInfo": "N4_VE11C_LATEST_20160120",
    "ConversionSoftware": "dcm2niix",
    "ConversionSoftwareVersion": "v1.0.20181125  (JP2:OpenJPEG) (JP-LS:CharLS) GCC5.5.0",
    "DerivedVendorReportedEchoSpacing": 0.000499999,
    "DeviceSerialNumber": "167012",
    "DwellTime": 3e-06,
    "EchoTime": 0.03,
    "EchoTrainLength": 35,
    "EffectiveEchoSpacing": 0.000249999,
    "FlipAngle": 90,
    "ImageOrientationPatientDICOM": [
      0.999927,
      0.0120791,
      0.000229269,
      -0.0115188,
      0.958928,
      -0.283415
    ],
    "ImageType": [
      "ORIGINAL",
      "PRIMARY",
      "M",
      "ND",
      "MOSAIC"
    ],
    "ImagingFrequency": 123.254,
    "InPlanePhaseEncodingDirectionDICOM": "COL",
    "InstitutionAddress": "Vassar_Street_43_Cambridge_Boston_US_02139",
    "InstitutionName": "McGovern_Institute_for_Brain_Research_(3T1)",
    "InstitutionalDepartmentName": "Department",
    "MRAcquisitionType": "2D",
    "MagneticFieldStrength": 3,
    "Manufacturer": "Siemens",
    "ManufacturersModelName": "Prisma_fit",
    "Modality": "MR",
    "ParallelReductionFactorInPlane": 2,
    "PartialFourier": 1,
    "PatientPosition": "HFS",
    "PercentPhaseFOV": 100,
    "PhaseEncodingDirection": "j-",
    "PhaseEncodingSteps": 70,
    "PhaseResolution": 1,
    "PixelBandwidth": 2380,
    "ProcedureStepDescription": "Young_Emily",
    "ProtocolName": "tom_localizer",
    "PulseSequenceDetails": "%SiemensSeq%_ep2d_pace",
    "ReceiveCoilActiveElements": "HEA;HEP",
    "ReceiveCoilName": "Head_32",
    "ReconMatrixPE": 70,
    "RepetitionTime": 2,
    "SAR": 0.105142,
    "ScanOptions": "FS",
    "ScanningSequence": "EP",
    "SequenceName": "_epfid2d1_70",
    "SequenceVariant": "SK",
    "SeriesDescription": "tom_localizer",
    "SeriesNumber": 13,
    "ShimSetting": [
      -5618,
      -1463,
      3130,
      400,
      33,
      339,
      -211,
      -26
    ],
    "SliceThickness": 3,
    "SliceTiming": [
      0,
      0.055,
      0.11,
      0.165,
      0.22,
      0.275,
      0.33,
      0.385,
      0.44,
      0.495,
      0.55,
      0.605,
      0.66,
      0.715,
      0.77,
      0.825,
      0.88,
      0.935,
      0.99,
      1.045,
      1.1,
      1.155,
      1.21,
      1.2625,
      1.3175,
      1.3725,
      1.4275,
      1.4825,
      1.5375,
      1.5925,
      1.6475,
      1.7025,
      1.7575,
      1.8125,
      1.8675,
      1.9225
    ],
    "SoftwareVersions": "syngo_MR_E11",
    "SpacingBetweenSlices": 3.54,
    "StationName": "MRC35115",
    "TaskName": "tom",
    "TotalReadoutTime": 0.01725,
    "TxRefAmp": 228.692,
    "dataset": "ds002250",
    "modality": "bold",
    "run_id": 1,
    "subject_id": "06",
    "task_id": "tom"
  },
  "dummy_trs": 0,
  "dvars_nstd": 19.50645628362962,
  "dvars_std": 1.1043584534074073,
  "dvars_vstd": 1.023201158222222,
  "efc": 0.5089581345242845,
  "fber": 625.8165893554688,
  "fd_mean": 0.1014283307067835,
  "fd_num": 4,
  "fd_perc": 2.9411764705882355,
  "fwhm_avg": 2.7302466390388473,
  "fwhm_x": 2.5724666666666667,
  "fwhm_y": 2.8240133333333333,
  "fwhm_z": 2.794259917116541,
  "gcor": 0.014018,
  "gsr_x": 0.006553796585649252,
  "gsr_y": 0.03160539269447327,
  "provenance": {
    "md5sum": "e9db7426eaefc317ce517dbe22d39561",
    "settings": {
      "fd_thres": 0.2,
      "testing": false
    },
    "software": "mriqc",
    "version": "22.0.6",
    "webapi_port": null,
    "webapi_url": "https://mriqc.nimh.nih.gov/api/v1"
  },
  "size_t": 136,
  "size_x": 70,
  "size_y": 70,
  "size_z": 36,
  "snr": 2.677179967610519,
  "spacing_tr": 2.0,
  "spacing_x": 3.0,
  "spacing_y": 3.0,
  "spacing_z": 3.5399999618530273,
  "summary_bg_k": 65.79437440706658,
  "summary_bg_mad": 3.117825752652542,
  "summary_bg_mean": 24.147754669189453,
  "summary_bg_median": 13.970588684082031,
  "summary_bg_n": 109179.0,
  "summary_bg_p05": 11.536765098571777,
  "summary_bg_p95": 74.34705963134753,
  "summary_bg_stdv": 33.777183532714844,
  "summary_fg_k": 1.1669151955814305,
  "summary_fg_mad": 117.85597222279875,
  "summary_fg_mean": 374.0657043457031,
  "summary_fg_median": 349.4044189453125,
  "summary_fg_n": 30559.0,
  "summary_fg_p05": 207.49117431640624,
  "summary_fg_p95": 627.2874816894531,
  "summary_fg_stdv": 130.50997924804688,
  "tsnr": 79.27490888955072
}