{
  "aor": 0.0014174166666666667,
  "aqi": 0.0017409303666666666,
  "bids_meta": {
    "AcquisitionMatrixPE": 70,
    "AcquisitionNumber": 1,
    "AcquisitionTime": "12:31:6.660000",
    "BandwidthPerPixelPhaseEncode": 57.143,
    "BaseResolution": 70,
    "BodyPartExamined": "BRAIN",
    "ConsistencyInfo": "N4_VE11C_LATEST_20160120",
    "ConversionSoftware": "dcm2niix",
    "ConversionSoftwareVersion": "v1.0.20181125  (JP2:OpenJPEG) (JP-LS:CharLS) GCC5.5.0",
    "DerivedVendorReportedEchoSpacing": 0.000499999,
    "DeviceSerialNumber": "167012",
    "DwellTime": 3e-06,
    "EchoTime": 0.03,
    "EchoTrainLength": 35,
    "EffectiveEchoSpacing": 0.000249999,
    "FlipAngle": 90,
    "ImageOrientationPatientDICOM": [
      0.999927,
      0.0120791,
      0.000229269,
      -0.0115188,
      0.958928,
      -0.283415
    ],
    "ImageType": [
      "ORIGINAL",
      "PRIMARY",
      "M",
      "ND",
      "MOSAIC"
    ],
    "ImagingFrequency": 123.254,
    "InPlanePhaseEncodingDirectionDICOM": "COL",
    "InstitutionAddress": "Vassar_Street_43_Cambridge_Boston_US_02139",
    "InstitutionName": "McGovern_Institute_for_Brain_Research_(3T1)",
    "InstitutionalDepartmentName": "Department",
    "MRAcquisitionType": "2D",
    "MagneticFieldStrength": 3,
    "Manufacturer": "Siemens",
    "ManufacturersModelName": "Prisma_fit",
    "Modality": "MR",
    "ParallelReductionFactorInPlane": 2,
    "PartialFourier": 1,
    "PatientPosition": "HFS",
    "PercentPhaseFOV": 100,
    "PhaseEncodingDirection": "j-",
    "PhaseEncodingSteps": 70,
    "PhaseResolution": 1,
    "PixelBandwidth": 2380,
    "ProcedureStepDescription": "Young_Emily",
    "ProtocolName": "so_localizer",
    "PulseSequenceDetails": "%SiemensSeq%_ep2d_pace",
    "ReceiveCoilActiveElements": "HEA;HEP",
    "ReceiveCoilName": "Head_32",
    "ReconMatrixPE": 70,
    "RepetitionTime": 2,
    "SAR": 0.105093,
    "ScanOptions": "FS",
    "ScanningSequence": "EP",
    "SequenceName": "_epfid2d1_70",
    "SequenceVariant": "SK",
    "SeriesDescription": "so_localizer",
    "SeriesNumber": 33,
    "ShimSetting": [
      -5618,
      -1463,
      3130,
      400,
      33,
      339,
      -211,
      -26
    ],
    "SliceThickness": 3,
    "SliceTiming": [
      0,
      0.055,
      0.11,
      0.165,
      0.22,
      0.2725,
      0.3275,
      0.3825,
      0.4375,
      0.4925,
      0.5475,
      0.6025,
      0.6575,
      0.7125,
      0.7675,
      0.8225,
      0.8775,
      0.9325,
      0.9875,
      1.0425,
      1.0975,
      1.1525,
      1.2075,
      1.2625,
      1.3175,
      1.3725,
      1.4275,
      1.4825,
      1.5375,
      1.5925,
      1.6475,
      1.7025,
      1.7575,
      1.8125,
      1.8675,
      1.9225
    ],
    "SoftwareVersions": "syngo_MR_E11",
    "SpacingBetweenSlices": 3.54,
    "StationName": "MRC35115",
    "TaskName": "so",
    "TotalReadoutTime": 0.01725,
    "TxRefAmp": 228.692,
    "dataset": "ds002250",
    "modality": "bold",
    "run_id": 3,
    "subject_id": "06",
    "task_id": "so"
  },
  "dummy_trs": 5,
  "dvars_nstd": 18.20886757,
  "dvars_std": 1.0581883655462179,
  "dvars_vstd": 1.000850052352941,
  "efc": 0.5116237147596822,
  "fber": 613.24609375,
  "fd_mean": 0.0936579551078322,
  "fd_num": 2,
  "fd_perc": 1.6666666666666667,
  "fwhm_avg": 2.7209325146970165,
  "fwhm_x": 2.58646,
  "fwhm_y": 2.795453333333333,
  "fwhm_z": 2.7808842107577156,
  "gcor": 0.0103562,
  "gsr_x": 0.006002028007060289,
  "gsr_y": 0.03017459623515606,
  "provenance": {
    "md5sum": "e8c6cb2ce048befd53fc5119e245b786",
    "settings": {
      "fd_thres": 0.2,
      "testing": false
    },
    "software": "mriqc",
    "version": "22.0.6",
    "webapi_port": null,
    "webapi_url": "https://mriqc.nimh.nih.gov/api/v1"
  },
  "size_t": 120,
  "size_x": 70,
  "size_y": 70,
  "size_z": 36,
  "snr": 2.6409867395110735,
  "spacing_tr": 2.0,
  "spacing_x": 3.0,
  "spacing_y": 3.0,
  "spacing_z": 3.5399999618530273,
  "summary_bg_k": 53.57158713995065,
  "summary_bg_mad": 3.2617245979283926,
  "summary_bg_mean": 25.541072845458984,
  "summary_bg_median": 14.200000762939453,
  "summary_bg_n": 109281.0,
  "summary_bg_p05": 11.666666984558105,
  "summary_bg_p95": 82.09166717529297,
  "summary_bg_stdv": 36.4885368347168,
  "summary_fg_k": 1.1324767893075771,
  "summary_fg_mad": 120.05372369257692,
  "summary_fg_mean": 376.34002685546875,
  "summary_fg_median": 350.88336181640625,
  "summary_fg_n": 30615.0,
  "summary_fg_p05": 207.08334350585938,
  "summary_fg_p95": 634.260870361328,
  "summary_fg_stdv": 132.85853576660156,
  "tsnr": 82.80390478670597
}