{
  "aor": 0.00160624,
  "aqi": 0.0015203831439999998,
  "bids_meta": {
    "AcquisitionMatrixPE": 70,
    "AcquisitionNumber": 1,
    "AcquisitionTime": "12:21:18.882500",
    "BandwidthPerPixelPhaseEncode": 57.143,
    "BaseResolution": 70,
    "BodyPartExamined": "BRAIN",
    "ConsistencyInfo": "N4_VE11C_LATEST_20160120",
    "ConversionSoftware": "dcm2niix",
    "ConversionSoftwareVersion": "v1.0.20181125  (JP2:OpenJPEG) (JP-LS:CharLS) GCC5.5.0",
    "DerivedVendorReportedEchoSpacing": 0.000499999,
    "DeviceSerialNumber": "167012",
    "DwellTime": 3e-06,
    "EchoTime": 0.03,
    "EchoTrainLength": 35,
    "EffectiveEchoSpacing": 0.000249999,
    "FlipAngle": 90,
    "ImageOrientationPatientDICOM": [
      0.999927,
      0.0120791,
      0.000229269,
      -0.0115188,
      0.958928,
      -0.283415
    ],
    "ImageType": [
      "ORIGINAL",
      "PRIMARY",
      "M",
      "ND",
      "MOSAIC"
    ],
    "ImagingFrequency": 123.254,
    "InPlanePhaseEncodingDirectionDICOM": "COL",
    "InstitutionAddress": "Vassar_Street_43_Cambridge_Boston_US_02139",
    "InstitutionName": "McGovern_Institute_for_Brain_Research_(3T1)",
    "InstitutionalDepartmentName": "Department",
    "MRAcquisitionType": "2D",
    "MagneticFieldStrength": 3,
    "Manufacturer": "Siemens",
    "ManufacturersModelName": "Prisma_fit",
    "Modality": "MR",
    "ParallelReductionFactorInPlane": 2,
    "PartialFourier": 1,
    "PatientPosition": "HFS",
    "PercentPhaseFOV": 100,
    "PhaseEncodingDirection": "j-",
    "PhaseEncodingSteps": 70,
    "PhaseResolution": 1,
    "PixelBandwidth": 2380,
    "ProcedureStepDescription": "Young_Emily",
    "ProtocolName": "so_localizer",
    "PulseSequenceDetails": "%SiemensSeq%_ep2d_pace",
    "ReceiveCoilActiveElements": "HEA;HEP",
    "ReceiveCoilName": "Head_32",
    "ReconMatrixPE": 70,
    "RepetitionTime": 2,
    "SAR": 0.105093,
    "ScanOptions": "FS",
    "ScanningSequence": "EP",
    "SequenceName": "_epfid2d1_70",
    "SequenceVariant": "SK",
    "SeriesDescription": "so_localizer",
    "SeriesNumber": 29,
    "ShimSetting": [
      -5618,
      -1463,
      3130,
      400,
      33,
      339,
      -211,
      -26
    ],
    "SliceThickness": 3,
    "SliceTiming": [
      0,
      0.055,
      0.11,
      0.165,
      0.22,
      0.275,
      0.33,
      0.385,
      0.44,
      0.495,
      0.55,
      0.605,
      0.66,
      0.715,
      0.77,
      0.825,
      0.88,
      0.935,
      0.99,
      1.045,
      1.1,
      1.155,
      1.21,
      1.265,
      1.32,
      1.375,
      1.43,
      1.485,
      1.54,
      1.595,
      1.65,
      1.705,
      1.76,
      1.815,
      1.87,
      1.925
    ],
    "SoftwareVersions": "syngo_MR_E11",
    "SpacingBetweenSlices": 3.54,
    "StationName": "MRC35115",
    "TaskName": "so",
    "TotalReadoutTime": 0.01725,
    "TxRefAmp": 228.692,
    "dataset": "ds002250",
    "modality": "bold",
    "run_id": 1,
    "subject_id": "06",
    "task_id": "so"
  },
  "dummy_trs": 0,
  "dvars_nstd": 18.026470261129028,
  "dvars_std": 1.0815392391935477,
  "dvars_vstd": 1.0225393856451614,
  "efc": 0.5114341788543582,
  "fber": 616.7551879882812,
  "fd_mean": 0.08829564600519375,
  "fd_num": 3,
  "fd_perc": 2.4,
  "fwhm_avg": 2.712533945915531,
  "fwhm_x": 2.5798,
  "fwhm_y": 2.78896,
  "fwhm_z": 2.7688418377465918,
  "gcor": 0.0113959,
  "gsr_x": 0.005995241925120354,
  "gsr_y": 0.0297494288533926,
  "provenance": {
    "md5sum": "2ec65fa0cc6a7eee996387d7ba281ee0",
    "settings": {
      "fd_thres": 0.2,
      "testing": false
    },
    "software": "mriqc",
    "version": "22.0.6",
    "webapi_port": null,
    "webapi_url": "https://mriqc.nimh.nih.gov/api/v1"
  },
  "size_t": 125,
  "size_x": 70,
  "size_y": 70,
  "size_z": 36,
  "snr": 2.632817992540347,
  "spacing_tr": 2.0,
  "spacing_x": 3.0,
  "spacing_y": 3.0,
  "spacing_z": 3.5399999618530273,
  "summary_bg_k": 54.71643309758931,
  "summary_bg_mad": 3.2380046817586066,
  "summary_bg_mean": 25.57647132873535,
  "summary_bg_median": 14.208001136779785,
  "summary_bg_n": 109264.0,
  "summary_bg_p05": 11.672000885009766,
  "summary_bg_p95": 82.28680267333978,
  "summary_bg_stdv": 36.678611755371094,
  "summary_fg_k": 1.1950665609855502,
  "summary_fg_mad": 120.4762707543025,
  "summary_fg_mean": 377.6904602050781,
  "summary_fg_median": 352.0320129394531,
  "summary_fg_n": 30690.0,
  "summary_fg_p05": 207.32000732421875,
  "summary_fg_p95": 637.9140197753906,
  "summary_fg_stdv": 133.70703125,
  "tsnr": 87.96346192900091
}