{
  "bids_meta": {
    "AcquisitionMatrixPE": 256,
    "AcquisitionNumber": 1,
    "AcquisitionTime": "09:36:41.710000",
    "BaseResolution": 256,
    "BodyPartExamined": "BRAIN",
    "ConsistencyInfo": "N4_VE11C_LATEST_20160120",
    "ConversionSoftware": "dcm2niix",
    "ConversionSoftwareVersion": "v1.0.20181125  (JP2:OpenJPEG) (JP-LS:CharLS) GCC5.5.0",
    "DeviceSerialNumber": "167012",
    "DwellTime": 3e-06,
    "EchoTime": 0.00169,
    "FlipAngle": 7,
    "ImageOrientationPatientDICOM": [
      -0.013862,
      0.998127,
      -0.0595784,
      0.177366,
      -0.0561847,
      -0.98254
    ],
    "ImageType": [
      "ORIGINAL",
      "PRIMARY",
      "OTHER",
      "ND",
      "NORM",
      "MEAN"
    ],
    "ImagingFrequency": 123.254,
    "InPlanePhaseEncodingDirectionDICOM": "ROW",
    "InstitutionAddress": "Vassar_Street_43_Cambridge_Boston_US_02139",
    "InstitutionName": "McGovern_Institute_for_Brain_Research_(3T1)",
    "InstitutionalDepartmentName": "Department",
    "InversionTime": 1.4,
    "MRAcquisitionType": "3D",
    "MagneticFieldStrength": 3,
    "Manufacturer": "Siemens",
    "ManufacturersModelName": "Prisma_fit",
    "Modality": "MR",
    "PartialFourier": 1,
    "PatientPosition": "HFS",
    "PercentPhaseFOV": 100,
    "PhaseEncodingSteps": 255,
    "PhaseResolution": 1,
    "PixelBandwidth": 650,
    "ProcedureStepDescription": "Young_Emily",
    "ProtocolName": "T1w_MPRAGE_FourEcho_vNav",
    "PulseSequenceDetails": "%CustomerSeq%_tfl_mgh_epinav_ABCD",
    "ReceiveCoilActiveElements": "HEA;HEP",
    "ReceiveCoilName": "Head_32",
    "ReconMatrixPE": 256,
    "RepetitionTime": 2.53,
    "SAR": 0.0404159,
    "ScanOptions": "IR_WE",
    "ScanningSequence": "GR_IR",
    "SequenceName": "tfl3d4_16ns",
    "SequenceVariant": "SK_SP_MP",
    "SeriesDescription": "T1w_MPRAGE_FourEcho_vNav_RMS",
    "SeriesNumber": 10,
    "ShimSetting": [
      -5598,
      -1589,
      3110,
      299,
      -44,
      -236,
      8,
      -97
    ],
    "SliceThickness": 1,
    "SoftwareVersions": "syngo_MR_E11",
    "StationName": "MRC35115",
    "TxRefAmp": 251.709,
    "WipMemBlock": "Prisma_epi_moco_navigator_ABCD_tfl.prot",
    "dataset": "ds002250",
    "modality": "T1w",
    "run_id": 1,
    "subject_id": "01"
  },
  "cjv": 0.3965571809263068,
  "cnr": 3.3027959300347542,
  "efc": 0.5868486520705815,
  "fber": 16713.967704960887,
  "fwhm_avg": 3.7837033333333334,
  "fwhm_x": 3.89677,
  "fwhm_y": 3.81229,
  "fwhm_z": 3.64205,
  "icvs_csf": 0.2078592687943545,
  "icvs_gm": 0.42752687963288455,
  "icvs_wm": 0.36461385157276094,
  "inu_med": 0.3481619656085968,
  "inu_range": 0.10842816829681395,
  "provenance": {
    "md5sum": "42730ee81c79bb8026e8991f6a39cef0",
    "settings": {
      "testing": false
    },
    "software": "mriqc",
    "version": "22.0.6",
    "warnings": {
      "large_rot_frame": true,
      "small_air_mask": false
    },
    "webapi_port": null,
    "webapi_url": "https://mriqc.nimh.nih.gov/api/v1"
  },
  "qi_1": 0.0,
  "qi_2": 0.0012934058531309102,
  "rpve_csf": 25.5247616905774,
  "rpve_gm": 12.937333537773084,
  "rpve_wm": 17.333670120245028,
  "size_x": 176,
  "size_y": 256,
  "size_z": 256,
  "snr_csf": 3.3103520099537604,
  "snr_gm": 14.725885108354058,
  "snr_total": 15.88862932576413,
  "snr_wm": 29.629650858984576,
  "snrd_csf": 52.271051319560115,
  "snrd_gm": 121.85531571561184,
  "snrd_total": 109.475437548013,
  "snrd_wm": 154.29994560886703,
  "spacing_x": 1.0,
  "spacing_y": 1.0,
  "spacing_z": 1.0,
  "summary_bg_k": 8.00059953939155,
  "summary_bg_mad": 4.24586260840235,
  "summary_bg_mean": 4.339900065510723,
  "summary_bg_median": 2.863790810108185,
  "summary_bg_n": 2514960.0,
  "summary_bg_p05": 0.0,
  "summary_bg_p95": 16.98387049883604,
  "summary_bg_stdv": 6.177560046769884,
  "summary_csf_k": 3.4368934508664433,
  "summary_csf_mad": 64.66094930712745,
  "summary_csf_mean": 348.66831543150585,
  "summary_csf_median": 338.7625879123807,
  "summary_csf_n": 39679.0,
  "summary_csf_p05": 192.94790583103895,
  "summary_csf_p95": 535.2126712549477,
  "summary_csf_stdv": 102.33302019770179,
  "summary_gm_k": 0.12917392639225955,
  "summary_gm_mad": 51.9528466389232,
  "summary_gm_mean": 789.651370232195,
  "summary_gm_median": 789.7300907596946,
  "summary_gm_n": 23096.0,
  "summary_gm_p05": 700.9923505187035,
  "summary_gm_p95": 879.462202809751,
  "summary_gm_stdv": 53.62754008186908,
  "summary_wm_k": 0.7573627189683019,
  "summary_wm_mad": 31.431177364978506,
  "summary_wm_mean": 1000.6247529368142,
  "summary_wm_median": 999.9999535046518,
  "summary_wm_n": 202581.0,
  "summary_wm_p05": 946.9402737729251,
  "summary_wm_p95": 1056.8979084193707,
  "summary_wm_stdv": 33.74989094918576,
  "tpm_overlap_csf": 0.14895150079024191,
  "tpm_overlap_gm": 0.4443218168445835,
  "tpm_overlap_wm": 0.4857243491132153,
  "wm2max": 0.9008384392131571
}