{
  "bids_meta": {
    "AcquisitionMatrixPE": 256,
    "AcquisitionNumber": 1,
    "AcquisitionTime": "12:10:49.752500",
    "BaseResolution": 256,
    "BodyPartExamined": "BRAIN",
    "ConsistencyInfo": "N4_VE11C_LATEST_20160120",
    "ConversionSoftware": "dcm2niix",
    "ConversionSoftwareVersion": "v1.0.20181125  (JP2:OpenJPEG) (JP-LS:CharLS) GCC5.5.0",
    "DeviceSerialNumber": "167012",
    "DwellTime": 3e-06,
    "EchoTime": 0.00169,
    "FlipAngle": 7,
    "ImageOrientationPatientDICOM": [
      0.00145138,
      0.999491,
      -0.0318832,
      0.0564331,
      -0.0319143,
      -0.997896
    ],
    "ImageType": [
      "ORIGINAL",
      "PRIMARY",
      "OTHER",
      "ND",
      "NORM",
      "MEAN"
    ],
    "ImagingFrequency": 123.254,
    "InPlanePhaseEncodingDirectionDICOM": "ROW",
    "InstitutionAddress": "Vassar_Street_43_Cambridge_Boston_US_02139",
    "InstitutionName": "MIT",
    "InstitutionalDepartmentName": "Department",
    "InversionTime": 1.4,
    "MRAcquisitionType": "3D",
    "MagneticFieldStrength": 3,
    "Manufacturer": "Siemens",
    "ManufacturersModelName": "Prisma_fit",
    "Modality": "MR",
    "PartialFourier": 1,
    "PatientPosition": "HFS",
    "PercentPhaseFOV": 100,
    "PhaseEncodingSteps": 255,
    "PhaseResolution": 1,
    "PixelBandwidth": 650,
    "ProcedureStepDescription": "Young_Emily",
    "ProtocolName": "T1w_MPRAGE_FourEcho_vNav",
    "PulseSequenceDetails": "%CustomerSeq%_tfl_mgh_epinav_ABCD",
    "ReceiveCoilActiveElements": "HEA;HEP",
    "ReceiveCoilName": "Head_32",
    "ReconMatrixPE": 256,
    "RepetitionTime": 2.53,
    "SAR": 0.0502694,
    "ScanOptions": "IR_WE",
    "ScanningSequence": "GR_IR",
    "SequenceName": "tfl3d4_16ns",
    "SequenceVariant": "SK_SP_MP",
    "SeriesDescription": "T1w_MPRAGE_FourEcho_vNav_RMS",
    "SeriesNumber": 10,
    "ShimSetting": [
      -5611,
      -1520,
      3138,
      329,
      81,
      105,
      -99,
      -25
    ],
    "SliceThickness": 1,
    "SoftwareVersions": "syngo_MR_E11",
    "StationName": "MRC35115",
    "TxRefAmp": 277.051,
    "WipMemBlock": "Prisma_epi_moco_navigator_ABCD_tfl.prot",
    "dataset": "ds002250",
    "modality": "T1w",
    "run_id": 1,
    "subject_id": "13"
  },
  "cjv": 0.40280978030539344,
  "cnr": 3.318595874161388,
  "efc": 0.6053881309245667,
  "fber": 5445.018449710696,
  "fwhm_avg": 3.8499399999999997,
  "fwhm_x": 3.88656,
  "fwhm_y": 4.01146,
  "fwhm_z": 3.6518,
  "icvs_csf": 0.2630023099617302,
  "icvs_gm": 0.38859752368036465,
  "icvs_wm": 0.34840016635790516,
  "inu_med": 0.4003758728504181,
  "inu_range": 0.13019286245107647,
  "provenance": {
    "md5sum": "4ac0e1852e26e374b94653cec0b55091",
    "settings": {
      "testing": false
    },
    "software": "mriqc",
    "version": "22.0.6",
    "warnings": {
      "large_rot_frame": true,
      "small_air_mask": false
    },
    "webapi_port": null,
    "webapi_url": "https://mriqc.nimh.nih.gov/api/v1"
  },
  "qi_1": 0.0,
  "qi_2": 0.0014001715692211665,
  "rpve_csf": 20.64369592311627,
  "rpve_gm": 13.321395446214595,
  "rpve_wm": 17.1324479250767,
  "size_x": 176,
  "size_y": 256,
  "size_z": 256,
  "snr_csf": 3.811542750034216,
  "snr_gm": 15.850539685232903,
  "snr_total": 15.512546927435466,
  "snr_wm": 26.875558347039277,
  "snrd_csf": 43.7191191760223,
  "snrd_gm": 105.2281120272391,
  "snrd_total": 93.97828544116216,
  "snrd_wm": 132.9876251202251,
  "spacing_x": 1.0,
  "spacing_y": 1.0,
  "spacing_z": 1.0,
  "summary_bg_k": 6.864248530795827,
  "summary_bg_mad": 4.926396946924437,
  "summary_bg_mean": 6.453528489549561,
  "summary_bg_median": 3.322804246097803,
  "summary_bg_n": 2433928.0,
  "summary_bg_p05": 0.0,
  "summary_bg_p95": 24.59285364858806,
  "summary_bg_stdv": 8.942773549521748,
  "summary_csf_k": 5.500988195765791,
  "summary_csf_mad": 52.54823410052733,
  "summary_csf_mean": 333.2979189127325,
  "summary_csf_median": 328.7525089904666,
  "summary_csf_n": 98702.0,
  "summary_csf_p05": 214.17729591205716,
  "summary_csf_p95": 474.7918067201972,
  "summary_csf_stdv": 86.25138563751665,
  "summary_gm_k": 0.22072409256099945,
  "summary_gm_mad": 48.625362457606016,
  "summary_gm_mean": 790.0582619695343,
  "summary_gm_median": 791.2786555923522,
  "summary_gm_n": 18306.0,
  "summary_gm_p05": 706.1369245704263,
  "summary_gm_p95": 869.8927171616815,
  "summary_gm_stdv": 49.919880235058635,
  "summary_wm_k": 0.3972038131227116,
  "summary_wm_mad": 35.45789407477712,
  "summary_wm_mean": 1000.0353481447463,
  "summary_wm_median": 1000.0205001141876,
  "summary_wm_n": 197114.0,
  "summary_wm_p05": 939.5536672901362,
  "summary_wm_p95": 1061.594934353605,
  "summary_wm_stdv": 37.20919768596926,
  "tpm_overlap_csf": 0.15229001050032553,
  "tpm_overlap_gm": 0.42512737170192055,
  "tpm_overlap_wm": 0.47919821087842907,
  "wm2max": 0.8914792466630097
}