{
  "aor": 0.009609145728643216,
  "aqi": 0.006791653668341707,
  "bids_meta": {
    "AcquisitionMatrixPE": 70,
    "AcquisitionNumber": 1,
    "AcquisitionTime": "10:04:22.280000",
    "BandwidthPerPixelPhaseEncode": 57.143,
    "BaseResolution": 70,
    "BodyPartExamined": "BRAIN",
    "ConsistencyInfo": "N4_VE11C_LATEST_20160120",
    "ConversionSoftware": "dcm2niix",
    "ConversionSoftwareVersion": "v1.0.20181125  (JP2:OpenJPEG) (JP-LS:CharLS) GCC5.5.0",
    "DerivedVendorReportedEchoSpacing": 0.000499999,
    "DeviceSerialNumber": "167012",
    "DwellTime": 3e-06,
    "EchoTime": 0.03,
    "EchoTrainLength": 35,
    "EffectiveEchoSpacing": 0.000249999,
    "FlipAngle": 90,
    "ImageOrientationPatientDICOM": [
      0.983484,
      0.0308487,
      0.178345,
      -0.0183687,
      0.997292,
      -0.0712097
    ],
    "ImageType": [
      "ORIGINAL",
      "PRIMARY",
      "M",
      "ND",
      "MOSAIC"
    ],
    "ImagingFrequency": 123.254,
    "InPlanePhaseEncodingDirectionDICOM": "COL",
    "InstitutionAddress": "Vassar_Street_43_Cambridge_Boston_US_02139",
    "InstitutionName": "McGovern_Institute_for_Brain_Research_(3T1)",
    "InstitutionalDepartmentName": "Department",
    "MRAcquisitionType": "2D",
    "MagneticFieldStrength": 3,
    "Manufacturer": "Siemens",
    "ManufacturersModelName": "Prisma_fit",
    "Modality": "MR",
    "ParallelReductionFactorInPlane": 2,
    "PartialFourier": 1,
    "PatientPosition": "HFS",
    "PercentPhaseFOV": 100,
    "PhaseEncodingDirection": "j-",
    "PhaseEncodingSteps": 70,
    "PhaseResolution": 1,
    "PixelBandwidth": 2380,
    "ProcedureStepDescription": "Young_Emily",
    "ProtocolName": "FIRSTTHIRD",
    "PulseSequenceDetails": "%SiemensSeq%_ep2d_pace",
    "ReceiveCoilActiveElements": "HEA;HEP",
    "ReceiveCoilName": "Head_32",
    "ReconMatrixPE": 70,
    "RepetitionTime": 2,
    "SAR": 0.123215,
    "ScanOptions": "FS",
    "ScanningSequence": "EP",
    "SequenceName": "_epfid2d1_70",
    "SequenceVariant": "SK",
    "SeriesDescription": "FIRSTTHIRD",
    "SeriesNumber": 17,
    "ShimSetting": [
      -5596,
      -1586,
      3122,
      449,
      43,
      -111,
      2,
      -61
    ],
    "SliceThickness": 3,
    "SliceTiming": [
      0,
      0.055,
      0.11,
      0.165,
      0.22,
      0.275,
      0.33,
      0.385,
      0.44,
      0.495,
      0.55,
      0.605,
      0.66,
      0.715,
      0.77,
      0.825,
      0.88,
      0.935,
      0.99,
      1.045,
      1.1,
      1.155,
      1.21,
      1.265,
      1.32,
      1.375,
      1.43,
      1.485,
      1.54,
      1.595,
      1.65,
      1.705,
      1.76,
      1.815,
      1.87,
      1.925
    ],
    "SoftwareVersions": "syngo_MR_E11",
    "SpacingBetweenSlices": 3.54,
    "StationName": "MRC35115",
    "TaskName": "firstthird",
    "TotalReadoutTime": 0.01725,
    "TxRefAmp": 251.709,
    "dataset": "ds002250",
    "modality": "bold",
    "run_id": 2,
    "subject_id": "01",
    "task_id": "firstthird"
  },
  "dummy_trs": 0,
  "dvars_nstd": 36.209799920707084,
  "dvars_std": 1.2281706046464644,
  "dvars_vstd": 1.055861592474747,
  "efc": 0.5452813747585475,
  "fber": 468.6656494140625,
  "fd_mean": 0.4471258649099643,
  "fd_num": 111,
  "fd_perc": 55.778894472361806,
  "fwhm_avg": 2.868435923884277,
  "fwhm_x": 2.5395033333333332,
  "fwhm_y": 3.13894,
  "fwhm_z": 2.926864438319497,
  "gcor": 0.0340489,
  "gsr_x": 0.0329984687268734,
  "gsr_y": 0.030847230926156044,
  "provenance": {
    "md5sum": "66452ac4d94c4a95a1ccec96b56db8dc",
    "settings": {
      "fd_thres": 0.2,
      "testing": false
    },
    "software": "mriqc",
    "version": "22.0.6",
    "webapi_port": null,
    "webapi_url": "https://mriqc.nimh.nih.gov/api/v1"
  },
  "size_t": 199,
  "size_x": 70,
  "size_y": 70,
  "size_z": 36,
  "snr": 2.290442008742247,
  "spacing_tr": 2.0,
  "spacing_x": 3.0,
  "spacing_y": 3.0,
  "spacing_z": 3.5399999618530273,
  "summary_bg_k": 43.720562017919235,
  "summary_bg_mad": 6.77973768684699,
  "summary_bg_mean": 40.639312744140625,
  "summary_bg_median": 18.447235107421875,
  "summary_bg_n": 103034.0,
  "summary_bg_p05": 13.155778884887695,
  "summary_bg_p95": 159.04522705078125,
  "summary_bg_stdv": 67.14846801757812,
  "summary_fg_k": 1.2878105201421564,
  "summary_fg_mad": 165.78325619204293,
  "summary_fg_mean": 438.7661437988281,
  "summary_fg_median": 406.1607971191406,
  "summary_fg_n": 34402.0,
  "summary_fg_p05": 217.39421386718752,
  "summary_fg_p95": 778.3751312255858,
  "summary_fg_stdv": 177.32598876953125,
  "tsnr": 46.16921942215413
}