{
  "aor": 0.016201119999999996,
  "aqi": 0.003217259456,
  "bids_meta": {
    "AcquisitionMatrixPE": 70,
    "AcquisitionNumber": 1,
    "AcquisitionTime": "10:49:4.680000",
    "BandwidthPerPixelPhaseEncode": 57.143,
    "BaseResolution": 70,
    "BodyPartExamined": "BRAIN",
    "ConsistencyInfo": "N4_VE11C_LATEST_20160120",
    "ConversionSoftware": "dcm2niix",
    "ConversionSoftwareVersion": "v1.0.20181125  (JP2:OpenJPEG) (JP-LS:CharLS) GCC5.5.0",
    "DerivedVendorReportedEchoSpacing": 0.000499999,
    "DeviceSerialNumber": "167012",
    "DwellTime": 3e-06,
    "EchoTime": 0.03,
    "EchoTrainLength": 35,
    "EffectiveEchoSpacing": 0.000249999,
    "FlipAngle": 90,
    "ImageOrientationPatientDICOM": [
      0.983484,
      0.0308487,
      0.178345,
      -0.0183687,
      0.997292,
      -0.0712097
    ],
    "ImageType": [
      "ORIGINAL",
      "PRIMARY",
      "M",
      "ND",
      "MOSAIC"
    ],
    "ImagingFrequency": 123.254,
    "InPlanePhaseEncodingDirectionDICOM": "COL",
    "InstitutionAddress": "Vassar_Street_43_Cambridge_Boston_US_02139",
    "InstitutionName": "McGovern_Institute_for_Brain_Research_(3T1)",
    "InstitutionalDepartmentName": "Department",
    "MRAcquisitionType": "2D",
    "MagneticFieldStrength": 3,
    "Manufacturer": "Siemens",
    "ManufacturersModelName": "Prisma_fit",
    "Modality": "MR",
    "ParallelReductionFactorInPlane": 2,
    "PartialFourier": 1,
    "PatientPosition": "HFS",
    "PercentPhaseFOV": 100,
    "PhaseEncodingDirection": "j-",
    "PhaseEncodingSteps": 70,
    "PhaseResolution": 1,
    "PixelBandwidth": 2380,
    "ProcedureStepDescription": "Young_Emily",
    "ProtocolName": "so_localizer",
    "PulseSequenceDetails": "%SiemensSeq%_ep2d_pace",
    "ReceiveCoilActiveElements": "HEA;HEP",
    "ReceiveCoilName": "Head_32",
    "ReconMatrixPE": 70,
    "RepetitionTime": 2,
    "SAR": 0.12295,
    "ScanOptions": "FS",
    "ScanningSequence": "EP",
    "SequenceName": "_epfid2d1_70",
    "SequenceVariant": "SK",
    "SeriesDescription": "so_localizer",
    "SeriesNumber": 29,
    "ShimSetting": [
      -5596,
      -1586,
      3122,
      449,
      43,
      -111,
      2,
      -61
    ],
    "SliceThickness": 3,
    "SliceTiming": [
      0,
      0.055,
      0.11,
      0.165,
      0.22,
      0.275,
      0.33,
      0.385,
      0.44,
      0.495,
      0.55,
      0.605,
      0.66,
      0.715,
      0.77,
      0.825,
      0.88,
      0.935,
      0.99,
      1.045,
      1.1,
      1.155,
      1.21,
      1.265,
      1.32,
      1.375,
      1.43,
      1.485,
      1.54,
      1.595,
      1.65,
      1.705,
      1.76,
      1.815,
      1.87,
      1.925
    ],
    "SoftwareVersions": "syngo_MR_E11",
    "SpacingBetweenSlices": 3.54,
    "StationName": "MRC35115",
    "TaskName": "so",
    "TotalReadoutTime": 0.01725,
    "TxRefAmp": 251.709,
    "dataset": "ds002250",
    "modality": "bold",
    "run_id": 1,
    "subject_id": "01",
    "task_id": "so"
  },
  "dummy_trs": 0,
  "dvars_nstd": 26.046330928629047,
  "dvars_std": 1.272580962499999,
  "dvars_vstd": 1.1362944712096774,
  "efc": 0.5427220866822919,
  "fber": 492.3987731933594,
  "fd_mean": 0.20809452437164586,
  "fd_num": 24,
  "fd_perc": 19.2,
  "fwhm_avg": 2.867085585082043,
  "fwhm_x": 2.4907833333333333,
  "fwhm_y": 3.13327,
  "fwhm_z": 2.977203421912796,
  "gcor": 0.0344162,
  "gsr_x": 0.037657756358385086,
  "gsr_y": 0.030720138922333717,
  "provenance": {
    "md5sum": "cc7dcf1f7d1a6118a271192211054730",
    "settings": {
      "fd_thres": 0.2,
      "testing": false
    },
    "software": "mriqc",
    "version": "22.0.6",
    "webapi_port": null,
    "webapi_url": "https://mriqc.nimh.nih.gov/api/v1"
  },
  "size_t": 125,
  "size_x": 70,
  "size_y": 70,
  "size_z": 36,
  "snr": 2.2688306878281383,
  "spacing_tr": 2.0,
  "spacing_x": 3.0,
  "spacing_y": 3.0,
  "spacing_z": 3.5399999618530273,
  "summary_bg_k": 43.17627602232606,
  "summary_bg_mad": 6.120180928657614,
  "summary_bg_mean": 39.73061752319336,
  "summary_bg_median": 17.736000061035156,
  "summary_bg_n": 103703.0,
  "summary_bg_p05": 13.016000747680664,
  "summary_bg_p95": 157.30160217285143,
  "summary_bg_stdv": 66.33255004882812,
  "summary_fg_k": 1.5635909283866463,
  "summary_fg_mad": 159.87196351178636,
  "summary_fg_mean": 431.4681701660156,
  "summary_fg_median": 398.0880126953125,
  "summary_fg_n": 34000.0,
  "summary_fg_p05": 216.34320907592775,
  "summary_fg_p95": 769.7448181152344,
  "summary_fg_stdv": 175.45697021484375,
  "tsnr": 60.328057965729386
}