{
  "aor": 0.0056568799999999995,
  "aqi": 0.002439284648,
  "bids_meta": {
    "AcquisitionMatrixPE": 70,
    "AcquisitionNumber": 1,
    "AcquisitionTime": "10:55:7.255000",
    "BandwidthPerPixelPhaseEncode": 57.143,
    "BaseResolution": 70,
    "BodyPartExamined": "BRAIN",
    "ConsistencyInfo": "N4_VE11C_LATEST_20160120",
    "ConversionSoftware": "dcm2niix",
    "ConversionSoftwareVersion": "v1.0.20181125  (JP2:OpenJPEG) (JP-LS:CharLS) GCC5.5.0",
    "DerivedVendorReportedEchoSpacing": 0.000499999,
    "DeviceSerialNumber": "167012",
    "DwellTime": 3e-06,
    "EchoTime": 0.03,
    "EchoTrainLength": 35,
    "EffectiveEchoSpacing": 0.000249999,
    "FlipAngle": 90,
    "ImageOrientationPatientDICOM": [
      0.983484,
      0.0308487,
      0.178345,
      -0.0183687,
      0.997292,
      -0.0712097
    ],
    "ImageType": [
      "ORIGINAL",
      "PRIMARY",
      "M",
      "ND",
      "MOSAIC"
    ],
    "ImagingFrequency": 123.254,
    "InPlanePhaseEncodingDirectionDICOM": "COL",
    "InstitutionAddress": "Vassar_Street_43_Cambridge_Boston_US_02139",
    "InstitutionName": "McGovern_Institute_for_Brain_Research_(3T1)",
    "InstitutionalDepartmentName": "Department",
    "MRAcquisitionType": "2D",
    "MagneticFieldStrength": 3,
    "Manufacturer": "Siemens",
    "ManufacturersModelName": "Prisma_fit",
    "Modality": "MR",
    "ParallelReductionFactorInPlane": 2,
    "PartialFourier": 1,
    "PatientPosition": "HFS",
    "PercentPhaseFOV": 100,
    "PhaseEncodingDirection": "j-",
    "PhaseEncodingSteps": 70,
    "PhaseResolution": 1,
    "PixelBandwidth": 2380,
    "ProcedureStepDescription": "Young_Emily",
    "ProtocolName": "so_localizer",
    "PulseSequenceDetails": "%SiemensSeq%_ep2d_pace",
    "ReceiveCoilActiveElements": "HEA;HEP",
    "ReceiveCoilName": "Head_32",
    "ReconMatrixPE": 70,
    "RepetitionTime": 2,
    "SAR": 0.12295,
    "ScanOptions": "FS",
    "ScanningSequence": "EP",
    "SequenceName": "_epfid2d1_70",
    "SequenceVariant": "SK",
    "SeriesDescription": "so_localizer",
    "SeriesNumber": 31,
    "ShimSetting": [
      -5596,
      -1586,
      3122,
      449,
      43,
      -111,
      2,
      -61
    ],
    "SliceThickness": 3,
    "SliceTiming": [
      0,
      0.055,
      0.11,
      0.165,
      0.22,
      0.275,
      0.33,
      0.385,
      0.44,
      0.495,
      0.55,
      0.605,
      0.66,
      0.715,
      0.77,
      0.825,
      0.88,
      0.935,
      0.99,
      1.045,
      1.1,
      1.155,
      1.21,
      1.265,
      1.32,
      1.375,
      1.43,
      1.485,
      1.54,
      1.595,
      1.65,
      1.705,
      1.76,
      1.815,
      1.87,
      1.925
    ],
    "SoftwareVersions": "syngo_MR_E11",
    "SpacingBetweenSlices": 3.54,
    "StationName": "MRC35115",
    "TaskName": "so",
    "TotalReadoutTime": 0.01725,
    "TxRefAmp": 251.709,
    "dataset": "ds002250",
    "modality": "bold",
    "run_id": 2,
    "subject_id": "01",
    "task_id": "so"
  },
  "dummy_trs": 0,
  "dvars_nstd": 21.436630525806443,
  "dvars_std": 1.153876252903226,
  "dvars_vstd": 1.047275236532258,
  "efc": 0.5427305072924549,
  "fber": 490.27490234375,
  "fd_mean": 0.12011475811333841,
  "fd_num": 11,
  "fd_perc": 8.8,
  "fwhm_avg": 2.8690808958513103,
  "fwhm_x": 2.50161,
  "fwhm_y": 3.1187400000000003,
  "fwhm_z": 2.986892687553931,
  "gcor": 0.0241595,
  "gsr_x": 0.03931441903114319,
  "gsr_y": 0.030409812927246094,
  "provenance": {
    "md5sum": "230184fb07070b1e5aae39ca6cddf7d4",
    "settings": {
      "fd_thres": 0.2,
      "testing": false
    },
    "software": "mriqc",
    "version": "22.0.6",
    "webapi_port": null,
    "webapi_url": "https://mriqc.nimh.nih.gov/api/v1"
  },
  "size_t": 125,
  "size_x": 70,
  "size_y": 70,
  "size_z": 36,
  "snr": 2.267244412373887,
  "spacing_tr": 2.0,
  "spacing_x": 3.0,
  "spacing_y": 3.0,
  "spacing_z": 3.5399999618530273,
  "summary_bg_k": 41.86312504107353,
  "summary_bg_mad": 6.120182342577271,
  "summary_bg_mean": 40.05105209350586,
  "summary_bg_median": 17.72800064086914,
  "summary_bg_n": 103819.0,
  "summary_bg_p05": 12.992000579833984,
  "summary_bg_p95": 158.31521148681614,
  "summary_bg_stdv": 67.58110809326172,
  "summary_fg_k": 1.6994767967380202,
  "summary_fg_mad": 158.78077949983265,
  "summary_fg_mean": 430.60101318359375,
  "summary_fg_median": 397.7920227050781,
  "summary_fg_n": 33909.0,
  "summary_fg_p05": 215.67521057128906,
  "summary_fg_p95": 768.2816284179687,
  "summary_fg_stdv": 175.4491729736328,
  "tsnr": 74.38577137188986
}