{
  "aor": 0.0021677889447236183,
  "aqi": 0.004451864824120603,
  "bids_meta": {
    "AcquisitionMatrixPE": 70,
    "AcquisitionNumber": 1,
    "AcquisitionTime": "09:55:48.535000",
    "BandwidthPerPixelPhaseEncode": 57.143,
    "BaseResolution": 70,
    "BodyPartExamined": "BRAIN",
    "ConsistencyInfo": "N4_VE11C_LATEST_20160120",
    "ConversionSoftware": "dcm2niix",
    "ConversionSoftwareVersion": "v1.0.20181125  (JP2:OpenJPEG) (JP-LS:CharLS) GCC5.5.0",
    "DerivedVendorReportedEchoSpacing": 0.000499999,
    "DeviceSerialNumber": "167012",
    "DwellTime": 3e-06,
    "EchoTime": 0.03,
    "EchoTrainLength": 35,
    "EffectiveEchoSpacing": 0.000249999,
    "FlipAngle": 90,
    "ImageOrientationPatientDICOM": [
      0.983484,
      0.0308487,
      0.178345,
      -0.0183687,
      0.997292,
      -0.0712097
    ],
    "ImageType": [
      "ORIGINAL",
      "PRIMARY",
      "M",
      "ND",
      "MOSAIC"
    ],
    "ImagingFrequency": 123.254,
    "InPlanePhaseEncodingDirectionDICOM": "COL",
    "InstitutionAddress": "Vassar_Street_43_Cambridge_Boston_US_02139",
    "InstitutionName": "McGovern_Institute_for_Brain_Research_(3T1)",
    "InstitutionalDepartmentName": "Department",
    "MRAcquisitionType": "2D",
    "MagneticFieldStrength": 3,
    "Manufacturer": "Siemens",
    "ManufacturersModelName": "Prisma_fit",
    "Modality": "MR",
    "ParallelReductionFactorInPlane": 2,
    "PartialFourier": 1,
    "PatientPosition": "HFS",
    "PercentPhaseFOV": 100,
    "PhaseEncodingDirection": "j-",
    "PhaseEncodingSteps": 70,
    "PhaseResolution": 1,
    "PixelBandwidth": 2380,
    "ProcedureStepDescription": "Young_Emily",
    "ProtocolName": "FIRSTTHIRD",
    "PulseSequenceDetails": "%SiemensSeq%_ep2d_pace",
    "ReceiveCoilActiveElements": "HEA;HEP",
    "ReceiveCoilName": "Head_32",
    "ReconMatrixPE": 70,
    "RepetitionTime": 2,
    "SAR": 0.123215,
    "ScanOptions": "FS",
    "ScanningSequence": "EP",
    "SequenceName": "_epfid2d1_70",
    "SequenceVariant": "SK",
    "SeriesDescription": "FIRSTTHIRD",
    "SeriesNumber": 15,
    "ShimSetting": [
      -5596,
      -1586,
      3122,
      449,
      43,
      -111,
      2,
      -61
    ],
    "SliceThickness": 3,
    "SliceTiming": [
      0,
      0.055,
      0.11,
      0.165,
      0.22,
      0.275,
      0.33,
      0.385,
      0.44,
      0.495,
      0.55,
      0.605,
      0.66,
      0.715,
      0.77,
      0.825,
      0.88,
      0.935,
      0.99,
      1.045,
      1.1,
      1.155,
      1.21,
      1.265,
      1.32,
      1.375,
      1.43,
      1.485,
      1.54,
      1.595,
      1.65,
      1.705,
      1.76,
      1.815,
      1.87,
      1.925
    ],
    "SoftwareVersions": "syngo_MR_E11",
    "SpacingBetweenSlices": 3.54,
    "StationName": "MRC35115",
    "TaskName": "firstthird",
    "TotalReadoutTime": 0.01725,
    "TxRefAmp": 251.709,
    "dataset": "ds002250",
    "modality": "bold",
    "run_id": 1,
    "subject_id": "01",
    "task_id": "firstthird"
  },
  "dummy_trs": 0,
  "dvars_nstd": 26.949939487272736,
  "dvars_std": 1.1343184367676766,
  "dvars_vstd": 0.9910052845454546,
  "efc": 0.546629105444564,
  "fber": 475.8685607910156,
  "fd_mean": 0.2158308037995089,
  "fd_num": 60,
  "fd_perc": 30.150753768844222,
  "fwhm_avg": 2.8217224397626395,
  "fwhm_x": 2.5098566666666664,
  "fwhm_y": 3.0644066666666667,
  "fwhm_z": 2.890903985954586,
  "gcor": 0.0299352,
  "gsr_x": 0.02850365824997425,
  "gsr_y": 0.030180897563695908,
  "provenance": {
    "md5sum": "f0b055a43984549784bfac55f72b5da5",
    "settings": {
      "fd_thres": 0.2,
      "testing": false
    },
    "software": "mriqc",
    "version": "22.0.6",
    "webapi_port": null,
    "webapi_url": "https://mriqc.nimh.nih.gov/api/v1"
  },
  "size_t": 199,
  "size_x": 70,
  "size_y": 70,
  "size_z": 36,
  "snr": 2.3651636312923974,
  "spacing_tr": 2.0,
  "spacing_x": 3.0,
  "spacing_y": 3.0,
  "spacing_z": 3.5399999618530273,
  "summary_bg_k": 33.023391449044254,
  "summary_bg_mad": 6.489178611204706,
  "summary_bg_mean": 39.33722686767578,
  "summary_bg_median": 18.246231079101562,
  "summary_bg_n": 102813.0,
  "summary_bg_p05": 13.15075397491455,
  "summary_bg_p95": 153.71356811523424,
  "summary_bg_stdv": 62.44010543823242,
  "summary_fg_k": 1.0206944557989015,
  "summary_fg_mad": 165.06803907262682,
  "summary_fg_mean": 437.3479309082031,
  "summary_fg_median": 406.3115539550781,
  "summary_fg_n": 34109.0,
  "summary_fg_p05": 218.59095458984376,
  "summary_fg_p95": 763.1718383789063,
  "summary_fg_stdv": 171.7875213623047,
  "tsnr": 57.16710486158263
}