{
  "bids_meta": {
    "AcquisitionMatrixPE": 256,
    "AcquisitionNumber": 1,
    "AcquisitionTime": "14:34:22.732500",
    "BaseResolution": 256,
    "BodyPartExamined": "BRAIN",
    "ConsistencyInfo": "N4_VE11C_LATEST_20160120",
    "ConversionSoftware": "dcm2niix",
    "ConversionSoftwareVersion": "v1.0.20181125  (JP2:OpenJPEG) (JP-LS:CharLS) GCC5.5.0",
    "DeviceSerialNumber": "167012",
    "DwellTime": 3e-06,
    "EchoTime": 0.00169,
    "FlipAngle": 7,
    "ImageOrientationPatientDICOM": [
      -0.00839457,
      0.94047,
      -0.339774,
      -0.0398667,
      -0.339831,
      -0.939641
    ],
    "ImageType": [
      "ORIGINAL",
      "PRIMARY",
      "OTHER",
      "ND",
      "NORM",
      "MEAN"
    ],
    "ImagingFrequency": 123.254,
    "InPlanePhaseEncodingDirectionDICOM": "ROW",
    "InstitutionAddress": "Vassar_Street_43_Cambridge_Boston_US_02139",
    "InstitutionName": "MIT",
    "InstitutionalDepartmentName": "Department",
    "InversionTime": 1.4,
    "MRAcquisitionType": "3D",
    "MagneticFieldStrength": 3,
    "Manufacturer": "Siemens",
    "ManufacturersModelName": "Prisma_fit",
    "Modality": "MR",
    "PartialFourier": 1,
    "PatientPosition": "HFS",
    "PercentPhaseFOV": 100,
    "PhaseEncodingSteps": 255,
    "PhaseResolution": 1,
    "PixelBandwidth": 650,
    "ProcedureStepDescription": "Young_Emily",
    "ProtocolName": "T1w_MPRAGE_FourEcho_vNav",
    "PulseSequenceDetails": "%CustomerSeq%_tfl_mgh_epinav_ABCD",
    "ReceiveCoilActiveElements": "HEA;HEP",
    "ReceiveCoilName": "Head_32",
    "ReconMatrixPE": 256,
    "RepetitionTime": 2.53,
    "SAR": 0.0603042,
    "ScanOptions": "IR_WE",
    "ScanningSequence": "GR_IR",
    "SequenceName": "tfl3d4_16ns",
    "SequenceVariant": "SK_SP_MP",
    "SeriesDescription": "T1w_MPRAGE_FourEcho_vNav_RMS",
    "SeriesNumber": 10,
    "ShimSetting": [
      -5647,
      -1472,
      3150,
      317,
      -91,
      -157,
      -30,
      -3
    ],
    "SliceThickness": 1,
    "SoftwareVersions": "syngo_MR_E11",
    "StationName": "MRC35115",
    "TxRefAmp": 276.647,
    "WipMemBlock": "Prisma_epi_moco_navigator_ABCD_tfl.prot",
    "dataset": "ds002250",
    "modality": "T1w",
    "run_id": 1,
    "subject_id": "14"
  },
  "cjv": 0.37178608524969275,
  "cnr": 3.5184379099939798,
  "efc": 0.5732652462054765,
  "fber": 7694.924843762682,
  "fwhm_avg": 4.1298699999999995,
  "fwhm_x": 4.25428,
  "fwhm_y": 4.16421,
  "fwhm_z": 3.97112,
  "icvs_csf": 0.1944293047728259,
  "icvs_gm": 0.4273564424475106,
  "icvs_wm": 0.37821425277966353,
  "inu_med": 0.3352730870246887,
  "inu_range": 0.11404699087142944,
  "provenance": {
    "md5sum": "18408c4b9aa234ad4f192e486acb2e88",
    "settings": {
      "testing": false
    },
    "software": "mriqc",
    "version": "22.0.6",
    "warnings": {
      "large_rot_frame": true,
      "small_air_mask": false
    },
    "webapi_port": null,
    "webapi_url": "https://mriqc.nimh.nih.gov/api/v1"
  },
  "qi_1": 0.0,
  "qi_2": 0.001901234250617701,
  "rpve_csf": 27.61204296001329,
  "rpve_gm": 13.20156731712799,
  "rpve_wm": 16.974291669197257,
  "size_x": 176,
  "size_y": 256,
  "size_z": 256,
  "snr_csf": 3.046195941120855,
  "snr_gm": 16.07351380855647,
  "snr_total": 16.137476533034228,
  "snr_wm": 29.29271984942536,
  "snrd_csf": 50.421771856884305,
  "snrd_gm": 121.68862770882082,
  "snrd_total": 108.83082057526074,
  "snrd_wm": 154.38206216007708,
  "spacing_x": 1.0,
  "spacing_y": 1.0,
  "spacing_z": 1.0,
  "summary_bg_k": 6.580166835900734,
  "summary_bg_mad": 4.243604385400416,
  "summary_bg_mean": 5.0302211143086994,
  "summary_bg_median": 2.8622676618397236,
  "summary_bg_n": 2514285.0,
  "summary_bg_p05": 0.0,
  "summary_bg_p95": 19.959546495229006,
  "summary_bg_stdv": 7.2458166673810585,
  "summary_csf_k": 1.3112063112325822,
  "summary_csf_mad": 77.54479746921695,
  "summary_csf_mean": 329.6877467354776,
  "summary_csf_median": 326.6038220003247,
  "summary_csf_n": 31521.0,
  "summary_csf_p05": 120.52055034786463,
  "summary_csf_p95": 512.8611196484417,
  "summary_csf_stdv": 107.21524404146949,
  "summary_gm_k": 0.37158512839495383,
  "summary_gm_mad": 46.22699710496187,
  "summary_gm_mean": 788.1269218610871,
  "summary_gm_median": 788.2303505018353,
  "summary_gm_n": 29071.0,
  "summary_gm_p05": 707.504861545749,
  "summary_gm_p95": 869.1371164098382,
  "summary_gm_stdv": 49.03823786050077,
  "summary_wm_k": 0.45127496956857005,
  "summary_wm_mad": 32.50600959216719,
  "summary_wm_mean": 1000.4389845380042,
  "summary_wm_median": 999.9999939091504,
  "summary_wm_n": 224794.0,
  "summary_wm_p05": 945.3497633524239,
  "summary_wm_p95": 1057.398001421243,
  "summary_wm_stdv": 34.13809898119286,
  "tpm_overlap_csf": 0.16812049511851582,
  "tpm_overlap_gm": 0.4765616992034696,
  "tpm_overlap_wm": 0.5235648651744206,
  "wm2max": 0.9165119537557005
}