{
  "bids_meta": {
    "AcquisitionMatrixPE": 256,
    "AcquisitionNumber": 1,
    "AcquisitionTime": "09:45:35.767500",
    "BaseResolution": 256,
    "BodyPartExamined": "BRAIN",
    "ConsistencyInfo": "N4_VE11C_LATEST_20160120",
    "ConversionSoftware": "dcm2niix",
    "ConversionSoftwareVersion": "v1.0.20181125  (JP2:OpenJPEG) (JP-LS:CharLS) GCC5.5.0",
    "DeviceSerialNumber": "167012",
    "DwellTime": 3e-06,
    "EchoTime": 0.00169,
    "FlipAngle": 7,
    "ImageOrientationPatientDICOM": [
      0.103178,
      0.976256,
      -0.190467,
      0.0657063,
      -0.197761,
      -0.978046
    ],
    "ImageType": [
      "ORIGINAL",
      "PRIMARY",
      "OTHER",
      "ND",
      "NORM",
      "MEAN"
    ],
    "ImagingFrequency": 123.254,
    "InPlanePhaseEncodingDirectionDICOM": "ROW",
    "InstitutionAddress": "Vassar_Street_43_Cambridge_Boston_US_02139",
    "InstitutionName": "MIT",
    "InstitutionalDepartmentName": "Department",
    "InversionTime": 1.4,
    "MRAcquisitionType": "3D",
    "MagneticFieldStrength": 3,
    "Manufacturer": "Siemens",
    "ManufacturersModelName": "Prisma_fit",
    "Modality": "MR",
    "PartialFourier": 1,
    "PatientPosition": "HFS",
    "PercentPhaseFOV": 100,
    "PhaseEncodingSteps": 255,
    "PhaseResolution": 1,
    "PixelBandwidth": 650,
    "ProcedureStepDescription": "Young_Emily",
    "ProtocolName": "T1w_MPRAGE_FourEcho_vNav",
    "PulseSequenceDetails": "%CustomerSeq%_tfl_mgh_epinav_ABCD",
    "ReceiveCoilActiveElements": "HEA;HEP",
    "ReceiveCoilName": "Head_32",
    "ReconMatrixPE": 256,
    "RepetitionTime": 2.53,
    "SAR": 0.0406598,
    "ScanOptions": "IR_WE",
    "ScanningSequence": "GR_IR",
    "SequenceName": "tfl3d4_16ns",
    "SequenceVariant": "SK_SP_MP",
    "SeriesDescription": "T1w_MPRAGE_FourEcho_vNav_RMS",
    "SeriesNumber": 10,
    "ShimSetting": [
      -5604,
      -1525,
      3143,
      336,
      38,
      -80,
      -36,
      -41
    ],
    "SliceThickness": 1,
    "SoftwareVersions": "syngo_MR_E11",
    "StationName": "MRC35115",
    "TxRefAmp": 248.701,
    "WipMemBlock": "Prisma_epi_moco_navigator_ABCD_tfl.prot",
    "dataset": "ds002250",
    "modality": "T1w",
    "run_id": 1,
    "subject_id": "15"
  },
  "cjv": 0.3921487069540606,
  "cnr": 3.390920422628174,
  "efc": 0.5796292321833546,
  "fber": 19136.961094947863,
  "fwhm_avg": 3.8031866666666665,
  "fwhm_x": 3.91411,
  "fwhm_y": 3.80456,
  "fwhm_z": 3.69089,
  "icvs_csf": 0.18392692143290437,
  "icvs_gm": 0.4555379278394582,
  "icvs_wm": 0.3605351507276374,
  "inu_med": 0.3608361780643463,
  "inu_range": 0.11457568407058716,
  "provenance": {
    "md5sum": "dbd8dcdfd6f38f80668ae752d9458027",
    "settings": {
      "testing": false
    },
    "software": "mriqc",
    "version": "22.0.6",
    "warnings": {
      "large_rot_frame": true,
      "small_air_mask": false
    },
    "webapi_port": null,
    "webapi_url": "https://mriqc.nimh.nih.gov/api/v1"
  },
  "qi_1": 0.0,
  "qi_2": 0.002467579412542648,
  "rpve_csf": 29.537300097585593,
  "rpve_gm": 12.887161887099692,
  "rpve_wm": 17.852530921714852,
  "size_x": 176,
  "size_y": 256,
  "size_z": 256,
  "snr_csf": 2.4419407554038117,
  "snr_gm": 15.467083328375312,
  "snr_total": 15.613258859457106,
  "snr_wm": 28.930752494592195,
  "snrd_csf": 52.870162783771015,
  "snrd_gm": 126.6137239704186,
  "snrd_total": 113.25021360090511,
  "snrd_wm": 160.26675404852574,
  "spacing_x": 1.0,
  "spacing_y": 1.0,
  "spacing_z": 1.0,
  "summary_bg_k": 7.270211839570139,
  "summary_bg_mad": 4.087868469864124,
  "summary_bg_mean": 3.875856711325379,
  "summary_bg_median": 2.7572253830730915,
  "summary_bg_n": 2431709.0,
  "summary_bg_p05": 0.0,
  "summary_bg_p95": 14.87711537629366,
  "summary_bg_stdv": 5.574949956943998,
  "summary_csf_k": 0.4112184596398296,
  "summary_csf_mad": 107.93149125468585,
  "summary_csf_mean": 321.07768848062904,
  "summary_csf_median": 329.89507443085313,
  "summary_csf_n": 32482.0,
  "summary_csf_p05": 80.27691457048059,
  "summary_csf_p95": 542.6973327733576,
  "summary_csf_stdv": 135.09336602061862,
  "summary_gm_k": 0.04046329335623655,
  "summary_gm_mad": 50.554287048175745,
  "summary_gm_mean": 789.4094532190119,
  "summary_gm_median": 790.0343349426985,
  "summary_gm_n": 32846.0,
  "summary_gm_p05": 704.3024780675769,
  "summary_gm_p95": 873.0535977808759,
  "summary_gm_stdv": 51.077652569550736,
  "summary_wm_k": 1.0521877622448983,
  "summary_wm_mad": 31.791264862756243,
  "summary_wm_mean": 1000.9217574836365,
  "summary_wm_median": 1000.0198594406247,
  "summary_wm_n": 178844.0,
  "summary_wm_p05": 946.4225717782974,
  "summary_wm_p95": 1058.6128824463115,
  "summary_wm_stdv": 34.565884998515905,
  "tpm_overlap_csf": 0.1517044735056633,
  "tpm_overlap_gm": 0.4573479211770344,
  "tpm_overlap_wm": 0.47374914394372153,
  "wm2max": 0.9004912030008038
}