{
  "aor": 0.025019200000000002,
  "aqi": 0.00966461872,
  "bids_meta": {
    "AcquisitionMatrixPE": 70,
    "AcquisitionNumber": 1,
    "AcquisitionTime": "16:57:41.502500",
    "BandwidthPerPixelPhaseEncode": 57.143,
    "BaseResolution": 70,
    "BodyPartExamined": "BRAIN",
    "ConsistencyInfo": "N4_VE11C_LATEST_20160120",
    "ConversionSoftware": "dcm2niix",
    "ConversionSoftwareVersion": "v1.0.20181125  (JP2:OpenJPEG) (JP-LS:CharLS) GCC5.5.0",
    "DerivedVendorReportedEchoSpacing": 0.000499999,
    "DeviceSerialNumber": "167012",
    "DwellTime": 3e-06,
    "EchoTime": 0.03,
    "EchoTrainLength": 35,
    "EffectiveEchoSpacing": 0.000249999,
    "FlipAngle": 90,
    "ImageOrientationPatientDICOM": [
      0.994902,
      -0.0552867,
      0.084346,
      0.0774269,
      0.954631,
      -0.28755
    ],
    "ImageType": [
      "ORIGINAL",
      "PRIMARY",
      "M",
      "ND",
      "MOSAIC"
    ],
    "ImagingFrequency": 123.253,
    "InPlanePhaseEncodingDirectionDICOM": "COL",
    "InstitutionAddress": "Vassar_Street_43_Cambridge_Boston_US_02139",
    "InstitutionName": "McGovern_Institute_for_Brain_Research_(3T1)",
    "InstitutionalDepartmentName": "Department",
    "MRAcquisitionType": "2D",
    "MagneticFieldStrength": 3,
    "Manufacturer": "Siemens",
    "ManufacturersModelName": "Prisma_fit",
    "Modality": "MR",
    "ParallelReductionFactorInPlane": 2,
    "PartialFourier": 1,
    "PatientPosition": "HFS",
    "PercentPhaseFOV": 100,
    "PhaseEncodingDirection": "j-",
    "PhaseEncodingSteps": 70,
    "PhaseResolution": 1,
    "PixelBandwidth": 2380,
    "ProcedureStepDescription": "Young_Emily",
    "ProtocolName": "so_localizer",
    "PulseSequenceDetails": "%SiemensSeq%_ep2d_pace",
    "ReceiveCoilActiveElements": "HEA;HEP",
    "ReceiveCoilName": "Head_32",
    "ReconMatrixPE": 70,
    "RepetitionTime": 2,
    "SAR": 0.14171,
    "ScanOptions": "FS",
    "ScanningSequence": "EP",
    "SequenceName": "_epfid2d1_70",
    "SequenceVariant": "SK",
    "SeriesDescription": "so_localizer",
    "SeriesNumber": 33,
    "ShimSetting": [
      -5602,
      -1468,
      3147,
      363,
      86,
      174,
      -78,
      -8
    ],
    "SliceThickness": 3,
    "SliceTiming": [
      0,
      0.055,
      0.11,
      0.165,
      0.22,
      0.275,
      0.33,
      0.385,
      0.44,
      0.495,
      0.55,
      0.605,
      0.66,
      0.715,
      0.77,
      0.825,
      0.88,
      0.935,
      0.99,
      1.045,
      1.1,
      1.155,
      1.21,
      1.265,
      1.32,
      1.375,
      1.43,
      1.485,
      1.54,
      1.595,
      1.65,
      1.705,
      1.76,
      1.815,
      1.87,
      1.925
    ],
    "SoftwareVersions": "syngo_MR_E11",
    "SpacingBetweenSlices": 3.54,
    "StationName": "MRC35115",
    "TaskName": "so",
    "TotalReadoutTime": 0.01725,
    "TxRefAmp": 278.094,
    "dataset": "ds002250",
    "modality": "bold",
    "run_id": 4,
    "subject_id": "04",
    "task_id": "so"
  },
  "dummy_trs": 0,
  "dvars_nstd": 47.02357289129033,
  "dvars_std": 1.331313243870968,
  "dvars_vstd": 1.156137629032258,
  "efc": 0.5679813188113074,
  "fber": 357.0685729980469,
  "fd_mean": 0.7136312871111653,
  "fd_num": 47,
  "fd_perc": 37.6,
  "fwhm_avg": 2.87303994451815,
  "fwhm_x": 2.6104435407927467,
  "fwhm_y": 3.058393576392617,
  "fwhm_z": 2.9502827163690872,
  "gcor": 0.0512559,
  "gsr_x": -0.008771154098212719,
  "gsr_y": 0.07521460950374603,
  "provenance": {
    "md5sum": "91c74b7d31e7308f57ff79e4607ed21f",
    "settings": {
      "fd_thres": 0.2,
      "testing": false
    },
    "software": "mriqc",
    "version": "22.0.6",
    "webapi_port": null,
    "webapi_url": "https://mriqc.nimh.nih.gov/api/v1"
  },
  "size_t": 125,
  "size_x": 70,
  "size_y": 70,
  "size_z": 36,
  "snr": 2.321199146515989,
  "spacing_tr": 2.0,
  "spacing_x": 2.999999761581421,
  "spacing_y": 2.999999761581421,
  "spacing_z": 3.5399997234344482,
  "summary_bg_k": 32.01274687971121,
  "summary_bg_mad": 8.397459723476665,
  "summary_bg_mean": 45.52782440185547,
  "summary_bg_median": 19.904001235961914,
  "summary_bg_n": 99780.0,
  "summary_bg_p05": 13.72800064086914,
  "summary_bg_p95": 179.49800262451126,
  "summary_bg_stdv": 70.41523742675781,
  "summary_fg_k": 1.0962690162555715,
  "summary_fg_mad": 163.45393101464106,
  "summary_fg_mean": 435.3146667480469,
  "summary_fg_median": 400.2760009765625,
  "summary_fg_n": 34758.0,
  "summary_fg_p05": 213.31520767211916,
  "summary_fg_p95": 755.1392120361332,
  "summary_fg_stdv": 172.44114685058594,
  "tsnr": 32.6898466385901
}