{
  "aor": 0.002606985294117647,
  "aqi": 0.0024272172794117643,
  "bids_meta": {
    "AcquisitionMatrixPE": 70,
    "AcquisitionNumber": 1,
    "AcquisitionTime": "15:43:21.420000",
    "BandwidthPerPixelPhaseEncode": 57.143,
    "BaseResolution": 70,
    "BodyPartExamined": "BRAIN",
    "ConsistencyInfo": "N4_VE11C_LATEST_20160120",
    "ConversionSoftware": "dcm2niix",
    "ConversionSoftwareVersion": "v1.0.20181125  (JP2:OpenJPEG) (JP-LS:CharLS) GCC5.5.0",
    "DerivedVendorReportedEchoSpacing": 0.000499999,
    "DeviceSerialNumber": "167012",
    "DwellTime": 3e-06,
    "EchoTime": 0.03,
    "EchoTrainLength": 35,
    "EffectiveEchoSpacing": 0.000249999,
    "FlipAngle": 90,
    "ImageOrientationPatientDICOM": [
      0.994902,
      -0.0552867,
      0.084346,
      0.0774269,
      0.954631,
      -0.28755
    ],
    "ImageType": [
      "ORIGINAL",
      "PRIMARY",
      "M",
      "ND",
      "MOSAIC"
    ],
    "ImagingFrequency": 123.253,
    "InPlanePhaseEncodingDirectionDICOM": "COL",
    "InstitutionAddress": "Vassar_Street_43_Cambridge_Boston_US_02139",
    "InstitutionName": "McGovern_Institute_for_Brain_Research_(3T1)",
    "InstitutionalDepartmentName": "Department",
    "MRAcquisitionType": "2D",
    "MagneticFieldStrength": 3,
    "Manufacturer": "Siemens",
    "ManufacturersModelName": "Prisma_fit",
    "Modality": "MR",
    "ParallelReductionFactorInPlane": 2,
    "PartialFourier": 1,
    "PatientPosition": "HFS",
    "PercentPhaseFOV": 100,
    "PhaseEncodingDirection": "j-",
    "PhaseEncodingSteps": 70,
    "PhaseResolution": 1,
    "PixelBandwidth": 2380,
    "ProcedureStepDescription": "Young_Emily",
    "ProtocolName": "tom_localizer",
    "PulseSequenceDetails": "%SiemensSeq%_ep2d_pace",
    "ReceiveCoilActiveElements": "HEA;HEP",
    "ReceiveCoilName": "Head_32",
    "ReconMatrixPE": 70,
    "RepetitionTime": 2,
    "SAR": 0.141775,
    "ScanOptions": "FS",
    "ScanningSequence": "EP",
    "SequenceName": "_epfid2d1_70",
    "SequenceVariant": "SK",
    "SeriesDescription": "tom_localizer",
    "SeriesNumber": 11,
    "ShimSetting": [
      -5602,
      -1468,
      3147,
      363,
      86,
      174,
      -78,
      -8
    ],
    "SliceThickness": 3,
    "SliceTiming": [
      0,
      0.055,
      0.11,
      0.165,
      0.22,
      0.275,
      0.33,
      0.385,
      0.44,
      0.495,
      0.55,
      0.605,
      0.66,
      0.715,
      0.77,
      0.825,
      0.88,
      0.935,
      0.99,
      1.045,
      1.1,
      1.155,
      1.21,
      1.265,
      1.32,
      1.375,
      1.43,
      1.485,
      1.54,
      1.595,
      1.65,
      1.705,
      1.76,
      1.815,
      1.87,
      1.925
    ],
    "SoftwareVersions": "syngo_MR_E11",
    "SpacingBetweenSlices": 3.54,
    "StationName": "MRC35115",
    "TaskName": "tom",
    "TotalReadoutTime": 0.01725,
    "TxRefAmp": 278.094,
    "dataset": "ds002250",
    "modality": "bold",
    "run_id": 1,
    "subject_id": "04",
    "task_id": "tom"
  },
  "dummy_trs": 0,
  "dvars_nstd": 25.22728405688889,
  "dvars_std": 1.1434523327407409,
  "dvars_vstd": 1.012907731777778,
  "efc": 0.5615886321644898,
  "fber": 433.2259216308594,
  "fd_mean": 0.12716209170572315,
  "fd_num": 5,
  "fd_perc": 3.676470588235294,
  "fwhm_avg": 2.6899698547336857,
  "fwhm_x": 2.4687468628650397,
  "fwhm_y": 2.860693560680831,
  "fwhm_z": 2.740469140655186,
  "gcor": 0.0325764,
  "gsr_x": -0.0013626363361254334,
  "gsr_y": 0.06671667098999023,
  "provenance": {
    "md5sum": "fa3935e70324b10865687427ac78dcb2",
    "settings": {
      "fd_thres": 0.2,
      "testing": false
    },
    "software": "mriqc",
    "version": "22.0.6",
    "webapi_port": null,
    "webapi_url": "https://mriqc.nimh.nih.gov/api/v1"
  },
  "size_t": 136,
  "size_x": 70,
  "size_y": 70,
  "size_z": 36,
  "snr": 2.4130954101914788,
  "spacing_tr": 2.0,
  "spacing_x": 2.999999761581421,
  "spacing_y": 2.999999761581421,
  "spacing_z": 3.5399997234344482,
  "summary_bg_k": 42.97543262814853,
  "summary_bg_mad": 5.570659639953295,
  "summary_bg_mean": 38.48221206665039,
  "summary_bg_median": 17.15441131591797,
  "summary_bg_n": 100365.0,
  "summary_bg_p05": 12.977941513061523,
  "summary_bg_p95": 151.2999999999995,
  "summary_bg_stdv": 60.307228088378906,
  "summary_fg_k": 1.2845642108157458,
  "summary_fg_mad": 143.61618576933358,
  "summary_fg_mean": 395.90911865234375,
  "summary_fg_median": 367.5367736816406,
  "summary_fg_n": 35248.0,
  "summary_fg_p05": 198.79668731689452,
  "summary_fg_p95": 678.5511047363282,
  "summary_fg_stdv": 152.30709838867188,
  "tsnr": 64.30990130687132
}