{
  "aor": 0.025331407035175883,
  "aqi": 0.014405338190954773,
  "bids_meta": {
    "AcquisitionMatrixPE": 70,
    "AcquisitionNumber": 1,
    "AcquisitionTime": "16:17:56.755000",
    "BandwidthPerPixelPhaseEncode": 57.143,
    "BaseResolution": 70,
    "BodyPartExamined": "BRAIN",
    "ConsistencyInfo": "N4_VE11C_LATEST_20160120",
    "ConversionSoftware": "dcm2niix",
    "ConversionSoftwareVersion": "v1.0.20181125  (JP2:OpenJPEG) (JP-LS:CharLS) GCC5.5.0",
    "DerivedVendorReportedEchoSpacing": 0.000499999,
    "DeviceSerialNumber": "167012",
    "DwellTime": 3e-06,
    "EchoTime": 0.03,
    "EchoTrainLength": 35,
    "EffectiveEchoSpacing": 0.000249999,
    "FlipAngle": 90,
    "ImageOrientationPatientDICOM": [
      0.994902,
      -0.0552867,
      0.084346,
      0.0774269,
      0.954631,
      -0.28755
    ],
    "ImageType": [
      "ORIGINAL",
      "PRIMARY",
      "M",
      "ND",
      "MOSAIC"
    ],
    "ImagingFrequency": 123.253,
    "InPlanePhaseEncodingDirectionDICOM": "COL",
    "InstitutionAddress": "Vassar_Street_43_Cambridge_Boston_US_02139",
    "InstitutionName": "McGovern_Institute_for_Brain_Research_(3T1)",
    "InstitutionalDepartmentName": "Department",
    "MRAcquisitionType": "2D",
    "MagneticFieldStrength": 3,
    "Manufacturer": "Siemens",
    "ManufacturersModelName": "Prisma_fit",
    "Modality": "MR",
    "ParallelReductionFactorInPlane": 2,
    "PartialFourier": 1,
    "PatientPosition": "HFS",
    "PercentPhaseFOV": 100,
    "PhaseEncodingDirection": "j-",
    "PhaseEncodingSteps": 70,
    "PhaseResolution": 1,
    "PixelBandwidth": 2380,
    "ProcedureStepDescription": "Young_Emily",
    "ProtocolName": "FIRSTTHIRD",
    "PulseSequenceDetails": "%SiemensSeq%_ep2d_pace",
    "ReceiveCoilActiveElements": "HEA;HEP",
    "ReceiveCoilName": "Head_32",
    "ReconMatrixPE": 70,
    "RepetitionTime": 2,
    "SAR": 0.142015,
    "ScanOptions": "FS",
    "ScanningSequence": "EP",
    "SequenceName": "_epfid2d1_70",
    "SequenceVariant": "SK",
    "SeriesDescription": "FIRSTTHIRD",
    "SeriesNumber": 21,
    "ShimSetting": [
      -5602,
      -1468,
      3147,
      363,
      86,
      174,
      -78,
      -8
    ],
    "SliceThickness": 3,
    "SliceTiming": [
      0,
      0.055,
      0.11,
      0.165,
      0.22,
      0.275,
      0.33,
      0.385,
      0.44,
      0.495,
      0.55,
      0.605,
      0.66,
      0.715,
      0.77,
      0.825,
      0.88,
      0.935,
      0.99,
      1.045,
      1.1,
      1.155,
      1.21,
      1.265,
      1.32,
      1.375,
      1.43,
      1.485,
      1.54,
      1.595,
      1.65,
      1.705,
      1.76,
      1.815,
      1.87,
      1.925
    ],
    "SoftwareVersions": "syngo_MR_E11",
    "SpacingBetweenSlices": 3.54,
    "StationName": "MRC35115",
    "TaskName": "firstthird",
    "TotalReadoutTime": 0.01725,
    "TxRefAmp": 278.094,
    "dataset": "ds002250",
    "modality": "bold",
    "run_id": 4,
    "subject_id": "04",
    "task_id": "firstthird"
  },
  "dummy_trs": 0,
  "dvars_nstd": 61.79083765373733,
  "dvars_std": 1.3766984206565664,
  "dvars_vstd": 1.158048995757576,
  "efc": 0.5688841525740882,
  "fber": 361.40380859375,
  "fd_mean": 1.1227291940691793,
  "fd_num": 115,
  "fd_perc": 57.78894472361809,
  "fwhm_avg": 2.7841465476664076,
  "fwhm_x": 2.54294020209473,
  "fwhm_y": 2.9558269015746834,
  "fwhm_z": 2.853672539329808,
  "gcor": 0.0595445,
  "gsr_x": -0.007368975318968296,
  "gsr_y": 0.07040123641490936,
  "provenance": {
    "md5sum": "6cee427e7ef695aac928b99231231a5b",
    "settings": {
      "fd_thres": 0.2,
      "testing": false
    },
    "software": "mriqc",
    "version": "22.0.6",
    "webapi_port": null,
    "webapi_url": "https://mriqc.nimh.nih.gov/api/v1"
  },
  "size_t": 199,
  "size_x": 70,
  "size_y": 70,
  "size_z": 36,
  "snr": 2.3951710294607818,
  "spacing_tr": 2.0,
  "spacing_x": 2.999999761581421,
  "spacing_y": 2.999999761581421,
  "spacing_z": 3.5399997234344482,
  "summary_bg_k": 37.28198454052381,
  "summary_bg_mad": 7.37575855131882,
  "summary_bg_mean": 41.19031524658203,
  "summary_bg_median": 18.814069747924805,
  "summary_bg_n": 99524.0,
  "summary_bg_p05": 13.281407356262207,
  "summary_bg_p95": 159.50577392578086,
  "summary_bg_stdv": 62.83605194091797,
  "summary_fg_k": 1.0081655355114938,
  "summary_fg_mad": 149.06857668563774,
  "summary_fg_mean": 405.34503173828125,
  "summary_fg_median": 375.542724609375,
  "summary_fg_n": 35184.0,
  "summary_fg_p05": 201.67135162353514,
  "summary_fg_p95": 696.5608093261718,
  "summary_fg_stdv": 156.7893829345703,
  "tsnr": 26.206466707983054
}