{
  "aor": 0.0029672864321608036,
  "aqi": 0.005936264120603015,
  "bids_meta": {
    "AcquisitionMatrixPE": 70,
    "AcquisitionNumber": 1,
    "AcquisitionTime": "12:54:12.017500",
    "BandwidthPerPixelPhaseEncode": 57.143,
    "BaseResolution": 70,
    "BodyPartExamined": "BRAIN",
    "ConsistencyInfo": "N4_VE11C_LATEST_20160120",
    "ConversionSoftware": "dcm2niix",
    "ConversionSoftwareVersion": "v1.0.20181125  (JP2:OpenJPEG) (JP-LS:CharLS) GCC5.5.0",
    "DerivedVendorReportedEchoSpacing": 0.000499999,
    "DeviceSerialNumber": "167012",
    "DwellTime": 3e-06,
    "EchoTime": 0.03,
    "EchoTrainLength": 35,
    "EffectiveEchoSpacing": 0.000249999,
    "FlipAngle": 90,
    "ImageOrientationPatientDICOM": [
      0.998248,
      0.00686555,
      0.0587685,
      -0.00435575,
      0.999077,
      -0.0427286
    ],
    "ImageType": [
      "ORIGINAL",
      "PRIMARY",
      "M",
      "ND",
      "MOSAIC"
    ],
    "ImagingFrequency": 123.254,
    "InPlanePhaseEncodingDirectionDICOM": "COL",
    "InstitutionAddress": "Vassar_Street_43_Cambridge_Boston_US_02139",
    "InstitutionName": "MIT",
    "InstitutionalDepartmentName": "Department",
    "MRAcquisitionType": "2D",
    "MagneticFieldStrength": 3,
    "Manufacturer": "Siemens",
    "ManufacturersModelName": "Prisma_fit",
    "Modality": "MR",
    "ParallelReductionFactorInPlane": 2,
    "PartialFourier": 1,
    "PatientPosition": "HFS",
    "PercentPhaseFOV": 100,
    "PhaseEncodingDirection": "j-",
    "PhaseEncodingSteps": 70,
    "PhaseResolution": 1,
    "PixelBandwidth": 2380,
    "ProcedureStepDescription": "Young_Emily",
    "ProtocolName": "FIRSTTHIRD",
    "PulseSequenceDetails": "%SiemensSeq%_ep2d_pace",
    "ReceiveCoilActiveElements": "HEA;HEP",
    "ReceiveCoilName": "Head_32",
    "ReconMatrixPE": 70,
    "RepetitionTime": 2,
    "SAR": 0.153255,
    "ScanOptions": "FS",
    "ScanningSequence": "EP",
    "SequenceName": "_epfid2d1_70",
    "SequenceVariant": "SK",
    "SeriesDescription": "FIRSTTHIRD",
    "SeriesNumber": 23,
    "ShimSetting": [
      -5610,
      -1511,
      3147,
      406,
      86,
      193,
      -148,
      -14
    ],
    "SliceThickness": 3,
    "SliceTiming": [
      0,
      0.055,
      0.11,
      0.165,
      0.22,
      0.275,
      0.33,
      0.385,
      0.44,
      0.495,
      0.55,
      0.605,
      0.66,
      0.715,
      0.77,
      0.825,
      0.88,
      0.935,
      0.99,
      1.045,
      1.1,
      1.155,
      1.21,
      1.265,
      1.32,
      1.375,
      1.43,
      1.485,
      1.54,
      1.595,
      1.65,
      1.705,
      1.76,
      1.815,
      1.87,
      1.925
    ],
    "SoftwareVersions": "syngo_MR_E11",
    "SpacingBetweenSlices": 3.54,
    "StationName": "MRC35115",
    "TaskName": "firstthird",
    "TotalReadoutTime": 0.01725,
    "TxRefAmp": 277.051,
    "dataset": "ds002250",
    "modality": "bold",
    "run_id": 3,
    "subject_id": "13",
    "task_id": "firstthird"
  },
  "dummy_trs": 0,
  "dvars_nstd": 48.179281167121225,
  "dvars_std": 1.2246230198989896,
  "dvars_vstd": 1.0232404984343437,
  "efc": 0.5712279692657182,
  "fber": 374.2011413574219,
  "fd_mean": 0.49033473394104704,
  "fd_num": 163,
  "fd_perc": 81.90954773869346,
  "fwhm_avg": 2.6325122696592884,
  "fwhm_x": 2.33748,
  "fwhm_y": 2.8394833333333334,
  "fwhm_z": 2.7205734756445317,
  "gcor": 0.0280056,
  "gsr_x": 0.007947651669383049,
  "gsr_y": 0.0479726567864418,
  "provenance": {
    "md5sum": "866c2a014f7c0a2feecdc710375e1c0d",
    "settings": {
      "fd_thres": 0.2,
      "testing": false
    },
    "software": "mriqc",
    "version": "22.0.6",
    "webapi_port": null,
    "webapi_url": "https://mriqc.nimh.nih.gov/api/v1"
  },
  "size_t": 199,
  "size_x": 70,
  "size_y": 70,
  "size_z": 36,
  "snr": 2.3988901172334787,
  "spacing_tr": 2.0,
  "spacing_x": 3.0,
  "spacing_y": 3.0,
  "spacing_z": 3.5399999618530273,
  "summary_bg_k": 26.73805715990194,
  "summary_bg_mad": 5.513193703324263,
  "summary_bg_mean": 35.40404510498047,
  "summary_bg_median": 16.65829086303711,
  "summary_bg_n": 98733.0,
  "summary_bg_p05": 12.47236156463623,
  "summary_bg_p95": 137.2401977539062,
  "summary_bg_stdv": 51.37862014770508,
  "summary_fg_k": 0.6132635087311065,
  "summary_fg_mad": 128.92307203205772,
  "summary_fg_mean": 356.22686767578125,
  "summary_fg_median": 329.23114013671875,
  "summary_fg_n": 37648.0,
  "summary_fg_p05": 182.2379379272461,
  "summary_fg_p95": 620.0517730712891,
  "summary_fg_stdv": 137.2412872314453,
  "tsnr": 44.54334285110235
}