{
  "aor": 0.0029397794117647057,
  "aqi": 0.00405393169117647,
  "bids_meta": {
    "AcquisitionMatrixPE": 70,
    "AcquisitionNumber": 1,
    "AcquisitionTime": "13:25:5.990000",
    "BandwidthPerPixelPhaseEncode": 57.143,
    "BaseResolution": 70,
    "BodyPartExamined": "BRAIN",
    "ConsistencyInfo": "N4_VE11C_LATEST_20160120",
    "ConversionSoftware": "dcm2niix",
    "ConversionSoftwareVersion": "v1.0.20181125  (JP2:OpenJPEG) (JP-LS:CharLS) GCC5.5.0",
    "DerivedVendorReportedEchoSpacing": 0.000499999,
    "DeviceSerialNumber": "167012",
    "DwellTime": 3e-06,
    "EchoTime": 0.03,
    "EchoTrainLength": 35,
    "EffectiveEchoSpacing": 0.000249999,
    "FlipAngle": 90,
    "ImageOrientationPatientDICOM": [
      0.998248,
      0.00686555,
      0.0587685,
      -0.00435575,
      0.999077,
      -0.0427286
    ],
    "ImageType": [
      "ORIGINAL",
      "PRIMARY",
      "M",
      "ND",
      "MOSAIC"
    ],
    "ImagingFrequency": 123.254,
    "InPlanePhaseEncodingDirectionDICOM": "COL",
    "InstitutionAddress": "Vassar_Street_43_Cambridge_Boston_US_02139",
    "InstitutionName": "MIT",
    "InstitutionalDepartmentName": "Department",
    "MRAcquisitionType": "2D",
    "MagneticFieldStrength": 3,
    "Manufacturer": "Siemens",
    "ManufacturersModelName": "Prisma_fit",
    "Modality": "MR",
    "ParallelReductionFactorInPlane": 2,
    "PartialFourier": 1,
    "PatientPosition": "HFS",
    "PercentPhaseFOV": 100,
    "PhaseEncodingDirection": "j-",
    "PhaseEncodingSteps": 70,
    "PhaseResolution": 1,
    "PixelBandwidth": 2380,
    "ProcedureStepDescription": "Young_Emily",
    "ProtocolName": "tom_localizer",
    "PulseSequenceDetails": "%SiemensSeq%_ep2d_pace",
    "ReceiveCoilActiveElements": "HEA;HEP",
    "ReceiveCoilName": "Head_32",
    "ReconMatrixPE": 70,
    "RepetitionTime": 2,
    "SAR": 0.152997,
    "ScanOptions": "FS",
    "ScanningSequence": "EP",
    "SequenceName": "_epfid2d1_70",
    "SequenceVariant": "SK",
    "SeriesDescription": "tom_localizer",
    "SeriesNumber": 31,
    "ShimSetting": [
      -5610,
      -1511,
      3147,
      406,
      86,
      193,
      -148,
      -14
    ],
    "SliceThickness": 3,
    "SliceTiming": [
      0,
      0.055,
      0.11,
      0.165,
      0.22,
      0.275,
      0.33,
      0.385,
      0.44,
      0.495,
      0.55,
      0.605,
      0.66,
      0.715,
      0.77,
      0.825,
      0.88,
      0.935,
      0.99,
      1.045,
      1.1,
      1.155,
      1.21,
      1.265,
      1.32,
      1.375,
      1.43,
      1.485,
      1.54,
      1.595,
      1.65,
      1.705,
      1.76,
      1.815,
      1.87,
      1.925
    ],
    "SoftwareVersions": "syngo_MR_E11",
    "SpacingBetweenSlices": 3.54,
    "StationName": "MRC35115",
    "TaskName": "tom",
    "TotalReadoutTime": 0.01725,
    "TxRefAmp": 277.051,
    "dataset": "ds002250",
    "modality": "bold",
    "run_id": 1,
    "subject_id": "13",
    "task_id": "tom"
  },
  "dummy_trs": 0,
  "dvars_nstd": 35.981029693851866,
  "dvars_std": 1.1742748999259254,
  "dvars_vstd": 1.0142219587407404,
  "efc": 0.5743683756787591,
  "fber": 364.2607421875,
  "fd_mean": 0.25858140812316566,
  "fd_num": 51,
  "fd_perc": 37.5,
  "fwhm_avg": 2.6152735502685,
  "fwhm_x": 2.3146366666666665,
  "fwhm_y": 2.80878,
  "fwhm_z": 2.7224039841388334,
  "gcor": 0.0194346,
  "gsr_x": 0.006001235917210579,
  "gsr_y": 0.05105460435152054,
  "provenance": {
    "md5sum": "59d6f1d1cde64039d028646f0975f6ce",
    "settings": {
      "fd_thres": 0.2,
      "testing": false
    },
    "software": "mriqc",
    "version": "22.0.6",
    "webapi_port": null,
    "webapi_url": "https://mriqc.nimh.nih.gov/api/v1"
  },
  "size_t": 136,
  "size_x": 70,
  "size_y": 70,
  "size_z": 36,
  "snr": 2.387084382747799,
  "spacing_tr": 2.0,
  "spacing_x": 3.0,
  "spacing_y": 3.0,
  "spacing_z": 3.5399999618530273,
  "summary_bg_k": 26.908099055676022,
  "summary_bg_mad": 5.7559849172664945,
  "summary_bg_mean": 36.59287643432617,
  "summary_bg_median": 16.889705657958984,
  "summary_bg_n": 98228.0,
  "summary_bg_p05": 12.536765098571777,
  "summary_bg_p95": 142.39449005126949,
  "summary_bg_stdv": 53.923126220703125,
  "summary_fg_k": 0.6899747578808273,
  "summary_fg_mad": 129.49877487105508,
  "summary_fg_mean": 357.0719299316406,
  "summary_fg_median": 330.3161926269531,
  "summary_fg_n": 38071.0,
  "summary_fg_p05": 181.7242660522461,
  "summary_fg_p95": 622.5330810546875,
  "summary_fg_stdv": 138.37460327148438,
  "tsnr": 53.8470611628145
}