{
  "aor": 0.0014150251256281408,
  "aqi": 0.0026230863316582917,
  "bids_meta": {
    "AcquisitionMatrixPE": 70,
    "AcquisitionNumber": 1,
    "AcquisitionTime": "12:12:22.042500",
    "BandwidthPerPixelPhaseEncode": 57.143,
    "BaseResolution": 70,
    "BodyPartExamined": "BRAIN",
    "ConsistencyInfo": "N4_VE11C_LATEST_20160120",
    "ConversionSoftware": "dcm2niix",
    "ConversionSoftwareVersion": "v1.0.20181125  (JP2:OpenJPEG) (JP-LS:CharLS) GCC5.5.0",
    "DerivedVendorReportedEchoSpacing": 0.000499999,
    "DeviceSerialNumber": "167012",
    "DwellTime": 3e-06,
    "EchoTime": 0.03,
    "EchoTrainLength": 35,
    "EffectiveEchoSpacing": 0.000249999,
    "FlipAngle": 90,
    "ImageOrientationPatientDICOM": [
      0.999506,
      0.0236659,
      -0.0206906,
      -0.0272205,
      0.9808,
      -0.193106
    ],
    "ImageType": [
      "ORIGINAL",
      "PRIMARY",
      "M",
      "ND",
      "MOSAIC"
    ],
    "ImagingFrequency": 123.253,
    "InPlanePhaseEncodingDirectionDICOM": "COL",
    "InstitutionAddress": "Vassar_Street_43_Cambridge_Boston_US_02139",
    "InstitutionName": "McGovern_Institute_for_Brain_Research_(3T1)",
    "InstitutionalDepartmentName": "Department",
    "MRAcquisitionType": "2D",
    "MagneticFieldStrength": 3,
    "Manufacturer": "Siemens",
    "ManufacturersModelName": "Prisma_fit",
    "Modality": "MR",
    "ParallelReductionFactorInPlane": 2,
    "PartialFourier": 1,
    "PatientPosition": "HFS",
    "PercentPhaseFOV": 100,
    "PhaseEncodingDirection": "j-",
    "PhaseEncodingSteps": 70,
    "PhaseResolution": 1,
    "PixelBandwidth": 2380,
    "ProcedureStepDescription": "Young_Emily",
    "ProtocolName": "FIRSTTHIRD",
    "PulseSequenceDetails": "%SiemensSeq%_ep2d_pace",
    "ReceiveCoilActiveElements": "HEA;HEP",
    "ReceiveCoilName": "Head_32",
    "ReconMatrixPE": 70,
    "RepetitionTime": 2,
    "SAR": 0.113679,
    "ScanOptions": "FS",
    "ScanningSequence": "EP",
    "SequenceName": "_epfid2d1_70",
    "SequenceVariant": "SK",
    "SeriesDescription": "FIRSTTHIRD",
    "SeriesNumber": 19,
    "ShimSetting": [
      -5609,
      -1462,
      3185,
      451,
      -89,
      113,
      -57,
      12
    ],
    "SliceThickness": 3,
    "SliceTiming": [
      0,
      0.055,
      0.11,
      0.165,
      0.22,
      0.275,
      0.33,
      0.385,
      0.44,
      0.495,
      0.5475,
      0.6025,
      0.6575,
      0.7125,
      0.7675,
      0.8225,
      0.8775,
      0.9325,
      0.9875,
      1.0425,
      1.0975,
      1.1525,
      1.2075,
      1.2625,
      1.3175,
      1.3725,
      1.4275,
      1.4825,
      1.5375,
      1.5925,
      1.6475,
      1.7025,
      1.7575,
      1.8125,
      1.8675,
      1.9225
    ],
    "SoftwareVersions": "syngo_MR_E11",
    "SpacingBetweenSlices": 3.54,
    "StationName": "MRC35115",
    "TaskName": "firstthird",
    "TotalReadoutTime": 0.01725,
    "TxRefAmp": 235.897,
    "dataset": "ds002250",
    "modality": "bold",
    "run_id": 1,
    "subject_id": "18",
    "task_id": "firstthird"
  },
  "dummy_trs": 0,
  "dvars_nstd": 29.39131822500001,
  "dvars_std": 1.4287532667171716,
  "dvars_vstd": 1.0172407871717166,
  "efc": 0.5220297604456864,
  "fber": 655.627685546875,
  "fd_mean": 0.11994670562404339,
  "fd_num": 9,
  "fd_perc": 4.522613065326633,
  "fwhm_avg": 2.727556168104826,
  "fwhm_x": 2.5648933333333335,
  "fwhm_y": 2.8581,
  "fwhm_z": 2.759675170981145,
  "gcor": 0.0245694,
  "gsr_x": -0.00388893811032176,
  "gsr_y": 0.036906830966472626,
  "provenance": {
    "md5sum": "187559f1ae33d3b28cf1cb1ec94af287",
    "settings": {
      "fd_thres": 0.2,
      "testing": false
    },
    "software": "mriqc",
    "version": "22.0.6",
    "webapi_port": null,
    "webapi_url": "https://mriqc.nimh.nih.gov/api/v1"
  },
  "size_t": 199,
  "size_x": 70,
  "size_y": 70,
  "size_z": 36,
  "snr": 2.745039340524683,
  "spacing_tr": 2.0,
  "spacing_x": 3.0,
  "spacing_y": 3.0,
  "spacing_z": 3.5399999618530273,
  "summary_bg_k": 63.31815042022551,
  "summary_bg_mad": 3.456921862288413,
  "summary_bg_mean": 25.959882736206055,
  "summary_bg_median": 14.713567733764648,
  "summary_bg_n": 106102.0,
  "summary_bg_p05": 12.005024909973145,
  "summary_bg_p95": 79.32612724304197,
  "summary_bg_stdv": 35.65565872192383,
  "summary_fg_k": 0.11435875601751633,
  "summary_fg_mad": 138.61213180930298,
  "summary_fg_mean": 401.1644592285156,
  "summary_fg_median": 378.939697265625,
  "summary_fg_n": 33061.0,
  "summary_fg_p05": 216.6080322265625,
  "summary_fg_p95": 660.4522705078125,
  "summary_fg_stdv": 138.04318237304688,
  "tsnr": 73.66820514993742
}