{
  "aor": 0.0008744221105527638,
  "aqi": 0.0029900470351758796,
  "bids_meta": {
    "AcquisitionMatrixPE": 70,
    "AcquisitionNumber": 1,
    "AcquisitionTime": "12:19:51.992500",
    "BandwidthPerPixelPhaseEncode": 57.143,
    "BaseResolution": 70,
    "BodyPartExamined": "BRAIN",
    "ConsistencyInfo": "N4_VE11C_LATEST_20160120",
    "ConversionSoftware": "dcm2niix",
    "ConversionSoftwareVersion": "v1.0.20181125  (JP2:OpenJPEG) (JP-LS:CharLS) GCC5.5.0",
    "DerivedVendorReportedEchoSpacing": 0.000499999,
    "DeviceSerialNumber": "167012",
    "DwellTime": 3e-06,
    "EchoTime": 0.03,
    "EchoTrainLength": 35,
    "EffectiveEchoSpacing": 0.000249999,
    "FlipAngle": 90,
    "ImageOrientationPatientDICOM": [
      0.999506,
      0.0236659,
      -0.0206906,
      -0.0272205,
      0.9808,
      -0.193106
    ],
    "ImageType": [
      "ORIGINAL",
      "PRIMARY",
      "M",
      "ND",
      "MOSAIC"
    ],
    "ImagingFrequency": 123.253,
    "InPlanePhaseEncodingDirectionDICOM": "COL",
    "InstitutionAddress": "Vassar_Street_43_Cambridge_Boston_US_02139",
    "InstitutionName": "McGovern_Institute_for_Brain_Research_(3T1)",
    "InstitutionalDepartmentName": "Department",
    "MRAcquisitionType": "2D",
    "MagneticFieldStrength": 3,
    "Manufacturer": "Siemens",
    "ManufacturersModelName": "Prisma_fit",
    "Modality": "MR",
    "ParallelReductionFactorInPlane": 2,
    "PartialFourier": 1,
    "PatientPosition": "HFS",
    "PercentPhaseFOV": 100,
    "PhaseEncodingDirection": "j-",
    "PhaseEncodingSteps": 70,
    "PhaseResolution": 1,
    "PixelBandwidth": 2380,
    "ProcedureStepDescription": "Young_Emily",
    "ProtocolName": "FIRSTTHIRD",
    "PulseSequenceDetails": "%SiemensSeq%_ep2d_pace",
    "ReceiveCoilActiveElements": "HEA;HEP",
    "ReceiveCoilName": "Head_32",
    "ReconMatrixPE": 70,
    "RepetitionTime": 2,
    "SAR": 0.113679,
    "ScanOptions": "FS",
    "ScanningSequence": "EP",
    "SequenceName": "_epfid2d1_70",
    "SequenceVariant": "SK",
    "SeriesDescription": "FIRSTTHIRD",
    "SeriesNumber": 21,
    "ShimSetting": [
      -5609,
      -1462,
      3185,
      451,
      -89,
      113,
      -57,
      12
    ],
    "SliceThickness": 3,
    "SliceTiming": [
      0,
      0.055,
      0.11,
      0.165,
      0.22,
      0.275,
      0.33,
      0.385,
      0.44,
      0.495,
      0.55,
      0.605,
      0.66,
      0.715,
      0.77,
      0.825,
      0.88,
      0.935,
      0.99,
      1.045,
      1.1,
      1.155,
      1.21,
      1.265,
      1.32,
      1.375,
      1.43,
      1.485,
      1.5375,
      1.5925,
      1.6475,
      1.7025,
      1.7575,
      1.8125,
      1.8675,
      1.9225
    ],
    "SoftwareVersions": "syngo_MR_E11",
    "SpacingBetweenSlices": 3.54,
    "StationName": "MRC35115",
    "TaskName": "firstthird",
    "TotalReadoutTime": 0.01725,
    "TxRefAmp": 235.897,
    "dataset": "ds002250",
    "modality": "bold",
    "run_id": 2,
    "subject_id": "18",
    "task_id": "firstthird"
  },
  "dummy_trs": 0,
  "dvars_nstd": 30.005947825656555,
  "dvars_std": 1.417341162424242,
  "dvars_vstd": 1.0013330073232318,
  "efc": 0.5232891469016508,
  "fber": 643.122802734375,
  "fd_mean": 0.11174980982596741,
  "fd_num": 7,
  "fd_perc": 3.5175879396984926,
  "fwhm_avg": 2.7157075804483113,
  "fwhm_x": 2.5566733333333334,
  "fwhm_y": 2.8546866666666664,
  "fwhm_z": 2.735762741344934,
  "gcor": 0.0152013,
  "gsr_x": -0.0042883348651230335,
  "gsr_y": 0.0382770337164402,
  "provenance": {
    "md5sum": "a2dbe6cafec191adcc0a364c909fbd5e",
    "settings": {
      "fd_thres": 0.2,
      "testing": false
    },
    "software": "mriqc",
    "version": "22.0.6",
    "webapi_port": null,
    "webapi_url": "https://mriqc.nimh.nih.gov/api/v1"
  },
  "size_t": 199,
  "size_x": 70,
  "size_y": 70,
  "size_z": 36,
  "snr": 2.7514111171990403,
  "spacing_tr": 2.0,
  "spacing_x": 3.0,
  "spacing_y": 3.0,
  "spacing_z": 3.5399999618530273,
  "summary_bg_k": 66.4220604900536,
  "summary_bg_mad": 3.5835765434246167,
  "summary_bg_mean": 26.236284255981445,
  "summary_bg_median": 14.804019927978516,
  "summary_bg_n": 106042.0,
  "summary_bg_p05": 12.020100593566895,
  "summary_bg_p95": 80.80401611328125,
  "summary_bg_stdv": 36.3477668762207,
  "summary_fg_k": 0.14500064982716765,
  "summary_fg_mad": 137.21520181066862,
  "summary_fg_mean": 400.0885314941406,
  "summary_fg_median": 378.06781005859375,
  "summary_fg_n": 33056.0,
  "summary_fg_p05": 216.40578079223633,
  "summary_fg_p95": 658.3241119384766,
  "summary_fg_stdv": 137.4066162109375,
  "tsnr": 71.28592792432755
}