{
  "aor": 0.0015402941176470588,
  "aqi": 0.002354414191176471,
  "bids_meta": {
    "AcquisitionMatrixPE": 70,
    "AcquisitionNumber": 1,
    "AcquisitionTime": "12:55:4.442500",
    "BandwidthPerPixelPhaseEncode": 57.143,
    "BaseResolution": 70,
    "BodyPartExamined": "BRAIN",
    "ConsistencyInfo": "N4_VE11C_LATEST_20160120",
    "ConversionSoftware": "dcm2niix",
    "ConversionSoftwareVersion": "v1.0.20181125  (JP2:OpenJPEG) (JP-LS:CharLS) GCC5.5.0",
    "DerivedVendorReportedEchoSpacing": 0.000499999,
    "DeviceSerialNumber": "167012",
    "DwellTime": 3e-06,
    "EchoTime": 0.03,
    "EchoTrainLength": 35,
    "EffectiveEchoSpacing": 0.000249999,
    "FlipAngle": 90,
    "ImageOrientationPatientDICOM": [
      0.999506,
      0.0236659,
      -0.0206906,
      -0.0272205,
      0.9808,
      -0.193106
    ],
    "ImageType": [
      "ORIGINAL",
      "PRIMARY",
      "M",
      "ND",
      "MOSAIC"
    ],
    "ImagingFrequency": 123.253,
    "InPlanePhaseEncodingDirectionDICOM": "COL",
    "InstitutionAddress": "Vassar_Street_43_Cambridge_Boston_US_02139",
    "InstitutionName": "McGovern_Institute_for_Brain_Research_(3T1)",
    "InstitutionalDepartmentName": "Department",
    "MRAcquisitionType": "2D",
    "MagneticFieldStrength": 3,
    "Manufacturer": "Siemens",
    "ManufacturersModelName": "Prisma_fit",
    "Modality": "MR",
    "ParallelReductionFactorInPlane": 2,
    "PartialFourier": 1,
    "PatientPosition": "HFS",
    "PercentPhaseFOV": 100,
    "PhaseEncodingDirection": "j-",
    "PhaseEncodingSteps": 70,
    "PhaseResolution": 1,
    "PixelBandwidth": 2380,
    "ProcedureStepDescription": "Young_Emily",
    "ProtocolName": "tom_localizer",
    "PulseSequenceDetails": "%SiemensSeq%_ep2d_pace",
    "ReceiveCoilActiveElements": "HEA;HEP",
    "ReceiveCoilName": "Head_32",
    "ReconMatrixPE": 70,
    "RepetitionTime": 2,
    "SAR": 0.113488,
    "ScanOptions": "FS",
    "ScanningSequence": "EP",
    "SequenceName": "_epfid2d1_70",
    "SequenceVariant": "SK",
    "SeriesDescription": "tom_localizer",
    "SeriesNumber": 31,
    "ShimSetting": [
      -5609,
      -1462,
      3185,
      451,
      -89,
      113,
      -57,
      12
    ],
    "SliceThickness": 3,
    "SliceTiming": [
      0,
      0.055,
      0.11,
      0.165,
      0.22,
      0.275,
      0.33,
      0.385,
      0.44,
      0.495,
      0.55,
      0.605,
      0.66,
      0.715,
      0.77,
      0.825,
      0.88,
      0.935,
      0.99,
      1.045,
      1.1,
      1.155,
      1.21,
      1.265,
      1.32,
      1.375,
      1.43,
      1.485,
      1.54,
      1.595,
      1.65,
      1.705,
      1.76,
      1.815,
      1.87,
      1.925
    ],
    "SoftwareVersions": "syngo_MR_E11",
    "SpacingBetweenSlices": 3.54,
    "StationName": "MRC35115",
    "TaskName": "tom",
    "TotalReadoutTime": 0.01725,
    "TxRefAmp": 235.897,
    "dataset": "ds002250",
    "modality": "bold",
    "run_id": 1,
    "subject_id": "18",
    "task_id": "tom"
  },
  "dummy_trs": 0,
  "dvars_nstd": 23.181842380148154,
  "dvars_std": 1.2076386729629627,
  "dvars_vstd": 1.0044978927407406,
  "efc": 0.5246211911938781,
  "fber": 631.811279296875,
  "fd_mean": 0.09462286737378528,
  "fd_num": 6,
  "fd_perc": 4.411764705882353,
  "fwhm_avg": 2.773166639087938,
  "fwhm_x": 2.5950233333333332,
  "fwhm_y": 2.9165500000000004,
  "fwhm_z": 2.80792658393048,
  "gcor": 0.024924,
  "gsr_x": -0.005854174494743347,
  "gsr_y": 0.04487576335668564,
  "provenance": {
    "md5sum": "e9aab8aa1b82da29f0fc56a7e0a1dff7",
    "settings": {
      "fd_thres": 0.2,
      "testing": false
    },
    "software": "mriqc",
    "version": "22.0.6",
    "webapi_port": null,
    "webapi_url": "https://mriqc.nimh.nih.gov/api/v1"
  },
  "size_t": 136,
  "size_x": 70,
  "size_y": 70,
  "size_z": 36,
  "snr": 2.7058720222194443,
  "spacing_tr": 2.0,
  "spacing_x": 3.0,
  "spacing_y": 3.0,
  "spacing_z": 3.5399999618530273,
  "summary_bg_k": 81.41676189812326,
  "summary_bg_mad": 3.739209507935867,
  "summary_bg_mean": 27.689029693603516,
  "summary_bg_median": 15.073529243469238,
  "summary_bg_n": 106147.0,
  "summary_bg_p05": 12.183823585510254,
  "summary_bg_p95": 87.89485244750975,
  "summary_bg_stdv": 40.83263397216797,
  "summary_fg_k": 0.03071618004631116,
  "summary_fg_mad": 142.9620952245391,
  "summary_fg_mean": 403.9997253417969,
  "summary_fg_median": 381.79412841796875,
  "summary_fg_n": 33336.0,
  "summary_fg_p05": 214.55514907836914,
  "summary_fg_p95": 669.4393310546875,
  "summary_fg_stdv": 141.09625244140625,
  "tsnr": 76.84322975575924
}