{
  "aor": 0.0015902010050251256,
  "aqi": 0.003148545628140703,
  "bids_meta": {
    "AcquisitionMatrixPE": 70,
    "AcquisitionNumber": 1,
    "AcquisitionTime": "12:47:0.377500",
    "BandwidthPerPixelPhaseEncode": 57.143,
    "BaseResolution": 70,
    "BodyPartExamined": "BRAIN",
    "ConsistencyInfo": "N4_VE11C_LATEST_20160120",
    "ConversionSoftware": "dcm2niix",
    "ConversionSoftwareVersion": "v1.0.20181125  (JP2:OpenJPEG) (JP-LS:CharLS) GCC5.5.0",
    "DerivedVendorReportedEchoSpacing": 0.000499999,
    "DeviceSerialNumber": "167012",
    "DwellTime": 3e-06,
    "EchoTime": 0.03,
    "EchoTrainLength": 35,
    "EffectiveEchoSpacing": 0.000249999,
    "FlipAngle": 90,
    "ImageOrientationPatientDICOM": [
      0.999506,
      0.0236659,
      -0.0206906,
      -0.0272205,
      0.9808,
      -0.193106
    ],
    "ImageType": [
      "ORIGINAL",
      "PRIMARY",
      "M",
      "ND",
      "MOSAIC"
    ],
    "ImagingFrequency": 123.253,
    "InPlanePhaseEncodingDirectionDICOM": "COL",
    "InstitutionAddress": "Vassar_Street_43_Cambridge_Boston_US_02139",
    "InstitutionName": "McGovern_Institute_for_Brain_Research_(3T1)",
    "InstitutionalDepartmentName": "Department",
    "MRAcquisitionType": "2D",
    "MagneticFieldStrength": 3,
    "Manufacturer": "Siemens",
    "ManufacturersModelName": "Prisma_fit",
    "Modality": "MR",
    "ParallelReductionFactorInPlane": 2,
    "PartialFourier": 1,
    "PatientPosition": "HFS",
    "PercentPhaseFOV": 100,
    "PhaseEncodingDirection": "j-",
    "PhaseEncodingSteps": 70,
    "PhaseResolution": 1,
    "PixelBandwidth": 2380,
    "ProcedureStepDescription": "Young_Emily",
    "ProtocolName": "FIRSTTHIRD",
    "PulseSequenceDetails": "%SiemensSeq%_ep2d_pace",
    "ReceiveCoilActiveElements": "HEA;HEP",
    "ReceiveCoilName": "Head_32",
    "ReconMatrixPE": 70,
    "RepetitionTime": 2,
    "SAR": 0.113679,
    "ScanOptions": "FS",
    "ScanningSequence": "EP",
    "SequenceName": "_epfid2d1_70",
    "SequenceVariant": "SK",
    "SeriesDescription": "FIRSTTHIRD",
    "SeriesNumber": 29,
    "ShimSetting": [
      -5609,
      -1462,
      3185,
      451,
      -89,
      113,
      -57,
      12
    ],
    "SliceThickness": 3,
    "SliceTiming": [
      0,
      0.055,
      0.11,
      0.165,
      0.22,
      0.275,
      0.33,
      0.385,
      0.44,
      0.495,
      0.55,
      0.605,
      0.66,
      0.715,
      0.77,
      0.825,
      0.88,
      0.935,
      0.99,
      1.045,
      1.1,
      1.155,
      1.21,
      1.265,
      1.32,
      1.375,
      1.43,
      1.485,
      1.54,
      1.595,
      1.65,
      1.705,
      1.76,
      1.815,
      1.87,
      1.925
    ],
    "SoftwareVersions": "syngo_MR_E11",
    "SpacingBetweenSlices": 3.54,
    "StationName": "MRC35115",
    "TaskName": "firstthird",
    "TotalReadoutTime": 0.01725,
    "TxRefAmp": 235.897,
    "dataset": "ds002250",
    "modality": "bold",
    "run_id": 5,
    "subject_id": "18",
    "task_id": "firstthird"
  },
  "dummy_trs": 0,
  "dvars_nstd": 28.320317451464657,
  "dvars_std": 1.2739537737373743,
  "dvars_vstd": 1.0150363295454543,
  "efc": 0.5247452869287932,
  "fber": 624.0656127929688,
  "fd_mean": 0.18122044145687735,
  "fd_num": 48,
  "fd_perc": 24.12060301507538,
  "fwhm_avg": 2.773287128706612,
  "fwhm_x": 2.591396666666667,
  "fwhm_y": 2.9270833333333335,
  "fwhm_z": 2.8013813861198362,
  "gcor": 0.0325564,
  "gsr_x": -0.006270538549870253,
  "gsr_y": 0.04104417935013771,
  "provenance": {
    "md5sum": "4fbecf1795a1c849b8905cf0def84987",
    "settings": {
      "fd_thres": 0.2,
      "testing": false
    },
    "software": "mriqc",
    "version": "22.0.6",
    "webapi_port": null,
    "webapi_url": "https://mriqc.nimh.nih.gov/api/v1"
  },
  "size_t": 199,
  "size_x": 70,
  "size_y": 70,
  "size_z": 36,
  "snr": 2.7130214255192158,
  "spacing_tr": 2.0,
  "spacing_x": 3.0,
  "spacing_y": 3.0,
  "spacing_z": 3.5399999618530273,
  "summary_bg_k": 75.41079262035419,
  "summary_bg_mad": 3.8890369183345075,
  "summary_bg_mean": 27.348840713500977,
  "summary_bg_median": 15.185929298400879,
  "summary_bg_n": 105964.0,
  "summary_bg_p05": 12.195980072021484,
  "summary_bg_p95": 87.13568115234375,
  "summary_bg_stdv": 37.958377838134766,
  "summary_fg_k": 0.05042935687845995,
  "summary_fg_mad": 143.20893166262067,
  "summary_fg_mean": 406.98974609375,
  "summary_fg_median": 384.2060241699219,
  "summary_fg_n": 32969.0,
  "summary_fg_p05": 217.90753479003905,
  "summary_fg_p95": 672.2421752929687,
  "summary_fg_stdv": 141.6134033203125,
  "tsnr": 63.58013282902539
}