{
  "aor": 0.00241568,
  "aqi": 0.00203239944,
  "bids_meta": {
    "AcquisitionMatrixPE": 70,
    "AcquisitionNumber": 1,
    "AcquisitionTime": "11:51:13.667500",
    "BandwidthPerPixelPhaseEncode": 57.143,
    "BaseResolution": 70,
    "BodyPartExamined": "BRAIN",
    "ConsistencyInfo": "N4_VE11C_LATEST_20160120",
    "ConversionSoftware": "dcm2niix",
    "ConversionSoftwareVersion": "v1.0.20181125  (JP2:OpenJPEG) (JP-LS:CharLS) GCC5.5.0",
    "DerivedVendorReportedEchoSpacing": 0.000499999,
    "DeviceSerialNumber": "167012",
    "DwellTime": 3e-06,
    "EchoTime": 0.03,
    "EchoTrainLength": 35,
    "EffectiveEchoSpacing": 0.000249999,
    "FlipAngle": 90,
    "ImageOrientationPatientDICOM": [
      0.999506,
      0.0236659,
      -0.0206906,
      -0.0272205,
      0.9808,
      -0.193106
    ],
    "ImageType": [
      "ORIGINAL",
      "PRIMARY",
      "M",
      "ND",
      "MOSAIC"
    ],
    "ImagingFrequency": 123.253,
    "InPlanePhaseEncodingDirectionDICOM": "COL",
    "InstitutionAddress": "Vassar_Street_43_Cambridge_Boston_US_02139",
    "InstitutionName": "McGovern_Institute_for_Brain_Research_(3T1)",
    "InstitutionalDepartmentName": "Department",
    "MRAcquisitionType": "2D",
    "MagneticFieldStrength": 3,
    "Manufacturer": "Siemens",
    "ManufacturersModelName": "Prisma_fit",
    "Modality": "MR",
    "ParallelReductionFactorInPlane": 2,
    "PartialFourier": 1,
    "PatientPosition": "HFS",
    "PercentPhaseFOV": 100,
    "PhaseEncodingDirection": "j-",
    "PhaseEncodingSteps": 70,
    "PhaseResolution": 1,
    "PixelBandwidth": 2380,
    "ProcedureStepDescription": "Young_Emily",
    "ProtocolName": "so_localizer",
    "PulseSequenceDetails": "%SiemensSeq%_ep2d_pace",
    "ReceiveCoilActiveElements": "HEA;HEP",
    "ReceiveCoilName": "Head_32",
    "ReconMatrixPE": 70,
    "RepetitionTime": 2,
    "SAR": 0.113435,
    "ScanOptions": "FS",
    "ScanningSequence": "EP",
    "SequenceName": "_epfid2d1_70",
    "SequenceVariant": "SK",
    "SeriesDescription": "so_localizer",
    "SeriesNumber": 11,
    "ShimSetting": [
      -5609,
      -1462,
      3185,
      451,
      -89,
      113,
      -57,
      12
    ],
    "SliceThickness": 3,
    "SliceTiming": [
      0,
      0.055,
      0.11,
      0.165,
      0.22,
      0.275,
      0.33,
      0.385,
      0.44,
      0.495,
      0.55,
      0.605,
      0.66,
      0.715,
      0.77,
      0.825,
      0.88,
      0.935,
      0.99,
      1.045,
      1.1,
      1.155,
      1.21,
      1.265,
      1.32,
      1.375,
      1.43,
      1.485,
      1.54,
      1.595,
      1.65,
      1.705,
      1.76,
      1.815,
      1.87,
      1.925
    ],
    "SoftwareVersions": "syngo_MR_E11",
    "SpacingBetweenSlices": 3.54,
    "StationName": "MRC35115",
    "TaskName": "so",
    "TotalReadoutTime": 0.01725,
    "TxRefAmp": 235.897,
    "dataset": "ds002250",
    "modality": "bold",
    "run_id": 1,
    "subject_id": "18",
    "task_id": "so"
  },
  "dummy_trs": 0,
  "dvars_nstd": 25.30882440064517,
  "dvars_std": 1.3458625181451611,
  "dvars_vstd": 1.027651321048387,
  "efc": 0.5207553612447458,
  "fber": 659.6173706054688,
  "fd_mean": 0.10447961948668798,
  "fd_num": 6,
  "fd_perc": 4.8,
  "fwhm_avg": 2.728112288658241,
  "fwhm_x": 2.5547999999999997,
  "fwhm_y": 2.8625933333333333,
  "fwhm_z": 2.76694353264139,
  "gcor": 0.0148914,
  "gsr_x": -0.0028780377469956875,
  "gsr_y": 0.03584279119968414,
  "provenance": {
    "md5sum": "7268ab7eb07a43d167a9c594d5c96acf",
    "settings": {
      "fd_thres": 0.2,
      "testing": false
    },
    "software": "mriqc",
    "version": "22.0.6",
    "webapi_port": null,
    "webapi_url": "https://mriqc.nimh.nih.gov/api/v1"
  },
  "size_t": 125,
  "size_x": 70,
  "size_y": 70,
  "size_z": 36,
  "snr": 2.7237954834744404,
  "spacing_tr": 2.0,
  "spacing_x": 3.0,
  "spacing_y": 3.0,
  "spacing_z": 3.5399999618530273,
  "summary_bg_k": 66.43371476938736,
  "summary_bg_mad": 3.4752208104923574,
  "summary_bg_mean": 25.48813247680664,
  "summary_bg_median": 14.736001014709473,
  "summary_bg_n": 105890.0,
  "summary_bg_p05": 12.040000915527344,
  "summary_bg_p95": 77.09400672912551,
  "summary_bg_stdv": 34.69656753540039,
  "summary_fg_k": 0.049172660376813226,
  "summary_fg_mad": 141.04291986130812,
  "summary_fg_mean": 404.2795715332031,
  "summary_fg_median": 381.4320068359375,
  "summary_fg_n": 33148.0,
  "summary_fg_p05": 217.1628074645996,
  "summary_fg_p95": 666.1248321533202,
  "summary_fg_stdv": 140.0348358154297,
  "tsnr": 79.49482118198648
}