{
  "aor": 0.00626648,
  "aqi": 0.0029043986640000003,
  "bids_meta": {
    "AcquisitionMatrixPE": 70,
    "AcquisitionNumber": 1,
    "AcquisitionTime": "09:56:55.532500",
    "BandwidthPerPixelPhaseEncode": 57.143,
    "BaseResolution": 70,
    "BodyPartExamined": "BRAIN",
    "ConsistencyInfo": "N4_VE11C_LATEST_20160120",
    "ConversionSoftware": "dcm2niix",
    "ConversionSoftwareVersion": "v1.0.20181125  (JP2:OpenJPEG) (JP-LS:CharLS) GCC5.5.0",
    "DerivedVendorReportedEchoSpacing": 0.000499999,
    "DeviceSerialNumber": "167012",
    "DwellTime": 3e-06,
    "EchoTime": 0.03,
    "EchoTrainLength": 35,
    "EffectiveEchoSpacing": 0.000249999,
    "FlipAngle": 90,
    "ImageOrientationPatientDICOM": [
      0.992961,
      -0.081645,
      0.0858035,
      0.0975357,
      0.97466,
      -0.201309
    ],
    "ImageType": [
      "ORIGINAL",
      "PRIMARY",
      "M",
      "ND",
      "MOSAIC"
    ],
    "ImagingFrequency": 123.254,
    "InPlanePhaseEncodingDirectionDICOM": "COL",
    "InstitutionAddress": "Vassar_Street_43_Cambridge_Boston_US_02139",
    "InstitutionName": "MIT",
    "InstitutionalDepartmentName": "Department",
    "MRAcquisitionType": "2D",
    "MagneticFieldStrength": 3,
    "Manufacturer": "Siemens",
    "ManufacturersModelName": "Prisma_fit",
    "Modality": "MR",
    "ParallelReductionFactorInPlane": 2,
    "PartialFourier": 1,
    "PatientPosition": "HFS",
    "PercentPhaseFOV": 100,
    "PhaseEncodingDirection": "j-",
    "PhaseEncodingSteps": 70,
    "PhaseResolution": 1,
    "PixelBandwidth": 2380,
    "ProcedureStepDescription": "Young_Emily",
    "ProtocolName": "so_localizer",
    "PulseSequenceDetails": "%SiemensSeq%_ep2d_pace",
    "ReceiveCoilActiveElements": "HEA;HEP",
    "ReceiveCoilName": "Head_32",
    "ReconMatrixPE": 70,
    "RepetitionTime": 2,
    "SAR": 0.123692,
    "ScanOptions": "FS",
    "ScanningSequence": "EP",
    "SequenceName": "_epfid2d1_70",
    "SequenceVariant": "SK",
    "SeriesDescription": "so_localizer",
    "SeriesNumber": 13,
    "ShimSetting": [
      -5606,
      -1492,
      3145,
      324,
      24,
      76,
      -94,
      -31
    ],
    "SliceThickness": 3,
    "SliceTiming": [
      0,
      0.055,
      0.11,
      0.165,
      0.22,
      0.275,
      0.33,
      0.385,
      0.44,
      0.495,
      0.55,
      0.605,
      0.66,
      0.715,
      0.77,
      0.825,
      0.88,
      0.935,
      0.99,
      1.045,
      1.1,
      1.155,
      1.21,
      1.265,
      1.32,
      1.375,
      1.43,
      1.485,
      1.54,
      1.595,
      1.65,
      1.705,
      1.76,
      1.815,
      1.87,
      1.925
    ],
    "SoftwareVersions": "syngo_MR_E11",
    "SpacingBetweenSlices": 3.54,
    "StationName": "MRC35115",
    "TaskName": "so",
    "TotalReadoutTime": 0.01725,
    "TxRefAmp": 248.701,
    "dataset": "ds002250",
    "modality": "bold",
    "run_id": 1,
    "subject_id": "15",
    "task_id": "so"
  },
  "dummy_trs": 0,
  "dvars_nstd": 24.53073277008065,
  "dvars_std": 1.1513982224193549,
  "dvars_vstd": 1.0337844668548393,
  "efc": 0.5234169477050375,
  "fber": 541.9208984375,
  "fd_mean": 0.18012534181144405,
  "fd_num": 24,
  "fd_perc": 19.2,
  "fwhm_avg": 2.774371924101807,
  "fwhm_x": 2.5964466666666666,
  "fwhm_y": 2.900313333333333,
  "fwhm_z": 2.8263557723054205,
  "gcor": 0.0170552,
  "gsr_x": 0.00907299667596817,
  "gsr_y": 0.026962878182530403,
  "provenance": {
    "md5sum": "611c5d8113d0a1908a320dc55ba530ea",
    "settings": {
      "fd_thres": 0.2,
      "testing": false
    },
    "software": "mriqc",
    "version": "22.0.6",
    "webapi_port": null,
    "webapi_url": "https://mriqc.nimh.nih.gov/api/v1"
  },
  "size_t": 125,
  "size_x": 70,
  "size_y": 70,
  "size_z": 36,
  "snr": 2.6413234447831107,
  "spacing_tr": 2.0,
  "spacing_x": 3.0,
  "spacing_y": 3.0,
  "spacing_z": 3.5400002002716064,
  "summary_bg_k": 38.14718425610491,
  "summary_bg_mad": 5.064569721360285,
  "summary_bg_mean": 30.887176513671875,
  "summary_bg_median": 16.496000289916992,
  "summary_bg_n": 108113.0,
  "summary_bg_p05": 12.576000213623047,
  "summary_bg_p95": 109.3600082397461,
  "summary_bg_stdv": 43.47227096557617,
  "summary_fg_k": 0.37846240454674085,
  "summary_fg_mad": 143.154162070778,
  "summary_fg_mean": 416.6993103027344,
  "summary_fg_median": 392.0000305175781,
  "summary_fg_n": 30398.0,
  "summary_fg_p05": 219.5048080444336,
  "summary_fg_p95": 697.3624450683593,
  "summary_fg_stdv": 148.40802001953125,
  "tsnr": 63.187892865389585
}