{
  "aor": 0.00955859296482412,
  "aqi": 0.014870028894472361,
  "bids_meta": {
    "AcquisitionMatrixPE": 70,
    "AcquisitionNumber": 1,
    "AcquisitionTime": "10:40:12.035000",
    "BandwidthPerPixelPhaseEncode": 57.143,
    "BaseResolution": 70,
    "BodyPartExamined": "BRAIN",
    "ConsistencyInfo": "N4_VE11C_LATEST_20160120",
    "ConversionSoftware": "dcm2niix",
    "ConversionSoftwareVersion": "v1.0.20181125  (JP2:OpenJPEG) (JP-LS:CharLS) GCC5.5.0",
    "DerivedVendorReportedEchoSpacing": 0.000499999,
    "DeviceSerialNumber": "167012",
    "DwellTime": 3e-06,
    "EchoTime": 0.03,
    "EchoTrainLength": 35,
    "EffectiveEchoSpacing": 0.000249999,
    "FlipAngle": 90,
    "ImageOrientationPatientDICOM": [
      0.992961,
      -0.081645,
      0.0858035,
      0.0975357,
      0.97466,
      -0.201309
    ],
    "ImageType": [
      "ORIGINAL",
      "PRIMARY",
      "M",
      "ND",
      "MOSAIC"
    ],
    "ImagingFrequency": 123.254,
    "InPlanePhaseEncodingDirectionDICOM": "COL",
    "InstitutionAddress": "Vassar_Street_43_Cambridge_Boston_US_02139",
    "InstitutionName": "MIT",
    "InstitutionalDepartmentName": "Department",
    "MRAcquisitionType": "2D",
    "MagneticFieldStrength": 3,
    "Manufacturer": "Siemens",
    "ManufacturersModelName": "Prisma_fit",
    "Modality": "MR",
    "ParallelReductionFactorInPlane": 2,
    "PartialFourier": 1,
    "PatientPosition": "HFS",
    "PercentPhaseFOV": 100,
    "PhaseEncodingDirection": "j-",
    "PhaseEncodingSteps": 70,
    "PhaseResolution": 1,
    "PixelBandwidth": 2380,
    "ProcedureStepDescription": "Young_Emily",
    "ProtocolName": "FIRSTTHIRD",
    "PulseSequenceDetails": "%SiemensSeq%_ep2d_pace",
    "ReceiveCoilActiveElements": "HEA;HEP",
    "ReceiveCoilName": "Head_32",
    "ReconMatrixPE": 70,
    "RepetitionTime": 2,
    "SAR": 0.123958,
    "ScanOptions": "FS",
    "ScanningSequence": "EP",
    "SequenceName": "_epfid2d1_70",
    "SequenceVariant": "SK",
    "SeriesDescription": "FIRSTTHIRD",
    "SeriesNumber": 27,
    "ShimSetting": [
      -5606,
      -1492,
      3145,
      324,
      24,
      76,
      -94,
      -31
    ],
    "SliceThickness": 3,
    "SliceTiming": [
      0,
      0.055,
      0.11,
      0.165,
      0.22,
      0.275,
      0.33,
      0.385,
      0.44,
      0.495,
      0.55,
      0.605,
      0.66,
      0.715,
      0.77,
      0.825,
      0.88,
      0.935,
      0.99,
      1.045,
      1.1,
      1.155,
      1.21,
      1.265,
      1.32,
      1.375,
      1.43,
      1.485,
      1.54,
      1.595,
      1.65,
      1.705,
      1.76,
      1.815,
      1.87,
      1.925
    ],
    "SoftwareVersions": "syngo_MR_E11",
    "SpacingBetweenSlices": 3.54,
    "StationName": "MRC35115",
    "TaskName": "firstthird",
    "TotalReadoutTime": 0.01725,
    "TxRefAmp": 248.701,
    "dataset": "ds002250",
    "modality": "bold",
    "run_id": 4,
    "subject_id": "15",
    "task_id": "firstthird"
  },
  "dummy_trs": 0,
  "dvars_nstd": 49.407580741868706,
  "dvars_std": 1.028136226616162,
  "dvars_vstd": 0.9442074443434345,
  "efc": 0.5273766554280432,
  "fber": 496.652099609375,
  "fd_mean": 0.8886435728186692,
  "fd_num": 121,
  "fd_perc": 60.80402010050251,
  "fwhm_avg": 2.7834954828937932,
  "fwhm_x": 2.58202,
  "fwhm_y": 2.9140033333333335,
  "fwhm_z": 2.8544631153480466,
  "gcor": 0.063188,
  "gsr_x": 0.0113950464874506,
  "gsr_y": 0.03163069859147072,
  "provenance": {
    "md5sum": "2fcda7b95fb37b4901fd19f57fbc1e44",
    "settings": {
      "fd_thres": 0.2,
      "testing": false
    },
    "software": "mriqc",
    "version": "22.0.6",
    "webapi_port": null,
    "webapi_url": "https://mriqc.nimh.nih.gov/api/v1"
  },
  "size_t": 199,
  "size_x": 70,
  "size_y": 70,
  "size_z": 36,
  "snr": 2.669722431716979,
  "spacing_tr": 2.0,
  "spacing_x": 3.0,
  "spacing_y": 3.0,
  "spacing_z": 3.5400002002716064,
  "summary_bg_k": 35.303925945697294,
  "summary_bg_mad": 5.7925799858350695,
  "summary_bg_mean": 31.118961334228516,
  "summary_bg_median": 16.82160758972168,
  "summary_bg_n": 108020.0,
  "summary_bg_p05": 12.236180305480957,
  "summary_bg_p95": 110.01004791259766,
  "summary_bg_stdv": 42.63808822631836,
  "summary_fg_k": 0.4480114908848689,
  "summary_fg_mad": 137.02521625416517,
  "summary_fg_mean": 406.96087646484375,
  "summary_fg_median": 382.7210998535156,
  "summary_fg_n": 30322.0,
  "summary_fg_p05": 217.79396057128906,
  "summary_fg_p95": 680.3145782470702,
  "summary_fg_stdv": 143.35377502441406,
  "tsnr": 26.368065683345776
}