{
  "aor": 0.0015398994974874375,
  "aqi": 0.002904665829145729,
  "bids_meta": {
    "AcquisitionMatrixPE": 70,
    "AcquisitionNumber": 1,
    "AcquisitionTime": "10:56:13.752500",
    "BandwidthPerPixelPhaseEncode": 57.143,
    "BaseResolution": 70,
    "BodyPartExamined": "BRAIN",
    "ConsistencyInfo": "N4_VE11C_LATEST_20160120",
    "ConversionSoftware": "dcm2niix",
    "ConversionSoftwareVersion": "v1.0.20181125  (JP2:OpenJPEG) (JP-LS:CharLS) GCC5.5.0",
    "DerivedVendorReportedEchoSpacing": 0.000499999,
    "DeviceSerialNumber": "167012",
    "DwellTime": 3e-06,
    "EchoTime": 0.03,
    "EchoTrainLength": 35,
    "EffectiveEchoSpacing": 0.000249999,
    "FlipAngle": 90,
    "ImageOrientationPatientDICOM": [
      0.992961,
      -0.081645,
      0.0858035,
      0.0975357,
      0.97466,
      -0.201309
    ],
    "ImageType": [
      "ORIGINAL",
      "PRIMARY",
      "M",
      "ND",
      "MOSAIC"
    ],
    "ImagingFrequency": 123.254,
    "InPlanePhaseEncodingDirectionDICOM": "COL",
    "InstitutionAddress": "Vassar_Street_43_Cambridge_Boston_US_02139",
    "InstitutionName": "MIT",
    "InstitutionalDepartmentName": "Department",
    "MRAcquisitionType": "2D",
    "MagneticFieldStrength": 3,
    "Manufacturer": "Siemens",
    "ManufacturersModelName": "Prisma_fit",
    "Modality": "MR",
    "ParallelReductionFactorInPlane": 2,
    "PartialFourier": 1,
    "PatientPosition": "HFS",
    "PercentPhaseFOV": 100,
    "PhaseEncodingDirection": "j-",
    "PhaseEncodingSteps": 70,
    "PhaseResolution": 1,
    "PixelBandwidth": 2380,
    "ProcedureStepDescription": "Young_Emily",
    "ProtocolName": "FIRSTTHIRD",
    "PulseSequenceDetails": "%SiemensSeq%_ep2d_pace",
    "ReceiveCoilActiveElements": "HEA;HEP",
    "ReceiveCoilName": "Head_32",
    "ReconMatrixPE": 70,
    "RepetitionTime": 2,
    "SAR": 0.123958,
    "ScanOptions": "FS",
    "ScanningSequence": "EP",
    "SequenceName": "_epfid2d1_70",
    "SequenceVariant": "SK",
    "SeriesDescription": "FIRSTTHIRD",
    "SeriesNumber": 31,
    "ShimSetting": [
      -5606,
      -1492,
      3145,
      324,
      24,
      76,
      -94,
      -31
    ],
    "SliceThickness": 3,
    "SliceTiming": [
      0,
      0.055,
      0.11,
      0.165,
      0.22,
      0.275,
      0.33,
      0.385,
      0.44,
      0.495,
      0.55,
      0.605,
      0.66,
      0.715,
      0.77,
      0.825,
      0.8775,
      0.9325,
      0.9875,
      1.0425,
      1.0975,
      1.1525,
      1.2075,
      1.2625,
      1.3175,
      1.3725,
      1.4275,
      1.4825,
      1.5375,
      1.5925,
      1.6475,
      1.7025,
      1.7575,
      1.8125,
      1.8675,
      1.9225
    ],
    "SoftwareVersions": "syngo_MR_E11",
    "SpacingBetweenSlices": 3.54,
    "StationName": "MRC35115",
    "TaskName": "firstthird",
    "TotalReadoutTime": 0.01725,
    "TxRefAmp": 248.701,
    "dataset": "ds002250",
    "modality": "bold",
    "run_id": 6,
    "subject_id": "15",
    "task_id": "firstthird"
  },
  "dummy_trs": 0,
  "dvars_nstd": 23.041002523737383,
  "dvars_std": 1.1133698844444448,
  "dvars_vstd": 1.0007591596969698,
  "efc": 0.5265545632872817,
  "fber": 510.5680236816406,
  "fd_mean": 0.1580915907136145,
  "fd_num": 41,
  "fd_perc": 20.603015075376884,
  "fwhm_avg": 2.7032272545475813,
  "fwhm_x": 2.49803,
  "fwhm_y": 2.8319033333333334,
  "fwhm_z": 2.7797484303094118,
  "gcor": 0.0202876,
  "gsr_x": 0.013756182976067066,
  "gsr_y": 0.031734004616737366,
  "provenance": {
    "md5sum": "9d7ea3c9144b9844a7a7ed7d3d7db400",
    "settings": {
      "fd_thres": 0.2,
      "testing": false
    },
    "software": "mriqc",
    "version": "22.0.6",
    "webapi_port": null,
    "webapi_url": "https://mriqc.nimh.nih.gov/api/v1"
  },
  "size_t": 199,
  "size_x": 70,
  "size_y": 70,
  "size_z": 36,
  "snr": 2.6685823679831766,
  "spacing_tr": 2.0,
  "spacing_x": 3.0,
  "spacing_y": 3.0,
  "spacing_z": 3.5400002002716064,
  "summary_bg_k": 36.571471609754525,
  "summary_bg_mad": 5.230085984275612,
  "summary_bg_mean": 30.87618637084961,
  "summary_bg_median": 16.40703582763672,
  "summary_bg_n": 108279.0,
  "summary_bg_p05": 12.281407356262207,
  "summary_bg_p95": 110.57939605712878,
  "summary_bg_stdv": 43.48527908325195,
  "summary_fg_k": 0.47791134780647626,
  "summary_fg_mad": 133.81417077851108,
  "summary_fg_mean": 402.02081298828125,
  "summary_fg_median": 377.41204833984375,
  "summary_fg_n": 30283.0,
  "summary_fg_p05": 215.52562866210937,
  "summary_fg_p95": 672.8718749999999,
  "summary_fg_stdv": 141.4255828857422,
  "tsnr": 60.17349195107818
}