{
  "aor": 0.0015892800000000002,
  "aqi": 0.0030232902400000004,
  "bids_meta": {
    "AcquisitionMatrixPE": 70,
    "AcquisitionNumber": 1,
    "AcquisitionTime": "09:42:22.507500",
    "BandwidthPerPixelPhaseEncode": 57.143,
    "BaseResolution": 70,
    "BodyPartExamined": "BRAIN",
    "ConsistencyInfo": "N4_VE11C_LATEST_20160120",
    "ConversionSoftware": "dcm2niix",
    "ConversionSoftwareVersion": "v1.0.20181125  (JP2:OpenJPEG) (JP-LS:CharLS) GCC5.5.0",
    "DerivedVendorReportedEchoSpacing": 0.000499999,
    "DeviceSerialNumber": "167012",
    "DwellTime": 3e-06,
    "EchoTime": 0.03,
    "EchoTrainLength": 35,
    "EffectiveEchoSpacing": 0.000249999,
    "FlipAngle": 90,
    "ImageOrientationPatientDICOM": [
      0.998634,
      0.0337407,
      0.0398841,
      -0.0278943,
      0.9899,
      -0.138994
    ],
    "ImageType": [
      "ORIGINAL",
      "PRIMARY",
      "M",
      "ND",
      "MOSAIC"
    ],
    "ImagingFrequency": 123.254,
    "InPlanePhaseEncodingDirectionDICOM": "COL",
    "InstitutionAddress": "Vassar_Street_43_Cambridge_Boston_US_02139",
    "InstitutionName": "MIT",
    "InstitutionalDepartmentName": "Department",
    "MRAcquisitionType": "2D",
    "MagneticFieldStrength": 3,
    "Manufacturer": "Siemens",
    "ManufacturersModelName": "Prisma_fit",
    "Modality": "MR",
    "ParallelReductionFactorInPlane": 2,
    "PartialFourier": 1,
    "PatientPosition": "HFS",
    "PercentPhaseFOV": 100,
    "PhaseEncodingDirection": "j-",
    "PhaseEncodingSteps": 70,
    "PhaseResolution": 1,
    "PixelBandwidth": 2380,
    "ProcedureStepDescription": "Young_Emily",
    "ProtocolName": "so_localizer",
    "PulseSequenceDetails": "%SiemensSeq%_ep2d_pace",
    "ReceiveCoilActiveElements": "HEA;HEP",
    "ReceiveCoilName": "Head_32",
    "ReconMatrixPE": 70,
    "RepetitionTime": 2,
    "SAR": 0.132384,
    "ScanOptions": "FS",
    "ScanningSequence": "EP",
    "SequenceName": "_epfid2d1_70",
    "SequenceVariant": "SK",
    "SeriesDescription": "so_localizer",
    "SeriesNumber": 15,
    "ShimSetting": [
      -5629,
      -1464,
      3127,
      554,
      -12,
      218,
      -74,
      -9
    ],
    "SliceThickness": 3,
    "SliceTiming": [
      0,
      0.055,
      0.11,
      0.165,
      0.22,
      0.275,
      0.33,
      0.385,
      0.44,
      0.495,
      0.55,
      0.605,
      0.66,
      0.715,
      0.77,
      0.825,
      0.88,
      0.935,
      0.99,
      1.045,
      1.1,
      1.155,
      1.21,
      1.265,
      1.32,
      1.375,
      1.43,
      1.485,
      1.54,
      1.595,
      1.65,
      1.705,
      1.76,
      1.815,
      1.87,
      1.925
    ],
    "SoftwareVersions": "syngo_MR_E11",
    "SpacingBetweenSlices": 3.54,
    "StationName": "MRC35115",
    "TaskName": "so",
    "TotalReadoutTime": 0.01725,
    "TxRefAmp": 245.685,
    "dataset": "ds002250",
    "modality": "bold",
    "run_id": 3,
    "subject_id": "08",
    "task_id": "so"
  },
  "dummy_trs": 0,
  "dvars_nstd": 22.277116160241917,
  "dvars_std": 1.0976609085483873,
  "dvars_vstd": 1.0214189957258066,
  "efc": 0.5577771752981237,
  "fber": 406.44140625,
  "fd_mean": 0.10967588085141523,
  "fd_num": 4,
  "fd_perc": 3.2,
  "fwhm_avg": 2.538656864540021,
  "fwhm_x": 2.1985333333333332,
  "fwhm_y": 2.758903333333333,
  "fwhm_z": 2.658533926953396,
  "gcor": 0.0344854,
  "gsr_x": -0.014590366743505001,
  "gsr_y": 0.10683563351631165,
  "provenance": {
    "md5sum": "47e0802c17612597951e9ba8a1e36cbc",
    "settings": {
      "fd_thres": 0.2,
      "testing": false
    },
    "software": "mriqc",
    "version": "22.0.6",
    "webapi_port": null,
    "webapi_url": "https://mriqc.nimh.nih.gov/api/v1"
  },
  "size_t": 125,
  "size_x": 70,
  "size_y": 70,
  "size_z": 36,
  "snr": 2.6292858571395694,
  "spacing_tr": 2.0,
  "spacing_x": 3.0,
  "spacing_y": 3.0,
  "spacing_z": 3.5399999618530273,
  "summary_bg_k": 80.15819043643631,
  "summary_bg_mad": 4.435946697431913,
  "summary_bg_mean": 36.883506774902344,
  "summary_bg_median": 15.344000816345215,
  "summary_bg_n": 104136.0,
  "summary_bg_p05": 11.93600082397461,
  "summary_bg_p95": 142.36200332641602,
  "summary_bg_stdv": 68.88959503173828,
  "summary_fg_k": 0.7542616042871693,
  "summary_fg_mad": 110.41237522024542,
  "summary_fg_mean": 337.27020263671875,
  "summary_fg_median": 315.9840087890625,
  "summary_fg_n": 32119.0,
  "summary_fg_p05": 182.26080780029298,
  "summary_fg_p95": 567.6576049804687,
  "summary_fg_stdv": 120.17677307128906,
  "tsnr": 71.6169531494379
}