{
  "aor": 0.0008601005025125627,
  "aqi": 0.003949943869346734,
  "bids_meta": {
    "AcquisitionMatrixPE": 70,
    "AcquisitionNumber": 1,
    "AcquisitionTime": "10:16:33.587500",
    "BandwidthPerPixelPhaseEncode": 57.143,
    "BaseResolution": 70,
    "BodyPartExamined": "BRAIN",
    "ConsistencyInfo": "N4_VE11C_LATEST_20160120",
    "ConversionSoftware": "dcm2niix",
    "ConversionSoftwareVersion": "v1.0.20181125  (JP2:OpenJPEG) (JP-LS:CharLS) GCC5.5.0",
    "DerivedVendorReportedEchoSpacing": 0.000499999,
    "DeviceSerialNumber": "167012",
    "DwellTime": 3e-06,
    "EchoTime": 0.03,
    "EchoTrainLength": 35,
    "EffectiveEchoSpacing": 0.000249999,
    "FlipAngle": 90,
    "ImageOrientationPatientDICOM": [
      0.998634,
      0.0337407,
      0.0398841,
      -0.0278943,
      0.9899,
      -0.138994
    ],
    "ImageType": [
      "ORIGINAL",
      "PRIMARY",
      "M",
      "ND",
      "MOSAIC"
    ],
    "ImagingFrequency": 123.254,
    "InPlanePhaseEncodingDirectionDICOM": "COL",
    "InstitutionAddress": "Vassar_Street_43_Cambridge_Boston_US_02139",
    "InstitutionName": "MIT",
    "InstitutionalDepartmentName": "Department",
    "MRAcquisitionType": "2D",
    "MagneticFieldStrength": 3,
    "Manufacturer": "Siemens",
    "ManufacturersModelName": "Prisma_fit",
    "Modality": "MR",
    "ParallelReductionFactorInPlane": 2,
    "PartialFourier": 1,
    "PatientPosition": "HFS",
    "PercentPhaseFOV": 100,
    "PhaseEncodingDirection": "j-",
    "PhaseEncodingSteps": 70,
    "PhaseResolution": 1,
    "PixelBandwidth": 2380,
    "ProcedureStepDescription": "Young_Emily",
    "ProtocolName": "FIRSTTHIRD",
    "PulseSequenceDetails": "%SiemensSeq%_ep2d_pace",
    "ReceiveCoilActiveElements": "HEA;HEP",
    "ReceiveCoilName": "Head_32",
    "ReconMatrixPE": 70,
    "RepetitionTime": 2,
    "SAR": 0.132669,
    "ScanOptions": "FS",
    "ScanningSequence": "EP",
    "SequenceName": "_epfid2d1_70",
    "SequenceVariant": "SK",
    "SeriesDescription": "FIRSTTHIRD",
    "SeriesNumber": 25,
    "ShimSetting": [
      -5629,
      -1464,
      3127,
      554,
      -12,
      218,
      -74,
      -9
    ],
    "SliceThickness": 3,
    "SliceTiming": [
      0,
      0.055,
      0.11,
      0.165,
      0.22,
      0.275,
      0.33,
      0.385,
      0.44,
      0.495,
      0.55,
      0.605,
      0.66,
      0.715,
      0.77,
      0.825,
      0.88,
      0.935,
      0.99,
      1.045,
      1.1,
      1.155,
      1.21,
      1.265,
      1.32,
      1.375,
      1.43,
      1.485,
      1.54,
      1.595,
      1.65,
      1.705,
      1.76,
      1.815,
      1.87,
      1.925
    ],
    "SoftwareVersions": "syngo_MR_E11",
    "SpacingBetweenSlices": 3.54,
    "StationName": "MRC35115",
    "TaskName": "firstthird",
    "TotalReadoutTime": 0.01725,
    "TxRefAmp": 245.685,
    "dataset": "ds002250",
    "modality": "bold",
    "run_id": 4,
    "subject_id": "08",
    "task_id": "firstthird"
  },
  "dummy_trs": 0,
  "dvars_nstd": 22.66276167878787,
  "dvars_std": 1.097137324090909,
  "dvars_vstd": 1.0125342532323236,
  "efc": 0.5587673909355092,
  "fber": 404.0099792480469,
  "fd_mean": 0.10699456480058933,
  "fd_num": 8,
  "fd_perc": 4.0201005025125625,
  "fwhm_avg": 2.5506800660504783,
  "fwhm_x": 2.20951,
  "fwhm_y": 2.7829200000000003,
  "fwhm_z": 2.659610198151434,
  "gcor": 0.0357786,
  "gsr_x": -0.014568141661584377,
  "gsr_y": 0.10563382506370544,
  "provenance": {
    "md5sum": "afe7fade98794bcd023e66aa741c947d",
    "settings": {
      "fd_thres": 0.2,
      "testing": false
    },
    "software": "mriqc",
    "version": "22.0.6",
    "webapi_port": null,
    "webapi_url": "https://mriqc.nimh.nih.gov/api/v1"
  },
  "size_t": 199,
  "size_x": 70,
  "size_y": 70,
  "size_z": 36,
  "snr": 2.6380360161725727,
  "spacing_tr": 2.0,
  "spacing_x": 3.0,
  "spacing_y": 3.0,
  "spacing_z": 3.5399999618530273,
  "summary_bg_k": 74.73613266185285,
  "summary_bg_mad": 4.4999576681542885,
  "summary_bg_mean": 37.405269622802734,
  "summary_bg_median": 15.417085647583008,
  "summary_bg_n": 103896.0,
  "summary_bg_p05": 11.969849586486816,
  "summary_bg_p95": 146.97613143920898,
  "summary_bg_stdv": 69.70538330078125,
  "summary_fg_k": 0.7607228133242092,
  "summary_fg_mad": 111.06105893627065,
  "summary_fg_mean": 338.653564453125,
  "summary_fg_median": 317.698486328125,
  "summary_fg_n": 32285.0,
  "summary_fg_p05": 183.27537231445314,
  "summary_fg_p95": 568.9658325195312,
  "summary_fg_stdv": 120.42806243896484,
  "tsnr": 68.22750649880618
}