{
  "bids_meta": {
    "AcquisitionMatrixPE": 256,
    "AcquisitionNumber": 1,
    "AcquisitionTime": "09:14:43.745000",
    "BaseResolution": 256,
    "BodyPartExamined": "BRAIN",
    "ConsistencyInfo": "N4_VE11C_LATEST_20160120",
    "ConversionSoftware": "dcm2niix",
    "ConversionSoftwareVersion": "v1.0.20181125  (JP2:OpenJPEG) (JP-LS:CharLS) GCC5.5.0",
    "DeviceSerialNumber": "167012",
    "DwellTime": 3e-06,
    "EchoTime": 0.00169,
    "FlipAngle": 7,
    "ImageOrientationPatientDICOM": [
      0.0664088,
      0.976368,
      -0.20566,
      0.0474412,
      -0.208971,
      -0.97677
    ],
    "ImageType": [
      "ORIGINAL",
      "PRIMARY",
      "OTHER",
      "ND",
      "NORM",
      "MEAN"
    ],
    "ImagingFrequency": 123.254,
    "InPlanePhaseEncodingDirectionDICOM": "ROW",
    "InstitutionAddress": "Vassar_Street_43_Cambridge_Boston_US_02139",
    "InstitutionName": "McGovern_Institute_for_Brain_Research_(3T1)",
    "InstitutionalDepartmentName": "Department",
    "InversionTime": 1.4,
    "MRAcquisitionType": "3D",
    "MagneticFieldStrength": 3,
    "Manufacturer": "Siemens",
    "ManufacturersModelName": "Prisma_fit",
    "Modality": "MR",
    "PartialFourier": 1,
    "PatientPosition": "HFS",
    "PercentPhaseFOV": 100,
    "PhaseEncodingSteps": 255,
    "PhaseResolution": 1,
    "PixelBandwidth": 650,
    "ProcedureStepDescription": "Young_Emily",
    "ProtocolName": "T1w_MPRAGE_FourEcho_vNav",
    "PulseSequenceDetails": "%CustomerSeq%_tfl_mgh_epinav_ABCD",
    "ReceiveCoilActiveElements": "HEA;HEP",
    "ReceiveCoilName": "Head_32",
    "ReconMatrixPE": 256,
    "RepetitionTime": 2.53,
    "SAR": 0.0391059,
    "ScanOptions": "IR_WE",
    "ScanningSequence": "GR_IR",
    "SequenceName": "tfl3d4_16ns",
    "SequenceVariant": "SK_SP_MP",
    "SeriesDescription": "T1w_MPRAGE_FourEcho_vNav_RMS",
    "SeriesNumber": 10,
    "ShimSetting": [
      -5598,
      -1458,
      3118,
      416,
      54,
      -82,
      -84,
      -52
    ],
    "SliceThickness": 1,
    "SoftwareVersions": "syngo_MR_E11",
    "StationName": "MRC35115",
    "TxRefAmp": 262.286,
    "WipMemBlock": "Prisma_epi_moco_navigator_ABCD_tfl.prot",
    "dataset": "ds002250",
    "modality": "T1w",
    "run_id": 1,
    "subject_id": "16"
  },
  "cjv": 0.38960949450021104,
  "cnr": 3.39304166433028,
  "efc": 0.5829718984435107,
  "fber": 6244.055622538995,
  "fwhm_avg": 3.800546666666667,
  "fwhm_x": 3.91882,
  "fwhm_y": 3.8797,
  "fwhm_z": 3.60312,
  "icvs_csf": 0.17713842768680868,
  "icvs_gm": 0.437957858212819,
  "icvs_wm": 0.3849037141003723,
  "inu_med": 0.31810832023620605,
  "inu_range": 0.09841510653495789,
  "provenance": {
    "md5sum": "1177f9dac77babae0793188be23642d8",
    "settings": {
      "testing": false
    },
    "software": "mriqc",
    "version": "22.0.6",
    "warnings": {
      "large_rot_frame": true,
      "small_air_mask": false
    },
    "webapi_port": null,
    "webapi_url": "https://mriqc.nimh.nih.gov/api/v1"
  },
  "qi_1": 0.0,
  "qi_2": 0.0018857647924508541,
  "rpve_csf": 28.071342523444578,
  "rpve_gm": 12.308915214665571,
  "rpve_wm": 15.947812481294484,
  "size_x": 176,
  "size_y": 256,
  "size_z": 256,
  "snr_csf": 2.7984098992195032,
  "snr_gm": 14.362405441606484,
  "snr_total": 15.765007591149926,
  "snr_wm": 30.134207432623796,
  "snrd_csf": 52.01464561973649,
  "snrd_gm": 120.33446950603957,
  "snrd_total": 108.73183355874407,
  "snrd_wm": 153.84638555045615,
  "spacing_x": 1.0,
  "spacing_y": 1.0,
  "spacing_z": 1.0,
  "summary_bg_k": 7.369337978710606,
  "summary_bg_mad": 4.258462364047588,
  "summary_bg_mean": 5.171497731521922,
  "summary_bg_median": 2.872289216145873,
  "summary_bg_n": 2343504.0,
  "summary_bg_p05": 0.0,
  "summary_bg_p95": 20.240964274853468,
  "summary_bg_stdv": 7.37650677857784,
  "summary_csf_k": 1.043573657795311,
  "summary_csf_mad": 89.34196879203195,
  "summary_csf_mean": 345.42199827212346,
  "summary_csf_median": 338.1012118253857,
  "summary_csf_n": 25144.0,
  "summary_csf_p05": 114.10699031632394,
  "summary_csf_p95": 558.6853127818553,
  "summary_csf_stdv": 120.81664253503162,
  "summary_gm_k": 0.1481704665312833,
  "summary_gm_mad": 52.80207528575784,
  "summary_gm_mean": 781.1183795662831,
  "summary_gm_median": 782.1879680156708,
  "summary_gm_n": 30198.0,
  "summary_gm_p05": 689.8120624870062,
  "summary_gm_p95": 869.8776083869857,
  "summary_gm_stdv": 54.45988975168219,
  "summary_wm_k": 0.46972708785137174,
  "summary_wm_mad": 32.06707900980801,
  "summary_wm_mean": 999.7253646079907,
  "summary_wm_median": 1000.0192978307605,
  "summary_wm_n": 235054.0,
  "summary_wm_p05": 945.7735135741532,
  "summary_wm_p95": 1054.0337567813694,
  "summary_wm_stdv": 33.18544789513977,
  "tpm_overlap_csf": 0.13391554680917575,
  "tpm_overlap_gm": 0.45085890515049193,
  "tpm_overlap_wm": 0.5025044819352453,
  "wm2max": 0.9100254363652311
}