{
  "aor": 0.000914758064516129,
  "aqi": 0.00286904814516129,
  "bids_meta": {
    "AcquisitionMatrixPE": 70,
    "AcquisitionNumber": 1,
    "AcquisitionTime": "11:35:6.665000",
    "BandwidthPerPixelPhaseEncode": 57.143,
    "BaseResolution": 70,
    "BodyPartExamined": "BRAIN",
    "ConsistencyInfo": "N4_VE11C_LATEST_20160120",
    "ConversionSoftware": "dcm2niix",
    "ConversionSoftwareVersion": "v1.0.20181125  (JP2:OpenJPEG) (JP-LS:CharLS) GCC5.5.0",
    "DerivedVendorReportedEchoSpacing": 0.000499999,
    "DeviceSerialNumber": "167012",
    "DwellTime": 3e-06,
    "EchoTime": 0.03,
    "EchoTrainLength": 35,
    "EffectiveEchoSpacing": 0.000249999,
    "FlipAngle": 90,
    "ImageOrientationPatientDICOM": [
      0.99713,
      -0.0712256,
      0.0256657,
      0.0625594,
      0.966084,
      0.250534
    ],
    "ImageType": [
      "ORIGINAL",
      "PRIMARY",
      "M",
      "ND",
      "MOSAIC"
    ],
    "ImagingFrequency": 123.253,
    "InPlanePhaseEncodingDirectionDICOM": "COL",
    "InstitutionAddress": "Vassar_Street_43_Cambridge_Boston_US_02139",
    "InstitutionName": "McGovern_Institute_for_Brain_Research_(3T1)",
    "InstitutionalDepartmentName": "Department",
    "MRAcquisitionType": "2D",
    "MagneticFieldStrength": 3,
    "Manufacturer": "Siemens",
    "ManufacturersModelName": "Prisma_fit",
    "Modality": "MR",
    "ParallelReductionFactorInPlane": 2,
    "PartialFourier": 1,
    "PatientPosition": "HFS",
    "PercentPhaseFOV": 100,
    "PhaseEncodingDirection": "j-",
    "PhaseEncodingSteps": 70,
    "PhaseResolution": 1,
    "PixelBandwidth": 2380,
    "ProcedureStepDescription": "Young_Emily",
    "ProtocolName": "so_localizer",
    "PulseSequenceDetails": "%SiemensSeq%_ep2d_pace",
    "ReceiveCoilActiveElements": "HEA;HEP",
    "ReceiveCoilName": "Head_32",
    "ReconMatrixPE": 70,
    "RepetitionTime": 2,
    "SAR": 0.148189,
    "ScanOptions": "FS",
    "ScanningSequence": "EP",
    "SequenceName": "_epfid2d1_70",
    "SequenceVariant": "SK",
    "SeriesDescription": "so_localizer",
    "SeriesNumber": 26,
    "ShimSetting": [
      -5608,
      -1568,
      3298,
      847,
      5,
      -62,
      116,
      0
    ],
    "SliceThickness": 3,
    "SliceTiming": [
      0,
      0.055,
      0.11,
      0.165,
      0.22,
      0.275,
      0.33,
      0.385,
      0.44,
      0.495,
      0.55,
      0.605,
      0.66,
      0.715,
      0.77,
      0.825,
      0.88,
      0.935,
      0.99,
      1.045,
      1.1,
      1.155,
      1.21,
      1.265,
      1.32,
      1.375,
      1.43,
      1.485,
      1.54,
      1.595,
      1.65,
      1.705,
      1.76,
      1.815,
      1.87,
      1.925
    ],
    "SoftwareVersions": "syngo_MR_E11",
    "SpacingBetweenSlices": 3.54,
    "StationName": "MRC35115",
    "TaskName": "so",
    "TotalReadoutTime": 0.01725,
    "TxRefAmp": 239.465,
    "dataset": "ds002250",
    "modality": "bold",
    "run_id": 1,
    "subject_id": "02",
    "task_id": "so"
  },
  "dummy_trs": 1,
  "dvars_nstd": 23.895152782357734,
  "dvars_std": 1.1003740052845528,
  "dvars_vstd": 0.9754012104065043,
  "efc": 0.5265230461463862,
  "fber": 597.7447509765625,
  "fd_mean": 0.10867551063381671,
  "fd_num": 3,
  "fd_perc": 2.4193548387096775,
  "fwhm_avg": 2.6320011942511674,
  "fwhm_x": 2.4368266666666667,
  "fwhm_y": 2.8774200000000003,
  "fwhm_z": 2.5817569160868348,
  "gcor": 0.00827532,
  "gsr_x": -0.002339072059839964,
  "gsr_y": 0.05007525533437729,
  "provenance": {
    "md5sum": "ff4abb402c6a8806e9aa81c4270bf7b3",
    "settings": {
      "fd_thres": 0.2,
      "testing": false
    },
    "software": "mriqc",
    "version": "22.0.6",
    "webapi_port": null,
    "webapi_url": "https://mriqc.nimh.nih.gov/api/v1"
  },
  "size_t": 124,
  "size_x": 70,
  "size_y": 70,
  "size_z": 36,
  "snr": 2.6291290586259906,
  "spacing_tr": 2.0,
  "spacing_x": 3.0,
  "spacing_y": 3.0,
  "spacing_z": 3.5400002002716064,
  "summary_bg_k": 65.81482629602674,
  "summary_bg_mad": 4.244547221271228,
  "summary_bg_mean": 27.820924758911133,
  "summary_bg_median": 15.282258033752441,
  "summary_bg_n": 105019.0,
  "summary_bg_p05": 12.040322303771973,
  "summary_bg_p95": 82.20967864990234,
  "summary_bg_stdv": 40.042415618896484,
  "summary_fg_k": 0.5615666484170165,
  "summary_fg_mad": 139.1374312403592,
  "summary_fg_mean": 401.1265563964844,
  "summary_fg_median": 376.0483703613281,
  "summary_fg_n": 33050.0,
  "summary_fg_p05": 215.39071731567384,
  "summary_fg_p95": 669.9576416015625,
  "summary_fg_stdv": 143.0293731689453,
  "tsnr": 66.45853015221655
}