{
  "aor": 0.0345248717948718,
  "aqi": 0.008617160307692308,
  "bids_meta": {
    "AcquisitionMatrixPE": 70,
    "AcquisitionNumber": 1,
    "AcquisitionTime": "15:18:13.835000",
    "BandwidthPerPixelPhaseEncode": 57.143,
    "BaseResolution": 70,
    "BodyPartExamined": "BRAIN",
    "ConsistencyInfo": "N4_VE11C_LATEST_20160120",
    "ConversionSoftware": "dcm2niix",
    "ConversionSoftwareVersion": "v1.0.20181125  (JP2:OpenJPEG) (JP-LS:CharLS) GCC5.5.0",
    "DerivedVendorReportedEchoSpacing": 0.000499999,
    "DeviceSerialNumber": "167012",
    "DwellTime": 3e-06,
    "EchoTime": 0.03,
    "EchoTrainLength": 35,
    "EffectiveEchoSpacing": 0.000249999,
    "FlipAngle": 90,
    "ImageOrientationPatientDICOM": [
      0.999794,
      -0.00131298,
      -0.0202341,
      -0.0040135,
      0.965343,
      -0.260954
    ],
    "ImageType": [
      "ORIGINAL",
      "PRIMARY",
      "M",
      "ND",
      "MOSAIC"
    ],
    "ImagingFrequency": 123.254,
    "InPlanePhaseEncodingDirectionDICOM": "COL",
    "InstitutionAddress": "Vassar_Street_43_Cambridge_Boston_US_02139",
    "InstitutionName": "MIT",
    "InstitutionalDepartmentName": "Department",
    "MRAcquisitionType": "2D",
    "MagneticFieldStrength": 3,
    "Manufacturer": "Siemens",
    "ManufacturersModelName": "Prisma_fit",
    "Modality": "MR",
    "ParallelReductionFactorInPlane": 2,
    "PartialFourier": 1,
    "PatientPosition": "HFS",
    "PercentPhaseFOV": 100,
    "PhaseEncodingDirection": "j-",
    "PhaseEncodingSteps": 70,
    "PhaseResolution": 1,
    "PixelBandwidth": 2380,
    "ProcedureStepDescription": "Young_Emily",
    "ProtocolName": "FIRSTTHIRD",
    "PulseSequenceDetails": "%SiemensSeq%_ep2d_pace",
    "ReceiveCoilActiveElements": "HEA;HEP",
    "ReceiveCoilName": "Head_32",
    "ReconMatrixPE": 70,
    "RepetitionTime": 2,
    "SAR": 0.180664,
    "ScanOptions": "FS",
    "ScanningSequence": "EP",
    "SequenceName": "_epfid2d1_70",
    "SequenceVariant": "SK",
    "SeriesDescription": "FIRSTTHIRD",
    "SeriesNumber": 24,
    "ShimSetting": [
      -5640,
      -1465,
      3192,
      347,
      -70,
      79,
      -70,
      -1
    ],
    "SliceThickness": 3,
    "SliceTiming": [
      0,
      0.055,
      0.11,
      0.165,
      0.22,
      0.275,
      0.33,
      0.385,
      0.44,
      0.495,
      0.55,
      0.605,
      0.66,
      0.715,
      0.77,
      0.825,
      0.88,
      0.935,
      0.99,
      1.045,
      1.1,
      1.155,
      1.21,
      1.265,
      1.32,
      1.375,
      1.43,
      1.485,
      1.54,
      1.595,
      1.65,
      1.705,
      1.76,
      1.815,
      1.87,
      1.925
    ],
    "SoftwareVersions": "syngo_MR_E11",
    "SpacingBetweenSlices": 3.54,
    "StationName": "MRC35115",
    "TaskName": "firstthird",
    "TotalReadoutTime": 0.01725,
    "TxRefAmp": 274.996,
    "dataset": "ds002250",
    "modality": "bold",
    "run_id": 2,
    "subject_id": "14",
    "task_id": "firstthird"
  },
  "dummy_trs": 4,
  "dvars_nstd": 45.3648909343299,
  "dvars_std": 1.471318125515464,
  "dvars_vstd": 1.3470224133505155,
  "efc": 0.5319086759354925,
  "fber": 486.41766357421875,
  "fd_mean": 0.6481185107713341,
  "fd_num": 98,
  "fd_perc": 50.256410256410255,
  "fwhm_avg": 2.8500658295270918,
  "fwhm_x": 2.6885133333333333,
  "fwhm_y": 2.98917,
  "fwhm_z": 2.872514155247943,
  "gcor": 0.124482,
  "gsr_x": 0.024446435272693634,
  "gsr_y": 0.04927341267466545,
  "provenance": {
    "md5sum": "7346c3b33faee4cdc17aee0a3a571d7a",
    "settings": {
      "fd_thres": 0.2,
      "testing": false
    },
    "software": "mriqc",
    "version": "22.0.6",
    "webapi_port": null,
    "webapi_url": "https://mriqc.nimh.nih.gov/api/v1"
  },
  "size_t": 195,
  "size_x": 70,
  "size_y": 70,
  "size_z": 36,
  "snr": 2.473225402977872,
  "spacing_tr": 2.0,
  "spacing_x": 3.0,
  "spacing_y": 3.0,
  "spacing_z": 3.5399999618530273,
  "summary_bg_k": 71.79011317851773,
  "summary_bg_mad": 5.033244331354227,
  "summary_bg_mean": 31.87531089782715,
  "summary_bg_median": 15.948718070983887,
  "summary_bg_n": 105348.0,
  "summary_bg_p05": 12.020513534545898,
  "summary_bg_p95": 110.16384925842276,
  "summary_bg_stdv": 54.9718017578125,
  "summary_fg_k": 0.940487755433852,
  "summary_fg_mad": 137.2471677062794,
  "summary_fg_mean": 381.2953796386719,
  "summary_fg_median": 356.22564697265625,
  "summary_fg_n": 32922.0,
  "summary_fg_p05": 195.50307693481446,
  "summary_fg_p95": 653.2815307617187,
  "summary_fg_stdv": 144.0306396484375,
  "tsnr": 30.875544580398127
}