{
  "aor": 0.022529599999999997,
  "aqi": 0.01764075424,
  "bids_meta": {
    "AcquisitionMatrixPE": 70,
    "AcquisitionNumber": 1,
    "AcquisitionTime": "16:04:7.815000",
    "BandwidthPerPixelPhaseEncode": 57.143,
    "BaseResolution": 70,
    "BodyPartExamined": "BRAIN",
    "ConsistencyInfo": "N4_VE11C_LATEST_20160120",
    "ConversionSoftware": "dcm2niix",
    "ConversionSoftwareVersion": "v1.0.20181125  (JP2:OpenJPEG) (JP-LS:CharLS) GCC5.5.0",
    "DerivedVendorReportedEchoSpacing": 0.000499999,
    "DeviceSerialNumber": "167012",
    "DwellTime": 3e-06,
    "EchoTime": 0.03,
    "EchoTrainLength": 35,
    "EffectiveEchoSpacing": 0.000249999,
    "FlipAngle": 90,
    "ImageOrientationPatientDICOM": [
      0.999794,
      -0.00131298,
      -0.0202341,
      -0.0040135,
      0.965343,
      -0.260954
    ],
    "ImageType": [
      "ORIGINAL",
      "PRIMARY",
      "M",
      "ND",
      "MOSAIC"
    ],
    "ImagingFrequency": 123.254,
    "InPlanePhaseEncodingDirectionDICOM": "COL",
    "InstitutionAddress": "Vassar_Street_43_Cambridge_Boston_US_02139",
    "InstitutionName": "MIT",
    "InstitutionalDepartmentName": "Department",
    "MRAcquisitionType": "2D",
    "MagneticFieldStrength": 3,
    "Manufacturer": "Siemens",
    "ManufacturersModelName": "Prisma_fit",
    "Modality": "MR",
    "ParallelReductionFactorInPlane": 2,
    "PartialFourier": 1,
    "PatientPosition": "HFS",
    "PercentPhaseFOV": 100,
    "PhaseEncodingDirection": "j-",
    "PhaseEncodingSteps": 70,
    "PhaseResolution": 1,
    "PixelBandwidth": 2380,
    "ProcedureStepDescription": "Young_Emily",
    "ProtocolName": "so_localizer",
    "PulseSequenceDetails": "%SiemensSeq%_ep2d_pace",
    "ReceiveCoilActiveElements": "HEA;HEP",
    "ReceiveCoilName": "Head_32",
    "ReconMatrixPE": 70,
    "RepetitionTime": 2,
    "SAR": 0.180276,
    "ScanOptions": "FS",
    "ScanningSequence": "EP",
    "SequenceName": "_epfid2d1_70",
    "SequenceVariant": "SK",
    "SeriesDescription": "so_localizer",
    "SeriesNumber": 36,
    "ShimSetting": [
      -5640,
      -1465,
      3192,
      347,
      -70,
      79,
      -70,
      -1
    ],
    "SliceThickness": 3,
    "SliceTiming": [
      0,
      0.055,
      0.11,
      0.165,
      0.22,
      0.275,
      0.33,
      0.385,
      0.44,
      0.495,
      0.55,
      0.605,
      0.66,
      0.715,
      0.77,
      0.825,
      0.88,
      0.935,
      0.99,
      1.045,
      1.1,
      1.155,
      1.21,
      1.265,
      1.32,
      1.375,
      1.43,
      1.485,
      1.54,
      1.595,
      1.65,
      1.705,
      1.76,
      1.815,
      1.87,
      1.925
    ],
    "SoftwareVersions": "syngo_MR_E11",
    "SpacingBetweenSlices": 3.54,
    "StationName": "MRC35115",
    "TaskName": "so",
    "TotalReadoutTime": 0.01725,
    "TxRefAmp": 274.996,
    "dataset": "ds002250",
    "modality": "bold",
    "run_id": 2,
    "subject_id": "14",
    "task_id": "so"
  },
  "dummy_trs": 0,
  "dvars_nstd": 76.04612368935486,
  "dvars_std": 1.3528793059677413,
  "dvars_vstd": 1.1059383887096776,
  "efc": 0.5426697345459649,
  "fber": 397.99462890625,
  "fd_mean": 1.4531131462507623,
  "fd_num": 91,
  "fd_perc": 72.8,
  "fwhm_avg": 2.9040816488648957,
  "fwhm_x": 2.7261433333333334,
  "fwhm_y": 3.07774,
  "fwhm_z": 2.9083616132613535,
  "gcor": 0.0848342,
  "gsr_x": 0.02119571901857853,
  "gsr_y": 0.05829969048500061,
  "provenance": {
    "md5sum": "79e75d6376226f65c278f99de274fefa",
    "settings": {
      "fd_thres": 0.2,
      "testing": false
    },
    "software": "mriqc",
    "version": "22.0.6",
    "webapi_port": null,
    "webapi_url": "https://mriqc.nimh.nih.gov/api/v1"
  },
  "size_t": 125,
  "size_x": 70,
  "size_y": 70,
  "size_z": 36,
  "snr": 2.411153230667853,
  "spacing_tr": 2.0,
  "spacing_x": 3.0,
  "spacing_y": 3.0,
  "spacing_z": 3.5399999618530273,
  "summary_bg_k": 55.269285014800886,
  "summary_bg_mad": 7.840000689816625,
  "summary_bg_mean": 36.50197982788086,
  "summary_bg_median": 18.168001174926758,
  "summary_bg_n": 104911.0,
  "summary_bg_p05": 12.432000160217285,
  "summary_bg_p95": 123.97600555419922,
  "summary_bg_stdv": 58.593971252441406,
  "summary_fg_k": 1.3416071524233493,
  "summary_fg_mad": 143.33206709773003,
  "summary_fg_mean": 394.173828125,
  "summary_fg_median": 366.6640319824219,
  "summary_fg_n": 33570.0,
  "summary_fg_p05": 200.69961242675782,
  "summary_fg_p95": 679.5216186523437,
  "summary_fg_stdv": 152.06771850585938,
  "tsnr": 24.037371904822066
}