{
  "aor": 0.03469055276381909,
  "aqi": 0.015203577638190956,
  "bids_meta": {
    "AcquisitionMatrixPE": 70,
    "AcquisitionNumber": 1,
    "AcquisitionTime": "15:50:46.010000",
    "BandwidthPerPixelPhaseEncode": 57.143,
    "BaseResolution": 70,
    "BodyPartExamined": "BRAIN",
    "ConsistencyInfo": "N4_VE11C_LATEST_20160120",
    "ConversionSoftware": "dcm2niix",
    "ConversionSoftwareVersion": "v1.0.20181125  (JP2:OpenJPEG) (JP-LS:CharLS) GCC5.5.0",
    "DerivedVendorReportedEchoSpacing": 0.000499999,
    "DeviceSerialNumber": "167012",
    "DwellTime": 3e-06,
    "EchoTime": 0.03,
    "EchoTrainLength": 35,
    "EffectiveEchoSpacing": 0.000249999,
    "FlipAngle": 90,
    "ImageOrientationPatientDICOM": [
      0.999794,
      -0.00131298,
      -0.0202341,
      -0.0040135,
      0.965343,
      -0.260954
    ],
    "ImageType": [
      "ORIGINAL",
      "PRIMARY",
      "M",
      "ND",
      "MOSAIC"
    ],
    "ImagingFrequency": 123.254,
    "InPlanePhaseEncodingDirectionDICOM": "COL",
    "InstitutionAddress": "Vassar_Street_43_Cambridge_Boston_US_02139",
    "InstitutionName": "MIT",
    "InstitutionalDepartmentName": "Department",
    "MRAcquisitionType": "2D",
    "MagneticFieldStrength": 3,
    "Manufacturer": "Siemens",
    "ManufacturersModelName": "Prisma_fit",
    "Modality": "MR",
    "ParallelReductionFactorInPlane": 2,
    "PartialFourier": 1,
    "PatientPosition": "HFS",
    "PercentPhaseFOV": 100,
    "PhaseEncodingDirection": "j-",
    "PhaseEncodingSteps": 70,
    "PhaseResolution": 1,
    "PixelBandwidth": 2380,
    "ProcedureStepDescription": "Young_Emily",
    "ProtocolName": "FIRSTTHIRD",
    "PulseSequenceDetails": "%SiemensSeq%_ep2d_pace",
    "ReceiveCoilActiveElements": "HEA;HEP",
    "ReceiveCoilName": "Head_32",
    "ReconMatrixPE": 70,
    "RepetitionTime": 2,
    "SAR": 0.180664,
    "ScanOptions": "FS",
    "ScanningSequence": "EP",
    "SequenceName": "_epfid2d1_70",
    "SequenceVariant": "SK",
    "SeriesDescription": "FIRSTTHIRD",
    "SeriesNumber": 32,
    "ShimSetting": [
      -5640,
      -1465,
      3192,
      347,
      -70,
      79,
      -70,
      -1
    ],
    "SliceThickness": 3,
    "SliceTiming": [
      0,
      0.055,
      0.11,
      0.165,
      0.22,
      0.275,
      0.33,
      0.385,
      0.44,
      0.495,
      0.55,
      0.605,
      0.66,
      0.715,
      0.77,
      0.825,
      0.88,
      0.935,
      0.99,
      1.045,
      1.1,
      1.155,
      1.21,
      1.265,
      1.32,
      1.375,
      1.43,
      1.485,
      1.54,
      1.595,
      1.65,
      1.705,
      1.76,
      1.815,
      1.87,
      1.925
    ],
    "SoftwareVersions": "syngo_MR_E11",
    "SpacingBetweenSlices": 3.54,
    "StationName": "MRC35115",
    "TaskName": "firstthird",
    "TotalReadoutTime": 0.01725,
    "TxRefAmp": 274.996,
    "dataset": "ds002250",
    "modality": "bold",
    "run_id": 6,
    "subject_id": "14",
    "task_id": "firstthird"
  },
  "dummy_trs": 0,
  "dvars_nstd": 54.35025285489895,
  "dvars_std": 1.3335514204040408,
  "dvars_vstd": 1.1691536891414145,
  "efc": 0.5349617967094734,
  "fber": 451.1376037597656,
  "fd_mean": 1.0625826805379008,
  "fd_num": 89,
  "fd_perc": 44.72361809045226,
  "fwhm_avg": 2.8574797089539214,
  "fwhm_x": 2.6740033333333333,
  "fwhm_y": 3.0386900000000003,
  "fwhm_z": 2.8597457935284307,
  "gcor": 0.0816318,
  "gsr_x": 0.029228080064058304,
  "gsr_y": 0.052664145827293396,
  "provenance": {
    "md5sum": "9323061cf85865cbff3b00ed524c0243",
    "settings": {
      "fd_thres": 0.2,
      "testing": false
    },
    "software": "mriqc",
    "version": "22.0.6",
    "webapi_port": null,
    "webapi_url": "https://mriqc.nimh.nih.gov/api/v1"
  },
  "size_t": 199,
  "size_x": 70,
  "size_y": 70,
  "size_z": 36,
  "snr": 2.473734883706894,
  "spacing_tr": 2.0,
  "spacing_x": 3.0,
  "spacing_y": 3.0,
  "spacing_z": 3.5399999618530273,
  "summary_bg_k": 58.03316225254241,
  "summary_bg_mad": 6.228419306258323,
  "summary_bg_mean": 33.829139709472656,
  "summary_bg_median": 16.7286434173584,
  "summary_bg_n": 106284.0,
  "summary_bg_p05": 12.045226097106934,
  "summary_bg_p95": 117.0881927490233,
  "summary_bg_stdv": 55.83784484863281,
  "summary_fg_k": 0.9834372085951997,
  "summary_fg_mad": 138.66429978897636,
  "summary_fg_mean": 383.1842041015625,
  "summary_fg_median": 357.87939453125,
  "summary_fg_n": 32567.0,
  "summary_fg_p05": 196.56381378173828,
  "summary_fg_p95": 654.477893066406,
  "summary_fg_stdv": 144.66946411132812,
  "tsnr": 24.89346399216447
}