{
  "aor": 0.018911708542713568,
  "aqi": 0.009823874422110551,
  "bids_meta": {
    "AcquisitionMatrixPE": 70,
    "AcquisitionNumber": 1,
    "AcquisitionTime": "15:43:4.627500",
    "BandwidthPerPixelPhaseEncode": 57.143,
    "BaseResolution": 70,
    "BodyPartExamined": "BRAIN",
    "ConsistencyInfo": "N4_VE11C_LATEST_20160120",
    "ConversionSoftware": "dcm2niix",
    "ConversionSoftwareVersion": "v1.0.20181125  (JP2:OpenJPEG) (JP-LS:CharLS) GCC5.5.0",
    "DerivedVendorReportedEchoSpacing": 0.000499999,
    "DeviceSerialNumber": "167012",
    "DwellTime": 3e-06,
    "EchoTime": 0.03,
    "EchoTrainLength": 35,
    "EffectiveEchoSpacing": 0.000249999,
    "FlipAngle": 90,
    "ImageOrientationPatientDICOM": [
      0.999794,
      -0.00131298,
      -0.0202341,
      -0.0040135,
      0.965343,
      -0.260954
    ],
    "ImageType": [
      "ORIGINAL",
      "PRIMARY",
      "M",
      "ND",
      "MOSAIC"
    ],
    "ImagingFrequency": 123.254,
    "InPlanePhaseEncodingDirectionDICOM": "COL",
    "InstitutionAddress": "Vassar_Street_43_Cambridge_Boston_US_02139",
    "InstitutionName": "MIT",
    "InstitutionalDepartmentName": "Department",
    "MRAcquisitionType": "2D",
    "MagneticFieldStrength": 3,
    "Manufacturer": "Siemens",
    "ManufacturersModelName": "Prisma_fit",
    "Modality": "MR",
    "ParallelReductionFactorInPlane": 2,
    "PartialFourier": 1,
    "PatientPosition": "HFS",
    "PercentPhaseFOV": 100,
    "PhaseEncodingDirection": "j-",
    "PhaseEncodingSteps": 70,
    "PhaseResolution": 1,
    "PixelBandwidth": 2380,
    "ProcedureStepDescription": "Young_Emily",
    "ProtocolName": "FIRSTTHIRD",
    "PulseSequenceDetails": "%SiemensSeq%_ep2d_pace",
    "ReceiveCoilActiveElements": "HEA;HEP",
    "ReceiveCoilName": "Head_32",
    "ReconMatrixPE": 70,
    "RepetitionTime": 2,
    "SAR": 0.180664,
    "ScanOptions": "FS",
    "ScanningSequence": "EP",
    "SequenceName": "_epfid2d1_70",
    "SequenceVariant": "SK",
    "SeriesDescription": "FIRSTTHIRD",
    "SeriesNumber": 30,
    "ShimSetting": [
      -5640,
      -1465,
      3192,
      347,
      -70,
      79,
      -70,
      -1
    ],
    "SliceThickness": 3,
    "SliceTiming": [
      0,
      0.055,
      0.11,
      0.165,
      0.22,
      0.275,
      0.33,
      0.385,
      0.44,
      0.495,
      0.55,
      0.605,
      0.66,
      0.715,
      0.77,
      0.825,
      0.88,
      0.935,
      0.99,
      1.045,
      1.1,
      1.155,
      1.21,
      1.265,
      1.32,
      1.375,
      1.43,
      1.485,
      1.54,
      1.5925,
      1.6475,
      1.7025,
      1.7575,
      1.8125,
      1.8675,
      1.9225
    ],
    "SoftwareVersions": "syngo_MR_E11",
    "SpacingBetweenSlices": 3.54,
    "StationName": "MRC35115",
    "TaskName": "firstthird",
    "TotalReadoutTime": 0.01725,
    "TxRefAmp": 274.996,
    "dataset": "ds002250",
    "modality": "bold",
    "run_id": 5,
    "subject_id": "14",
    "task_id": "firstthird"
  },
  "dummy_trs": 0,
  "dvars_nstd": 47.138680573686884,
  "dvars_std": 1.29034761540404,
  "dvars_vstd": 1.108211796414141,
  "efc": 0.5367420580512291,
  "fber": 439.7975769042969,
  "fd_mean": 0.582677244232314,
  "fd_num": 106,
  "fd_perc": 53.266331658291456,
  "fwhm_avg": 2.865754172250645,
  "fwhm_x": 2.6940933333333335,
  "fwhm_y": 3.0378866666666666,
  "fwhm_z": 2.865282516751936,
  "gcor": 0.0942864,
  "gsr_x": 0.025899382308125496,
  "gsr_y": 0.050657808780670166,
  "provenance": {
    "md5sum": "12326b685d39edad5b073610d53a1958",
    "settings": {
      "fd_thres": 0.2,
      "testing": false
    },
    "software": "mriqc",
    "version": "22.0.6",
    "webapi_port": null,
    "webapi_url": "https://mriqc.nimh.nih.gov/api/v1"
  },
  "size_t": 199,
  "size_x": 70,
  "size_y": 70,
  "size_z": 36,
  "snr": 2.431845203867966,
  "spacing_tr": 2.0,
  "spacing_x": 3.0,
  "spacing_y": 3.0,
  "spacing_z": 3.5399999618530273,
  "summary_bg_k": 59.00675641988248,
  "summary_bg_mad": 6.347622630800895,
  "summary_bg_mean": 34.05083084106445,
  "summary_bg_median": 16.904521942138672,
  "summary_bg_n": 105515.0,
  "summary_bg_p05": 12.095477104187012,
  "summary_bg_p95": 117.5492454528808,
  "summary_bg_stdv": 56.149261474609375,
  "summary_fg_k": 1.3965087276869603,
  "summary_fg_mad": 136.5186258080135,
  "summary_fg_mean": 382.05548095703125,
  "summary_fg_median": 355.698486328125,
  "summary_fg_n": 32989.0,
  "summary_fg_p05": 196.66331481933594,
  "summary_fg_p95": 656.86630859375,
  "summary_fg_stdv": 146.2646942138672,
  "tsnr": 32.66272994631436
}