{
  "aor": 0.019883350253807105,
  "aqi": 0.021242419847715736,
  "bids_meta": {
    "AcquisitionMatrixPE": 70,
    "AcquisitionNumber": 1,
    "AcquisitionTime": "15:26:52.777500",
    "BandwidthPerPixelPhaseEncode": 57.143,
    "BaseResolution": 70,
    "BodyPartExamined": "BRAIN",
    "ConsistencyInfo": "N4_VE11C_LATEST_20160120",
    "ConversionSoftware": "dcm2niix",
    "ConversionSoftwareVersion": "v1.0.20181125  (JP2:OpenJPEG) (JP-LS:CharLS) GCC5.5.0",
    "DerivedVendorReportedEchoSpacing": 0.000499999,
    "DeviceSerialNumber": "167012",
    "DwellTime": 3e-06,
    "EchoTime": 0.03,
    "EchoTrainLength": 35,
    "EffectiveEchoSpacing": 0.000249999,
    "FlipAngle": 90,
    "ImageOrientationPatientDICOM": [
      0.999794,
      -0.00131298,
      -0.0202341,
      -0.0040135,
      0.965343,
      -0.260954
    ],
    "ImageType": [
      "ORIGINAL",
      "PRIMARY",
      "M",
      "ND",
      "MOSAIC"
    ],
    "ImagingFrequency": 123.254,
    "InPlanePhaseEncodingDirectionDICOM": "COL",
    "InstitutionAddress": "Vassar_Street_43_Cambridge_Boston_US_02139",
    "InstitutionName": "MIT",
    "InstitutionalDepartmentName": "Department",
    "MRAcquisitionType": "2D",
    "MagneticFieldStrength": 3,
    "Manufacturer": "Siemens",
    "ManufacturersModelName": "Prisma_fit",
    "Modality": "MR",
    "ParallelReductionFactorInPlane": 2,
    "PartialFourier": 1,
    "PatientPosition": "HFS",
    "PercentPhaseFOV": 100,
    "PhaseEncodingDirection": "j-",
    "PhaseEncodingSteps": 70,
    "PhaseResolution": 1,
    "PixelBandwidth": 2380,
    "ProcedureStepDescription": "Young_Emily",
    "ProtocolName": "FIRSTTHIRD",
    "PulseSequenceDetails": "%SiemensSeq%_ep2d_pace",
    "ReceiveCoilActiveElements": "HEA;HEP",
    "ReceiveCoilName": "Head_32",
    "ReconMatrixPE": 70,
    "RepetitionTime": 2,
    "SAR": 0.180664,
    "ScanOptions": "FS",
    "ScanningSequence": "EP",
    "SequenceName": "_epfid2d1_70",
    "SequenceVariant": "SK",
    "SeriesDescription": "FIRSTTHIRD",
    "SeriesNumber": 26,
    "ShimSetting": [
      -5640,
      -1465,
      3192,
      347,
      -70,
      79,
      -70,
      -1
    ],
    "SliceThickness": 3,
    "SliceTiming": [
      0,
      0.055,
      0.11,
      0.165,
      0.22,
      0.275,
      0.33,
      0.385,
      0.44,
      0.495,
      0.55,
      0.605,
      0.66,
      0.715,
      0.77,
      0.825,
      0.88,
      0.935,
      0.99,
      1.045,
      1.1,
      1.155,
      1.21,
      1.265,
      1.32,
      1.375,
      1.43,
      1.485,
      1.54,
      1.595,
      1.65,
      1.705,
      1.76,
      1.815,
      1.87,
      1.925
    ],
    "SoftwareVersions": "syngo_MR_E11",
    "SpacingBetweenSlices": 3.54,
    "StationName": "MRC35115",
    "TaskName": "firstthird",
    "TotalReadoutTime": 0.01725,
    "TxRefAmp": 274.996,
    "dataset": "ds002250",
    "modality": "bold",
    "run_id": 3,
    "subject_id": "14",
    "task_id": "firstthird"
  },
  "dummy_trs": 2,
  "dvars_nstd": 55.41699512668369,
  "dvars_std": 1.0724524453061224,
  "dvars_vstd": 0.9989035020408162,
  "efc": 0.538253822223219,
  "fber": 438.0578308105469,
  "fd_mean": 1.006337741324885,
  "fd_num": 105,
  "fd_perc": 53.2994923857868,
  "fwhm_avg": 2.8714819877868627,
  "fwhm_x": 2.682116666666667,
  "fwhm_y": 3.0409733333333335,
  "fwhm_z": 2.8913559633605868,
  "gcor": 0.0499492,
  "gsr_x": 0.018405811861157417,
  "gsr_y": 0.0513223372399807,
  "provenance": {
    "md5sum": "5285949c78449262896b8f7c5cd6e78c",
    "settings": {
      "fd_thres": 0.2,
      "testing": false
    },
    "software": "mriqc",
    "version": "22.0.6",
    "webapi_port": null,
    "webapi_url": "https://mriqc.nimh.nih.gov/api/v1"
  },
  "size_t": 197,
  "size_x": 70,
  "size_y": 70,
  "size_z": 36,
  "snr": 2.468659484279996,
  "spacing_tr": 2.0,
  "spacing_x": 3.0,
  "spacing_y": 3.0,
  "spacing_z": 3.5399999618530273,
  "summary_bg_k": 57.07794307383253,
  "summary_bg_mad": 6.645368660060908,
  "summary_bg_mean": 33.519657135009766,
  "summary_bg_median": 17.172588348388672,
  "summary_bg_n": 104827.0,
  "summary_bg_p05": 12.223349571228027,
  "summary_bg_p95": 113.40862960815423,
  "summary_bg_stdv": 52.886993408203125,
  "summary_fg_k": 0.9950102329479877,
  "summary_fg_mad": 141.9760842123692,
  "summary_fg_mean": 393.1842346191406,
  "summary_fg_median": 366.7817077636719,
  "summary_fg_n": 33167.0,
  "summary_fg_p05": 202.94517517089844,
  "summary_fg_p95": 673.8395935058594,
  "summary_fg_stdv": 148.57301330566406,
  "tsnr": 23.593378000776283
}