{
  "aor": 0.0014884422110552765,
  "aqi": 0.0019248964371859295,
  "bids_meta": {
    "AcquisitionMatrixPE": 70,
    "AcquisitionNumber": 1,
    "AcquisitionTime": "12:05:28.387500",
    "BandwidthPerPixelPhaseEncode": 57.143,
    "BaseResolution": 70,
    "BodyPartExamined": "BRAIN",
    "ConsistencyInfo": "N4_VE11C_LATEST_20160120",
    "ConversionSoftware": "dcm2niix",
    "ConversionSoftwareVersion": "v1.0.20181125  (JP2:OpenJPEG) (JP-LS:CharLS) GCC5.5.0",
    "DerivedVendorReportedEchoSpacing": 0.000499999,
    "DeviceSerialNumber": "167012",
    "DwellTime": 3e-06,
    "EchoTime": 0.03,
    "EchoTrainLength": 35,
    "EffectiveEchoSpacing": 0.000249999,
    "FlipAngle": 90,
    "ImageOrientationPatientDICOM": [
      0.999927,
      0.0120791,
      0.000229269,
      -0.0115188,
      0.958928,
      -0.283415
    ],
    "ImageType": [
      "ORIGINAL",
      "PRIMARY",
      "M",
      "ND",
      "MOSAIC"
    ],
    "ImagingFrequency": 123.254,
    "InPlanePhaseEncodingDirectionDICOM": "COL",
    "InstitutionAddress": "Vassar_Street_43_Cambridge_Boston_US_02139",
    "InstitutionName": "McGovern_Institute_for_Brain_Research_(3T1)",
    "InstitutionalDepartmentName": "Department",
    "MRAcquisitionType": "2D",
    "MagneticFieldStrength": 3,
    "Manufacturer": "Siemens",
    "ManufacturersModelName": "Prisma_fit",
    "Modality": "MR",
    "ParallelReductionFactorInPlane": 2,
    "PartialFourier": 1,
    "PatientPosition": "HFS",
    "PercentPhaseFOV": 100,
    "PhaseEncodingDirection": "j-",
    "PhaseEncodingSteps": 70,
    "PhaseResolution": 1,
    "PixelBandwidth": 2380,
    "ProcedureStepDescription": "Young_Emily",
    "ProtocolName": "FIRSTTHIRD",
    "PulseSequenceDetails": "%SiemensSeq%_ep2d_pace",
    "ReceiveCoilActiveElements": "HEA;HEP",
    "ReceiveCoilName": "Head_32",
    "ReconMatrixPE": 70,
    "RepetitionTime": 2,
    "SAR": 0.105319,
    "ScanOptions": "FS",
    "ScanningSequence": "EP",
    "SequenceName": "_epfid2d1_70",
    "SequenceVariant": "SK",
    "SeriesDescription": "FIRSTTHIRD",
    "SeriesNumber": 25,
    "ShimSetting": [
      -5618,
      -1463,
      3130,
      400,
      33,
      339,
      -211,
      -26
    ],
    "SliceThickness": 3,
    "SliceTiming": [
      0,
      0.055,
      0.11,
      0.165,
      0.22,
      0.275,
      0.33,
      0.385,
      0.44,
      0.495,
      0.55,
      0.605,
      0.66,
      0.715,
      0.77,
      0.825,
      0.88,
      0.935,
      0.99,
      1.045,
      1.1,
      1.155,
      1.21,
      1.265,
      1.32,
      1.375,
      1.43,
      1.485,
      1.54,
      1.595,
      1.65,
      1.705,
      1.76,
      1.815,
      1.87,
      1.925
    ],
    "SoftwareVersions": "syngo_MR_E11",
    "SpacingBetweenSlices": 3.54,
    "StationName": "MRC35115",
    "TaskName": "firstthird",
    "TotalReadoutTime": 0.01725,
    "TxRefAmp": 228.692,
    "dataset": "ds002250",
    "modality": "bold",
    "run_id": 5,
    "subject_id": "06",
    "task_id": "firstthird"
  },
  "dummy_trs": 0,
  "dvars_nstd": 19.107406803989903,
  "dvars_std": 1.083540771363636,
  "dvars_vstd": 1.0137973726262621,
  "efc": 0.5109833634451223,
  "fber": 616.7503662109375,
  "fd_mean": 0.1104744511493111,
  "fd_num": 8,
  "fd_perc": 4.0201005025125625,
  "fwhm_avg": 2.706112288618131,
  "fwhm_x": 2.5587866666666668,
  "fwhm_y": 2.8037733333333335,
  "fwhm_z": 2.7557768658543913,
  "gcor": 0.0188759,
  "gsr_x": 0.00794092658907175,
  "gsr_y": 0.03137258440256119,
  "provenance": {
    "md5sum": "b07aa3d88d887be85d63d6ac24621a0f",
    "settings": {
      "fd_thres": 0.2,
      "testing": false
    },
    "software": "mriqc",
    "version": "22.0.6",
    "webapi_port": null,
    "webapi_url": "https://mriqc.nimh.nih.gov/api/v1"
  },
  "size_t": 199,
  "size_x": 70,
  "size_y": 70,
  "size_z": 36,
  "snr": 2.6450453287196085,
  "spacing_tr": 2.0,
  "spacing_x": 3.0,
  "spacing_y": 3.0,
  "spacing_z": 3.5399999618530273,
  "summary_bg_k": 60.636915554259105,
  "summary_bg_mad": 3.225963741957587,
  "summary_bg_mean": 24.93840980529785,
  "summary_bg_median": 14.16080379486084,
  "summary_bg_n": 108930.0,
  "summary_bg_p05": 11.65829086303711,
  "summary_bg_p95": 78.60854263305653,
  "summary_bg_stdv": 35.234920501708984,
  "summary_fg_k": 1.1633148796968644,
  "summary_fg_mad": 120.23233002367894,
  "summary_fg_mean": 376.8626708984375,
  "summary_fg_median": 352.0552673339844,
  "summary_fg_n": 30712.0,
  "summary_fg_p05": 207.5610565185547,
  "summary_fg_p95": 636.3849029541011,
  "summary_fg_stdv": 133.0977325439453,
  "tsnr": 76.5271825036034
}