{
  "aor": 0.0015391129032258067,
  "aqi": 0.001708878129032258,
  "bids_meta": {
    "AcquisitionMatrixPE": 70,
    "AcquisitionNumber": 1,
    "AcquisitionTime": "12:26:13.612500",
    "BandwidthPerPixelPhaseEncode": 57.143,
    "BaseResolution": 70,
    "BodyPartExamined": "BRAIN",
    "ConsistencyInfo": "N4_VE11C_LATEST_20160120",
    "ConversionSoftware": "dcm2niix",
    "ConversionSoftwareVersion": "v1.0.20181125  (JP2:OpenJPEG) (JP-LS:CharLS) GCC5.5.0",
    "DerivedVendorReportedEchoSpacing": 0.000499999,
    "DeviceSerialNumber": "167012",
    "DwellTime": 3e-06,
    "EchoTime": 0.03,
    "EchoTrainLength": 35,
    "EffectiveEchoSpacing": 0.000249999,
    "FlipAngle": 90,
    "ImageOrientationPatientDICOM": [
      0.999927,
      0.0120791,
      0.000229269,
      -0.0115188,
      0.958928,
      -0.283415
    ],
    "ImageType": [
      "ORIGINAL",
      "PRIMARY",
      "M",
      "ND",
      "MOSAIC"
    ],
    "ImagingFrequency": 123.254,
    "InPlanePhaseEncodingDirectionDICOM": "COL",
    "InstitutionAddress": "Vassar_Street_43_Cambridge_Boston_US_02139",
    "InstitutionName": "McGovern_Institute_for_Brain_Research_(3T1)",
    "InstitutionalDepartmentName": "Department",
    "MRAcquisitionType": "2D",
    "MagneticFieldStrength": 3,
    "Manufacturer": "Siemens",
    "ManufacturersModelName": "Prisma_fit",
    "Modality": "MR",
    "ParallelReductionFactorInPlane": 2,
    "PartialFourier": 1,
    "PatientPosition": "HFS",
    "PercentPhaseFOV": 100,
    "PhaseEncodingDirection": "j-",
    "PhaseEncodingSteps": 70,
    "PhaseResolution": 1,
    "PixelBandwidth": 2380,
    "ProcedureStepDescription": "Young_Emily",
    "ProtocolName": "so_localizer",
    "PulseSequenceDetails": "%SiemensSeq%_ep2d_pace",
    "ReceiveCoilActiveElements": "HEA;HEP",
    "ReceiveCoilName": "Head_32",
    "ReconMatrixPE": 70,
    "RepetitionTime": 2,
    "SAR": 0.105093,
    "ScanOptions": "FS",
    "ScanningSequence": "EP",
    "SequenceName": "_epfid2d1_70",
    "SequenceVariant": "SK",
    "SeriesDescription": "so_localizer",
    "SeriesNumber": 31,
    "ShimSetting": [
      -5618,
      -1463,
      3130,
      400,
      33,
      339,
      -211,
      -26
    ],
    "SliceThickness": 3,
    "SliceTiming": [
      0,
      0.055,
      0.11,
      0.165,
      0.22,
      0.275,
      0.33,
      0.385,
      0.44,
      0.495,
      0.55,
      0.605,
      0.66,
      0.715,
      0.77,
      0.825,
      0.88,
      0.935,
      0.99,
      1.045,
      1.1,
      1.155,
      1.21,
      1.265,
      1.32,
      1.375,
      1.43,
      1.485,
      1.54,
      1.595,
      1.65,
      1.705,
      1.76,
      1.815,
      1.87,
      1.925
    ],
    "SoftwareVersions": "syngo_MR_E11",
    "SpacingBetweenSlices": 3.54,
    "StationName": "MRC35115",
    "TaskName": "so",
    "TotalReadoutTime": 0.01725,
    "TxRefAmp": 228.692,
    "dataset": "ds002250",
    "modality": "bold",
    "run_id": 2,
    "subject_id": "06",
    "task_id": "so"
  },
  "dummy_trs": 1,
  "dvars_nstd": 18.513915481056905,
  "dvars_std": 1.0687517708943088,
  "dvars_vstd": 1.009785960731707,
  "efc": 0.5114299926081629,
  "fber": 616.5863037109375,
  "fd_mean": 0.09895032232613259,
  "fd_num": 4,
  "fd_perc": 3.225806451612903,
  "fwhm_avg": 2.7210318744025876,
  "fwhm_x": 2.5801933333333333,
  "fwhm_y": 2.8001,
  "fwhm_z": 2.78280228987443,
  "gcor": 0.0104203,
  "gsr_x": 0.0063427709974348545,
  "gsr_y": 0.029996545985341072,
  "provenance": {
    "md5sum": "98516525e8f0a0da3ec6b576189abdf3",
    "settings": {
      "fd_thres": 0.2,
      "testing": false
    },
    "software": "mriqc",
    "version": "22.0.6",
    "webapi_port": null,
    "webapi_url": "https://mriqc.nimh.nih.gov/api/v1"
  },
  "size_t": 124,
  "size_x": 70,
  "size_y": 70,
  "size_z": 36,
  "snr": 2.637092325715101,
  "spacing_tr": 2.0,
  "spacing_x": 3.0,
  "spacing_y": 3.0,
  "spacing_z": 3.5399999618530273,
  "summary_bg_k": 55.448574831283565,
  "summary_bg_mad": 3.2641155360687786,
  "summary_bg_mean": 25.609079360961914,
  "summary_bg_median": 14.20161247253418,
  "summary_bg_n": 109276.0,
  "summary_bg_p05": 11.645160675048828,
  "summary_bg_p95": 82.41128540039062,
  "summary_bg_stdv": 36.79750061035156,
  "summary_fg_k": 1.1578111054314535,
  "summary_fg_mad": 120.14457651407227,
  "summary_fg_mean": 377.73919677734375,
  "summary_fg_median": 351.991943359375,
  "summary_fg_n": 30622.0,
  "summary_fg_p05": 207.57378082275392,
  "summary_fg_p95": 637.9415252685545,
  "summary_fg_stdv": 133.47511291503906,
  "tsnr": 83.4757742928341
}