{
  "aor": 0.012397703703703702,
  "aqi": 0.00443528688888889,
  "bids_meta": {
    "AcquisitionMatrixPE": 70,
    "AcquisitionNumber": 1,
    "AcquisitionTime": "09:49:28.200000",
    "BandwidthPerPixelPhaseEncode": 57.143,
    "BaseResolution": 70,
    "BodyPartExamined": "BRAIN",
    "ConsistencyInfo": "N4_VE11C_LATEST_20160120",
    "ConversionSoftware": "dcm2niix",
    "ConversionSoftwareVersion": "v1.0.20181125  (JP2:OpenJPEG) (JP-LS:CharLS) GCC5.5.0",
    "DerivedVendorReportedEchoSpacing": 0.000499999,
    "DeviceSerialNumber": "167012",
    "DwellTime": 3e-06,
    "EchoTime": 0.03,
    "EchoTrainLength": 35,
    "EffectiveEchoSpacing": 0.000249999,
    "FlipAngle": 90,
    "ImageOrientationPatientDICOM": [
      0.983484,
      0.0308487,
      0.178345,
      -0.0183687,
      0.997292,
      -0.0712097
    ],
    "ImageType": [
      "ORIGINAL",
      "PRIMARY",
      "M",
      "ND",
      "MOSAIC"
    ],
    "ImagingFrequency": 123.254,
    "InPlanePhaseEncodingDirectionDICOM": "COL",
    "InstitutionAddress": "Vassar_Street_43_Cambridge_Boston_US_02139",
    "InstitutionName": "McGovern_Institute_for_Brain_Research_(3T1)",
    "InstitutionalDepartmentName": "Department",
    "MRAcquisitionType": "2D",
    "MagneticFieldStrength": 3,
    "Manufacturer": "Siemens",
    "ManufacturersModelName": "Prisma_fit",
    "Modality": "MR",
    "ParallelReductionFactorInPlane": 2,
    "PartialFourier": 1,
    "PatientPosition": "HFS",
    "PercentPhaseFOV": 100,
    "PhaseEncodingDirection": "j-",
    "PhaseEncodingSteps": 70,
    "PhaseResolution": 1,
    "PixelBandwidth": 2380,
    "ProcedureStepDescription": "Young_Emily",
    "ProtocolName": "tom_localizer",
    "PulseSequenceDetails": "%SiemensSeq%_ep2d_pace",
    "ReceiveCoilActiveElements": "HEA;HEP",
    "ReceiveCoilName": "Head_32",
    "ReconMatrixPE": 70,
    "RepetitionTime": 2,
    "SAR": 0.123007,
    "ScanOptions": "FS",
    "ScanningSequence": "EP",
    "SequenceName": "_epfid2d1_70",
    "SequenceVariant": "SK",
    "SeriesDescription": "tom_localizer",
    "SeriesNumber": 13,
    "ShimSetting": [
      -5596,
      -1586,
      3122,
      449,
      43,
      -111,
      2,
      -61
    ],
    "SliceThickness": 3,
    "SliceTiming": [
      0,
      0.055,
      0.11,
      0.165,
      0.22,
      0.275,
      0.33,
      0.385,
      0.44,
      0.495,
      0.55,
      0.605,
      0.66,
      0.715,
      0.77,
      0.825,
      0.88,
      0.935,
      0.99,
      1.045,
      1.1,
      1.155,
      1.21,
      1.265,
      1.32,
      1.375,
      1.43,
      1.485,
      1.54,
      1.595,
      1.65,
      1.705,
      1.76,
      1.815,
      1.87,
      1.925
    ],
    "SoftwareVersions": "syngo_MR_E11",
    "SpacingBetweenSlices": 3.54,
    "StationName": "MRC35115",
    "TaskName": "tom",
    "TotalReadoutTime": 0.01725,
    "TxRefAmp": 251.709,
    "dataset": "ds002250",
    "modality": "bold",
    "run_id": 2,
    "subject_id": "01",
    "task_id": "tom"
  },
  "dummy_trs": 1,
  "dvars_nstd": 28.191302869104476,
  "dvars_std": 1.213681734776119,
  "dvars_vstd": 1.082410064253732,
  "efc": 0.5484894347595259,
  "fber": 481.0177001953125,
  "fd_mean": 0.2856259370013735,
  "fd_num": 39,
  "fd_perc": 28.88888888888889,
  "fwhm_avg": 2.845422307874509,
  "fwhm_x": 2.5767866666666666,
  "fwhm_y": 3.0856666666666666,
  "fwhm_z": 2.8738135902901942,
  "gcor": 0.0336231,
  "gsr_x": 0.0258746650069952,
  "gsr_y": 0.02956049144268036,
  "provenance": {
    "md5sum": "97f553e729922da7d5f9a3a94f01cb0b",
    "settings": {
      "fd_thres": 0.2,
      "testing": false
    },
    "software": "mriqc",
    "version": "22.0.6",
    "webapi_port": null,
    "webapi_url": "https://mriqc.nimh.nih.gov/api/v1"
  },
  "size_t": 135,
  "size_x": 70,
  "size_y": 70,
  "size_z": 36,
  "snr": 2.4214760741720447,
  "spacing_tr": 2.0,
  "spacing_x": 3.0,
  "spacing_y": 3.0,
  "spacing_z": 3.5399999618530273,
  "summary_bg_k": 32.850934556943756,
  "summary_bg_mad": 6.633271163473599,
  "summary_bg_mean": 40.05867004394531,
  "summary_bg_median": 18.503704071044922,
  "summary_bg_n": 102856.0,
  "summary_bg_p05": 13.311110496520996,
  "summary_bg_p95": 156.14258575439453,
  "summary_bg_stdv": 63.556297302246094,
  "summary_fg_k": 0.4067376104897429,
  "summary_fg_mad": 168.9342836060867,
  "summary_fg_mean": 443.03192138671875,
  "summary_fg_median": 413.35552978515625,
  "summary_fg_n": 34308.0,
  "summary_fg_p05": 220.11111450195312,
  "summary_fg_p95": 759.8733032226562,
  "summary_fg_stdv": 170.7014617919922,
  "tsnr": 53.97267129877582
}