{
  "aor": 0.007114193548387097,
  "aqi": 0.0057403838709677414,
  "bids_meta": {
    "AcquisitionMatrixPE": 70,
    "AcquisitionNumber": 1,
    "AcquisitionTime": "09:47:21.595000",
    "BandwidthPerPixelPhaseEncode": 57.143,
    "BaseResolution": 70,
    "BodyPartExamined": "BRAIN",
    "ConsistencyInfo": "N4_VE11C_LATEST_20160120",
    "ConversionSoftware": "dcm2niix",
    "ConversionSoftwareVersion": "v1.0.20181125  (JP2:OpenJPEG) (JP-LS:CharLS) GCC5.5.0",
    "DerivedVendorReportedEchoSpacing": 0.000499999,
    "DeviceSerialNumber": "167012",
    "DwellTime": 3e-06,
    "EchoTime": 0.03,
    "EchoTrainLength": 35,
    "EffectiveEchoSpacing": 0.000249999,
    "FlipAngle": 90,
    "ImageOrientationPatientDICOM": [
      0.998634,
      0.0337407,
      0.0398841,
      -0.0278943,
      0.9899,
      -0.138994
    ],
    "ImageType": [
      "ORIGINAL",
      "PRIMARY",
      "M",
      "ND",
      "MOSAIC"
    ],
    "ImagingFrequency": 123.254,
    "InPlanePhaseEncodingDirectionDICOM": "COL",
    "InstitutionAddress": "Vassar_Street_43_Cambridge_Boston_US_02139",
    "InstitutionName": "MIT",
    "InstitutionalDepartmentName": "Department",
    "MRAcquisitionType": "2D",
    "MagneticFieldStrength": 3,
    "Manufacturer": "Siemens",
    "ManufacturersModelName": "Prisma_fit",
    "Modality": "MR",
    "ParallelReductionFactorInPlane": 2,
    "PartialFourier": 1,
    "PatientPosition": "HFS",
    "PercentPhaseFOV": 100,
    "PhaseEncodingDirection": "j-",
    "PhaseEncodingSteps": 70,
    "PhaseResolution": 1,
    "PixelBandwidth": 2380,
    "ProcedureStepDescription": "Young_Emily",
    "ProtocolName": "so_localizer",
    "PulseSequenceDetails": "%SiemensSeq%_ep2d_pace",
    "ReceiveCoilActiveElements": "HEA;HEP",
    "ReceiveCoilName": "Head_32",
    "ReconMatrixPE": 70,
    "RepetitionTime": 2,
    "SAR": 0.132384,
    "ScanOptions": "FS",
    "ScanningSequence": "EP",
    "SequenceName": "_epfid2d1_70",
    "SequenceVariant": "SK",
    "SeriesDescription": "so_localizer",
    "SeriesNumber": 17,
    "ShimSetting": [
      -5629,
      -1464,
      3127,
      554,
      -12,
      218,
      -74,
      -9
    ],
    "SliceThickness": 3,
    "SliceTiming": [
      0,
      0.055,
      0.11,
      0.165,
      0.22,
      0.275,
      0.33,
      0.385,
      0.44,
      0.495,
      0.55,
      0.605,
      0.66,
      0.715,
      0.77,
      0.825,
      0.88,
      0.935,
      0.99,
      1.045,
      1.1,
      1.155,
      1.21,
      1.265,
      1.32,
      1.375,
      1.4275,
      1.4825,
      1.5375,
      1.5925,
      1.6475,
      1.7025,
      1.7575,
      1.8125,
      1.8675,
      1.9225
    ],
    "SoftwareVersions": "syngo_MR_E11",
    "SpacingBetweenSlices": 3.54,
    "StationName": "MRC35115",
    "TaskName": "so",
    "TotalReadoutTime": 0.01725,
    "TxRefAmp": 245.685,
    "dataset": "ds002250",
    "modality": "bold",
    "run_id": 4,
    "subject_id": "08",
    "task_id": "so"
  },
  "dummy_trs": 1,
  "dvars_nstd": 25.845665924227646,
  "dvars_std": 1.114478093902439,
  "dvars_vstd": 1.0279567645528458,
  "efc": 0.5583050753786795,
  "fber": 406.0193786621094,
  "fd_mean": 0.1823841741785645,
  "fd_num": 24,
  "fd_perc": 19.35483870967742,
  "fwhm_avg": 2.5370128721000897,
  "fwhm_x": 2.18322,
  "fwhm_y": 2.7617366666666663,
  "fwhm_z": 2.666081949633603,
  "gcor": 0.0437199,
  "gsr_x": -0.012442318722605705,
  "gsr_y": 0.10386856645345688,
  "provenance": {
    "md5sum": "dc9d18aaa453b225647df8ca5b252c7b",
    "settings": {
      "fd_thres": 0.2,
      "testing": false
    },
    "software": "mriqc",
    "version": "22.0.6",
    "webapi_port": null,
    "webapi_url": "https://mriqc.nimh.nih.gov/api/v1"
  },
  "size_t": 124,
  "size_x": 70,
  "size_y": 70,
  "size_z": 36,
  "snr": 2.629451644382537,
  "spacing_tr": 2.0,
  "spacing_x": 3.0,
  "spacing_y": 3.0,
  "spacing_z": 3.5399999618530273,
  "summary_bg_k": 69.83438737256435,
  "summary_bg_mad": 4.555414424950388,
  "summary_bg_mean": 36.55367660522461,
  "summary_bg_median": 15.338708877563477,
  "summary_bg_n": 104129.0,
  "summary_bg_p05": 11.870967864990234,
  "summary_bg_p95": 142.35967102050773,
  "summary_bg_stdv": 66.59111022949219,
  "summary_fg_k": 0.725870957722079,
  "summary_fg_mad": 111.5478884412928,
  "summary_fg_mean": 336.88592529296875,
  "summary_fg_median": 316.07659912109375,
  "summary_fg_n": 32226.0,
  "summary_fg_p05": 181.58870697021484,
  "summary_fg_p95": 567.9919281005859,
  "summary_fg_stdv": 120.20441436767578,
  "tsnr": 58.13266075914726
}