{
  "aor": 0.00574286432160804,
  "aqi": 0.004107342110552764,
  "bids_meta": {
    "AcquisitionMatrixPE": 70,
    "AcquisitionNumber": 1,
    "AcquisitionTime": "09:53:53.045000",
    "BandwidthPerPixelPhaseEncode": 57.143,
    "BaseResolution": 70,
    "BodyPartExamined": "BRAIN",
    "ConsistencyInfo": "N4_VE11C_LATEST_20160120",
    "ConversionSoftware": "dcm2niix",
    "ConversionSoftwareVersion": "v1.0.20181125  (JP2:OpenJPEG) (JP-LS:CharLS) GCC5.5.0",
    "DerivedVendorReportedEchoSpacing": 0.000499999,
    "DeviceSerialNumber": "167012",
    "DwellTime": 3e-06,
    "EchoTime": 0.03,
    "EchoTrainLength": 35,
    "EffectiveEchoSpacing": 0.000249999,
    "FlipAngle": 90,
    "ImageOrientationPatientDICOM": [
      0.998634,
      0.0337407,
      0.0398841,
      -0.0278943,
      0.9899,
      -0.138994
    ],
    "ImageType": [
      "ORIGINAL",
      "PRIMARY",
      "M",
      "ND",
      "MOSAIC"
    ],
    "ImagingFrequency": 123.254,
    "InPlanePhaseEncodingDirectionDICOM": "COL",
    "InstitutionAddress": "Vassar_Street_43_Cambridge_Boston_US_02139",
    "InstitutionName": "MIT",
    "InstitutionalDepartmentName": "Department",
    "MRAcquisitionType": "2D",
    "MagneticFieldStrength": 3,
    "Manufacturer": "Siemens",
    "ManufacturersModelName": "Prisma_fit",
    "Modality": "MR",
    "ParallelReductionFactorInPlane": 2,
    "PartialFourier": 1,
    "PatientPosition": "HFS",
    "PercentPhaseFOV": 100,
    "PhaseEncodingDirection": "j-",
    "PhaseEncodingSteps": 70,
    "PhaseResolution": 1,
    "PixelBandwidth": 2380,
    "ProcedureStepDescription": "Young_Emily",
    "ProtocolName": "FIRSTTHIRD",
    "PulseSequenceDetails": "%SiemensSeq%_ep2d_pace",
    "ReceiveCoilActiveElements": "HEA;HEP",
    "ReceiveCoilName": "Head_32",
    "ReconMatrixPE": 70,
    "RepetitionTime": 2,
    "SAR": 0.132669,
    "ScanOptions": "FS",
    "ScanningSequence": "EP",
    "SequenceName": "_epfid2d1_70",
    "SequenceVariant": "SK",
    "SeriesDescription": "FIRSTTHIRD",
    "SeriesNumber": 19,
    "ShimSetting": [
      -5629,
      -1464,
      3127,
      554,
      -12,
      218,
      -74,
      -9
    ],
    "SliceThickness": 3,
    "SliceTiming": [
      0,
      0.055,
      0.11,
      0.165,
      0.22,
      0.275,
      0.33,
      0.385,
      0.44,
      0.495,
      0.55,
      0.605,
      0.66,
      0.715,
      0.77,
      0.825,
      0.88,
      0.935,
      0.99,
      1.045,
      1.1,
      1.155,
      1.21,
      1.265,
      1.32,
      1.375,
      1.43,
      1.485,
      1.54,
      1.595,
      1.65,
      1.705,
      1.76,
      1.815,
      1.87,
      1.925
    ],
    "SoftwareVersions": "syngo_MR_E11",
    "SpacingBetweenSlices": 3.54,
    "StationName": "MRC35115",
    "TaskName": "firstthird",
    "TotalReadoutTime": 0.01725,
    "TxRefAmp": 245.685,
    "dataset": "ds002250",
    "modality": "bold",
    "run_id": 1,
    "subject_id": "08",
    "task_id": "firstthird"
  },
  "dummy_trs": 0,
  "dvars_nstd": 23.12705205666667,
  "dvars_std": 1.1322701998484854,
  "dvars_vstd": 1.0558240581818183,
  "efc": 0.5593698735632222,
  "fber": 403.1485290527344,
  "fd_mean": 0.10034508086705178,
  "fd_num": 5,
  "fd_perc": 2.512562814070352,
  "fwhm_avg": 2.541538860788124,
  "fwhm_x": 2.1937933333333333,
  "fwhm_y": 2.7682300000000004,
  "fwhm_z": 2.6625932490310373,
  "gcor": 0.0354624,
  "gsr_x": -0.013775344006717205,
  "gsr_y": 0.0994640439748764,
  "provenance": {
    "md5sum": "e83b6a323f03d09d01dad17cb2a55a6a",
    "settings": {
      "fd_thres": 0.2,
      "testing": false
    },
    "software": "mriqc",
    "version": "22.0.6",
    "webapi_port": null,
    "webapi_url": "https://mriqc.nimh.nih.gov/api/v1"
  },
  "size_t": 199,
  "size_x": 70,
  "size_y": 70,
  "size_z": 36,
  "snr": 2.637471052625153,
  "spacing_tr": 2.0,
  "spacing_x": 3.0,
  "spacing_y": 3.0,
  "spacing_z": 3.5399999618530273,
  "summary_bg_k": 60.66543115269327,
  "summary_bg_mad": 4.522310324015527,
  "summary_bg_mean": 36.64921188354492,
  "summary_bg_median": 15.432160377502441,
  "summary_bg_n": 103983.0,
  "summary_bg_p05": 11.979899406433105,
  "summary_bg_p95": 143.4070281982422,
  "summary_bg_stdv": 65.29903411865234,
  "summary_fg_k": 0.7501076608835779,
  "summary_fg_mad": 110.97165396850433,
  "summary_fg_mean": 338.57708740234375,
  "summary_fg_median": 317.35174560546875,
  "summary_fg_n": 32179.0,
  "summary_fg_p05": 183.3482421875,
  "summary_fg_p95": 568.9306701660155,
  "summary_fg_stdv": 120.3223876953125,
  "tsnr": 65.36994687526021
}