{
  "aor": 0.01353638190954774,
  "aqi": 0.005368098542713568,
  "bids_meta": {
    "AcquisitionMatrixPE": 70,
    "AcquisitionNumber": 1,
    "AcquisitionTime": "10:31:50.192500",
    "BandwidthPerPixelPhaseEncode": 57.143,
    "BaseResolution": 70,
    "BodyPartExamined": "BRAIN",
    "ConsistencyInfo": "N4_VE11C_LATEST_20160120",
    "ConversionSoftware": "dcm2niix",
    "ConversionSoftwareVersion": "v1.0.20181125  (JP2:OpenJPEG) (JP-LS:CharLS) GCC5.5.0",
    "DerivedVendorReportedEchoSpacing": 0.000499999,
    "DeviceSerialNumber": "167012",
    "DwellTime": 3e-06,
    "EchoTime": 0.03,
    "EchoTrainLength": 35,
    "EffectiveEchoSpacing": 0.000249999,
    "FlipAngle": 90,
    "ImageOrientationPatientDICOM": [
      0.998634,
      0.0337407,
      0.0398841,
      -0.0278943,
      0.9899,
      -0.138994
    ],
    "ImageType": [
      "ORIGINAL",
      "PRIMARY",
      "M",
      "ND",
      "MOSAIC"
    ],
    "ImagingFrequency": 123.254,
    "InPlanePhaseEncodingDirectionDICOM": "COL",
    "InstitutionAddress": "Vassar_Street_43_Cambridge_Boston_US_02139",
    "InstitutionName": "MIT",
    "InstitutionalDepartmentName": "Department",
    "MRAcquisitionType": "2D",
    "MagneticFieldStrength": 3,
    "Manufacturer": "Siemens",
    "ManufacturersModelName": "Prisma_fit",
    "Modality": "MR",
    "ParallelReductionFactorInPlane": 2,
    "PartialFourier": 1,
    "PatientPosition": "HFS",
    "PercentPhaseFOV": 100,
    "PhaseEncodingDirection": "j-",
    "PhaseEncodingSteps": 70,
    "PhaseResolution": 1,
    "PixelBandwidth": 2380,
    "ProcedureStepDescription": "Young_Emily",
    "ProtocolName": "FIRSTTHIRD",
    "PulseSequenceDetails": "%SiemensSeq%_ep2d_pace",
    "ReceiveCoilActiveElements": "HEA;HEP",
    "ReceiveCoilName": "Head_32",
    "ReconMatrixPE": 70,
    "RepetitionTime": 2,
    "SAR": 0.132669,
    "ScanOptions": "FS",
    "ScanningSequence": "EP",
    "SequenceName": "_epfid2d1_70",
    "SequenceVariant": "SK",
    "SeriesDescription": "FIRSTTHIRD",
    "SeriesNumber": 29,
    "ShimSetting": [
      -5629,
      -1464,
      3127,
      554,
      -12,
      218,
      -74,
      -9
    ],
    "SliceThickness": 3,
    "SliceTiming": [
      0,
      0.055,
      0.11,
      0.165,
      0.22,
      0.275,
      0.33,
      0.385,
      0.44,
      0.495,
      0.55,
      0.605,
      0.66,
      0.715,
      0.77,
      0.825,
      0.88,
      0.935,
      0.99,
      1.045,
      1.1,
      1.155,
      1.21,
      1.265,
      1.32,
      1.375,
      1.43,
      1.485,
      1.54,
      1.595,
      1.65,
      1.705,
      1.76,
      1.815,
      1.87,
      1.925
    ],
    "SoftwareVersions": "syngo_MR_E11",
    "SpacingBetweenSlices": 3.54,
    "StationName": "MRC35115",
    "TaskName": "firstthird",
    "TotalReadoutTime": 0.01725,
    "TxRefAmp": 245.685,
    "dataset": "ds002250",
    "modality": "bold",
    "run_id": 6,
    "subject_id": "08",
    "task_id": "firstthird"
  },
  "dummy_trs": 0,
  "dvars_nstd": 29.19871674111112,
  "dvars_std": 1.1834939475252524,
  "dvars_vstd": 1.08737852489899,
  "efc": 0.5599584982724956,
  "fber": 399.5755310058594,
  "fd_mean": 0.27833261714486707,
  "fd_num": 44,
  "fd_perc": 22.110552763819097,
  "fwhm_avg": 2.552852307248305,
  "fwhm_x": 2.187413333333333,
  "fwhm_y": 2.771663333333333,
  "fwhm_z": 2.6994802550782486,
  "gcor": 0.0295638,
  "gsr_x": -0.011881724931299686,
  "gsr_y": 0.10113200545310974,
  "provenance": {
    "md5sum": "d2edc0d47f09fcd8901b25f61f1c6357",
    "settings": {
      "fd_thres": 0.2,
      "testing": false
    },
    "software": "mriqc",
    "version": "22.0.6",
    "webapi_port": null,
    "webapi_url": "https://mriqc.nimh.nih.gov/api/v1"
  },
  "size_t": 199,
  "size_x": 70,
  "size_y": 70,
  "size_z": 36,
  "snr": 2.599254370553912,
  "spacing_tr": 2.0,
  "spacing_x": 3.0,
  "spacing_y": 3.0,
  "spacing_z": 3.5399999618530273,
  "summary_bg_k": 58.87130045482333,
  "summary_bg_mad": 4.529760266689503,
  "summary_bg_mean": 36.9595832824707,
  "summary_bg_median": 15.427135467529297,
  "summary_bg_n": 103969.0,
  "summary_bg_p05": 11.959798812866211,
  "summary_bg_p95": 147.335675048828,
  "summary_bg_stdv": 65.6858139038086,
  "summary_fg_k": 0.8299824239553604,
  "summary_fg_mad": 111.35536914076359,
  "summary_fg_mean": 337.29547119140625,
  "summary_fg_median": 316.0653381347656,
  "summary_fg_n": 32286.0,
  "summary_fg_p05": 181.4535140991211,
  "summary_fg_p95": 571.40576171875,
  "summary_fg_stdv": 121.5965805053711,
  "tsnr": 53.679539979901165
}