{
  "bids_meta": {
    "AcquisitionMatrixPE": 256,
    "AcquisitionNumber": 1,
    "AcquisitionTime": "11:11:39.732500",
    "BaseResolution": 256,
    "BodyPartExamined": "BRAIN",
    "ConsistencyInfo": "N4_VE11C_LATEST_20160120",
    "ConversionSoftware": "dcm2niix",
    "ConversionSoftwareVersion": "v1.0.20181125  (JP2:OpenJPEG) (JP-LS:CharLS) GCC5.5.0",
    "DeviceSerialNumber": "167012",
    "DwellTime": 3e-06,
    "EchoTime": 0.00169,
    "FlipAngle": 7,
    "ImageOrientationPatientDICOM": [
      -0.00504181,
      0.961919,
      -0.273288,
      0.000993062,
      -0.273286,
      -0.961932
    ],
    "ImageType": [
      "ORIGINAL",
      "PRIMARY",
      "OTHER",
      "ND",
      "NORM",
      "MEAN"
    ],
    "ImagingFrequency": 123.254,
    "InPlanePhaseEncodingDirectionDICOM": "ROW",
    "InstitutionAddress": "Vassar_Street_43_Cambridge_Boston_US_02139",
    "InstitutionName": "McGovern_Institute_for_Brain_Research_(3T1)",
    "InstitutionalDepartmentName": "Department",
    "InversionTime": 1.4,
    "MRAcquisitionType": "3D",
    "MagneticFieldStrength": 3,
    "Manufacturer": "Siemens",
    "ManufacturersModelName": "Prisma_fit",
    "Modality": "MR",
    "PartialFourier": 1,
    "PatientPosition": "HFS",
    "PercentPhaseFOV": 100,
    "PhaseEncodingSteps": 255,
    "PhaseResolution": 1,
    "PixelBandwidth": 650,
    "ProcedureStepDescription": "Young_Emily",
    "ProtocolName": "T1w_MPRAGE_FourEcho_vNav",
    "PulseSequenceDetails": "%CustomerSeq%_tfl_mgh_epinav_ABCD",
    "ReceiveCoilActiveElements": "HEA;HEP",
    "ReceiveCoilName": "Head_32",
    "ReconMatrixPE": 256,
    "RepetitionTime": 2.53,
    "SAR": 0.0345458,
    "ScanOptions": "IR_WE",
    "ScanningSequence": "GR_IR",
    "SequenceName": "tfl3d4_16ns",
    "SequenceVariant": "SK_SP_MP",
    "SeriesDescription": "T1w_MPRAGE_FourEcho_vNav_RMS",
    "SeriesNumber": 10,
    "ShimSetting": [
      -5618,
      -1476,
      3118,
      401,
      24,
      218,
      -180,
      -26
    ],
    "SliceThickness": 1,
    "SoftwareVersions": "syngo_MR_E11",
    "StationName": "MRC35115",
    "TxRefAmp": 228.692,
    "WipMemBlock": "Prisma_epi_moco_navigator_ABCD_tfl.prot",
    "dataset": "ds002250",
    "modality": "T1w",
    "run_id": 1,
    "subject_id": "06"
  },
  "cjv": 0.42091020331218626,
  "cnr": 2.985341795906257,
  "efc": 0.5280570631468585,
  "fber": 26599.797808641975,
  "fwhm_avg": 3.9148766666666663,
  "fwhm_x": 4.01059,
  "fwhm_y": 4.01591,
  "fwhm_z": 3.71813,
  "icvs_csf": 0.20835246178475034,
  "icvs_gm": 0.4071387198265602,
  "icvs_wm": 0.38450881838868944,
  "inu_med": 0.3104531019926071,
  "inu_range": 0.08782010525465012,
  "provenance": {
    "md5sum": "0257172a3435eba7ddf393b18c09643c",
    "settings": {
      "testing": false
    },
    "software": "mriqc",
    "version": "22.0.6",
    "warnings": {
      "large_rot_frame": true,
      "small_air_mask": false
    },
    "webapi_port": null,
    "webapi_url": "https://mriqc.nimh.nih.gov/api/v1"
  },
  "qi_1": 0.0,
  "qi_2": 0.0020678271766506186,
  "rpve_csf": 27.089332316216325,
  "rpve_gm": 14.103769127051867,
  "rpve_wm": 17.412873506656826,
  "size_x": 176,
  "size_y": 256,
  "size_z": 256,
  "snr_csf": 2.4351055882830077,
  "snr_gm": 14.467865045367148,
  "snr_total": 16.53200763380014,
  "snr_wm": 32.69305226775027,
  "snrd_csf": 58.55135763637542,
  "snrd_gm": 154.8931354823601,
  "snrd_total": 134.96938339237155,
  "snrd_wm": 191.46365705837914,
  "spacing_x": 1.0,
  "spacing_y": 1.0,
  "spacing_z": 1.0,
  "summary_bg_k": 5.4250606814871425,
  "summary_bg_mad": 3.4217946273486914,
  "summary_bg_mean": 3.844151762040997,
  "summary_bg_median": 2.3079654034227133,
  "summary_bg_n": 2537066.0,
  "summary_bg_p05": 0.0,
  "summary_bg_p95": 15.958495823666453,
  "summary_bg_stdv": 5.607302865569455,
  "summary_csf_k": 1.92322225693258,
  "summary_csf_mad": 86.45149502942506,
  "summary_csf_mean": 306.37560456021237,
  "summary_csf_median": 305.81527905352414,
  "summary_csf_n": 38431.0,
  "summary_csf_p05": 80.29549721907824,
  "summary_csf_p95": 528.5931190839037,
  "summary_csf_stdv": 125.5844106889457,
  "summary_gm_k": 0.39874229427194674,
  "summary_gm_mad": 51.677872705343056,
  "summary_gm_mean": 809.6694216242463,
  "summary_gm_median": 809.0109155997634,
  "summary_gm_n": 21441.0,
  "summary_gm_p05": 717.7969666644931,
  "summary_gm_p95": 904.9591525420547,
  "summary_gm_stdv": 55.916477439063435,
  "summary_wm_k": 0.5053471593068819,
  "summary_wm_mad": 28.719677983388163,
  "summary_wm_mean": 1000.9038318761133,
  "summary_wm_median": 1000.0197104830295,
  "summary_wm_n": 220095.0,
  "summary_wm_p05": 952.2172099521384,
  "summary_wm_p95": 1052.9253789614886,
  "summary_wm_stdv": 30.588072061899144,
  "tpm_overlap_csf": 0.14924958373600836,
  "tpm_overlap_gm": 0.4506585459211024,
  "tpm_overlap_wm": 0.5233462726709033,
  "wm2max": 0.9183239225283625
}