{
  "aor": 0.013353165829145726,
  "aqi": 0.005269901909547739,
  "bids_meta": {
    "AcquisitionMatrixPE": 70,
    "AcquisitionNumber": 1,
    "AcquisitionTime": "10:47:56.332500",
    "BandwidthPerPixelPhaseEncode": 57.143,
    "BaseResolution": 70,
    "BodyPartExamined": "BRAIN",
    "ConsistencyInfo": "N4_VE11C_LATEST_20160120",
    "ConversionSoftware": "dcm2niix",
    "ConversionSoftwareVersion": "v1.0.20181125  (JP2:OpenJPEG) (JP-LS:CharLS) GCC5.5.0",
    "DerivedVendorReportedEchoSpacing": 0.000499999,
    "DeviceSerialNumber": "167012",
    "DwellTime": 3e-06,
    "EchoTime": 0.03,
    "EchoTrainLength": 35,
    "EffectiveEchoSpacing": 0.000249999,
    "FlipAngle": 90,
    "ImageOrientationPatientDICOM": [
      0.994249,
      0.0501287,
      -0.0946369,
      -0.0543687,
      0.997605,
      -0.0427681
    ],
    "ImageType": [
      "ORIGINAL",
      "PRIMARY",
      "M",
      "ND",
      "MOSAIC"
    ],
    "ImagingFrequency": 123.254,
    "InPlanePhaseEncodingDirectionDICOM": "COL",
    "InstitutionAddress": "Vassar_Street_43_Cambridge_Boston_US_02139",
    "InstitutionName": "MIT",
    "InstitutionalDepartmentName": "Department",
    "MRAcquisitionType": "2D",
    "MagneticFieldStrength": 3,
    "Manufacturer": "Siemens",
    "ManufacturersModelName": "Prisma_fit",
    "Modality": "MR",
    "ParallelReductionFactorInPlane": 2,
    "PartialFourier": 1,
    "PatientPosition": "HFS",
    "PercentPhaseFOV": 100,
    "PhaseEncodingDirection": "j-",
    "PhaseEncodingSteps": 70,
    "PhaseResolution": 1,
    "PixelBandwidth": 2380,
    "ProcedureStepDescription": "Young_Emily",
    "ProtocolName": "FIRSTTHIRD",
    "PulseSequenceDetails": "%SiemensSeq%_ep2d_pace",
    "ReceiveCoilActiveElements": "HEA;HEP",
    "ReceiveCoilName": "Head_32",
    "ReconMatrixPE": 70,
    "RepetitionTime": 2,
    "SAR": 0.119935,
    "ScanOptions": "FS",
    "ScanningSequence": "EP",
    "SequenceName": "_epfid2d1_70",
    "SequenceVariant": "SK",
    "SeriesDescription": "FIRSTTHIRD",
    "SeriesNumber": 27,
    "ShimSetting": [
      -5654,
      -1540,
      3192,
      518,
      -69,
      142,
      46,
      -18
    ],
    "SliceThickness": 3,
    "SliceTiming": [
      0,
      0.055,
      0.11,
      0.165,
      0.22,
      0.275,
      0.33,
      0.385,
      0.44,
      0.495,
      0.55,
      0.605,
      0.66,
      0.715,
      0.77,
      0.825,
      0.88,
      0.935,
      0.99,
      1.045,
      1.1,
      1.155,
      1.21,
      1.265,
      1.32,
      1.375,
      1.43,
      1.485,
      1.54,
      1.595,
      1.65,
      1.705,
      1.76,
      1.815,
      1.87,
      1.925
    ],
    "SoftwareVersions": "syngo_MR_E11",
    "SpacingBetweenSlices": 3.54,
    "StationName": "MRC35115",
    "TaskName": "firstthird",
    "TotalReadoutTime": 0.01725,
    "TxRefAmp": 236.303,
    "dataset": "ds002250",
    "modality": "bold",
    "run_id": 4,
    "subject_id": "12",
    "task_id": "firstthird"
  },
  "dummy_trs": 0,
  "dvars_nstd": 31.20213151237373,
  "dvars_std": 1.2128350241414139,
  "dvars_vstd": 1.0605992002525257,
  "efc": 0.5252706367674139,
  "fber": 487.00634765625,
  "fd_mean": 0.33561813743873753,
  "fd_num": 62,
  "fd_perc": 31.155778894472363,
  "fwhm_avg": 2.8454538896939447,
  "fwhm_x": 2.68914,
  "fwhm_y": 3.001656666666667,
  "fwhm_z": 2.845565002415167,
  "gcor": 0.0571187,
  "gsr_x": 0.024035857990384102,
  "gsr_y": 0.0161079540848732,
  "provenance": {
    "md5sum": "0201cd5eb77fd9c37889984902731267",
    "settings": {
      "fd_thres": 0.2,
      "testing": false
    },
    "software": "mriqc",
    "version": "22.0.6",
    "webapi_port": null,
    "webapi_url": "https://mriqc.nimh.nih.gov/api/v1"
  },
  "size_t": 199,
  "size_x": 70,
  "size_y": 70,
  "size_z": 36,
  "snr": 2.546691412611799,
  "spacing_tr": 2.0,
  "spacing_x": 3.0,
  "spacing_y": 3.0,
  "spacing_z": 3.5399999618530273,
  "summary_bg_k": 24.671097039743785,
  "summary_bg_mad": 6.772287744173014,
  "summary_bg_mean": 36.46025848388672,
  "summary_bg_median": 17.64321517944336,
  "summary_bg_n": 110816.0,
  "summary_bg_p05": 12.346733093261719,
  "summary_bg_p95": 145.9962272644043,
  "summary_bg_stdv": 55.31179428100586,
  "summary_fg_k": 0.6932835027753979,
  "summary_fg_mad": 148.16335138700367,
  "summary_fg_mean": 422.11920166015625,
  "summary_fg_median": 393.3115539550781,
  "summary_fg_n": 30207.0,
  "summary_fg_p05": 222.3698486328125,
  "summary_fg_p95": 713.4864135742185,
  "summary_fg_stdv": 154.43765258789062,
  "tsnr": 45.77465234999545
}