{
  "aor": 0.00385016129032258,
  "aqi": 0.002227509758064516,
  "bids_meta": {
    "AcquisitionMatrixPE": 70,
    "AcquisitionNumber": 1,
    "AcquisitionTime": "10:56:46.935000",
    "BandwidthPerPixelPhaseEncode": 57.143,
    "BaseResolution": 70,
    "BodyPartExamined": "BRAIN",
    "ConsistencyInfo": "N4_VE11C_LATEST_20160120",
    "ConversionSoftware": "dcm2niix",
    "ConversionSoftwareVersion": "v1.0.20181125  (JP2:OpenJPEG) (JP-LS:CharLS) GCC5.5.0",
    "DerivedVendorReportedEchoSpacing": 0.000499999,
    "DeviceSerialNumber": "167012",
    "DwellTime": 3e-06,
    "EchoTime": 0.03,
    "EchoTrainLength": 35,
    "EffectiveEchoSpacing": 0.000249999,
    "FlipAngle": 90,
    "ImageOrientationPatientDICOM": [
      0.994249,
      0.0501287,
      -0.0946369,
      -0.0543687,
      0.997605,
      -0.0427681
    ],
    "ImageType": [
      "ORIGINAL",
      "PRIMARY",
      "M",
      "ND",
      "MOSAIC"
    ],
    "ImagingFrequency": 123.254,
    "InPlanePhaseEncodingDirectionDICOM": "COL",
    "InstitutionAddress": "Vassar_Street_43_Cambridge_Boston_US_02139",
    "InstitutionName": "MIT",
    "InstitutionalDepartmentName": "Department",
    "MRAcquisitionType": "2D",
    "MagneticFieldStrength": 3,
    "Manufacturer": "Siemens",
    "ManufacturersModelName": "Prisma_fit",
    "Modality": "MR",
    "ParallelReductionFactorInPlane": 2,
    "PartialFourier": 1,
    "PatientPosition": "HFS",
    "PercentPhaseFOV": 100,
    "PhaseEncodingDirection": "j-",
    "PhaseEncodingSteps": 70,
    "PhaseResolution": 1,
    "PixelBandwidth": 2380,
    "ProcedureStepDescription": "Young_Emily",
    "ProtocolName": "so_localizer",
    "PulseSequenceDetails": "%SiemensSeq%_ep2d_pace",
    "ReceiveCoilActiveElements": "HEA;HEP",
    "ReceiveCoilName": "Head_32",
    "ReconMatrixPE": 70,
    "RepetitionTime": 2,
    "SAR": 0.119677,
    "ScanOptions": "FS",
    "ScanningSequence": "EP",
    "SequenceName": "_epfid2d1_70",
    "SequenceVariant": "SK",
    "SeriesDescription": "so_localizer",
    "SeriesNumber": 29,
    "ShimSetting": [
      -5654,
      -1540,
      3192,
      518,
      -69,
      142,
      46,
      -18
    ],
    "SliceThickness": 3,
    "SliceTiming": [
      0,
      0.055,
      0.11,
      0.165,
      0.22,
      0.275,
      0.33,
      0.385,
      0.44,
      0.495,
      0.55,
      0.605,
      0.66,
      0.715,
      0.77,
      0.825,
      0.88,
      0.935,
      0.99,
      1.045,
      1.1,
      1.155,
      1.21,
      1.265,
      1.32,
      1.375,
      1.43,
      1.485,
      1.54,
      1.595,
      1.65,
      1.705,
      1.76,
      1.815,
      1.87,
      1.925
    ],
    "SoftwareVersions": "syngo_MR_E11",
    "SpacingBetweenSlices": 3.54,
    "StationName": "MRC35115",
    "TaskName": "so",
    "TotalReadoutTime": 0.01725,
    "TxRefAmp": 236.303,
    "dataset": "ds002250",
    "modality": "bold",
    "run_id": 1,
    "subject_id": "12",
    "task_id": "so"
  },
  "dummy_trs": 1,
  "dvars_nstd": 25.52840054479674,
  "dvars_std": 1.1614859969105689,
  "dvars_vstd": 1.0191460465040652,
  "efc": 0.5233195092160097,
  "fber": 521.1718139648438,
  "fd_mean": 0.20309710096170822,
  "fd_num": 32,
  "fd_perc": 25.806451612903224,
  "fwhm_avg": 2.8373921570862053,
  "fwhm_x": 2.734173333333333,
  "fwhm_y": 2.9401499999999996,
  "fwhm_z": 2.837853137925284,
  "gcor": 0.0214533,
  "gsr_x": 0.024564100429415703,
  "gsr_y": 0.012625768780708313,
  "provenance": {
    "md5sum": "631aeef107bfe729abe661412de12ab7",
    "settings": {
      "fd_thres": 0.2,
      "testing": false
    },
    "software": "mriqc",
    "version": "22.0.6",
    "webapi_port": null,
    "webapi_url": "https://mriqc.nimh.nih.gov/api/v1"
  },
  "size_t": 124,
  "size_x": 70,
  "size_y": 70,
  "size_z": 36,
  "snr": 2.546451189083142,
  "spacing_tr": 2.0,
  "spacing_x": 3.0,
  "spacing_y": 3.0,
  "spacing_z": 3.5399999618530273,
  "summary_bg_k": 24.707134628570856,
  "summary_bg_mad": 5.798887481425998,
  "summary_bg_mean": 36.041255950927734,
  "summary_bg_median": 17.137096405029297,
  "summary_bg_n": 110973.0,
  "summary_bg_p05": 12.604838371276855,
  "summary_bg_p95": 146.60805664062497,
  "summary_bg_stdv": 55.23933029174805,
  "summary_fg_k": 0.4830015762125157,
  "summary_fg_mad": 151.09987022200886,
  "summary_fg_mean": 423.90936279296875,
  "summary_fg_median": 395.30645751953125,
  "summary_fg_n": 29992.0,
  "summary_fg_p05": 222.06975250244142,
  "summary_fg_p95": 715.9447174072264,
  "summary_fg_stdv": 155.235595703125,
  "tsnr": 66.98489850154147
}