{
  "aor": 0.008358370370370372,
  "aqi": 0.0043930946666666665,
  "bids_meta": {
    "AcquisitionMatrixPE": 70,
    "AcquisitionNumber": 1,
    "AcquisitionTime": "10:03:24.682500",
    "BandwidthPerPixelPhaseEncode": 57.143,
    "BaseResolution": 70,
    "BodyPartExamined": "BRAIN",
    "ConsistencyInfo": "N4_VE11C_LATEST_20160120",
    "ConversionSoftware": "dcm2niix",
    "ConversionSoftwareVersion": "v1.0.20181125  (JP2:OpenJPEG) (JP-LS:CharLS) GCC5.5.0",
    "DerivedVendorReportedEchoSpacing": 0.000499999,
    "DeviceSerialNumber": "167012",
    "DwellTime": 3e-06,
    "EchoTime": 0.03,
    "EchoTrainLength": 35,
    "EffectiveEchoSpacing": 0.000249999,
    "FlipAngle": 90,
    "ImageOrientationPatientDICOM": [
      0.994249,
      0.0501287,
      -0.0946369,
      -0.0543687,
      0.997605,
      -0.0427681
    ],
    "ImageType": [
      "ORIGINAL",
      "PRIMARY",
      "M",
      "ND",
      "MOSAIC"
    ],
    "ImagingFrequency": 123.254,
    "InPlanePhaseEncodingDirectionDICOM": "COL",
    "InstitutionAddress": "Vassar_Street_43_Cambridge_Boston_US_02139",
    "InstitutionName": "MIT",
    "InstitutionalDepartmentName": "Department",
    "MRAcquisitionType": "2D",
    "MagneticFieldStrength": 3,
    "Manufacturer": "Siemens",
    "ManufacturersModelName": "Prisma_fit",
    "Modality": "MR",
    "ParallelReductionFactorInPlane": 2,
    "PartialFourier": 1,
    "PatientPosition": "HFS",
    "PercentPhaseFOV": 100,
    "PhaseEncodingDirection": "j-",
    "PhaseEncodingSteps": 70,
    "PhaseResolution": 1,
    "PixelBandwidth": 2380,
    "ProcedureStepDescription": "Young_Emily",
    "ProtocolName": "tom_localizer",
    "PulseSequenceDetails": "%SiemensSeq%_ep2d_pace",
    "ReceiveCoilActiveElements": "HEA;HEP",
    "ReceiveCoilName": "Head_32",
    "ReconMatrixPE": 70,
    "RepetitionTime": 2,
    "SAR": 0.119733,
    "ScanOptions": "FS",
    "ScanningSequence": "EP",
    "SequenceName": "_epfid2d1_70",
    "SequenceVariant": "SK",
    "SeriesDescription": "tom_localizer",
    "SeriesNumber": 13,
    "ShimSetting": [
      -5654,
      -1540,
      3192,
      518,
      -69,
      142,
      46,
      -18
    ],
    "SliceThickness": 3,
    "SliceTiming": [
      0,
      0.055,
      0.11,
      0.165,
      0.22,
      0.275,
      0.33,
      0.385,
      0.44,
      0.495,
      0.55,
      0.605,
      0.66,
      0.715,
      0.77,
      0.825,
      0.88,
      0.935,
      0.99,
      1.045,
      1.1,
      1.155,
      1.21,
      1.265,
      1.32,
      1.375,
      1.43,
      1.485,
      1.54,
      1.595,
      1.65,
      1.705,
      1.76,
      1.815,
      1.87,
      1.925
    ],
    "SoftwareVersions": "syngo_MR_E11",
    "SpacingBetweenSlices": 3.54,
    "StationName": "MRC35115",
    "TaskName": "tom",
    "TotalReadoutTime": 0.01725,
    "TxRefAmp": 236.303,
    "dataset": "ds002250",
    "modality": "bold",
    "run_id": 2,
    "subject_id": "12",
    "task_id": "tom"
  },
  "dummy_trs": 1,
  "dvars_nstd": 32.366942519626875,
  "dvars_std": 1.185783841119403,
  "dvars_vstd": 1.0249543003731345,
  "efc": 0.5239102992250393,
  "fber": 527.2139892578125,
  "fd_mean": 0.34816925156748857,
  "fd_num": 64,
  "fd_perc": 47.407407407407405,
  "fwhm_avg": 2.7067010266654346,
  "fwhm_x": 2.56385,
  "fwhm_y": 2.85127,
  "fwhm_z": 2.7049830799963037,
  "gcor": 0.0695104,
  "gsr_x": 0.0190349742770195,
  "gsr_y": 0.016441598534584045,
  "provenance": {
    "md5sum": "4790d6a5c385fb1335529fa691ac0917",
    "settings": {
      "fd_thres": 0.2,
      "testing": false
    },
    "software": "mriqc",
    "version": "22.0.6",
    "webapi_port": null,
    "webapi_url": "https://mriqc.nimh.nih.gov/api/v1"
  },
  "size_t": 135,
  "size_x": 70,
  "size_y": 70,
  "size_z": 36,
  "snr": 2.747137000661964,
  "spacing_tr": 2.0,
  "spacing_x": 3.0,
  "spacing_y": 3.0,
  "spacing_z": 3.5399999618530273,
  "summary_bg_k": 26.527807535977797,
  "summary_bg_mad": 5.3263866382102805,
  "summary_bg_mean": 32.55805206298828,
  "summary_bg_median": 16.370370864868164,
  "summary_bg_n": 110921.0,
  "summary_bg_p05": 12.23703670501709,
  "summary_bg_p95": 126.89629364013672,
  "summary_bg_stdv": 48.40129852294922,
  "summary_fg_k": -0.004147216826043909,
  "summary_fg_mad": 139.22185921093205,
  "summary_fg_mean": 401.0258483886719,
  "summary_fg_median": 378.89630126953125,
  "summary_fg_n": 30030.0,
  "summary_fg_p05": 213.30555114746093,
  "summary_fg_p95": 656.1044372558594,
  "summary_fg_stdv": 137.92176818847656,
  "tsnr": 47.47536905435845
}