{
  "aor": 0.007300854271356783,
  "aqi": 0.0050341095979899485,
  "bids_meta": {
    "AcquisitionMatrixPE": 70,
    "AcquisitionNumber": 1,
    "AcquisitionTime": "13:41:58.725000",
    "BandwidthPerPixelPhaseEncode": 57.143,
    "BaseResolution": 70,
    "BodyPartExamined": "BRAIN",
    "ConsistencyInfo": "N4_VE11C_LATEST_20160120",
    "ConversionSoftware": "dcm2niix",
    "ConversionSoftwareVersion": "v1.0.20181125  (JP2:OpenJPEG) (JP-LS:CharLS) GCC5.5.0",
    "DerivedVendorReportedEchoSpacing": 0.000499999,
    "DeviceSerialNumber": "167012",
    "DwellTime": 3e-06,
    "EchoTime": 0.03,
    "EchoTrainLength": 35,
    "EffectiveEchoSpacing": 0.000249999,
    "FlipAngle": 90,
    "ImageOrientationPatientDICOM": [
      0.998377,
      -0.0181401,
      0.0539884,
      0.020913,
      0.998467,
      -0.0512484
    ],
    "ImageType": [
      "ORIGINAL",
      "PRIMARY",
      "M",
      "ND",
      "MOSAIC"
    ],
    "ImagingFrequency": 123.254,
    "InPlanePhaseEncodingDirectionDICOM": "COL",
    "InstitutionAddress": "Vassar_Street_43_Cambridge_Boston_US_02139",
    "InstitutionName": "MIT",
    "InstitutionalDepartmentName": "Department",
    "MRAcquisitionType": "2D",
    "MagneticFieldStrength": 3,
    "Manufacturer": "Siemens",
    "ManufacturersModelName": "Prisma_fit",
    "Modality": "MR",
    "ParallelReductionFactorInPlane": 2,
    "PartialFourier": 1,
    "PatientPosition": "HFS",
    "PercentPhaseFOV": 100,
    "PhaseEncodingDirection": "j-",
    "PhaseEncodingSteps": 70,
    "PhaseResolution": 1,
    "PixelBandwidth": 2380,
    "ProcedureStepDescription": "Young_Emily",
    "ProtocolName": "FIRSTTHIRD",
    "PulseSequenceDetails": "%SiemensSeq%_ep2d_pace",
    "ReceiveCoilActiveElements": "HEA;HEP",
    "ReceiveCoilName": "Head_32",
    "ReconMatrixPE": 70,
    "RepetitionTime": 2,
    "SAR": 0.116814,
    "ScanOptions": "FS",
    "ScanningSequence": "EP",
    "SequenceName": "_epfid2d1_70",
    "SequenceVariant": "SK",
    "SeriesDescription": "FIRSTTHIRD",
    "SeriesNumber": 17,
    "ShimSetting": [
      -5602,
      -1444,
      3190,
      510,
      20,
      195,
      -5,
      -9
    ],
    "SliceThickness": 3,
    "SliceTiming": [
      0,
      0.055,
      0.11,
      0.165,
      0.22,
      0.275,
      0.33,
      0.385,
      0.44,
      0.495,
      0.55,
      0.605,
      0.66,
      0.715,
      0.77,
      0.825,
      0.88,
      0.935,
      0.99,
      1.045,
      1.1,
      1.155,
      1.21,
      1.265,
      1.32,
      1.375,
      1.43,
      1.485,
      1.54,
      1.595,
      1.65,
      1.705,
      1.76,
      1.815,
      1.87,
      1.925
    ],
    "SoftwareVersions": "syngo_MR_E11",
    "SpacingBetweenSlices": 3.54,
    "StationName": "MRC35115",
    "TaskName": "firstthird",
    "TotalReadoutTime": 0.01725,
    "TxRefAmp": 250.736,
    "dataset": "ds002250",
    "modality": "bold",
    "run_id": 2,
    "subject_id": "10",
    "task_id": "firstthird"
  },
  "dummy_trs": 0,
  "dvars_nstd": 39.8853465379798,
  "dvars_std": 1.3086380892424248,
  "dvars_vstd": 1.0624963261111104,
  "efc": 0.529528770914593,
  "fber": 645.7692260742188,
  "fd_mean": 0.33472886081110903,
  "fd_num": 103,
  "fd_perc": 51.75879396984924,
  "fwhm_avg": 2.6511409322896915,
  "fwhm_x": 2.463173333333333,
  "fwhm_y": 2.8447833333333334,
  "fwhm_z": 2.645466130202408,
  "gcor": 0.0379958,
  "gsr_x": -0.009841709397733212,
  "gsr_y": 0.061459507793188095,
  "provenance": {
    "md5sum": "d3eedbe8f83a75f0f027464157c39869",
    "settings": {
      "fd_thres": 0.2,
      "testing": false
    },
    "software": "mriqc",
    "version": "22.0.6",
    "webapi_port": null,
    "webapi_url": "https://mriqc.nimh.nih.gov/api/v1"
  },
  "size_t": 199,
  "size_x": 70,
  "size_y": 70,
  "size_z": 36,
  "snr": 2.48623924976149,
  "spacing_tr": 2.0,
  "spacing_x": 3.0,
  "spacing_y": 3.0,
  "spacing_z": 3.5399999618530273,
  "summary_bg_k": 65.37288473940714,
  "summary_bg_mad": 3.442020563020806,
  "summary_bg_mean": 25.564950942993164,
  "summary_bg_median": 14.386934280395508,
  "summary_bg_n": 102677.0,
  "summary_bg_p05": 11.718592643737793,
  "summary_bg_p95": 76.77989807128905,
  "summary_bg_stdv": 33.91004943847656,
  "summary_fg_k": 0.7454959359905362,
  "summary_fg_mad": 140.3368649412709,
  "summary_fg_mean": 397.31768798828125,
  "summary_fg_median": 369.0653076171875,
  "summary_fg_n": 35124.0,
  "summary_fg_p05": 208.15879135131837,
  "summary_fg_p95": 680.5148284912107,
  "summary_fg_stdv": 148.4410858154297,
  "tsnr": 48.75073963124305
}