{
  "aor": 0.01490456,
  "aqi": 0.007377086000000001,
  "bids_meta": {
    "AcquisitionMatrixPE": 70,
    "AcquisitionNumber": 1,
    "AcquisitionTime": "14:26:34.392500",
    "BandwidthPerPixelPhaseEncode": 57.143,
    "BaseResolution": 70,
    "BodyPartExamined": "BRAIN",
    "ConsistencyInfo": "N4_VE11C_LATEST_20160120",
    "ConversionSoftware": "dcm2niix",
    "ConversionSoftwareVersion": "v1.0.20181125  (JP2:OpenJPEG) (JP-LS:CharLS) GCC5.5.0",
    "DerivedVendorReportedEchoSpacing": 0.000499999,
    "DeviceSerialNumber": "167012",
    "DwellTime": 3e-06,
    "EchoTime": 0.03,
    "EchoTrainLength": 35,
    "EffectiveEchoSpacing": 0.000249999,
    "FlipAngle": 90,
    "ImageOrientationPatientDICOM": [
      0.998377,
      -0.0181401,
      0.0539884,
      0.020913,
      0.998467,
      -0.0512484
    ],
    "ImageType": [
      "ORIGINAL",
      "PRIMARY",
      "M",
      "ND",
      "MOSAIC"
    ],
    "ImagingFrequency": 123.254,
    "InPlanePhaseEncodingDirectionDICOM": "COL",
    "InstitutionAddress": "Vassar_Street_43_Cambridge_Boston_US_02139",
    "InstitutionName": "MIT",
    "InstitutionalDepartmentName": "Department",
    "MRAcquisitionType": "2D",
    "MagneticFieldStrength": 3,
    "Manufacturer": "Siemens",
    "ManufacturersModelName": "Prisma_fit",
    "Modality": "MR",
    "ParallelReductionFactorInPlane": 2,
    "PartialFourier": 1,
    "PatientPosition": "HFS",
    "PercentPhaseFOV": 100,
    "PhaseEncodingDirection": "j-",
    "PhaseEncodingSteps": 70,
    "PhaseResolution": 1,
    "PixelBandwidth": 2380,
    "ProcedureStepDescription": "Young_Emily",
    "ProtocolName": "so_localizer",
    "PulseSequenceDetails": "%SiemensSeq%_ep2d_pace",
    "ReceiveCoilActiveElements": "HEA;HEP",
    "ReceiveCoilName": "Head_32",
    "ReconMatrixPE": 70,
    "RepetitionTime": 2,
    "SAR": 0.116563,
    "ScanOptions": "FS",
    "ScanningSequence": "EP",
    "SequenceName": "_epfid2d1_70",
    "SequenceVariant": "SK",
    "SeriesDescription": "so_localizer",
    "SeriesNumber": 29,
    "ShimSetting": [
      -5602,
      -1444,
      3190,
      510,
      20,
      195,
      -5,
      -9
    ],
    "SliceThickness": 3,
    "SliceTiming": [
      0,
      0.055,
      0.11,
      0.165,
      0.22,
      0.275,
      0.33,
      0.3825,
      0.4375,
      0.4925,
      0.5475,
      0.6025,
      0.6575,
      0.7125,
      0.7675,
      0.8225,
      0.8775,
      0.9325,
      0.9875,
      1.0425,
      1.0975,
      1.1525,
      1.2075,
      1.2625,
      1.3175,
      1.3725,
      1.4275,
      1.4825,
      1.5375,
      1.5925,
      1.6475,
      1.7025,
      1.7575,
      1.8125,
      1.8675,
      1.9225
    ],
    "SoftwareVersions": "syngo_MR_E11",
    "SpacingBetweenSlices": 3.54,
    "StationName": "MRC35115",
    "TaskName": "so",
    "TotalReadoutTime": 0.01725,
    "TxRefAmp": 250.736,
    "dataset": "ds002250",
    "modality": "bold",
    "run_id": 2,
    "subject_id": "10",
    "task_id": "so"
  },
  "dummy_trs": 0,
  "dvars_nstd": 44.520766258064505,
  "dvars_std": 1.3025479447580646,
  "dvars_vstd": 1.0884807445161286,
  "efc": 0.532992047580166,
  "fber": 622.9547119140625,
  "fd_mean": 0.4953352547184493,
  "fd_num": 70,
  "fd_perc": 56.0,
  "fwhm_avg": 2.6369921752727694,
  "fwhm_x": 2.4567799999999997,
  "fwhm_y": 2.79614,
  "fwhm_z": 2.6580565258183078,
  "gcor": 0.0640315,
  "gsr_x": -0.010629088617861271,
  "gsr_y": 0.06511552631855011,
  "provenance": {
    "md5sum": "c6ca1b19a00db70bbdbf8b7d92b8b00f",
    "settings": {
      "fd_thres": 0.2,
      "testing": false
    },
    "software": "mriqc",
    "version": "22.0.6",
    "webapi_port": null,
    "webapi_url": "https://mriqc.nimh.nih.gov/api/v1"
  },
  "size_t": 125,
  "size_x": 70,
  "size_y": 70,
  "size_z": 36,
  "snr": 2.5324704436266656,
  "spacing_tr": 2.0,
  "spacing_x": 3.0,
  "spacing_y": 3.0,
  "spacing_z": 3.5399999618530273,
  "summary_bg_k": 60.9735493267451,
  "summary_bg_mad": 3.664992865127564,
  "summary_bg_mean": 25.96829605102539,
  "summary_bg_median": 14.528000831604004,
  "summary_bg_n": 102709.0,
  "summary_bg_p05": 11.736001014709473,
  "summary_bg_p95": 77.94560394287096,
  "summary_bg_stdv": 33.7348747253418,
  "summary_fg_k": 0.6752598473594493,
  "summary_fg_mad": 137.90576017126253,
  "summary_fg_mean": 392.6231994628906,
  "summary_fg_median": 366.1280212402344,
  "summary_fg_n": 35235.0,
  "summary_fg_p05": 205.94720916748048,
  "summary_fg_p95": 665.9616210937498,
  "summary_fg_stdv": 144.5714111328125,
  "tsnr": 38.46765201538801
}