{
  "aor": 0.010641774193548385,
  "aqi": 0.006089260161290322,
  "bids_meta": {
    "AcquisitionMatrixPE": 70,
    "AcquisitionNumber": 1,
    "AcquisitionTime": "14:36:39.160000",
    "BandwidthPerPixelPhaseEncode": 57.143,
    "BaseResolution": 70,
    "BodyPartExamined": "BRAIN",
    "ConsistencyInfo": "N4_VE11C_LATEST_20160120",
    "ConversionSoftware": "dcm2niix",
    "ConversionSoftwareVersion": "v1.0.20181125  (JP2:OpenJPEG) (JP-LS:CharLS) GCC5.5.0",
    "DerivedVendorReportedEchoSpacing": 0.000499999,
    "DeviceSerialNumber": "167012",
    "DwellTime": 3e-06,
    "EchoTime": 0.03,
    "EchoTrainLength": 35,
    "EffectiveEchoSpacing": 0.000249999,
    "FlipAngle": 90,
    "ImageOrientationPatientDICOM": [
      0.998377,
      -0.0181401,
      0.0539884,
      0.020913,
      0.998467,
      -0.0512484
    ],
    "ImageType": [
      "ORIGINAL",
      "PRIMARY",
      "M",
      "ND",
      "MOSAIC"
    ],
    "ImagingFrequency": 123.254,
    "InPlanePhaseEncodingDirectionDICOM": "COL",
    "InstitutionAddress": "Vassar_Street_43_Cambridge_Boston_US_02139",
    "InstitutionName": "MIT",
    "InstitutionalDepartmentName": "Department",
    "MRAcquisitionType": "2D",
    "MagneticFieldStrength": 3,
    "Manufacturer": "Siemens",
    "ManufacturersModelName": "Prisma_fit",
    "Modality": "MR",
    "ParallelReductionFactorInPlane": 2,
    "PartialFourier": 1,
    "PatientPosition": "HFS",
    "PercentPhaseFOV": 100,
    "PhaseEncodingDirection": "j-",
    "PhaseEncodingSteps": 70,
    "PhaseResolution": 1,
    "PixelBandwidth": 2380,
    "ProcedureStepDescription": "Young_Emily",
    "ProtocolName": "so_localizer",
    "PulseSequenceDetails": "%SiemensSeq%_ep2d_pace",
    "ReceiveCoilActiveElements": "HEA;HEP",
    "ReceiveCoilName": "Head_32",
    "ReconMatrixPE": 70,
    "RepetitionTime": 2,
    "SAR": 0.116563,
    "ScanOptions": "FS",
    "ScanningSequence": "EP",
    "SequenceName": "_epfid2d1_70",
    "SequenceVariant": "SK",
    "SeriesDescription": "so_localizer",
    "SeriesNumber": 33,
    "ShimSetting": [
      -5602,
      -1444,
      3190,
      510,
      20,
      195,
      -5,
      -9
    ],
    "SliceThickness": 3,
    "SliceTiming": [
      0,
      0.055,
      0.11,
      0.165,
      0.22,
      0.275,
      0.33,
      0.385,
      0.44,
      0.495,
      0.55,
      0.605,
      0.66,
      0.715,
      0.77,
      0.825,
      0.88,
      0.935,
      0.99,
      1.045,
      1.1,
      1.155,
      1.21,
      1.265,
      1.32,
      1.375,
      1.43,
      1.485,
      1.54,
      1.595,
      1.65,
      1.705,
      1.76,
      1.815,
      1.87,
      1.925
    ],
    "SoftwareVersions": "syngo_MR_E11",
    "SpacingBetweenSlices": 3.54,
    "StationName": "MRC35115",
    "TaskName": "so",
    "TotalReadoutTime": 0.01725,
    "TxRefAmp": 250.736,
    "dataset": "ds002250",
    "modality": "bold",
    "run_id": 4,
    "subject_id": "10",
    "task_id": "so"
  },
  "dummy_trs": 1,
  "dvars_nstd": 47.63729700252035,
  "dvars_std": 1.2791744261788611,
  "dvars_vstd": 1.0466945172357727,
  "efc": 0.5290353231590467,
  "fber": 660.3759765625,
  "fd_mean": 0.4864917438604418,
  "fd_num": 85,
  "fd_perc": 68.54838709677419,
  "fwhm_avg": 2.5933245479570224,
  "fwhm_x": 2.4209,
  "fwhm_y": 2.7558900000000004,
  "fwhm_z": 2.6031836438710667,
  "gcor": 0.0428395,
  "gsr_x": -0.0064538163132965565,
  "gsr_y": 0.06442175060510635,
  "provenance": {
    "md5sum": "0a8df37e5a04344110d7115f69b5b5e7",
    "settings": {
      "fd_thres": 0.2,
      "testing": false
    },
    "software": "mriqc",
    "version": "22.0.6",
    "webapi_port": null,
    "webapi_url": "https://mriqc.nimh.nih.gov/api/v1"
  },
  "size_t": 124,
  "size_x": 70,
  "size_y": 70,
  "size_z": 36,
  "snr": 2.556004668796646,
  "spacing_tr": 2.0,
  "spacing_x": 3.0,
  "spacing_y": 3.0,
  "spacing_z": 3.5399999618530273,
  "summary_bg_k": 69.12575690361817,
  "summary_bg_mad": 3.2760730546100207,
  "summary_bg_mean": 25.291139602661133,
  "summary_bg_median": 14.096774101257324,
  "summary_bg_n": 103548.0,
  "summary_bg_p05": 11.524192810058594,
  "summary_bg_p95": 78.0241928100586,
  "summary_bg_stdv": 34.51229476928711,
  "summary_fg_k": 0.6677383335810188,
  "summary_fg_mad": 135.5624541562899,
  "summary_fg_mean": 391.5058898925781,
  "summary_fg_median": 364.57257080078125,
  "summary_fg_n": 34503.0,
  "summary_fg_p05": 208.187890625,
  "summary_fg_p95": 663.3289978027346,
  "summary_fg_stdv": 142.63169860839844,
  "tsnr": 45.41985241137445
}