{
  "aor": 0.007523919597989951,
  "aqi": 0.00513035728643216,
  "bids_meta": {
    "AcquisitionMatrixPE": 70,
    "AcquisitionNumber": 1,
    "AcquisitionTime": "13:57:43.885000",
    "BandwidthPerPixelPhaseEncode": 57.143,
    "BaseResolution": 70,
    "BodyPartExamined": "BRAIN",
    "ConsistencyInfo": "N4_VE11C_LATEST_20160120",
    "ConversionSoftware": "dcm2niix",
    "ConversionSoftwareVersion": "v1.0.20181125  (JP2:OpenJPEG) (JP-LS:CharLS) GCC5.5.0",
    "DerivedVendorReportedEchoSpacing": 0.000499999,
    "DeviceSerialNumber": "167012",
    "DwellTime": 3e-06,
    "EchoTime": 0.03,
    "EchoTrainLength": 35,
    "EffectiveEchoSpacing": 0.000249999,
    "FlipAngle": 90,
    "ImageOrientationPatientDICOM": [
      0.998377,
      -0.0181401,
      0.0539884,
      0.020913,
      0.998467,
      -0.0512484
    ],
    "ImageType": [
      "ORIGINAL",
      "PRIMARY",
      "M",
      "ND",
      "MOSAIC"
    ],
    "ImagingFrequency": 123.254,
    "InPlanePhaseEncodingDirectionDICOM": "COL",
    "InstitutionAddress": "Vassar_Street_43_Cambridge_Boston_US_02139",
    "InstitutionName": "MIT",
    "InstitutionalDepartmentName": "Department",
    "MRAcquisitionType": "2D",
    "MagneticFieldStrength": 3,
    "Manufacturer": "Siemens",
    "ManufacturersModelName": "Prisma_fit",
    "Modality": "MR",
    "ParallelReductionFactorInPlane": 2,
    "PartialFourier": 1,
    "PatientPosition": "HFS",
    "PercentPhaseFOV": 100,
    "PhaseEncodingDirection": "j-",
    "PhaseEncodingSteps": 70,
    "PhaseResolution": 1,
    "PixelBandwidth": 2380,
    "ProcedureStepDescription": "Young_Emily",
    "ProtocolName": "FIRSTTHIRD",
    "PulseSequenceDetails": "%SiemensSeq%_ep2d_pace",
    "ReceiveCoilActiveElements": "HEA;HEP",
    "ReceiveCoilName": "Head_32",
    "ReconMatrixPE": 70,
    "RepetitionTime": 2,
    "SAR": 0.116814,
    "ScanOptions": "FS",
    "ScanningSequence": "EP",
    "SequenceName": "_epfid2d1_70",
    "SequenceVariant": "SK",
    "SeriesDescription": "FIRSTTHIRD",
    "SeriesNumber": 21,
    "ShimSetting": [
      -5602,
      -1444,
      3190,
      510,
      20,
      195,
      -5,
      -9
    ],
    "SliceThickness": 3,
    "SliceTiming": [
      0,
      0.055,
      0.11,
      0.165,
      0.22,
      0.275,
      0.33,
      0.385,
      0.44,
      0.495,
      0.55,
      0.605,
      0.66,
      0.715,
      0.77,
      0.825,
      0.88,
      0.935,
      0.99,
      1.045,
      1.1,
      1.155,
      1.21,
      1.265,
      1.32,
      1.375,
      1.43,
      1.485,
      1.54,
      1.595,
      1.65,
      1.705,
      1.76,
      1.815,
      1.87,
      1.925
    ],
    "SoftwareVersions": "syngo_MR_E11",
    "SpacingBetweenSlices": 3.54,
    "StationName": "MRC35115",
    "TaskName": "firstthird",
    "TotalReadoutTime": 0.01725,
    "TxRefAmp": 250.736,
    "dataset": "ds002250",
    "modality": "bold",
    "run_id": 4,
    "subject_id": "10",
    "task_id": "firstthird"
  },
  "dummy_trs": 0,
  "dvars_nstd": 38.83825850247473,
  "dvars_std": 1.1854851134343432,
  "dvars_vstd": 0.996847487474747,
  "efc": 0.5295874264790992,
  "fber": 639.7342529296875,
  "fd_mean": 0.39144357967850835,
  "fd_num": 105,
  "fd_perc": 52.76381909547739,
  "fwhm_avg": 2.5901009321358344,
  "fwhm_x": 2.4030299999999998,
  "fwhm_y": 2.76464,
  "fwhm_z": 2.6026327964075033,
  "gcor": 0.134991,
  "gsr_x": -0.006663767155259848,
  "gsr_y": 0.06423457711935043,
  "provenance": {
    "md5sum": "b5436d361b801bd728b557124d529e54",
    "settings": {
      "fd_thres": 0.2,
      "testing": false
    },
    "software": "mriqc",
    "version": "22.0.6",
    "webapi_port": null,
    "webapi_url": "https://mriqc.nimh.nih.gov/api/v1"
  },
  "size_t": 199,
  "size_x": 70,
  "size_y": 70,
  "size_z": 36,
  "snr": 2.5608614417827695,
  "spacing_tr": 2.0,
  "spacing_x": 3.0,
  "spacing_y": 3.0,
  "spacing_z": 3.5399999618530273,
  "summary_bg_k": 69.45446966758388,
  "summary_bg_mad": 3.337718537745841,
  "summary_bg_mean": 24.661123275756836,
  "summary_bg_median": 14.060301780700684,
  "summary_bg_n": 103328.0,
  "summary_bg_p05": 11.517587661743164,
  "summary_bg_p95": 72.96306381225583,
  "summary_bg_stdv": 32.36346435546875,
  "summary_fg_k": 0.6305025048643413,
  "summary_fg_mad": 133.58323810873407,
  "summary_fg_mean": 384.79217529296875,
  "summary_fg_median": 358.5879211425781,
  "summary_fg_n": 34815.0,
  "summary_fg_p05": 205.19447326660156,
  "summary_fg_p95": 651.3627807617182,
  "summary_fg_stdv": 140.02427673339844,
  "tsnr": 43.16494846716523
}