{
  "aor": 0.005746397058823529,
  "aqi": 0.0037883213235294123,
  "bids_meta": {
    "AcquisitionMatrixPE": 70,
    "AcquisitionNumber": 1,
    "AcquisitionTime": "13:22:3.915000",
    "BandwidthPerPixelPhaseEncode": 57.143,
    "BaseResolution": 70,
    "BodyPartExamined": "BRAIN",
    "ConsistencyInfo": "N4_VE11C_LATEST_20160120",
    "ConversionSoftware": "dcm2niix",
    "ConversionSoftwareVersion": "v1.0.20181125  (JP2:OpenJPEG) (JP-LS:CharLS) GCC5.5.0",
    "DerivedVendorReportedEchoSpacing": 0.000499999,
    "DeviceSerialNumber": "167012",
    "DwellTime": 3e-06,
    "EchoTime": 0.03,
    "EchoTrainLength": 35,
    "EffectiveEchoSpacing": 0.000249999,
    "FlipAngle": 90,
    "ImageOrientationPatientDICOM": [
      0.998377,
      -0.0181401,
      0.0539884,
      0.020913,
      0.998467,
      -0.0512484
    ],
    "ImageType": [
      "ORIGINAL",
      "PRIMARY",
      "M",
      "ND",
      "MOSAIC"
    ],
    "ImagingFrequency": 123.254,
    "InPlanePhaseEncodingDirectionDICOM": "COL",
    "InstitutionAddress": "Vassar_Street_43_Cambridge_Boston_US_02139",
    "InstitutionName": "MIT",
    "InstitutionalDepartmentName": "Department",
    "MRAcquisitionType": "2D",
    "MagneticFieldStrength": 3,
    "Manufacturer": "Siemens",
    "ManufacturersModelName": "Prisma_fit",
    "Modality": "MR",
    "ParallelReductionFactorInPlane": 2,
    "PartialFourier": 1,
    "PatientPosition": "HFS",
    "PercentPhaseFOV": 100,
    "PhaseEncodingDirection": "j-",
    "PhaseEncodingSteps": 70,
    "PhaseResolution": 1,
    "PixelBandwidth": 2380,
    "ProcedureStepDescription": "Young_Emily",
    "ProtocolName": "tom_localizer",
    "PulseSequenceDetails": "%SiemensSeq%_ep2d_pace",
    "ReceiveCoilActiveElements": "HEA;HEP",
    "ReceiveCoilName": "Head_32",
    "ReconMatrixPE": 70,
    "RepetitionTime": 2,
    "SAR": 0.116617,
    "ScanOptions": "FS",
    "ScanningSequence": "EP",
    "SequenceName": "_epfid2d1_70",
    "SequenceVariant": "SK",
    "SeriesDescription": "tom_localizer",
    "SeriesNumber": 11,
    "ShimSetting": [
      -5602,
      -1444,
      3190,
      510,
      20,
      195,
      -5,
      -9
    ],
    "SliceThickness": 3,
    "SliceTiming": [
      0,
      0.055,
      0.11,
      0.165,
      0.22,
      0.275,
      0.33,
      0.385,
      0.44,
      0.495,
      0.55,
      0.605,
      0.66,
      0.715,
      0.77,
      0.825,
      0.88,
      0.935,
      0.99,
      1.045,
      1.1,
      1.155,
      1.21,
      1.265,
      1.32,
      1.375,
      1.43,
      1.485,
      1.54,
      1.595,
      1.65,
      1.705,
      1.76,
      1.815,
      1.87,
      1.925
    ],
    "SoftwareVersions": "syngo_MR_E11",
    "SpacingBetweenSlices": 3.54,
    "StationName": "MRC35115",
    "TaskName": "tom",
    "TotalReadoutTime": 0.01725,
    "TxRefAmp": 250.736,
    "dataset": "ds002250",
    "modality": "bold",
    "run_id": 1,
    "subject_id": "10",
    "task_id": "tom"
  },
  "dummy_trs": 0,
  "dvars_nstd": 31.434775571925936,
  "dvars_std": 1.2748666543703706,
  "dvars_vstd": 1.0442441770370376,
  "efc": 0.5279870774881955,
  "fber": 637.505859375,
  "fd_mean": 0.20320958866193908,
  "fd_num": 46,
  "fd_perc": 33.8235294117647,
  "fwhm_avg": 2.738486845999646,
  "fwhm_x": 2.56469,
  "fwhm_y": 2.91094,
  "fwhm_z": 2.739830537998938,
  "gcor": 0.0894527,
  "gsr_x": -0.010329696349799633,
  "gsr_y": 0.057311587035655975,
  "provenance": {
    "md5sum": "92ad6bc602241936a3fdf6edbce3abd5",
    "settings": {
      "fd_thres": 0.2,
      "testing": false
    },
    "software": "mriqc",
    "version": "22.0.6",
    "webapi_port": null,
    "webapi_url": "https://mriqc.nimh.nih.gov/api/v1"
  },
  "size_t": 136,
  "size_x": 70,
  "size_y": 70,
  "size_z": 36,
  "snr": 2.3978621704842276,
  "spacing_tr": 2.0,
  "spacing_x": 3.0,
  "spacing_y": 3.0,
  "spacing_z": 3.5399999618530273,
  "summary_bg_k": 52.30462532614682,
  "summary_bg_mad": 3.4993776278362296,
  "summary_bg_mean": 25.618371963500977,
  "summary_bg_median": 14.610294342041016,
  "summary_bg_n": 102054.0,
  "summary_bg_p05": 11.882352828979492,
  "summary_bg_p95": 76.22058868408203,
  "summary_bg_stdv": 32.81977844238281,
  "summary_fg_k": 0.8313252821218784,
  "summary_fg_mad": 146.47234872237877,
  "summary_fg_mean": 403.85235595703125,
  "summary_fg_median": 373.5955810546875,
  "summary_fg_n": 35369.0,
  "summary_fg_p05": 207.36029052734375,
  "summary_fg_p95": 701.4720703124999,
  "summary_fg_stdv": 155.80140686035156,
  "tsnr": 56.432023258530535
}