{
  "aor": 0.013764924623115578,
  "aqi": 0.007050440753768844,
  "bids_meta": {
    "AcquisitionMatrixPE": 70,
    "AcquisitionNumber": 1,
    "AcquisitionTime": "14:05:14.347500",
    "BandwidthPerPixelPhaseEncode": 57.143,
    "BaseResolution": 70,
    "BodyPartExamined": "BRAIN",
    "ConsistencyInfo": "N4_VE11C_LATEST_20160120",
    "ConversionSoftware": "dcm2niix",
    "ConversionSoftwareVersion": "v1.0.20181125  (JP2:OpenJPEG) (JP-LS:CharLS) GCC5.5.0",
    "DerivedVendorReportedEchoSpacing": 0.000499999,
    "DeviceSerialNumber": "167012",
    "DwellTime": 3e-06,
    "EchoTime": 0.03,
    "EchoTrainLength": 35,
    "EffectiveEchoSpacing": 0.000249999,
    "FlipAngle": 90,
    "ImageOrientationPatientDICOM": [
      0.998377,
      -0.0181401,
      0.0539884,
      0.020913,
      0.998467,
      -0.0512484
    ],
    "ImageType": [
      "ORIGINAL",
      "PRIMARY",
      "M",
      "ND",
      "MOSAIC"
    ],
    "ImagingFrequency": 123.254,
    "InPlanePhaseEncodingDirectionDICOM": "COL",
    "InstitutionAddress": "Vassar_Street_43_Cambridge_Boston_US_02139",
    "InstitutionName": "MIT",
    "InstitutionalDepartmentName": "Department",
    "MRAcquisitionType": "2D",
    "MagneticFieldStrength": 3,
    "Manufacturer": "Siemens",
    "ManufacturersModelName": "Prisma_fit",
    "Modality": "MR",
    "ParallelReductionFactorInPlane": 2,
    "PartialFourier": 1,
    "PatientPosition": "HFS",
    "PercentPhaseFOV": 100,
    "PhaseEncodingDirection": "j-",
    "PhaseEncodingSteps": 70,
    "PhaseResolution": 1,
    "PixelBandwidth": 2380,
    "ProcedureStepDescription": "Young_Emily",
    "ProtocolName": "FIRSTTHIRD",
    "PulseSequenceDetails": "%SiemensSeq%_ep2d_pace",
    "ReceiveCoilActiveElements": "HEA;HEP",
    "ReceiveCoilName": "Head_32",
    "ReconMatrixPE": 70,
    "RepetitionTime": 2,
    "SAR": 0.116814,
    "ScanOptions": "FS",
    "ScanningSequence": "EP",
    "SequenceName": "_epfid2d1_70",
    "SequenceVariant": "SK",
    "SeriesDescription": "FIRSTTHIRD",
    "SeriesNumber": 23,
    "ShimSetting": [
      -5602,
      -1444,
      3190,
      510,
      20,
      195,
      -5,
      -9
    ],
    "SliceThickness": 3,
    "SliceTiming": [
      0,
      0.055,
      0.11,
      0.165,
      0.22,
      0.275,
      0.33,
      0.385,
      0.44,
      0.495,
      0.55,
      0.605,
      0.66,
      0.715,
      0.77,
      0.825,
      0.88,
      0.935,
      0.99,
      1.045,
      1.1,
      1.155,
      1.21,
      1.265,
      1.32,
      1.375,
      1.43,
      1.485,
      1.54,
      1.595,
      1.65,
      1.705,
      1.76,
      1.815,
      1.87,
      1.925
    ],
    "SoftwareVersions": "syngo_MR_E11",
    "SpacingBetweenSlices": 3.54,
    "StationName": "MRC35115",
    "TaskName": "firstthird",
    "TotalReadoutTime": 0.01725,
    "TxRefAmp": 250.736,
    "dataset": "ds002250",
    "modality": "bold",
    "run_id": 5,
    "subject_id": "10",
    "task_id": "firstthird"
  },
  "dummy_trs": 0,
  "dvars_nstd": 50.00535140378781,
  "dvars_std": 1.382227447171717,
  "dvars_vstd": 1.113827561868687,
  "efc": 0.5258952535704122,
  "fber": 664.6321411132812,
  "fd_mean": 0.5470932736155106,
  "fd_num": 141,
  "fd_perc": 70.85427135678393,
  "fwhm_avg": 2.564919067698036,
  "fwhm_x": 2.37149,
  "fwhm_y": 2.72927,
  "fwhm_z": 2.5939972030941076,
  "gcor": 0.0297235,
  "gsr_x": -0.0036769842263311148,
  "gsr_y": 0.06580924242734909,
  "provenance": {
    "md5sum": "0d574ef4b8bb5ee202962c2395a66f37",
    "settings": {
      "fd_thres": 0.2,
      "testing": false
    },
    "software": "mriqc",
    "version": "22.0.6",
    "webapi_port": null,
    "webapi_url": "https://mriqc.nimh.nih.gov/api/v1"
  },
  "size_t": 199,
  "size_x": 70,
  "size_y": 70,
  "size_z": 36,
  "snr": 2.563940096589403,
  "spacing_tr": 2.0,
  "spacing_x": 3.0,
  "spacing_y": 3.0,
  "spacing_z": 3.5399999618530273,
  "summary_bg_k": 72.97642601708806,
  "summary_bg_mad": 2.965204437011204,
  "summary_bg_mean": 23.908794403076172,
  "summary_bg_median": 13.678391456604004,
  "summary_bg_n": 104314.0,
  "summary_bg_p05": 11.376884460449219,
  "summary_bg_p95": 70.68015022277828,
  "summary_bg_stdv": 32.21782684326172,
  "summary_fg_k": 0.640389653951662,
  "summary_fg_mad": 130.36468189186076,
  "summary_fg_mean": 380.7344055175781,
  "summary_fg_median": 354.095458984375,
  "summary_fg_n": 34158.0,
  "summary_fg_p05": 204.91079864501953,
  "summary_fg_p95": 647.5097717285154,
  "summary_fg_stdv": 138.1039581298828,
  "tsnr": 43.62253379821777
}