{
  "aor": 0.010560480000000002,
  "aqi": 0.004506938719999999,
  "bids_meta": {
    "AcquisitionMatrixPE": 70,
    "AcquisitionNumber": 1,
    "AcquisitionTime": "14:21:31.950000",
    "BandwidthPerPixelPhaseEncode": 57.143,
    "BaseResolution": 70,
    "BodyPartExamined": "BRAIN",
    "ConsistencyInfo": "N4_VE11C_LATEST_20160120",
    "ConversionSoftware": "dcm2niix",
    "ConversionSoftwareVersion": "v1.0.20181125  (JP2:OpenJPEG) (JP-LS:CharLS) GCC5.5.0",
    "DerivedVendorReportedEchoSpacing": 0.000499999,
    "DeviceSerialNumber": "167012",
    "DwellTime": 3e-06,
    "EchoTime": 0.03,
    "EchoTrainLength": 35,
    "EffectiveEchoSpacing": 0.000249999,
    "FlipAngle": 90,
    "ImageOrientationPatientDICOM": [
      0.998377,
      -0.0181401,
      0.0539884,
      0.020913,
      0.998467,
      -0.0512484
    ],
    "ImageType": [
      "ORIGINAL",
      "PRIMARY",
      "M",
      "ND",
      "MOSAIC"
    ],
    "ImagingFrequency": 123.254,
    "InPlanePhaseEncodingDirectionDICOM": "COL",
    "InstitutionAddress": "Vassar_Street_43_Cambridge_Boston_US_02139",
    "InstitutionName": "MIT",
    "InstitutionalDepartmentName": "Department",
    "MRAcquisitionType": "2D",
    "MagneticFieldStrength": 3,
    "Manufacturer": "Siemens",
    "ManufacturersModelName": "Prisma_fit",
    "Modality": "MR",
    "ParallelReductionFactorInPlane": 2,
    "PartialFourier": 1,
    "PatientPosition": "HFS",
    "PercentPhaseFOV": 100,
    "PhaseEncodingDirection": "j-",
    "PhaseEncodingSteps": 70,
    "PhaseResolution": 1,
    "PixelBandwidth": 2380,
    "ProcedureStepDescription": "Young_Emily",
    "ProtocolName": "so_localizer",
    "PulseSequenceDetails": "%SiemensSeq%_ep2d_pace",
    "ReceiveCoilActiveElements": "HEA;HEP",
    "ReceiveCoilName": "Head_32",
    "ReconMatrixPE": 70,
    "RepetitionTime": 2,
    "SAR": 0.116563,
    "ScanOptions": "FS",
    "ScanningSequence": "EP",
    "SequenceName": "_epfid2d1_70",
    "SequenceVariant": "SK",
    "SeriesDescription": "so_localizer",
    "SeriesNumber": 27,
    "ShimSetting": [
      -5602,
      -1444,
      3190,
      510,
      20,
      195,
      -5,
      -9
    ],
    "SliceThickness": 3,
    "SliceTiming": [
      0,
      0.055,
      0.11,
      0.165,
      0.22,
      0.275,
      0.33,
      0.385,
      0.44,
      0.495,
      0.55,
      0.605,
      0.66,
      0.715,
      0.77,
      0.825,
      0.88,
      0.935,
      0.99,
      1.045,
      1.1,
      1.155,
      1.21,
      1.265,
      1.32,
      1.375,
      1.43,
      1.485,
      1.54,
      1.595,
      1.65,
      1.705,
      1.76,
      1.815,
      1.87,
      1.925
    ],
    "SoftwareVersions": "syngo_MR_E11",
    "SpacingBetweenSlices": 3.54,
    "StationName": "MRC35115",
    "TaskName": "so",
    "TotalReadoutTime": 0.01725,
    "TxRefAmp": 250.736,
    "dataset": "ds002250",
    "modality": "bold",
    "run_id": 1,
    "subject_id": "10",
    "task_id": "so"
  },
  "dummy_trs": 0,
  "dvars_nstd": 37.612103754112894,
  "dvars_std": 1.281676991290323,
  "dvars_vstd": 1.084681701370968,
  "efc": 0.5277520221702195,
  "fber": 649.4766235351562,
  "fd_mean": 0.42334682600285184,
  "fd_num": 64,
  "fd_perc": 51.2,
  "fwhm_avg": 2.5823797644750686,
  "fwhm_x": 2.399716666666667,
  "fwhm_y": 2.7594,
  "fwhm_z": 2.588022626758539,
  "gcor": 0.0391512,
  "gsr_x": -0.004295046906918287,
  "gsr_y": 0.06505059450864792,
  "provenance": {
    "md5sum": "1d7e30d64ec8e580ec97bdea1cea2043",
    "settings": {
      "fd_thres": 0.2,
      "testing": false
    },
    "software": "mriqc",
    "version": "22.0.6",
    "webapi_port": null,
    "webapi_url": "https://mriqc.nimh.nih.gov/api/v1"
  },
  "size_t": 125,
  "size_x": 70,
  "size_y": 70,
  "size_z": 36,
  "snr": 2.5531179476702732,
  "spacing_tr": 2.0,
  "spacing_x": 3.0,
  "spacing_y": 3.0,
  "spacing_z": 3.5399999618530273,
  "summary_bg_k": 70.58353927706627,
  "summary_bg_mad": 3.1786992356555115,
  "summary_bg_mean": 24.683500289916992,
  "summary_bg_median": 13.920001029968262,
  "summary_bg_n": 103967.0,
  "summary_bg_p05": 11.472000122070312,
  "summary_bg_p95": 74.70160369873045,
  "summary_bg_stdv": 33.58633041381836,
  "summary_fg_k": 0.6069056934713726,
  "summary_fg_mad": 132.4971668302609,
  "summary_fg_mean": 381.5199279785156,
  "summary_fg_median": 355.4960021972656,
  "summary_fg_n": 34559.0,
  "summary_fg_p05": 203.0360092163086,
  "summary_fg_p95": 647.2736328125,
  "summary_fg_stdv": 139.23793029785156,
  "tsnr": 50.907568199560046
}