{
  "bids_meta": {
    "AcquisitionMatrixPE": 256,
    "AcquisitionNumber": 1,
    "AcquisitionTime": "13:14:20.755000",
    "BaseResolution": 256,
    "BodyPartExamined": "BRAIN",
    "ConsistencyInfo": "N4_VE11C_LATEST_20160120",
    "ConversionSoftware": "dcm2niix",
    "ConversionSoftwareVersion": "v1.0.20181125  (JP2:OpenJPEG) (JP-LS:CharLS) GCC5.5.0",
    "DeviceSerialNumber": "167012",
    "DwellTime": 3e-06,
    "EchoTime": 0.00169,
    "FlipAngle": 7,
    "ImageOrientationPatientDICOM": [
      0.0267887,
      0.998823,
      -0.0404264,
      0.0506673,
      -0.0417456,
      -0.997843
    ],
    "ImageType": [
      "ORIGINAL",
      "PRIMARY",
      "OTHER",
      "ND",
      "NORM",
      "MEAN"
    ],
    "ImagingFrequency": 123.254,
    "InPlanePhaseEncodingDirectionDICOM": "ROW",
    "InstitutionAddress": "Vassar_Street_43_Cambridge_Boston_US_02139",
    "InstitutionName": "MIT",
    "InstitutionalDepartmentName": "Department",
    "InversionTime": 1.4,
    "MRAcquisitionType": "3D",
    "MagneticFieldStrength": 3,
    "Manufacturer": "Siemens",
    "ManufacturersModelName": "Prisma_fit",
    "Modality": "MR",
    "PartialFourier": 1,
    "PatientPosition": "HFS",
    "PercentPhaseFOV": 100,
    "PhaseEncodingSteps": 255,
    "PhaseResolution": 1,
    "PixelBandwidth": 650,
    "ProcedureStepDescription": "Young_Emily",
    "ProtocolName": "T1w_MPRAGE_FourEcho_vNav",
    "PulseSequenceDetails": "%CustomerSeq%_tfl_mgh_epinav_ABCD",
    "ReceiveCoilActiveElements": "HEA;HEP",
    "ReceiveCoilName": "Head_32",
    "ReconMatrixPE": 256,
    "RepetitionTime": 2.53,
    "SAR": 0.0383164,
    "ScanOptions": "IR_WE",
    "ScanningSequence": "GR_IR",
    "SequenceName": "tfl3d4_16ns",
    "SequenceVariant": "SK_SP_MP",
    "SeriesDescription": "T1w_MPRAGE_FourEcho_vNav_RMS",
    "SeriesNumber": 10,
    "ShimSetting": [
      -5611,
      -1478,
      3179,
      454,
      -21,
      8,
      60,
      -40
    ],
    "SliceThickness": 1,
    "SoftwareVersions": "syngo_MR_E11",
    "StationName": "MRC35115",
    "TxRefAmp": 250.736,
    "WipMemBlock": "Prisma_epi_moco_navigator_ABCD_tfl.prot",
    "dataset": "ds002250",
    "modality": "T1w",
    "run_id": 1,
    "subject_id": "10"
  },
  "cjv": 0.4369674310852608,
  "cnr": 2.9732946891175085,
  "efc": 0.5416195944925098,
  "fber": 19860.570468388996,
  "fwhm_avg": 3.7884099999999994,
  "fwhm_x": 3.76611,
  "fwhm_y": 4.05012,
  "fwhm_z": 3.549,
  "icvs_csf": 0.19054825305060055,
  "icvs_gm": 0.3972666722546822,
  "icvs_wm": 0.4121850746947172,
  "inu_med": 0.27790530025959015,
  "inu_range": 0.08241049200296402,
  "provenance": {
    "md5sum": "8e0d42b2159c37e766d86a4b894e353e",
    "settings": {
      "testing": false
    },
    "software": "mriqc",
    "version": "22.0.6",
    "warnings": {
      "large_rot_frame": true,
      "small_air_mask": false
    },
    "webapi_port": null,
    "webapi_url": "https://mriqc.nimh.nih.gov/api/v1"
  },
  "qi_1": 0.0,
  "qi_2": 0.0024558319846360757,
  "rpve_csf": 25.42646347470677,
  "rpve_gm": 12.592085944890384,
  "rpve_wm": 14.549778436520063,
  "size_x": 176,
  "size_y": 256,
  "size_z": 256,
  "snr_csf": 2.791799900493448,
  "snr_gm": 13.201064612351864,
  "snr_total": 15.861080012514826,
  "snr_wm": 31.59037552469917,
  "snrd_csf": 52.56881277875578,
  "snrd_gm": 117.53127027321275,
  "snrd_total": 105.86157704502413,
  "snrd_wm": 147.48464808310385,
  "spacing_x": 1.0,
  "spacing_y": 1.0,
  "spacing_z": 1.0,
  "summary_bg_k": 5.258231894597321,
  "summary_bg_mad": 0.0,
  "summary_bg_mean": 3.1019484823479386,
  "summary_bg_median": 0.0,
  "summary_bg_n": 2609695.0,
  "summary_bg_p05": 0.0,
  "summary_bg_p95": 12.20014201849699,
  "summary_bg_stdv": 4.442148095061411,
  "summary_csf_k": 0.4309911283886856,
  "summary_csf_mad": 105.08770471597286,
  "summary_csf_mean": 365.51175296688467,
  "summary_csf_median": 356.442492807284,
  "summary_csf_n": 30528.0,
  "summary_csf_p05": 125.9561748101376,
  "summary_csf_p95": 584.3718331865966,
  "summary_csf_stdv": 127.67270846895572,
  "summary_gm_k": -0.010660530714100336,
  "summary_gm_mad": 58.8690890726754,
  "summary_gm_mean": 798.0217630233653,
  "summary_gm_median": 796.9200129229575,
  "summary_gm_n": 21909.0,
  "summary_gm_p05": 700.2320162389427,
  "summary_gm_p95": 902.0919733971357,
  "summary_gm_stdv": 60.36648172474443,
  "summary_wm_k": 0.6156268787770913,
  "summary_wm_mad": 29.87842079701763,
  "summary_wm_mean": 1000.6637297938086,
  "summary_wm_median": 1000.0186961572617,
  "summary_wm_n": 269566.0,
  "summary_wm_p05": 950.6754837296903,
  "summary_wm_p95": 1054.7883521206677,
  "summary_wm_stdv": 31.655744025760885,
  "tpm_overlap_csf": 0.15559271131325575,
  "tpm_overlap_gm": 0.44185740178224214,
  "tpm_overlap_wm": 0.5119473431743935,
  "wm2max": 0.9139930223012724
}