{
  "bids_meta": {
    "AcquisitionMatrixPE": 256,
    "AcquisitionNumber": 1,
    "AcquisitionTime": "13:48:50.762500",
    "BaseResolution": 256,
    "BodyPartExamined": "BRAIN",
    "ConsistencyInfo": "N4_VE11C_LATEST_20160120",
    "ConversionSoftware": "dcm2niix",
    "ConversionSoftwareVersion": "v1.0.20181125  (JP2:OpenJPEG) (JP-LS:CharLS) GCC5.5.0",
    "DeviceSerialNumber": "167012",
    "DwellTime": 3e-06,
    "EchoTime": 0.00169,
    "FlipAngle": 7,
    "ImageOrientationPatientDICOM": [
      0.0102068,
      0.997767,
      0.0660058,
      0.0540997,
      0.0653615,
      -0.996394
    ],
    "ImageType": [
      "ORIGINAL",
      "PRIMARY",
      "OTHER",
      "ND",
      "NORM",
      "MEAN"
    ],
    "ImagingFrequency": 123.253,
    "InPlanePhaseEncodingDirectionDICOM": "ROW",
    "InstitutionAddress": "Vassar_Street_43_Cambridge_Boston_US_02139",
    "InstitutionName": "McGovern_Institute_for_Brain_Research_(3T1)",
    "InstitutionalDepartmentName": "Department",
    "InversionTime": 1.4,
    "MRAcquisitionType": "3D",
    "MagneticFieldStrength": 3,
    "Manufacturer": "Siemens",
    "ManufacturersModelName": "Prisma_fit",
    "Modality": "MR",
    "PartialFourier": 1,
    "PatientPosition": "HFS",
    "PercentPhaseFOV": 100,
    "PhaseEncodingSteps": 255,
    "PhaseResolution": 1,
    "PixelBandwidth": 650,
    "ProcedureStepDescription": "Young_Emily",
    "ProtocolName": "T1w_MPRAGE_FourEcho_vNav",
    "PulseSequenceDetails": "%CustomerSeq%_tfl_mgh_epinav_ABCD",
    "ReceiveCoilActiveElements": "HEA;HEP",
    "ReceiveCoilName": "Head_32",
    "ReconMatrixPE": 256,
    "RepetitionTime": 2.53,
    "SAR": 0.0287699,
    "ScanOptions": "IR_WE",
    "ScanningSequence": "GR_IR",
    "SequenceName": "tfl3d4_16ns",
    "SequenceVariant": "SK_SP_MP",
    "SeriesDescription": "T1w_MPRAGE_FourEcho_vNav_RMS",
    "SeriesNumber": 10,
    "ShimSetting": [
      -5598,
      -1545,
      3144,
      329,
      33,
      0,
      76,
      -49
    ],
    "SliceThickness": 1,
    "SoftwareVersions": "syngo_MR_E11",
    "StationName": "MRC35115",
    "TxRefAmp": 221.83,
    "WipMemBlock": "Prisma_epi_moco_navigator_ABCD_tfl.prot",
    "dataset": "ds002250",
    "modality": "T1w",
    "run_id": 1,
    "subject_id": "03"
  },
  "cjv": 0.37952603252488826,
  "cnr": 3.3624363379259297,
  "efc": 0.5359007233318823,
  "fber": 33758.2478769428,
  "fwhm_avg": 3.655333333333333,
  "fwhm_x": 3.63889,
  "fwhm_y": 3.89056,
  "fwhm_z": 3.43655,
  "icvs_csf": 0.1714898059384718,
  "icvs_gm": 0.4454688490149944,
  "icvs_wm": 0.3830413450465338,
  "inu_med": 0.29314208030700684,
  "inu_range": 0.07626533508300781,
  "provenance": {
    "md5sum": "ccf5d1bea032681310c2eda50bb5bf1a",
    "settings": {
      "testing": false
    },
    "software": "mriqc",
    "version": "22.0.6",
    "warnings": {
      "large_rot_frame": true,
      "small_air_mask": false
    },
    "webapi_port": null,
    "webapi_url": "https://mriqc.nimh.nih.gov/api/v1"
  },
  "qi_1": 0.0,
  "qi_2": 0.0016739919268953676,
  "rpve_csf": 33.33072222319038,
  "rpve_gm": 13.954506918711411,
  "rpve_wm": 18.338536301339186,
  "size_x": 176,
  "size_y": 256,
  "size_z": 256,
  "snr_csf": 2.678330547097798,
  "snr_gm": 13.890751836389372,
  "snr_total": 16.320646175845663,
  "snr_wm": 32.39285614404982,
  "snrd_csf": 45.87663828267144,
  "snrd_gm": 104.93243074168271,
  "snrd_total": 94.92762163505262,
  "snrd_wm": 133.9737958808037,
  "spacing_x": 1.0,
  "spacing_y": 1.0,
  "spacing_z": 1.0,
  "summary_bg_k": 47.519718731191844,
  "summary_bg_mad": 0.0,
  "summary_bg_mean": 3.117373260993697,
  "summary_bg_median": 0.0,
  "summary_bg_n": 2282305.0,
  "summary_bg_p05": 0.0,
  "summary_bg_p95": 12.02789025194943,
  "summary_bg_stdv": 4.890128379356588,
  "summary_csf_k": 1.2278244109359226,
  "summary_csf_mad": 94.61890573596395,
  "summary_csf_mean": 348.43921546742587,
  "summary_csf_median": 342.436553388834,
  "summary_csf_n": 18681.0,
  "summary_csf_p05": 100.56168468296528,
  "summary_csf_p95": 566.3954825084656,
  "summary_csf_stdv": 127.85105567617063,
  "summary_gm_k": 0.19816634257590016,
  "summary_gm_mad": 54.2156279300455,
  "summary_gm_mean": 785.2538303360884,
  "summary_gm_median": 783.2461415436119,
  "summary_gm_n": 31648.0,
  "summary_gm_p05": 695.3127731960267,
  "summary_gm_p95": 882.2902977221645,
  "summary_gm_stdv": 56.38526815052221,
  "summary_wm_k": 0.8259757161170858,
  "summary_wm_mad": 28.055438817613588,
  "summary_wm_mean": 1001.3937702993304,
  "summary_wm_median": 1000.0193262454122,
  "summary_wm_n": 190625.0,
  "summary_wm_p05": 953.36040898785,
  "summary_wm_p95": 1054.6387312542647,
  "summary_wm_stdv": 30.871519905297134,
  "tpm_overlap_csf": 0.13824244766453234,
  "tpm_overlap_gm": 0.46482116375984595,
  "tpm_overlap_wm": 0.5075361083843185,
  "wm2max": 0.9129504544329313
}