{
  "aor": 0.016746231155778894,
  "aqi": 0.005419313768844221,
  "bids_meta": {
    "AcquisitionMatrixPE": 70,
    "AcquisitionNumber": 1,
    "AcquisitionTime": "17:00:18.150000",
    "BandwidthPerPixelPhaseEncode": 57.143,
    "BaseResolution": 70,
    "BodyPartExamined": "BRAIN",
    "ConsistencyInfo": "N4_VE11C_LATEST_20160120",
    "ConversionSoftware": "dcm2niix",
    "ConversionSoftwareVersion": "v1.0.20181125  (JP2:OpenJPEG) (JP-LS:CharLS) GCC5.5.0",
    "DerivedVendorReportedEchoSpacing": 0.000499999,
    "DeviceSerialNumber": "167012",
    "DwellTime": 3e-06,
    "EchoTime": 0.03,
    "EchoTrainLength": 35,
    "EffectiveEchoSpacing": 0.000249999,
    "FlipAngle": 90,
    "ImageOrientationPatientDICOM": [
      0.996568,
      -0.0610415,
      0.0559076,
      0.0562403,
      0.994898,
      0.0837587
    ],
    "ImageType": [
      "ORIGINAL",
      "PRIMARY",
      "M",
      "ND",
      "MOSAIC"
    ],
    "ImagingFrequency": 123.254,
    "InPlanePhaseEncodingDirectionDICOM": "COL",
    "InstitutionAddress": "Vassar_Street_43_Cambridge_Boston_US_02139",
    "InstitutionName": "MIT",
    "InstitutionalDepartmentName": "Department",
    "MRAcquisitionType": "2D",
    "MagneticFieldStrength": 3,
    "Manufacturer": "Siemens",
    "ManufacturersModelName": "Prisma_fit",
    "Modality": "MR",
    "ParallelReductionFactorInPlane": 2,
    "PartialFourier": 1,
    "PatientPosition": "HFS",
    "PercentPhaseFOV": 100,
    "PhaseEncodingDirection": "j-",
    "PhaseEncodingSteps": 70,
    "PhaseResolution": 1,
    "PixelBandwidth": 2380,
    "ProcedureStepDescription": "Young_Emily",
    "ProtocolName": "FIRSTTHIRD",
    "PulseSequenceDetails": "%SiemensSeq%_ep2d_pace",
    "ReceiveCoilActiveElements": "HEA;HEP",
    "ReceiveCoilName": "Head_32",
    "ReconMatrixPE": 70,
    "RepetitionTime": 2,
    "SAR": 0.116632,
    "ScanOptions": "FS",
    "ScanningSequence": "EP",
    "SequenceName": "_epfid2d1_70",
    "SequenceVariant": "SK",
    "SeriesDescription": "FIRSTTHIRD",
    "SeriesNumber": 29,
    "ShimSetting": [
      -5596,
      -1530,
      3169,
      445,
      11,
      111,
      24,
      -54
    ],
    "SliceThickness": 3,
    "SliceTiming": [
      0,
      0.055,
      0.11,
      0.165,
      0.22,
      0.275,
      0.33,
      0.385,
      0.44,
      0.495,
      0.55,
      0.605,
      0.66,
      0.715,
      0.77,
      0.825,
      0.88,
      0.935,
      0.99,
      1.045,
      1.1,
      1.155,
      1.21,
      1.265,
      1.32,
      1.375,
      1.43,
      1.485,
      1.5375,
      1.5925,
      1.6475,
      1.7025,
      1.7575,
      1.8125,
      1.8675,
      1.9225
    ],
    "SoftwareVersions": "syngo_MR_E11",
    "SpacingBetweenSlices": 3.54,
    "StationName": "MRC35115",
    "TaskName": "firstthird",
    "TotalReadoutTime": 0.01725,
    "TxRefAmp": 221.265,
    "dataset": "ds002250",
    "modality": "bold",
    "run_id": 6,
    "subject_id": "11",
    "task_id": "firstthird"
  },
  "dummy_trs": 0,
  "dvars_nstd": 36.39231807994949,
  "dvars_std": 1.3867118675252523,
  "dvars_vstd": 1.144016979747475,
  "efc": 0.5137733281220692,
  "fber": 604.2457885742188,
  "fd_mean": 0.30750277805659854,
  "fd_num": 69,
  "fd_perc": 34.67336683417086,
  "fwhm_avg": 2.788375387273805,
  "fwhm_x": 2.5636666666666668,
  "fwhm_y": 2.8696800000000002,
  "fwhm_z": 2.931779495154749,
  "gcor": 0.0462971,
  "gsr_x": 0.01992189511656761,
  "gsr_y": 0.02368481457233429,
  "provenance": {
    "md5sum": "4c2307bfd3a76b2dccd07aa53bae79bc",
    "settings": {
      "fd_thres": 0.2,
      "testing": false
    },
    "software": "mriqc",
    "version": "22.0.6",
    "webapi_port": null,
    "webapi_url": "https://mriqc.nimh.nih.gov/api/v1"
  },
  "size_t": 199,
  "size_x": 70,
  "size_y": 70,
  "size_z": 36,
  "snr": 2.614207989128591,
  "spacing_tr": 2.0,
  "spacing_x": 3.0,
  "spacing_y": 3.0,
  "spacing_z": 3.5400002002716064,
  "summary_bg_k": 60.31125318492577,
  "summary_bg_mad": 4.075293968701826,
  "summary_bg_mean": 25.95949363708496,
  "summary_bg_median": 14.994975090026855,
  "summary_bg_n": 107885.0,
  "summary_bg_p05": 11.773869514465332,
  "summary_bg_p95": 82.22311248779279,
  "summary_bg_stdv": 36.615623474121094,
  "summary_fg_k": 0.6853734608714843,
  "summary_fg_mad": 131.52694647282303,
  "summary_fg_mean": 399.2582092285156,
  "summary_fg_median": 372.9623107910156,
  "summary_fg_n": 30944.0,
  "summary_fg_p05": 216.43291244506835,
  "summary_fg_p95": 674.7492584228514,
  "summary_fg_stdv": 142.6651153564453,
  "tsnr": 45.459498214768246
}