{
  "bids_meta": {
    "AcquisitionMatrixPE": 256,
    "AcquisitionNumber": 1,
    "AcquisitionTime": "11:44:14.747500",
    "BaseResolution": 256,
    "BodyPartExamined": "BRAIN",
    "ConsistencyInfo": "N4_VE11C_LATEST_20160120",
    "ConversionSoftware": "dcm2niix",
    "ConversionSoftwareVersion": "v1.0.20181125  (JP2:OpenJPEG) (JP-LS:CharLS) GCC5.5.0",
    "DeviceSerialNumber": "167012",
    "DwellTime": 3e-06,
    "EchoTime": 0.00169,
    "FlipAngle": 7,
    "ImageOrientationPatientDICOM": [
      -0.0205489,
      0.982921,
      -0.182878,
      -0.0185374,
      -0.183259,
      -0.98289
    ],
    "ImageType": [
      "ORIGINAL",
      "PRIMARY",
      "OTHER",
      "ND",
      "NORM",
      "MEAN"
    ],
    "ImagingFrequency": 123.253,
    "InPlanePhaseEncodingDirectionDICOM": "ROW",
    "InstitutionAddress": "Vassar_Street_43_Cambridge_Boston_US_02139",
    "InstitutionName": "McGovern_Institute_for_Brain_Research_(3T1)",
    "InstitutionalDepartmentName": "Department",
    "InversionTime": 1.4,
    "MRAcquisitionType": "3D",
    "MagneticFieldStrength": 3,
    "Manufacturer": "Siemens",
    "ManufacturersModelName": "Prisma_fit",
    "Modality": "MR",
    "PartialFourier": 1,
    "PatientPosition": "HFS",
    "PercentPhaseFOV": 100,
    "PhaseEncodingSteps": 255,
    "PhaseResolution": 1,
    "PixelBandwidth": 650,
    "ProcedureStepDescription": "Young_Emily",
    "ProtocolName": "T1w_MPRAGE_FourEcho_vNav",
    "PulseSequenceDetails": "%CustomerSeq%_tfl_mgh_epinav_ABCD",
    "ReceiveCoilActiveElements": "HEA;HEP",
    "ReceiveCoilName": "Head_32",
    "ReconMatrixPE": 256,
    "RepetitionTime": 2.53,
    "SAR": 0.0372881,
    "ScanOptions": "IR_WE",
    "ScanningSequence": "GR_IR",
    "SequenceName": "tfl3d4_16ns",
    "SequenceVariant": "SK_SP_MP",
    "SeriesDescription": "T1w_MPRAGE_FourEcho_vNav_RMS",
    "SeriesNumber": 10,
    "ShimSetting": [
      -5611,
      -1493,
      3168,
      414,
      -92,
      -74,
      -22,
      0
    ],
    "SliceThickness": 1,
    "SoftwareVersions": "syngo_MR_E11",
    "StationName": "MRC35115",
    "TxRefAmp": 235.897,
    "WipMemBlock": "Prisma_epi_moco_navigator_ABCD_tfl.prot",
    "dataset": "ds002250",
    "modality": "T1w",
    "run_id": 1,
    "subject_id": "18"
  },
  "cjv": 0.40118193336986474,
  "cnr": 3.200546808926192,
  "efc": 0.5503492949600196,
  "fber": 20115.71965671166,
  "fwhm_avg": 3.714033333333333,
  "fwhm_x": 3.75557,
  "fwhm_y": 3.86445,
  "fwhm_z": 3.52208,
  "icvs_csf": 0.19224448342564784,
  "icvs_gm": 0.4314871290349291,
  "icvs_wm": 0.3762683875394231,
  "inu_med": 0.33570246398448944,
  "inu_range": 0.10259734243154522,
  "provenance": {
    "md5sum": "1941dda4893a19fd597680094110c7bc",
    "settings": {
      "testing": false
    },
    "software": "mriqc",
    "version": "22.0.6",
    "warnings": {
      "large_rot_frame": true,
      "small_air_mask": false
    },
    "webapi_port": null,
    "webapi_url": "https://mriqc.nimh.nih.gov/api/v1"
  },
  "qi_1": 0.0,
  "qi_2": 0.0021865653833636357,
  "rpve_csf": 27.550053226383945,
  "rpve_gm": 13.196968995138628,
  "rpve_wm": 17.324630908895816,
  "size_x": 176,
  "size_y": 256,
  "size_z": 256,
  "snr_csf": 3.173357411199036,
  "snr_gm": 15.603951780133176,
  "snr_total": 16.49111366568359,
  "snr_wm": 30.696031805718558,
  "snrd_csf": 66.88096833732925,
  "snrd_gm": 159.52571170207523,
  "snrd_total": 141.5919657525317,
  "snrd_wm": 198.3692172181906,
  "spacing_x": 1.0,
  "spacing_y": 1.0,
  "spacing_z": 1.0,
  "summary_bg_k": 13.678535356718044,
  "summary_bg_mad": 3.3026781069791387,
  "summary_bg_mean": 3.5077910058612822,
  "summary_bg_median": 2.2276225313544273,
  "summary_bg_n": 2448317.0,
  "summary_bg_p05": 0.0,
  "summary_bg_p95": 13.507492985576391,
  "summary_bg_stdv": 5.088168672445061,
  "summary_csf_k": 5.349519625285254,
  "summary_csf_mad": 56.806063440041186,
  "summary_csf_mean": 345.6549850632216,
  "summary_csf_median": 337.1607956774533,
  "summary_csf_n": 35236.0,
  "summary_csf_p05": 163.9479555292055,
  "summary_csf_p95": 536.193806075491,
  "summary_csf_stdv": 106.24583607597012,
  "summary_gm_k": 0.3931579237638352,
  "summary_gm_mad": 47.87382037798397,
  "summary_gm_mean": 804.2880341097964,
  "summary_gm_median": 804.2021104898304,
  "summary_gm_n": 26792.0,
  "summary_gm_p05": 719.8460954502225,
  "summary_gm_p95": 892.1111834669485,
  "summary_gm_stdv": 51.53739984783054,
  "summary_wm_k": 0.5387801055830748,
  "summary_wm_mad": 30.684882048478908,
  "summary_wm_mean": 1000.6522720232069,
  "summary_wm_median": 1000.0202565528452,
  "summary_wm_n": 217711.0,
  "summary_wm_p05": 948.3596649393439,
  "summary_wm_p95": 1055.5285598114133,
  "summary_wm_stdv": 32.578085864987926,
  "tpm_overlap_csf": 0.15560994769546405,
  "tpm_overlap_gm": 0.4539486766204242,
  "tpm_overlap_wm": 0.5198556316262772,
  "wm2max": 0.9077222845168287
}