{
  "bids_meta": {
    "AcquisitionMatrixPE": 256,
    "AcquisitionNumber": 1,
    "AcquisitionTime": "15:36:6.755000",
    "BaseResolution": 256,
    "BodyPartExamined": "BRAIN",
    "ConsistencyInfo": "N4_VE11C_LATEST_20160120",
    "ConversionSoftware": "dcm2niix",
    "ConversionSoftwareVersion": "v1.0.20181125  (JP2:OpenJPEG) (JP-LS:CharLS) GCC5.5.0",
    "DeviceSerialNumber": "167012",
    "DwellTime": 3e-06,
    "EchoTime": 0.00169,
    "FlipAngle": 7,
    "ImageOrientationPatientDICOM": [
      0.0831594,
      0.95731,
      -0.276842,
      0.0629262,
      -0.282295,
      -0.957262
    ],
    "ImageType": [
      "ORIGINAL",
      "PRIMARY",
      "OTHER",
      "ND",
      "NORM",
      "MEAN"
    ],
    "ImagingFrequency": 123.253,
    "InPlanePhaseEncodingDirectionDICOM": "ROW",
    "InstitutionAddress": "Vassar_Street_43_Cambridge_Boston_US_02139",
    "InstitutionName": "McGovern_Institute_for_Brain_Research_(3T1)",
    "InstitutionalDepartmentName": "Department",
    "InversionTime": 1.4,
    "MRAcquisitionType": "3D",
    "MagneticFieldStrength": 3,
    "Manufacturer": "Siemens",
    "ManufacturersModelName": "Prisma_fit",
    "Modality": "MR",
    "PartialFourier": 1,
    "PatientPosition": "HFS",
    "PercentPhaseFOV": 100,
    "PhaseEncodingSteps": 255,
    "PhaseResolution": 1,
    "PixelBandwidth": 650,
    "ProcedureStepDescription": "Young_Emily",
    "ProtocolName": "T1w_MPRAGE_FourEcho_vNav",
    "PulseSequenceDetails": "%CustomerSeq%_tfl_mgh_epinav_ABCD",
    "ReceiveCoilActiveElements": "HEA;HEP",
    "ReceiveCoilName": "Head_32",
    "ReconMatrixPE": 256,
    "RepetitionTime": 2.53,
    "SAR": 0.0465824,
    "ScanOptions": "IR_WE",
    "ScanningSequence": "GR_IR",
    "SequenceName": "tfl3d4_16ns",
    "SequenceVariant": "SK_SP_MP",
    "SeriesDescription": "T1w_MPRAGE_FourEcho_vNav_RMS",
    "SeriesNumber": 10,
    "ShimSetting": [
      -5609,
      -1497,
      3130,
      296,
      58,
      8,
      -6,
      -47
    ],
    "SliceThickness": 1,
    "SoftwareVersions": "syngo_MR_E11",
    "StationName": "MRC35115",
    "TxRefAmp": 278.094,
    "WipMemBlock": "Prisma_epi_moco_navigator_ABCD_tfl.prot",
    "dataset": "ds002250",
    "modality": "T1w",
    "run_id": 1,
    "subject_id": "04"
  },
  "cjv": 0.4287449857619551,
  "cnr": 3.0698711890840484,
  "efc": 0.5889112619116821,
  "fber": 17108.64,
  "fwhm_avg": 3.9517866666666666,
  "fwhm_x": 4.0057,
  "fwhm_y": 4.07792,
  "fwhm_z": 3.77174,
  "icvs_csf": 0.22482308160621828,
  "icvs_gm": 0.4172407338278054,
  "icvs_wm": 0.3579361845659763,
  "inu_med": 0.3615224063396454,
  "inu_range": 0.13168072253465646,
  "provenance": {
    "md5sum": "656a1a71564834a36a9f2116cbc2b5d7",
    "settings": {
      "testing": false
    },
    "software": "mriqc",
    "version": "22.0.6",
    "warnings": {
      "large_rot_frame": true,
      "small_air_mask": false
    },
    "webapi_port": null,
    "webapi_url": "https://mriqc.nimh.nih.gov/api/v1"
  },
  "qi_1": 0.0,
  "qi_2": 0.0018294909319480925,
  "rpve_csf": 22.412778575368403,
  "rpve_gm": 12.22855500582854,
  "rpve_wm": 16.218653237075976,
  "size_x": 176,
  "size_y": 256,
  "size_z": 256,
  "snr_csf": 2.964719193501256,
  "snr_gm": 14.385338399024095,
  "snr_total": 15.42884349546268,
  "snr_wm": 28.936472893862685,
  "snrd_csf": 51.4190879162601,
  "snrd_gm": 123.5139641286558,
  "snrd_total": 109.87224937779546,
  "snrd_wm": 154.68369608847044,
  "spacing_x": 1.0,
  "spacing_y": 1.0,
  "spacing_z": 1.0,
  "summary_bg_k": 6.1841368931013285,
  "summary_bg_mad": 4.235329257674296,
  "summary_bg_mean": 4.0646137375511815,
  "summary_bg_median": 2.856686173006892,
  "summary_bg_n": 2734303.0,
  "summary_bg_p05": 0.0,
  "summary_bg_p95": 15.821646496653557,
  "summary_bg_stdv": 5.777998783566439,
  "summary_csf_k": 1.843215185761344,
  "summary_csf_mad": 69.0388286688027,
  "summary_csf_mean": 337.88239245827003,
  "summary_csf_median": 332.414391040802,
  "summary_csf_n": 56928.0,
  "summary_csf_p05": 102.3882271106355,
  "summary_csf_p95": 536.1780201643705,
  "summary_csf_stdv": 112.12241353346515,
  "summary_gm_k": 0.12422767865526296,
  "summary_gm_mad": 53.222983748536436,
  "summary_gm_mean": 797.8709510201307,
  "summary_gm_median": 798.493727421388,
  "summary_gm_n": 21933.0,
  "summary_gm_p05": 702.7368078291416,
  "summary_gm_p95": 889.1765331119299,
  "summary_gm_stdv": 55.50620375026284,
  "summary_wm_k": 0.5374557555429109,
  "summary_wm_mad": 33.17180957059588,
  "summary_wm_mean": 1000.7354502010539,
  "summary_wm_median": 999.9999751634896,
  "summary_wm_n": 208917.0,
  "summary_wm_p05": 945.9027293138206,
  "summary_wm_p95": 1058.3922386858612,
  "summary_wm_stdv": 34.55837847044019,
  "tpm_overlap_csf": 0.14362433176838849,
  "tpm_overlap_gm": 0.44458815314661504,
  "tpm_overlap_wm": 0.4732114334860102,
  "wm2max": 0.9036066283981371
}