{
  "aor": 0.0025015447154471543,
  "aqi": 0.0024788217886178862,
  "bids_meta": {
    "AcquisitionMatrixPE": 70,
    "AcquisitionNumber": 1,
    "AcquisitionTime": "16:06:40.142500",
    "BandwidthPerPixelPhaseEncode": 57.143,
    "BaseResolution": 70,
    "BodyPartExamined": "BRAIN",
    "ConsistencyInfo": "N4_VE11C_LATEST_20160120",
    "ConversionSoftware": "dcm2niix",
    "ConversionSoftwareVersion": "v1.0.20181125  (JP2:OpenJPEG) (JP-LS:CharLS) GCC5.5.0",
    "DerivedVendorReportedEchoSpacing": 0.000499999,
    "DeviceSerialNumber": "167012",
    "DwellTime": 3e-06,
    "EchoTime": 0.03,
    "EchoTrainLength": 35,
    "EffectiveEchoSpacing": 0.000249999,
    "FlipAngle": 90,
    "ImageOrientationPatientDICOM": [
      0.996568,
      -0.0610415,
      0.0559076,
      0.0562403,
      0.994898,
      0.0837587
    ],
    "ImageType": [
      "ORIGINAL",
      "PRIMARY",
      "M",
      "ND",
      "MOSAIC"
    ],
    "ImagingFrequency": 123.254,
    "InPlanePhaseEncodingDirectionDICOM": "COL",
    "InstitutionAddress": "Vassar_Street_43_Cambridge_Boston_US_02139",
    "InstitutionName": "MIT",
    "InstitutionalDepartmentName": "Department",
    "MRAcquisitionType": "2D",
    "MagneticFieldStrength": 3,
    "Manufacturer": "Siemens",
    "ManufacturersModelName": "Prisma_fit",
    "Modality": "MR",
    "ParallelReductionFactorInPlane": 2,
    "PartialFourier": 1,
    "PatientPosition": "HFS",
    "PercentPhaseFOV": 100,
    "PhaseEncodingDirection": "j-",
    "PhaseEncodingSteps": 70,
    "PhaseResolution": 1,
    "PixelBandwidth": 2380,
    "ProcedureStepDescription": "Young_Emily",
    "ProtocolName": "so_localizer",
    "PulseSequenceDetails": "%SiemensSeq%_ep2d_pace",
    "ReceiveCoilActiveElements": "HEA;HEP",
    "ReceiveCoilName": "Head_32",
    "ReconMatrixPE": 70,
    "RepetitionTime": 2,
    "SAR": 0.116381,
    "ScanOptions": "FS",
    "ScanningSequence": "EP",
    "SequenceName": "_epfid2d1_70",
    "SequenceVariant": "SK",
    "SeriesDescription": "so_localizer",
    "SeriesNumber": 13,
    "ShimSetting": [
      -5596,
      -1530,
      3169,
      445,
      11,
      111,
      24,
      -54
    ],
    "SliceThickness": 3,
    "SliceTiming": [
      0,
      0.055,
      0.11,
      0.165,
      0.22,
      0.275,
      0.33,
      0.385,
      0.44,
      0.495,
      0.55,
      0.605,
      0.66,
      0.715,
      0.77,
      0.825,
      0.88,
      0.935,
      0.99,
      1.045,
      1.1,
      1.155,
      1.21,
      1.265,
      1.32,
      1.375,
      1.43,
      1.485,
      1.54,
      1.595,
      1.65,
      1.705,
      1.76,
      1.815,
      1.87,
      1.925
    ],
    "SoftwareVersions": "syngo_MR_E11",
    "SpacingBetweenSlices": 3.54,
    "StationName": "MRC35115",
    "TaskName": "so",
    "TotalReadoutTime": 0.01725,
    "TxRefAmp": 221.265,
    "dataset": "ds002250",
    "modality": "bold",
    "run_id": 2,
    "subject_id": "11",
    "task_id": "so"
  },
  "dummy_trs": 2,
  "dvars_nstd": 24.31717251959017,
  "dvars_std": 1.1773603324590163,
  "dvars_vstd": 1.022883440409836,
  "efc": 0.5130058496529356,
  "fber": 641.173828125,
  "fd_mean": 0.10995928576071867,
  "fd_num": 8,
  "fd_perc": 6.504065040650406,
  "fwhm_avg": 2.7317715851940814,
  "fwhm_x": 2.5310533333333334,
  "fwhm_y": 2.8419000000000003,
  "fwhm_z": 2.822361422248911,
  "gcor": 0.0190402,
  "gsr_x": 0.012338547967374325,
  "gsr_y": 0.024405965581536293,
  "provenance": {
    "md5sum": "1be3ad84c09a0d91b33471697fe0209d",
    "settings": {
      "fd_thres": 0.2,
      "testing": false
    },
    "software": "mriqc",
    "version": "22.0.6",
    "webapi_port": null,
    "webapi_url": "https://mriqc.nimh.nih.gov/api/v1"
  },
  "size_t": 123,
  "size_x": 70,
  "size_y": 70,
  "size_z": 36,
  "snr": 2.6667570016341693,
  "spacing_tr": 2.0,
  "spacing_x": 3.0,
  "spacing_y": 3.0,
  "spacing_z": 3.5400002002716064,
  "summary_bg_k": 54.477739872621726,
  "summary_bg_mad": 3.9897659686356373,
  "summary_bg_mean": 25.819372177124023,
  "summary_bg_median": 14.951218605041504,
  "summary_bg_n": 107579.0,
  "summary_bg_p05": 11.731706619262695,
  "summary_bg_p95": 80.53658294677734,
  "summary_bg_stdv": 36.22720718383789,
  "summary_fg_k": 0.5756173394178372,
  "summary_fg_mad": 137.3275009655249,
  "summary_fg_mean": 410.5887756347656,
  "summary_fg_median": 384.45526123046875,
  "summary_fg_n": 31194.0,
  "summary_fg_p05": 223.2926788330078,
  "summary_fg_p95": 685.8690643310546,
  "summary_fg_stdv": 144.1635284423828,
  "tsnr": 72.47542073903605
}