{
  "aor": 0.010885000000000002,
  "aqi": 0.003715095505050505,
  "bids_meta": {
    "AcquisitionMatrixPE": 70,
    "AcquisitionNumber": 1,
    "AcquisitionTime": "16:37:30.502500",
    "BandwidthPerPixelPhaseEncode": 57.143,
    "BaseResolution": 70,
    "BodyPartExamined": "BRAIN",
    "ConsistencyInfo": "N4_VE11C_LATEST_20160120",
    "ConversionSoftware": "dcm2niix",
    "ConversionSoftwareVersion": "v1.0.20181125  (JP2:OpenJPEG) (JP-LS:CharLS) GCC5.5.0",
    "DerivedVendorReportedEchoSpacing": 0.000499999,
    "DeviceSerialNumber": "167012",
    "DwellTime": 3e-06,
    "EchoTime": 0.03,
    "EchoTrainLength": 35,
    "EffectiveEchoSpacing": 0.000249999,
    "FlipAngle": 90,
    "ImageOrientationPatientDICOM": [
      0.996568,
      -0.0610415,
      0.0559076,
      0.0562403,
      0.994898,
      0.0837587
    ],
    "ImageType": [
      "ORIGINAL",
      "PRIMARY",
      "M",
      "ND",
      "MOSAIC"
    ],
    "ImagingFrequency": 123.254,
    "InPlanePhaseEncodingDirectionDICOM": "COL",
    "InstitutionAddress": "Vassar_Street_43_Cambridge_Boston_US_02139",
    "InstitutionName": "MIT",
    "InstitutionalDepartmentName": "Department",
    "MRAcquisitionType": "2D",
    "MagneticFieldStrength": 3,
    "Manufacturer": "Siemens",
    "ManufacturersModelName": "Prisma_fit",
    "Modality": "MR",
    "ParallelReductionFactorInPlane": 2,
    "PartialFourier": 1,
    "PatientPosition": "HFS",
    "PercentPhaseFOV": 100,
    "PhaseEncodingDirection": "j-",
    "PhaseEncodingSteps": 70,
    "PhaseResolution": 1,
    "PixelBandwidth": 2380,
    "ProcedureStepDescription": "Young_Emily",
    "ProtocolName": "FIRSTTHIRD",
    "PulseSequenceDetails": "%SiemensSeq%_ep2d_pace",
    "ReceiveCoilActiveElements": "HEA;HEP",
    "ReceiveCoilName": "Head_32",
    "ReconMatrixPE": 70,
    "RepetitionTime": 2,
    "SAR": 0.116632,
    "ScanOptions": "FS",
    "ScanningSequence": "EP",
    "SequenceName": "_epfid2d1_70",
    "SequenceVariant": "SK",
    "SeriesDescription": "FIRSTTHIRD",
    "SeriesNumber": 23,
    "ShimSetting": [
      -5596,
      -1530,
      3169,
      445,
      11,
      111,
      24,
      -54
    ],
    "SliceThickness": 3,
    "SliceTiming": [
      0,
      0.055,
      0.11,
      0.165,
      0.22,
      0.275,
      0.33,
      0.385,
      0.44,
      0.495,
      0.55,
      0.605,
      0.66,
      0.715,
      0.77,
      0.825,
      0.88,
      0.935,
      0.99,
      1.045,
      1.1,
      1.155,
      1.21,
      1.265,
      1.32,
      1.375,
      1.43,
      1.485,
      1.54,
      1.595,
      1.65,
      1.705,
      1.76,
      1.815,
      1.87,
      1.925
    ],
    "SoftwareVersions": "syngo_MR_E11",
    "SpacingBetweenSlices": 3.54,
    "StationName": "MRC35115",
    "TaskName": "firstthird",
    "TotalReadoutTime": 0.01725,
    "TxRefAmp": 221.265,
    "dataset": "ds002250",
    "modality": "bold",
    "run_id": 3,
    "subject_id": "11",
    "task_id": "firstthird"
  },
  "dummy_trs": 1,
  "dvars_nstd": 28.566778957715727,
  "dvars_std": 1.249672663451776,
  "dvars_vstd": 1.0973402863451773,
  "efc": 0.5139961615258659,
  "fber": 621.7944946289062,
  "fd_mean": 0.18714607791939508,
  "fd_num": 40,
  "fd_perc": 20.2020202020202,
  "fwhm_avg": 2.738731829487577,
  "fwhm_x": 2.516366666666667,
  "fwhm_y": 2.84949,
  "fwhm_z": 2.8503388217960635,
  "gcor": 0.0422241,
  "gsr_x": 0.017204582691192627,
  "gsr_y": 0.02416442334651947,
  "provenance": {
    "md5sum": "51d533eab2b7c7315e86b861370bae0c",
    "settings": {
      "fd_thres": 0.2,
      "testing": false
    },
    "software": "mriqc",
    "version": "22.0.6",
    "webapi_port": null,
    "webapi_url": "https://mriqc.nimh.nih.gov/api/v1"
  },
  "size_t": 198,
  "size_x": 70,
  "size_y": 70,
  "size_z": 36,
  "snr": 2.65876439664009,
  "spacing_tr": 2.0,
  "spacing_x": 3.0,
  "spacing_y": 3.0,
  "spacing_z": 3.5400002002716064,
  "summary_bg_k": 60.250618677308694,
  "summary_bg_mad": 4.058437218548262,
  "summary_bg_mean": 26.36617660522461,
  "summary_bg_median": 15.065656661987305,
  "summary_bg_n": 107943.0,
  "summary_bg_p05": 11.848484992980957,
  "summary_bg_p95": 83.57575988769531,
  "summary_bg_stdv": 38.11602020263672,
  "summary_fg_k": 0.6100359220433784,
  "summary_fg_mad": 133.89841776736782,
  "summary_fg_mean": 407.4092712402344,
  "summary_fg_median": 380.2979736328125,
  "summary_fg_n": 30958.0,
  "summary_fg_p05": 223.50277786254884,
  "summary_fg_p95": 682.8436645507805,
  "summary_fg_stdv": 143.03329467773438,
  "tsnr": 55.25933913444169
}