{
  "aor": 0.00257296,
  "aqi": 0.0022965432,
  "bids_meta": {
    "AcquisitionMatrixPE": 70,
    "AcquisitionNumber": 1,
    "AcquisitionTime": "16:16:24.312500",
    "BandwidthPerPixelPhaseEncode": 57.143,
    "BaseResolution": 70,
    "BodyPartExamined": "BRAIN",
    "ConsistencyInfo": "N4_VE11C_LATEST_20160120",
    "ConversionSoftware": "dcm2niix",
    "ConversionSoftwareVersion": "v1.0.20181125  (JP2:OpenJPEG) (JP-LS:CharLS) GCC5.5.0",
    "DerivedVendorReportedEchoSpacing": 0.000499999,
    "DeviceSerialNumber": "167012",
    "DwellTime": 3e-06,
    "EchoTime": 0.03,
    "EchoTrainLength": 35,
    "EffectiveEchoSpacing": 0.000249999,
    "FlipAngle": 90,
    "ImageOrientationPatientDICOM": [
      0.996568,
      -0.0610415,
      0.0559076,
      0.0562403,
      0.994898,
      0.0837587
    ],
    "ImageType": [
      "ORIGINAL",
      "PRIMARY",
      "M",
      "ND",
      "MOSAIC"
    ],
    "ImagingFrequency": 123.254,
    "InPlanePhaseEncodingDirectionDICOM": "COL",
    "InstitutionAddress": "Vassar_Street_43_Cambridge_Boston_US_02139",
    "InstitutionName": "MIT",
    "InstitutionalDepartmentName": "Department",
    "MRAcquisitionType": "2D",
    "MagneticFieldStrength": 3,
    "Manufacturer": "Siemens",
    "ManufacturersModelName": "Prisma_fit",
    "Modality": "MR",
    "ParallelReductionFactorInPlane": 2,
    "PartialFourier": 1,
    "PatientPosition": "HFS",
    "PercentPhaseFOV": 100,
    "PhaseEncodingDirection": "j-",
    "PhaseEncodingSteps": 70,
    "PhaseResolution": 1,
    "PixelBandwidth": 2380,
    "ProcedureStepDescription": "Young_Emily",
    "ProtocolName": "so_localizer",
    "PulseSequenceDetails": "%SiemensSeq%_ep2d_pace",
    "ReceiveCoilActiveElements": "HEA;HEP",
    "ReceiveCoilName": "Head_32",
    "ReconMatrixPE": 70,
    "RepetitionTime": 2,
    "SAR": 0.116381,
    "ScanOptions": "FS",
    "ScanningSequence": "EP",
    "SequenceName": "_epfid2d1_70",
    "SequenceVariant": "SK",
    "SeriesDescription": "so_localizer",
    "SeriesNumber": 17,
    "ShimSetting": [
      -5596,
      -1530,
      3169,
      445,
      11,
      111,
      24,
      -54
    ],
    "SliceThickness": 3,
    "SliceTiming": [
      0,
      0.055,
      0.11,
      0.165,
      0.22,
      0.275,
      0.33,
      0.385,
      0.44,
      0.495,
      0.55,
      0.605,
      0.66,
      0.715,
      0.77,
      0.825,
      0.88,
      0.935,
      0.99,
      1.045,
      1.1,
      1.155,
      1.21,
      1.265,
      1.32,
      1.375,
      1.43,
      1.485,
      1.54,
      1.595,
      1.65,
      1.705,
      1.76,
      1.815,
      1.87,
      1.925
    ],
    "SoftwareVersions": "syngo_MR_E11",
    "SpacingBetweenSlices": 3.54,
    "StationName": "MRC35115",
    "TaskName": "so",
    "TotalReadoutTime": 0.01725,
    "TxRefAmp": 221.265,
    "dataset": "ds002250",
    "modality": "bold",
    "run_id": 4,
    "subject_id": "11",
    "task_id": "so"
  },
  "dummy_trs": 0,
  "dvars_nstd": 26.984870403064512,
  "dvars_std": 1.2641321849999998,
  "dvars_vstd": 1.0351463583064517,
  "efc": 0.5155460830913369,
  "fber": 620.17236328125,
  "fd_mean": 0.12501501093173173,
  "fd_num": 19,
  "fd_perc": 15.2,
  "fwhm_avg": 2.740563807114576,
  "fwhm_x": 2.51906,
  "fwhm_y": 2.86427,
  "fwhm_z": 2.8383614213437287,
  "gcor": 0.0216345,
  "gsr_x": 0.013925163075327873,
  "gsr_y": 0.021782193332910538,
  "provenance": {
    "md5sum": "69b3a8f3adcbe1c69ebec99ec323ed70",
    "settings": {
      "fd_thres": 0.2,
      "testing": false
    },
    "software": "mriqc",
    "version": "22.0.6",
    "webapi_port": null,
    "webapi_url": "https://mriqc.nimh.nih.gov/api/v1"
  },
  "size_t": 125,
  "size_x": 70,
  "size_y": 70,
  "size_z": 36,
  "snr": 2.6713631141104845,
  "spacing_tr": 2.0,
  "spacing_x": 3.0,
  "spacing_y": 3.0,
  "spacing_z": 3.5400002002716064,
  "summary_bg_k": 56.66852580463612,
  "summary_bg_mad": 4.068261132326735,
  "summary_bg_mean": 25.960412979125977,
  "summary_bg_median": 15.136000633239746,
  "summary_bg_n": 107100.0,
  "summary_bg_p05": 11.880000114440918,
  "summary_bg_p95": 81.51200103759766,
  "summary_bg_stdv": 35.9088134765625,
  "summary_fg_k": 0.5351272024543783,
  "summary_fg_mad": 136.7077969467944,
  "summary_fg_mean": 409.20794677734375,
  "summary_fg_median": 383.5920104980469,
  "summary_fg_n": 31237.0,
  "summary_fg_p05": 222.08960876464843,
  "summary_fg_p95": 684.8880126953123,
  "summary_fg_stdv": 143.59181213378906,
  "tsnr": 73.25389131577685
}