{
  "aor": 0.01656676470588235,
  "aqi": 0.005262010294117647,
  "bids_meta": {
    "AcquisitionMatrixPE": 70,
    "AcquisitionNumber": 1,
    "AcquisitionTime": "17:08:2.872500",
    "BandwidthPerPixelPhaseEncode": 57.143,
    "BaseResolution": 70,
    "BodyPartExamined": "BRAIN",
    "ConsistencyInfo": "N4_VE11C_LATEST_20160120",
    "ConversionSoftware": "dcm2niix",
    "ConversionSoftwareVersion": "v1.0.20181125  (JP2:OpenJPEG) (JP-LS:CharLS) GCC5.5.0",
    "DerivedVendorReportedEchoSpacing": 0.000499999,
    "DeviceSerialNumber": "167012",
    "DwellTime": 3e-06,
    "EchoTime": 0.03,
    "EchoTrainLength": 35,
    "EffectiveEchoSpacing": 0.000249999,
    "FlipAngle": 90,
    "ImageOrientationPatientDICOM": [
      0.996568,
      -0.0610415,
      0.0559076,
      0.0562403,
      0.994898,
      0.0837587
    ],
    "ImageType": [
      "ORIGINAL",
      "PRIMARY",
      "M",
      "ND",
      "MOSAIC"
    ],
    "ImagingFrequency": 123.254,
    "InPlanePhaseEncodingDirectionDICOM": "COL",
    "InstitutionAddress": "Vassar_Street_43_Cambridge_Boston_US_02139",
    "InstitutionName": "MIT",
    "InstitutionalDepartmentName": "Department",
    "MRAcquisitionType": "2D",
    "MagneticFieldStrength": 3,
    "Manufacturer": "Siemens",
    "ManufacturersModelName": "Prisma_fit",
    "Modality": "MR",
    "ParallelReductionFactorInPlane": 2,
    "PartialFourier": 1,
    "PatientPosition": "HFS",
    "PercentPhaseFOV": 100,
    "PhaseEncodingDirection": "j-",
    "PhaseEncodingSteps": 70,
    "PhaseResolution": 1,
    "PixelBandwidth": 2380,
    "ProcedureStepDescription": "Young_Emily",
    "ProtocolName": "tom_localizer",
    "PulseSequenceDetails": "%SiemensSeq%_ep2d_pace",
    "ReceiveCoilActiveElements": "HEA;HEP",
    "ReceiveCoilName": "Head_32",
    "ReconMatrixPE": 70,
    "RepetitionTime": 2,
    "SAR": 0.116436,
    "ScanOptions": "FS",
    "ScanningSequence": "EP",
    "SequenceName": "_epfid2d1_70",
    "SequenceVariant": "SK",
    "SeriesDescription": "tom_localizer",
    "SeriesNumber": 31,
    "ShimSetting": [
      -5596,
      -1530,
      3169,
      445,
      11,
      111,
      24,
      -54
    ],
    "SliceThickness": 3,
    "SliceTiming": [
      0,
      0.055,
      0.11,
      0.165,
      0.22,
      0.275,
      0.33,
      0.385,
      0.44,
      0.495,
      0.55,
      0.605,
      0.66,
      0.715,
      0.77,
      0.825,
      0.88,
      0.935,
      0.99,
      1.045,
      1.1,
      1.155,
      1.21,
      1.265,
      1.32,
      1.375,
      1.43,
      1.485,
      1.54,
      1.595,
      1.65,
      1.705,
      1.76,
      1.815,
      1.87,
      1.925
    ],
    "SoftwareVersions": "syngo_MR_E11",
    "SpacingBetweenSlices": 3.54,
    "StationName": "MRC35115",
    "TaskName": "tom",
    "TotalReadoutTime": 0.01725,
    "TxRefAmp": 221.265,
    "dataset": "ds002250",
    "modality": "bold",
    "run_id": 1,
    "subject_id": "11",
    "task_id": "tom"
  },
  "dummy_trs": 0,
  "dvars_nstd": 33.58339672785185,
  "dvars_std": 1.279742234518519,
  "dvars_vstd": 1.1168542338518526,
  "efc": 0.5132187707956263,
  "fber": 592.22119140625,
  "fd_mean": 0.28709740937196615,
  "fd_num": 38,
  "fd_perc": 27.941176470588236,
  "fwhm_avg": 2.7876138054173594,
  "fwhm_x": 2.5634,
  "fwhm_y": 2.8710799999999996,
  "fwhm_z": 2.928361416252078,
  "gcor": 0.0593655,
  "gsr_x": 0.02094256319105625,
  "gsr_y": 0.02852928452193737,
  "provenance": {
    "md5sum": "4082c5e7895bef025a8e10769247dd55",
    "settings": {
      "fd_thres": 0.2,
      "testing": false
    },
    "software": "mriqc",
    "version": "22.0.6",
    "webapi_port": null,
    "webapi_url": "https://mriqc.nimh.nih.gov/api/v1"
  },
  "size_t": 136,
  "size_x": 70,
  "size_y": 70,
  "size_z": 36,
  "snr": 2.5989135441053177,
  "spacing_tr": 2.0,
  "spacing_x": 3.0,
  "spacing_y": 3.0,
  "spacing_z": 3.5400002002716064,
  "summary_bg_k": 53.15577547856171,
  "summary_bg_mad": 4.295185339875467,
  "summary_bg_mean": 26.46700096130371,
  "summary_bg_median": 15.139705657958984,
  "summary_bg_n": 108517.0,
  "summary_bg_p05": 11.720588684082031,
  "summary_bg_p95": 84.63382568359373,
  "summary_bg_stdv": 37.633544921875,
  "summary_fg_k": 0.7504772925786289,
  "summary_fg_mad": 130.27819525426696,
  "summary_fg_mean": 399.8225402832031,
  "summary_fg_median": 371.57720947265625,
  "summary_fg_n": 30680.0,
  "summary_fg_p05": 218.5363914489746,
  "summary_fg_p95": 678.9286590576172,
  "summary_fg_stdv": 142.9717254638672,
  "tsnr": 46.6738600214012
}