{
  "aor": 0.022828844221105527,
  "aqi": 0.008074353869346733,
  "bids_meta": {
    "AcquisitionMatrixPE": 70,
    "AcquisitionNumber": 1,
    "AcquisitionTime": "16:52:37.510000",
    "BandwidthPerPixelPhaseEncode": 57.143,
    "BaseResolution": 70,
    "BodyPartExamined": "BRAIN",
    "ConsistencyInfo": "N4_VE11C_LATEST_20160120",
    "ConversionSoftware": "dcm2niix",
    "ConversionSoftwareVersion": "v1.0.20181125  (JP2:OpenJPEG) (JP-LS:CharLS) GCC5.5.0",
    "DerivedVendorReportedEchoSpacing": 0.000499999,
    "DeviceSerialNumber": "167012",
    "DwellTime": 3e-06,
    "EchoTime": 0.03,
    "EchoTrainLength": 35,
    "EffectiveEchoSpacing": 0.000249999,
    "FlipAngle": 90,
    "ImageOrientationPatientDICOM": [
      0.996568,
      -0.0610415,
      0.0559076,
      0.0562403,
      0.994898,
      0.0837587
    ],
    "ImageType": [
      "ORIGINAL",
      "PRIMARY",
      "M",
      "ND",
      "MOSAIC"
    ],
    "ImagingFrequency": 123.254,
    "InPlanePhaseEncodingDirectionDICOM": "COL",
    "InstitutionAddress": "Vassar_Street_43_Cambridge_Boston_US_02139",
    "InstitutionName": "MIT",
    "InstitutionalDepartmentName": "Department",
    "MRAcquisitionType": "2D",
    "MagneticFieldStrength": 3,
    "Manufacturer": "Siemens",
    "ManufacturersModelName": "Prisma_fit",
    "Modality": "MR",
    "ParallelReductionFactorInPlane": 2,
    "PartialFourier": 1,
    "PatientPosition": "HFS",
    "PercentPhaseFOV": 100,
    "PhaseEncodingDirection": "j-",
    "PhaseEncodingSteps": 70,
    "PhaseResolution": 1,
    "PixelBandwidth": 2380,
    "ProcedureStepDescription": "Young_Emily",
    "ProtocolName": "FIRSTTHIRD",
    "PulseSequenceDetails": "%SiemensSeq%_ep2d_pace",
    "ReceiveCoilActiveElements": "HEA;HEP",
    "ReceiveCoilName": "Head_32",
    "ReconMatrixPE": 70,
    "RepetitionTime": 2,
    "SAR": 0.116632,
    "ScanOptions": "FS",
    "ScanningSequence": "EP",
    "SequenceName": "_epfid2d1_70",
    "SequenceVariant": "SK",
    "SeriesDescription": "FIRSTTHIRD",
    "SeriesNumber": 27,
    "ShimSetting": [
      -5596,
      -1530,
      3169,
      445,
      11,
      111,
      24,
      -54
    ],
    "SliceThickness": 3,
    "SliceTiming": [
      0,
      0.055,
      0.11,
      0.165,
      0.22,
      0.275,
      0.33,
      0.385,
      0.44,
      0.495,
      0.55,
      0.605,
      0.66,
      0.715,
      0.77,
      0.825,
      0.88,
      0.935,
      0.99,
      1.045,
      1.1,
      1.155,
      1.21,
      1.265,
      1.32,
      1.375,
      1.43,
      1.485,
      1.54,
      1.595,
      1.65,
      1.705,
      1.76,
      1.815,
      1.87,
      1.925
    ],
    "SoftwareVersions": "syngo_MR_E11",
    "SpacingBetweenSlices": 3.54,
    "StationName": "MRC35115",
    "TaskName": "firstthird",
    "TotalReadoutTime": 0.01725,
    "TxRefAmp": 221.265,
    "dataset": "ds002250",
    "modality": "bold",
    "run_id": 5,
    "subject_id": "11",
    "task_id": "firstthird"
  },
  "dummy_trs": 0,
  "dvars_nstd": 38.89441403454545,
  "dvars_std": 1.3102118919696972,
  "dvars_vstd": 1.148080902727273,
  "efc": 0.5158820894957231,
  "fber": 587.5813598632812,
  "fd_mean": 0.4619808999710771,
  "fd_num": 79,
  "fd_perc": 39.698492462311556,
  "fwhm_avg": 2.743430906567738,
  "fwhm_x": 2.5192799999999997,
  "fwhm_y": 2.85364,
  "fwhm_z": 2.8573727197032133,
  "gcor": 0.0894093,
  "gsr_x": 0.015807488933205605,
  "gsr_y": 0.02717706747353077,
  "provenance": {
    "md5sum": "2018aeb43879d8e0332e2830f0419fbd",
    "settings": {
      "fd_thres": 0.2,
      "testing": false
    },
    "software": "mriqc",
    "version": "22.0.6",
    "webapi_port": null,
    "webapi_url": "https://mriqc.nimh.nih.gov/api/v1"
  },
  "size_t": 199,
  "size_x": 70,
  "size_y": 70,
  "size_z": 36,
  "snr": 2.666113093750669,
  "spacing_tr": 2.0,
  "spacing_x": 3.0,
  "spacing_y": 3.0,
  "spacing_z": 3.5400002002716064,
  "summary_bg_k": 54.26540385866079,
  "summary_bg_mad": 4.57446133665301,
  "summary_bg_mean": 26.757734298706055,
  "summary_bg_median": 15.427135467529297,
  "summary_bg_n": 108064.0,
  "summary_bg_p05": 11.83919620513916,
  "summary_bg_p95": 84.36306686401345,
  "summary_bg_stdv": 37.9973258972168,
  "summary_fg_k": 0.5646371622289501,
  "summary_fg_mad": 133.20695449819326,
  "summary_fg_mean": 404.61773681640625,
  "summary_fg_median": 378.56280517578125,
  "summary_fg_n": 30972.0,
  "summary_fg_p05": 220.67537307739258,
  "summary_fg_p95": 680.7818939208984,
  "summary_fg_stdv": 141.9882354736328,
  "tsnr": 36.02570241247304
}