{
  "aor": 0.011712777777777777,
  "aqi": 0.005879050404040404,
  "bids_meta": {
    "AcquisitionMatrixPE": 70,
    "AcquisitionNumber": 1,
    "AcquisitionTime": "16:29:32.560000",
    "BandwidthPerPixelPhaseEncode": 57.143,
    "BaseResolution": 70,
    "BodyPartExamined": "BRAIN",
    "ConsistencyInfo": "N4_VE11C_LATEST_20160120",
    "ConversionSoftware": "dcm2niix",
    "ConversionSoftwareVersion": "v1.0.20181125  (JP2:OpenJPEG) (JP-LS:CharLS) GCC5.5.0",
    "DerivedVendorReportedEchoSpacing": 0.000499999,
    "DeviceSerialNumber": "167012",
    "DwellTime": 3e-06,
    "EchoTime": 0.03,
    "EchoTrainLength": 35,
    "EffectiveEchoSpacing": 0.000249999,
    "FlipAngle": 90,
    "ImageOrientationPatientDICOM": [
      0.999686,
      0.001592,
      -0.0250243,
      -0.00418746,
      0.994567,
      -0.104011
    ],
    "ImageType": [
      "ORIGINAL",
      "PRIMARY",
      "M",
      "ND",
      "MOSAIC"
    ],
    "ImagingFrequency": 123.254,
    "InPlanePhaseEncodingDirectionDICOM": "COL",
    "InstitutionAddress": "Vassar_Street_43_Cambridge_Boston_US_02139",
    "InstitutionName": "MIT",
    "InstitutionalDepartmentName": "Department",
    "MRAcquisitionType": "2D",
    "MagneticFieldStrength": 3,
    "Manufacturer": "Siemens",
    "ManufacturersModelName": "Prisma_fit",
    "Modality": "MR",
    "ParallelReductionFactorInPlane": 2,
    "PartialFourier": 1,
    "PatientPosition": "HFS",
    "PercentPhaseFOV": 100,
    "PhaseEncodingDirection": "j-",
    "PhaseEncodingSteps": 70,
    "PhaseResolution": 1,
    "PixelBandwidth": 2380,
    "ProcedureStepDescription": "Young_Emily",
    "ProtocolName": "FIRSTTHIRD",
    "PulseSequenceDetails": "%SiemensSeq%_ep2d_pace",
    "ReceiveCoilActiveElements": "HEA;HEP",
    "ReceiveCoilName": "Head_32",
    "ReconMatrixPE": 70,
    "RepetitionTime": 2,
    "SAR": 0.142719,
    "ScanOptions": "FS",
    "ScanningSequence": "EP",
    "SequenceName": "_epfid2d1_70",
    "SequenceVariant": "SK",
    "SeriesDescription": "FIRSTTHIRD",
    "SeriesNumber": 29,
    "ShimSetting": [
      -5655,
      -1551,
      3153,
      261,
      -46,
      -17,
      88,
      45
    ],
    "SliceThickness": 3,
    "SliceTiming": [
      0,
      0.055,
      0.11,
      0.165,
      0.22,
      0.275,
      0.33,
      0.385,
      0.44,
      0.495,
      0.55,
      0.605,
      0.66,
      0.715,
      0.77,
      0.825,
      0.88,
      0.935,
      0.99,
      1.045,
      1.1,
      1.155,
      1.21,
      1.265,
      1.32,
      1.375,
      1.43,
      1.485,
      1.54,
      1.595,
      1.65,
      1.705,
      1.76,
      1.815,
      1.87,
      1.925
    ],
    "SoftwareVersions": "syngo_MR_E11",
    "SpacingBetweenSlices": 3.54,
    "StationName": "MRC35115",
    "TaskName": "firstthird",
    "TotalReadoutTime": 0.01725,
    "TxRefAmp": 291.973,
    "dataset": "ds002250",
    "modality": "bold",
    "run_id": 6,
    "subject_id": "07",
    "task_id": "firstthird"
  },
  "dummy_trs": 1,
  "dvars_nstd": 36.6727968785787,
  "dvars_std": 1.2504563025888316,
  "dvars_vstd": 1.0748938286294418,
  "efc": 0.583500070281595,
  "fber": 309.7686462402344,
  "fd_mean": 0.4063072873405825,
  "fd_num": 84,
  "fd_perc": 42.42424242424242,
  "fwhm_avg": 2.8087472982627832,
  "fwhm_x": 2.6393133333333334,
  "fwhm_y": 2.9675499999999997,
  "fwhm_z": 2.819378561455016,
  "gcor": 0.028937,
  "gsr_x": 0.026002107188105583,
  "gsr_y": 0.03855668380856514,
  "provenance": {
    "md5sum": "d916c6e4287df8ad30873712f3edcde8",
    "settings": {
      "fd_thres": 0.2,
      "testing": false
    },
    "software": "mriqc",
    "version": "22.0.6",
    "webapi_port": null,
    "webapi_url": "https://mriqc.nimh.nih.gov/api/v1"
  },
  "size_t": 198,
  "size_x": 70,
  "size_y": 70,
  "size_z": 36,
  "snr": 2.434332898867758,
  "spacing_tr": 2.0,
  "spacing_x": 3.0,
  "spacing_y": 3.0,
  "spacing_z": 3.5399999618530273,
  "summary_bg_k": 26.354014674977186,
  "summary_bg_mad": 8.79827059831156,
  "summary_bg_mean": 44.519554138183594,
  "summary_bg_median": 20.065656661987305,
  "summary_bg_n": 98779.0,
  "summary_bg_p05": 13.429292678833008,
  "summary_bg_p95": 163.41161346435524,
  "summary_bg_stdv": 64.49651336669922,
  "summary_fg_k": 0.368663245222415,
  "summary_fg_mad": 148.7095089608434,
  "summary_fg_mean": 389.59503173828125,
  "summary_fg_median": 362.5404052734375,
  "summary_fg_n": 37703.0,
  "summary_fg_p05": 194.7358642578125,
  "summary_fg_p95": 667.7060363769532,
  "summary_fg_stdv": 148.92605590820312,
  "tsnr": 44.92265305330511
}