{
  "aor": 0.013474221105527637,
  "aqi": 0.004073397135678392,
  "bids_meta": {
    "AcquisitionMatrixPE": 70,
    "AcquisitionNumber": 1,
    "AcquisitionTime": "16:06:43.427500",
    "BandwidthPerPixelPhaseEncode": 57.143,
    "BaseResolution": 70,
    "BodyPartExamined": "BRAIN",
    "ConsistencyInfo": "N4_VE11C_LATEST_20160120",
    "ConversionSoftware": "dcm2niix",
    "ConversionSoftwareVersion": "v1.0.20181125  (JP2:OpenJPEG) (JP-LS:CharLS) GCC5.5.0",
    "DerivedVendorReportedEchoSpacing": 0.000499999,
    "DeviceSerialNumber": "167012",
    "DwellTime": 3e-06,
    "EchoTime": 0.03,
    "EchoTrainLength": 35,
    "EffectiveEchoSpacing": 0.000249999,
    "FlipAngle": 90,
    "ImageOrientationPatientDICOM": [
      0.999686,
      0.001592,
      -0.0250243,
      -0.00418746,
      0.994567,
      -0.104011
    ],
    "ImageType": [
      "ORIGINAL",
      "PRIMARY",
      "M",
      "ND",
      "MOSAIC"
    ],
    "ImagingFrequency": 123.254,
    "InPlanePhaseEncodingDirectionDICOM": "COL",
    "InstitutionAddress": "Vassar_Street_43_Cambridge_Boston_US_02139",
    "InstitutionName": "MIT",
    "InstitutionalDepartmentName": "Department",
    "MRAcquisitionType": "2D",
    "MagneticFieldStrength": 3,
    "Manufacturer": "Siemens",
    "ManufacturersModelName": "Prisma_fit",
    "Modality": "MR",
    "ParallelReductionFactorInPlane": 2,
    "PartialFourier": 1,
    "PatientPosition": "HFS",
    "PercentPhaseFOV": 100,
    "PhaseEncodingDirection": "j-",
    "PhaseEncodingSteps": 70,
    "PhaseResolution": 1,
    "PixelBandwidth": 2380,
    "ProcedureStepDescription": "Young_Emily",
    "ProtocolName": "FIRSTTHIRD",
    "PulseSequenceDetails": "%SiemensSeq%_ep2d_pace",
    "ReceiveCoilActiveElements": "HEA;HEP",
    "ReceiveCoilName": "Head_32",
    "ReconMatrixPE": 70,
    "RepetitionTime": 2,
    "SAR": 0.142719,
    "ScanOptions": "FS",
    "ScanningSequence": "EP",
    "SequenceName": "_epfid2d1_70",
    "SequenceVariant": "SK",
    "SeriesDescription": "FIRSTTHIRD",
    "SeriesNumber": 23,
    "ShimSetting": [
      -5655,
      -1551,
      3153,
      261,
      -46,
      -17,
      88,
      45
    ],
    "SliceThickness": 3,
    "SliceTiming": [
      0,
      0.055,
      0.11,
      0.165,
      0.22,
      0.275,
      0.33,
      0.385,
      0.44,
      0.495,
      0.55,
      0.605,
      0.66,
      0.715,
      0.77,
      0.825,
      0.88,
      0.935,
      0.99,
      1.045,
      1.1,
      1.155,
      1.21,
      1.265,
      1.32,
      1.375,
      1.43,
      1.485,
      1.54,
      1.595,
      1.65,
      1.705,
      1.76,
      1.815,
      1.87,
      1.925
    ],
    "SoftwareVersions": "syngo_MR_E11",
    "SpacingBetweenSlices": 3.54,
    "StationName": "MRC35115",
    "TaskName": "firstthird",
    "TotalReadoutTime": 0.01725,
    "TxRefAmp": 291.973,
    "dataset": "ds002250",
    "modality": "bold",
    "run_id": 3,
    "subject_id": "07",
    "task_id": "firstthird"
  },
  "dummy_trs": 0,
  "dvars_nstd": 32.26111243484848,
  "dvars_std": 1.2741606297979793,
  "dvars_vstd": 1.114272477222222,
  "efc": 0.5806868647205985,
  "fber": 311.4257507324219,
  "fd_mean": 0.2673779871851638,
  "fd_num": 54,
  "fd_perc": 27.1356783919598,
  "fwhm_avg": 2.844478578996517,
  "fwhm_x": 2.6806633333333334,
  "fwhm_y": 2.9968966666666668,
  "fwhm_z": 2.8558757369895518,
  "gcor": 0.0783252,
  "gsr_x": 0.022341543808579445,
  "gsr_y": 0.04091205820441246,
  "provenance": {
    "md5sum": "eca8a43af2fe79decf614623dc76bd8c",
    "settings": {
      "fd_thres": 0.2,
      "testing": false
    },
    "software": "mriqc",
    "version": "22.0.6",
    "webapi_port": null,
    "webapi_url": "https://mriqc.nimh.nih.gov/api/v1"
  },
  "size_t": 199,
  "size_x": 70,
  "size_y": 70,
  "size_z": 36,
  "snr": 2.3851462260698524,
  "spacing_tr": 2.0,
  "spacing_x": 3.0,
  "spacing_y": 3.0,
  "spacing_z": 3.5399999618530273,
  "summary_bg_k": 26.22758344072091,
  "summary_bg_mad": 8.84346229839613,
  "summary_bg_mean": 44.25820541381836,
  "summary_bg_median": 20.221105575561523,
  "summary_bg_n": 98952.0,
  "summary_bg_p05": 13.608039855957031,
  "summary_bg_p95": 161.45954971313475,
  "summary_bg_stdv": 63.667911529541016,
  "summary_fg_k": 0.4475650764270642,
  "summary_fg_mad": 151.90338379618004,
  "summary_fg_mean": 395.316162109375,
  "summary_fg_median": 366.3919677734375,
  "summary_fg_n": 37769.0,
  "summary_fg_p05": 195.5145721435547,
  "summary_fg_p95": 683.1728515625,
  "summary_fg_stdv": 153.6120147705078,
  "tsnr": 48.6133231993299
}