{
  "aor": 0.010971920000000001,
  "aqi": 0.00516778992,
  "bids_meta": {
    "AcquisitionMatrixPE": 70,
    "AcquisitionNumber": 1,
    "AcquisitionTime": "15:29:44.615000",
    "BandwidthPerPixelPhaseEncode": 57.143,
    "BaseResolution": 70,
    "BodyPartExamined": "BRAIN",
    "ConsistencyInfo": "N4_VE11C_LATEST_20160120",
    "ConversionSoftware": "dcm2niix",
    "ConversionSoftwareVersion": "v1.0.20181125  (JP2:OpenJPEG) (JP-LS:CharLS) GCC5.5.0",
    "DerivedVendorReportedEchoSpacing": 0.000499999,
    "DeviceSerialNumber": "167012",
    "DwellTime": 3e-06,
    "EchoTime": 0.03,
    "EchoTrainLength": 35,
    "EffectiveEchoSpacing": 0.000249999,
    "FlipAngle": 90,
    "ImageOrientationPatientDICOM": [
      0.999686,
      0.001592,
      -0.0250243,
      -0.00418746,
      0.994567,
      -0.104011
    ],
    "ImageType": [
      "ORIGINAL",
      "PRIMARY",
      "M",
      "ND",
      "MOSAIC"
    ],
    "ImagingFrequency": 123.254,
    "InPlanePhaseEncodingDirectionDICOM": "COL",
    "InstitutionAddress": "Vassar_Street_43_Cambridge_Boston_US_02139",
    "InstitutionName": "MIT",
    "InstitutionalDepartmentName": "Department",
    "MRAcquisitionType": "2D",
    "MagneticFieldStrength": 3,
    "Manufacturer": "Siemens",
    "ManufacturersModelName": "Prisma_fit",
    "Modality": "MR",
    "ParallelReductionFactorInPlane": 2,
    "PartialFourier": 1,
    "PatientPosition": "HFS",
    "PercentPhaseFOV": 100,
    "PhaseEncodingDirection": "j-",
    "PhaseEncodingSteps": 70,
    "PhaseResolution": 1,
    "PixelBandwidth": 2380,
    "ProcedureStepDescription": "Young_Emily",
    "ProtocolName": "so_localizer",
    "PulseSequenceDetails": "%SiemensSeq%_ep2d_pace",
    "ReceiveCoilActiveElements": "HEA;HEP",
    "ReceiveCoilName": "Head_32",
    "ReconMatrixPE": 70,
    "RepetitionTime": 2,
    "SAR": 0.142413,
    "ScanOptions": "FS",
    "ScanningSequence": "EP",
    "SequenceName": "_epfid2d1_70",
    "SequenceVariant": "SK",
    "SeriesDescription": "so_localizer",
    "SeriesNumber": 11,
    "ShimSetting": [
      -5655,
      -1551,
      3153,
      261,
      -46,
      -17,
      88,
      45
    ],
    "SliceThickness": 3,
    "SliceTiming": [
      0,
      0.055,
      0.11,
      0.165,
      0.22,
      0.275,
      0.33,
      0.385,
      0.44,
      0.495,
      0.55,
      0.605,
      0.66,
      0.715,
      0.77,
      0.825,
      0.88,
      0.935,
      0.99,
      1.045,
      1.1,
      1.155,
      1.21,
      1.265,
      1.32,
      1.375,
      1.43,
      1.485,
      1.54,
      1.595,
      1.65,
      1.705,
      1.76,
      1.815,
      1.87,
      1.925
    ],
    "SoftwareVersions": "syngo_MR_E11",
    "SpacingBetweenSlices": 3.54,
    "StationName": "MRC35115",
    "TaskName": "so",
    "TotalReadoutTime": 0.01725,
    "TxRefAmp": 291.973,
    "dataset": "ds002250",
    "modality": "bold",
    "run_id": 1,
    "subject_id": "07",
    "task_id": "so"
  },
  "dummy_trs": 0,
  "dvars_nstd": 35.31698852943549,
  "dvars_std": 1.2197893624999996,
  "dvars_vstd": 1.0459019312096773,
  "efc": 0.5784140217431988,
  "fber": 317.0902404785156,
  "fd_mean": 0.3154494144302707,
  "fd_num": 56,
  "fd_perc": 44.8,
  "fwhm_avg": 2.83952611191018,
  "fwhm_x": 2.69049,
  "fwhm_y": 2.98419,
  "fwhm_z": 2.84389833573054,
  "gcor": 0.0804103,
  "gsr_x": 0.01775551587343216,
  "gsr_y": 0.046171966940164566,
  "provenance": {
    "md5sum": "baba453180f7eb8911f34e52624d4af9",
    "settings": {
      "fd_thres": 0.2,
      "testing": false
    },
    "software": "mriqc",
    "version": "22.0.6",
    "webapi_port": null,
    "webapi_url": "https://mriqc.nimh.nih.gov/api/v1"
  },
  "size_t": 125,
  "size_x": 70,
  "size_y": 70,
  "size_z": 36,
  "snr": 2.412259237854153,
  "spacing_tr": 2.0,
  "spacing_x": 3.0,
  "spacing_y": 3.0,
  "spacing_z": 3.5399999618530273,
  "summary_bg_k": 32.800159111568576,
  "summary_bg_mad": 8.753282502657635,
  "summary_bg_mean": 42.77306365966797,
  "summary_bg_median": 19.944000244140625,
  "summary_bg_n": 98962.0,
  "summary_bg_p05": 13.328001022338867,
  "summary_bg_p95": 155.21480331420892,
  "summary_bg_stdv": 62.679439544677734,
  "summary_fg_k": 0.4268369492668955,
  "summary_fg_mad": 149.89109334000216,
  "summary_fg_mean": 393.1990661621094,
  "summary_fg_median": 365.0160217285156,
  "summary_fg_n": 37824.0,
  "summary_fg_p05": 196.28241271972655,
  "summary_fg_p95": 677.6788543701172,
  "summary_fg_stdv": 151.31507873535156,
  "tsnr": 44.677383282687515
}