{
  "aor": 0.008800964467005073,
  "aqi": 0.003968747868020304,
  "bids_meta": {
    "AcquisitionMatrixPE": 70,
    "AcquisitionNumber": 1,
    "AcquisitionTime": "15:58:55.952500",
    "BandwidthPerPixelPhaseEncode": 57.143,
    "BaseResolution": 70,
    "BodyPartExamined": "BRAIN",
    "ConsistencyInfo": "N4_VE11C_LATEST_20160120",
    "ConversionSoftware": "dcm2niix",
    "ConversionSoftwareVersion": "v1.0.20181125  (JP2:OpenJPEG) (JP-LS:CharLS) GCC5.5.0",
    "DerivedVendorReportedEchoSpacing": 0.000499999,
    "DeviceSerialNumber": "167012",
    "DwellTime": 3e-06,
    "EchoTime": 0.03,
    "EchoTrainLength": 35,
    "EffectiveEchoSpacing": 0.000249999,
    "FlipAngle": 90,
    "ImageOrientationPatientDICOM": [
      0.999686,
      0.001592,
      -0.0250243,
      -0.00418746,
      0.994567,
      -0.104011
    ],
    "ImageType": [
      "ORIGINAL",
      "PRIMARY",
      "M",
      "ND",
      "MOSAIC"
    ],
    "ImagingFrequency": 123.254,
    "InPlanePhaseEncodingDirectionDICOM": "COL",
    "InstitutionAddress": "Vassar_Street_43_Cambridge_Boston_US_02139",
    "InstitutionName": "MIT",
    "InstitutionalDepartmentName": "Department",
    "MRAcquisitionType": "2D",
    "MagneticFieldStrength": 3,
    "Manufacturer": "Siemens",
    "ManufacturersModelName": "Prisma_fit",
    "Modality": "MR",
    "ParallelReductionFactorInPlane": 2,
    "PartialFourier": 1,
    "PatientPosition": "HFS",
    "PercentPhaseFOV": 100,
    "PhaseEncodingDirection": "j-",
    "PhaseEncodingSteps": 70,
    "PhaseResolution": 1,
    "PixelBandwidth": 2380,
    "ProcedureStepDescription": "Young_Emily",
    "ProtocolName": "FIRSTTHIRD",
    "PulseSequenceDetails": "%SiemensSeq%_ep2d_pace",
    "ReceiveCoilActiveElements": "HEA;HEP",
    "ReceiveCoilName": "Head_32",
    "ReconMatrixPE": 70,
    "RepetitionTime": 2,
    "SAR": 0.142719,
    "ScanOptions": "FS",
    "ScanningSequence": "EP",
    "SequenceName": "_epfid2d1_70",
    "SequenceVariant": "SK",
    "SeriesDescription": "FIRSTTHIRD",
    "SeriesNumber": 21,
    "ShimSetting": [
      -5655,
      -1551,
      3153,
      261,
      -46,
      -17,
      88,
      45
    ],
    "SliceThickness": 3,
    "SliceTiming": [
      0,
      0.055,
      0.11,
      0.165,
      0.22,
      0.275,
      0.33,
      0.385,
      0.44,
      0.495,
      0.55,
      0.605,
      0.66,
      0.715,
      0.77,
      0.825,
      0.88,
      0.935,
      0.99,
      1.045,
      1.1,
      1.155,
      1.21,
      1.265,
      1.32,
      1.375,
      1.43,
      1.485,
      1.54,
      1.595,
      1.65,
      1.705,
      1.76,
      1.815,
      1.87,
      1.925
    ],
    "SoftwareVersions": "syngo_MR_E11",
    "SpacingBetweenSlices": 3.54,
    "StationName": "MRC35115",
    "TaskName": "firstthird",
    "TotalReadoutTime": 0.01725,
    "TxRefAmp": 291.973,
    "dataset": "ds002250",
    "modality": "bold",
    "run_id": 2,
    "subject_id": "07",
    "task_id": "firstthird"
  },
  "dummy_trs": 2,
  "dvars_nstd": 30.980317086581646,
  "dvars_std": 1.2067427131122446,
  "dvars_vstd": 1.0617740848979593,
  "efc": 0.5812674537618878,
  "fber": 301.48712158203125,
  "fd_mean": 0.2648980956717615,
  "fd_num": 66,
  "fd_perc": 33.50253807106599,
  "fwhm_avg": 2.8413514979628456,
  "fwhm_x": 2.6962766666666664,
  "fwhm_y": 2.9870433333333337,
  "fwhm_z": 2.840734493888537,
  "gcor": 0.0456264,
  "gsr_x": 0.018480509519577026,
  "gsr_y": 0.04551270976662636,
  "provenance": {
    "md5sum": "85a070c7ecb6e279449b0774e2e05588",
    "settings": {
      "fd_thres": 0.2,
      "testing": false
    },
    "software": "mriqc",
    "version": "22.0.6",
    "webapi_port": null,
    "webapi_url": "https://mriqc.nimh.nih.gov/api/v1"
  },
  "size_t": 197,
  "size_x": 70,
  "size_y": 70,
  "size_z": 36,
  "snr": 2.363097493853699,
  "spacing_tr": 2.0,
  "spacing_x": 3.0,
  "spacing_y": 3.0,
  "spacing_z": 3.5399999618530273,
  "summary_bg_k": 29.898664594538474,
  "summary_bg_mad": 9.858929498785223,
  "summary_bg_mean": 44.42911148071289,
  "summary_bg_median": 20.69035530090332,
  "summary_bg_n": 98710.0,
  "summary_bg_p05": 13.197969436645508,
  "summary_bg_p95": 160.9276611328122,
  "summary_bg_stdv": 64.11518859863281,
  "summary_fg_k": 0.46234333726474697,
  "summary_fg_mad": 153.24237702293954,
  "summary_fg_mean": 397.2583923339844,
  "summary_fg_median": 367.8934020996094,
  "summary_fg_n": 38203.0,
  "summary_fg_p05": 194.88933563232422,
  "summary_fg_p95": 689.783251953125,
  "summary_fg_stdv": 155.6806640625,
  "tsnr": 50.66940225800499
}