{
  "bids_meta": {
    "AcquisitionMatrixPE": 256,
    "AcquisitionNumber": 1,
    "AcquisitionTime": "09:23:56.735000",
    "BaseResolution": 256,
    "BodyPartExamined": "BRAIN",
    "ConsistencyInfo": "N4_VE11C_LATEST_20160120",
    "ConversionSoftware": "dcm2niix",
    "ConversionSoftwareVersion": "v1.0.20181125  (JP2:OpenJPEG) (JP-LS:CharLS) GCC5.5.0",
    "DeviceSerialNumber": "167012",
    "DwellTime": 3e-06,
    "EchoTime": 0.00169,
    "FlipAngle": 7,
    "ImageOrientationPatientDICOM": [
      -0.021906,
      0.991509,
      -0.128183,
      0.0413457,
      -0.127205,
      -0.991014
    ],
    "ImageType": [
      "ORIGINAL",
      "PRIMARY",
      "OTHER",
      "ND",
      "NORM",
      "MEAN"
    ],
    "ImagingFrequency": 123.254,
    "InPlanePhaseEncodingDirectionDICOM": "ROW",
    "InstitutionAddress": "Vassar_Street_43_Cambridge_Boston_US_02139",
    "InstitutionName": "MIT",
    "InstitutionalDepartmentName": "Department",
    "InversionTime": 1.4,
    "MRAcquisitionType": "3D",
    "MagneticFieldStrength": 3,
    "Manufacturer": "Siemens",
    "ManufacturersModelName": "Prisma_fit",
    "Modality": "MR",
    "PartialFourier": 1,
    "PatientPosition": "HFS",
    "PercentPhaseFOV": 100,
    "PhaseEncodingSteps": 255,
    "PhaseResolution": 1,
    "PixelBandwidth": 650,
    "ProcedureStepDescription": "Young_Emily",
    "ProtocolName": "T1w_MPRAGE_FourEcho_vNav",
    "PulseSequenceDetails": "%CustomerSeq%_tfl_mgh_epinav_ABCD",
    "ReceiveCoilActiveElements": "HEA;HEP",
    "ReceiveCoilName": "Head_32",
    "ReconMatrixPE": 256,
    "RepetitionTime": 2.53,
    "SAR": 0.0435169,
    "ScanOptions": "IR_WE",
    "ScanningSequence": "GR_IR",
    "SequenceName": "tfl3d4_16ns",
    "SequenceVariant": "SK_SP_MP",
    "SeriesDescription": "T1w_MPRAGE_FourEcho_vNav_RMS",
    "SeriesNumber": 10,
    "ShimSetting": [
      -5628,
      -1481,
      3119,
      487,
      -4,
      44,
      -15,
      -24
    ],
    "SliceThickness": 1,
    "SoftwareVersions": "syngo_MR_E11",
    "StationName": "MRC35115",
    "TxRefAmp": 245.685,
    "WipMemBlock": "Prisma_epi_moco_navigator_ABCD_tfl.prot",
    "dataset": "ds002250",
    "modality": "T1w",
    "run_id": 1,
    "subject_id": "08"
  },
  "cjv": 0.3486920851044053,
  "cnr": 3.756059295819673,
  "efc": 0.570451480672339,
  "fber": 21128.116778757972,
  "fwhm_avg": 3.9632399999999994,
  "fwhm_x": 3.95733,
  "fwhm_y": 4.22118,
  "fwhm_z": 3.71121,
  "icvs_csf": 0.14298451879344204,
  "icvs_gm": 0.4499851071242716,
  "icvs_wm": 0.4070303740822864,
  "inu_med": 0.28536200523376465,
  "inu_range": 0.08627792000770568,
  "provenance": {
    "md5sum": "f0921113d11460e2e84686cc1d1a136b",
    "settings": {
      "testing": false
    },
    "software": "mriqc",
    "version": "22.0.6",
    "warnings": {
      "large_rot_frame": true,
      "small_air_mask": false
    },
    "webapi_port": null,
    "webapi_url": "https://mriqc.nimh.nih.gov/api/v1"
  },
  "qi_1": 0.0,
  "qi_2": 0.0017484069954605808,
  "rpve_csf": 35.7005276388163,
  "rpve_gm": 12.886255452615107,
  "rpve_wm": 15.958765845224944,
  "size_x": 176,
  "size_y": 256,
  "size_z": 256,
  "snr_csf": 2.096608627639762,
  "snr_gm": 15.047290301448609,
  "snr_total": 16.001852668643625,
  "snr_wm": 30.861659076842503,
  "snrd_csf": 51.31837307329912,
  "snrd_gm": 131.2202498400478,
  "snrd_total": 117.56817593228125,
  "snrd_wm": 170.16590488349686,
  "spacing_x": 1.0,
  "spacing_y": 1.0,
  "spacing_z": 1.0,
  "summary_bg_k": 7.32131506679246,
  "summary_bg_mad": 3.8499864678186695,
  "summary_bg_mean": 4.200553202224584,
  "summary_bg_median": 2.5967764109373093,
  "summary_bg_n": 2500495.0,
  "summary_bg_p05": 0.0,
  "summary_bg_p95": 16.860498268157244,
  "summary_bg_stdv": 6.05909449279245,
  "summary_csf_k": -0.4628860660159839,
  "summary_csf_mad": 147.42698181411347,
  "summary_csf_mean": 278.73973742550726,
  "summary_csf_median": 301.57848332449794,
  "summary_csf_n": 15869.0,
  "summary_csf_p05": 53.990691263973716,
  "summary_csf_p95": 514.1988261714578,
  "summary_csf_stdv": 143.83656399812813,
  "summary_gm_k": 0.2624881269079786,
  "summary_gm_mad": 49.114827368029594,
  "summary_gm_mean": 772.1873969584117,
  "summary_gm_median": 771.1313036307693,
  "summary_gm_n": 44444.0,
  "summary_gm_p05": 690.0562344007194,
  "summary_gm_p95": 859.3632741333917,
  "summary_gm_stdv": 51.24661070663429,
  "summary_wm_k": 0.5691683768934235,
  "summary_wm_mad": 30.689892129183107,
  "summary_wm_mean": 999.8097205257052,
  "summary_wm_median": 1000.0000474490225,
  "summary_wm_n": 225914.0,
  "summary_wm_p05": 947.1000022776425,
  "summary_wm_p95": 1053.2339638732374,
  "summary_wm_stdv": 32.402594809468546,
  "tpm_overlap_csf": 0.11104273986935555,
  "tpm_overlap_gm": 0.4331684490919424,
  "tpm_overlap_wm": 0.47907424435359547,
  "wm2max": 0.9181525570939559
}