{
  "bids_meta": {
    "AcquisitionMatrixPE": 256,
    "AcquisitionNumber": 1,
    "AcquisitionTime": "15:21:37.725000",
    "BaseResolution": 256,
    "BodyPartExamined": "BRAIN",
    "ConsistencyInfo": "N4_VE11C_LATEST_20160120",
    "ConversionSoftware": "dcm2niix",
    "ConversionSoftwareVersion": "v1.0.20181125  (JP2:OpenJPEG) (JP-LS:CharLS) GCC5.5.0",
    "DeviceSerialNumber": "167012",
    "DwellTime": 3e-06,
    "EchoTime": 0.00169,
    "FlipAngle": 7,
    "ImageOrientationPatientDICOM": [
      0.0025874,
      0.995595,
      -0.0937268,
      -0.0272934,
      -0.0936219,
      -0.995234
    ],
    "ImageType": [
      "ORIGINAL",
      "PRIMARY",
      "OTHER",
      "ND",
      "NORM",
      "MEAN"
    ],
    "ImagingFrequency": 123.254,
    "InPlanePhaseEncodingDirectionDICOM": "ROW",
    "InstitutionAddress": "Vassar_Street_43_Cambridge_Boston_US_02139",
    "InstitutionName": "MIT",
    "InstitutionalDepartmentName": "Department",
    "InversionTime": 1.4,
    "MRAcquisitionType": "3D",
    "MagneticFieldStrength": 3,
    "Manufacturer": "Siemens",
    "ManufacturersModelName": "Prisma_fit",
    "Modality": "MR",
    "PartialFourier": 1,
    "PatientPosition": "HFS",
    "PercentPhaseFOV": 100,
    "PhaseEncodingSteps": 255,
    "PhaseResolution": 1,
    "PixelBandwidth": 650,
    "ProcedureStepDescription": "Young_Emily",
    "ProtocolName": "T1w_MPRAGE_FourEcho_vNav",
    "PulseSequenceDetails": "%CustomerSeq%_tfl_mgh_epinav_ABCD",
    "ReceiveCoilActiveElements": "HEA;HEP",
    "ReceiveCoilName": "Head_32",
    "ReconMatrixPE": 256,
    "RepetitionTime": 2.53,
    "SAR": 0.0468135,
    "ScanOptions": "IR_WE",
    "ScanningSequence": "GR_IR",
    "SequenceName": "tfl3d4_16ns",
    "SequenceVariant": "SK_SP_MP",
    "SeriesDescription": "T1w_MPRAGE_FourEcho_vNav_RMS",
    "SeriesNumber": 10,
    "ShimSetting": [
      -5655,
      -1563,
      3153,
      234,
      -22,
      -92,
      90,
      46
    ],
    "SliceThickness": 1,
    "SoftwareVersions": "syngo_MR_E11",
    "StationName": "MRC35115",
    "TxRefAmp": 291.973,
    "WipMemBlock": "Prisma_epi_moco_navigator_ABCD_tfl.prot",
    "dataset": "ds002250",
    "modality": "T1w",
    "run_id": 1,
    "subject_id": "07"
  },
  "cjv": 0.4082729793441178,
  "cnr": 3.28381419131543,
  "efc": 0.6283956906801923,
  "fber": 2607.4047476601813,
  "fwhm_avg": 4.010043333333333,
  "fwhm_x": 4.05798,
  "fwhm_y": 4.12563,
  "fwhm_z": 3.84652,
  "icvs_csf": 0.18650126529759495,
  "icvs_gm": 0.4114416251784221,
  "icvs_wm": 0.402057109523983,
  "inu_med": 0.3644970506429672,
  "inu_range": 0.1197219893336296,
  "provenance": {
    "md5sum": "594c82fcee586b3d48bca5f31da4a5b5",
    "settings": {
      "testing": false
    },
    "software": "mriqc",
    "version": "22.0.6",
    "warnings": {
      "large_rot_frame": true,
      "small_air_mask": false
    },
    "webapi_port": null,
    "webapi_url": "https://mriqc.nimh.nih.gov/api/v1"
  },
  "qi_1": 0.0,
  "qi_2": 0.0010113835633593143,
  "rpve_csf": 24.10910885214028,
  "rpve_gm": 11.326805934675502,
  "rpve_wm": 13.3277642331377,
  "size_x": 176,
  "size_y": 256,
  "size_z": 256,
  "snr_csf": 2.8249665823729777,
  "snr_gm": 14.65144564932169,
  "snr_total": 13.848644741369895,
  "snr_wm": 24.069521992415016,
  "snrd_csf": 43.12565578601659,
  "snrd_gm": 101.2069397008018,
  "snrd_total": 91.6415801695047,
  "snrd_wm": 130.59214502169576,
  "spacing_x": 1.0,
  "spacing_y": 1.0,
  "spacing_z": 1.0,
  "summary_bg_k": 8.165509691919524,
  "summary_bg_mad": 5.016761209470087,
  "summary_bg_mean": 8.603987737697539,
  "summary_bg_median": 3.383754014968872,
  "summary_bg_n": 2450561.0,
  "summary_bg_p05": 0.0,
  "summary_bg_p95": 35.99266919493675,
  "summary_bg_stdv": 13.09564017143065,
  "summary_csf_k": 1.026110582386936,
  "summary_csf_mad": 89.58502159768014,
  "summary_csf_mean": 331.0088213439581,
  "summary_csf_median": 330.2382787466049,
  "summary_csf_n": 42362.0,
  "summary_csf_p05": 116.82007908821106,
  "summary_csf_p95": 529.9391827389597,
  "summary_csf_stdv": 116.89850880768883,
  "summary_gm_k": 0.21814488938299936,
  "summary_gm_mad": 51.839865831190906,
  "summary_gm_mean": 774.9189608843097,
  "summary_gm_median": 775.0005177855492,
  "summary_gm_n": 26616.0,
  "summary_gm_p05": 688.6090480908751,
  "summary_gm_p95": 862.0969362333417,
  "summary_gm_stdv": 52.894845824515365,
  "summary_wm_k": 0.49136934430946866,
  "summary_wm_mad": 40.02957381723007,
  "summary_wm_mean": 1001.1248258957872,
  "summary_wm_median": 1000.0201597809792,
  "summary_wm_n": 267760.0,
  "summary_wm_p05": 935.8295404613018,
  "summary_wm_p95": 1070.9782871305943,
  "summary_wm_stdv": 41.54707736667285,
  "tpm_overlap_csf": 0.16964698151719168,
  "tpm_overlap_gm": 0.4527565608196854,
  "tpm_overlap_wm": 0.5064082846603376,
  "wm2max": 0.8857372223708857
}