{
  "bids_meta": {
    "AcquisitionMatrixPE": 256,
    "AcquisitionNumber": 1,
    "AcquisitionTime": "10:16:1.722500",
    "BaseResolution": 256,
    "BodyPartExamined": "BRAIN",
    "ConsistencyInfo": "N4_VE11C_LATEST_20160120",
    "ConversionSoftware": "dcm2niix",
    "ConversionSoftwareVersion": "v1.0.20181125  (JP2:OpenJPEG) (JP-LS:CharLS) GCC5.5.0",
    "DeviceSerialNumber": "167012",
    "DwellTime": 3e-06,
    "EchoTime": 0.00169,
    "FlipAngle": 7,
    "ImageOrientationPatientDICOM": [
      -0.0211956,
      0.99009,
      -0.138826,
      0.00803636,
      -0.138684,
      -0.990304
    ],
    "ImageType": [
      "ORIGINAL",
      "PRIMARY",
      "OTHER",
      "ND",
      "NORM",
      "MEAN"
    ],
    "ImagingFrequency": 123.254,
    "InPlanePhaseEncodingDirectionDICOM": "ROW",
    "InstitutionAddress": "Vassar_Street_43_Cambridge_Boston_US_02139",
    "InstitutionName": "McGovern_Institute_for_Brain_Research_(3T1)",
    "InstitutionalDepartmentName": "Department",
    "InversionTime": 1.4,
    "MRAcquisitionType": "3D",
    "MagneticFieldStrength": 3,
    "Manufacturer": "Siemens",
    "ManufacturersModelName": "Prisma_fit",
    "Modality": "MR",
    "PartialFourier": 1,
    "PatientPosition": "HFS",
    "PercentPhaseFOV": 100,
    "PhaseEncodingSteps": 255,
    "PhaseResolution": 1,
    "PixelBandwidth": 650,
    "ProcedureStepDescription": "Young_Emily",
    "ProtocolName": "T1w_MPRAGE_FourEcho_vNav",
    "PulseSequenceDetails": "%CustomerSeq%_tfl_mgh_epinav_ABCD",
    "ReceiveCoilActiveElements": "HEA;HEP",
    "ReceiveCoilName": "Head_32",
    "ReconMatrixPE": 256,
    "RepetitionTime": 2.53,
    "SAR": 0.0301984,
    "ScanOptions": "IR_WE",
    "ScanningSequence": "GR_IR",
    "SequenceName": "tfl3d4_16ns",
    "SequenceVariant": "SK_SP_MP",
    "SeriesDescription": "T1w_MPRAGE_FourEcho_vNav_RMS",
    "SeriesNumber": 10,
    "ShimSetting": [
      -5621,
      -1483,
      3151,
      264,
      -40,
      -59,
      -63,
      -22
    ],
    "SliceThickness": 1,
    "SoftwareVersions": "syngo_MR_E11",
    "StationName": "MRC35115",
    "TxRefAmp": 225.943,
    "WipMemBlock": "Prisma_epi_moco_navigator_ABCD_tfl.prot",
    "dataset": "ds002250",
    "modality": "T1w",
    "run_id": 1,
    "subject_id": "20"
  },
  "cjv": 0.38499770503618935,
  "cnr": 3.3027066236959284,
  "efc": 0.5526652145383466,
  "fber": 20229.709359463523,
  "fwhm_avg": 3.8752599999999995,
  "fwhm_x": 3.93974,
  "fwhm_y": 4.01428,
  "fwhm_z": 3.67176,
  "icvs_csf": 0.19110094361619123,
  "icvs_gm": 0.4135417256336068,
  "icvs_wm": 0.39535733075020196,
  "inu_med": 0.3146781921386719,
  "inu_range": 0.08140112757682799,
  "provenance": {
    "md5sum": "88dd74fd0330dad392e115de22aba74b",
    "settings": {
      "testing": false
    },
    "software": "mriqc",
    "version": "22.0.6",
    "warnings": {
      "large_rot_frame": true,
      "small_air_mask": false
    },
    "webapi_port": null,
    "webapi_url": "https://mriqc.nimh.nih.gov/api/v1"
  },
  "qi_1": 0.0,
  "qi_2": 0.0019214041656419982,
  "rpve_csf": 26.611589910473676,
  "rpve_gm": 12.868812141245689,
  "rpve_wm": 15.695051517305513,
  "size_x": 176,
  "size_y": 256,
  "size_z": 256,
  "snr_csf": 2.2059680435430127,
  "snr_gm": 13.477379516309407,
  "snr_total": 15.725796751055853,
  "snr_wm": 31.494042693315144,
  "snrd_csf": 40.10657643726827,
  "snrd_gm": 99.50863412305472,
  "snrd_total": 89.00419033603877,
  "snrd_wm": 127.3973604477933,
  "spacing_x": 1.0,
  "spacing_y": 1.0,
  "spacing_z": 1.0,
  "summary_bg_k": 7.990874019613841,
  "summary_bg_mad": 0.0,
  "summary_bg_mean": 3.337776999740641,
  "summary_bg_median": 0.0,
  "summary_bg_n": 2394122.0,
  "summary_bg_p05": 0.0,
  "summary_bg_p95": 14.085297821089625,
  "summary_bg_stdv": 5.142464619490041,
  "summary_csf_k": 0.34104527510845983,
  "summary_csf_mad": 109.78079030388741,
  "summary_csf_mean": 307.1346701467397,
  "summary_csf_median": 314.81482381001115,
  "summary_csf_n": 31542.0,
  "summary_csf_p05": 53.87299069007859,
  "summary_csf_p95": 546.5179729669353,
  "summary_csf_stdv": 142.70824742230627,
  "summary_gm_k": 0.29034188982059295,
  "summary_gm_mad": 54.38426923984419,
  "summary_gm_mean": 781.8305095319927,
  "summary_gm_median": 781.0886867400259,
  "summary_gm_n": 28227.0,
  "summary_gm_p05": 687.0987850645557,
  "summary_gm_p95": 881.2196286208928,
  "summary_gm_stdv": 57.95450442195923,
  "summary_wm_k": 0.7290417615675429,
  "summary_wm_mad": 29.896094972234593,
  "summary_wm_mean": 1000.6392533647548,
  "summary_wm_median": 1000.0000285729766,
  "summary_wm_n": 248739.0,
  "summary_wm_p05": 950.0748494435102,
  "summary_wm_p95": 1053.7785561103374,
  "summary_wm_stdv": 31.751973799286628,
  "tpm_overlap_csf": 0.16159727525114512,
  "tpm_overlap_gm": 0.46265248146955107,
  "tpm_overlap_wm": 0.5313039659137839,
  "wm2max": 0.9119132096069869
}