{
  "bids_meta": {
    "AcquisitionMatrixPE": 256,
    "AcquisitionNumber": 1,
    "AcquisitionTime": "11:27:15.725000",
    "BaseResolution": 256,
    "BodyPartExamined": "BRAIN",
    "ConsistencyInfo": "N4_VE11C_LATEST_20160120",
    "ConversionSoftware": "dcm2niix",
    "ConversionSoftwareVersion": "v1.0.20181125  (JP2:OpenJPEG) (JP-LS:CharLS) GCC5.5.0",
    "DeviceSerialNumber": "167012",
    "DwellTime": 3e-06,
    "EchoTime": 0.00169,
    "FlipAngle": 7,
    "ImageOrientationPatientDICOM": [
      0.0685993,
      0.962912,
      0.26095,
      0.040781,
      0.258641,
      -0.965112
    ],
    "ImageType": [
      "ORIGINAL",
      "PRIMARY",
      "OTHER",
      "ND",
      "NORM",
      "MEAN"
    ],
    "ImagingFrequency": 123.253,
    "InPlanePhaseEncodingDirectionDICOM": "ROW",
    "InstitutionAddress": "Vassar_Street_43_Cambridge_Boston_US_02139",
    "InstitutionName": "McGovern_Institute_for_Brain_Research_(3T1)",
    "InstitutionalDepartmentName": "Department",
    "InversionTime": 1.4,
    "MRAcquisitionType": "3D",
    "MagneticFieldStrength": 3,
    "Manufacturer": "Siemens",
    "ManufacturersModelName": "Prisma_fit",
    "Modality": "MR",
    "PartialFourier": 1,
    "PatientPosition": "HFS",
    "PercentPhaseFOV": 100,
    "PhaseEncodingSteps": 255,
    "PhaseResolution": 1,
    "PixelBandwidth": 650,
    "ProcedureStepDescription": "Young_Emily",
    "ProtocolName": "T1w_MPRAGE_FourEcho_vNav",
    "PulseSequenceDetails": "%CustomerSeq%_tfl_mgh_epinav_ABCD",
    "ReceiveCoilActiveElements": "HEA;HEP",
    "ReceiveCoilName": "Head_32",
    "ReconMatrixPE": 256,
    "RepetitionTime": 2.53,
    "SAR": 0.0487124,
    "ScanOptions": "IR_WE",
    "ScanningSequence": "GR_IR",
    "SequenceName": "tfl3d4_16ns",
    "SequenceVariant": "SK_SP_MP",
    "SeriesDescription": "T1w_MPRAGE_FourEcho_vNav_RMS",
    "SeriesNumber": 25,
    "ShimSetting": [
      -5615,
      -1590,
      3227,
      532,
      17,
      -84,
      165,
      -8
    ],
    "SliceThickness": 1,
    "SoftwareVersions": "syngo_MR_E11",
    "StationName": "MRC35115",
    "TxRefAmp": 239.465,
    "WipMemBlock": "Prisma_epi_moco_navigator_ABCD_tfl.prot",
    "dataset": "ds002250",
    "modality": "T1w",
    "run_id": 1,
    "subject_id": "02"
  },
  "cjv": 0.39652079198316864,
  "cnr": 3.2952850513426992,
  "efc": 0.5526639040279819,
  "fber": 22071.77146122449,
  "fwhm_avg": 3.961223333333333,
  "fwhm_x": 4.05573,
  "fwhm_y": 4.1346,
  "fwhm_z": 3.69334,
  "icvs_csf": 0.20955010661555926,
  "icvs_gm": 0.42613793980604,
  "icvs_wm": 0.3643119535784008,
  "inu_med": 0.3371746242046356,
  "inu_range": 0.10180848538875581,
  "provenance": {
    "md5sum": "572d1e229c2d0e2ca66c07d5ef0cd458",
    "settings": {
      "testing": false
    },
    "software": "mriqc",
    "version": "22.0.6",
    "warnings": {
      "large_rot_frame": true,
      "small_air_mask": false
    },
    "webapi_port": null,
    "webapi_url": "https://mriqc.nimh.nih.gov/api/v1"
  },
  "qi_1": 0.0,
  "qi_2": 0.001463752372719271,
  "rpve_csf": 26.09833010185969,
  "rpve_gm": 13.211004558375492,
  "rpve_wm": 17.53558718316712,
  "size_x": 176,
  "size_y": 256,
  "size_z": 256,
  "snr_csf": 2.1766356407156953,
  "snr_gm": 13.957515981219165,
  "snr_total": 15.766081683558626,
  "snr_wm": 31.16409342874102,
  "snrd_csf": 52.54612885038545,
  "snrd_gm": 133.90037729266064,
  "snrd_total": 118.9560553332766,
  "snrd_wm": 170.42165985678372,
  "spacing_x": 1.0,
  "spacing_y": 1.0,
  "spacing_z": 1.0,
  "summary_bg_k": 8.957145128024878,
  "summary_bg_mad": 3.844208523801241,
  "summary_bg_mean": 3.7596042545745805,
  "summary_bg_median": 2.592879246920347,
  "summary_bg_n": 2357416.0,
  "summary_bg_p05": 0.0,
  "summary_bg_p95": 14.74458198621869,
  "summary_bg_stdv": 5.5508680571761335,
  "summary_csf_k": 0.18475786233957114,
  "summary_csf_mad": 117.04754311275421,
  "summary_csf_mean": 304.56662296585785,
  "summary_csf_median": 308.3301071645692,
  "summary_csf_n": 44326.0,
  "summary_csf_p05": 64.57043318636715,
  "summary_csf_p95": 545.6220954093151,
  "summary_csf_stdv": 141.65284413933594,
  "summary_gm_k": 0.14304245514994784,
  "summary_gm_mad": 54.96644426569536,
  "summary_gm_mean": 787.2552585106773,
  "summary_gm_median": 785.700461352244,
  "summary_gm_n": 32178.0,
  "summary_gm_p05": 698.239161381498,
  "summary_gm_p95": 885.2389671585522,
  "summary_gm_stdv": 56.29140985083213,
  "summary_wm_k": 0.4998699540826088,
  "summary_wm_mad": 30.00777698429924,
  "summary_wm_mean": 1000.6755744967052,
  "summary_wm_median": 999.9999961256981,
  "summary_wm_n": 197864.0,
  "summary_wm_p05": 949.129253288731,
  "summary_wm_p95": 1054.7987575232983,
  "summary_wm_stdv": 32.088129610471356,
  "tpm_overlap_csf": 0.1330123733742691,
  "tpm_overlap_gm": 0.4442391877845606,
  "tpm_overlap_wm": 0.4806222422022345,
  "wm2max": 0.9176788124156545
}