{
  "aor": 0.00413296,
  "aqi": 0.00560472472,
  "bids_meta": {
    "AcquisitionMatrixPE": 70,
    "AcquisitionNumber": 1,
    "AcquisitionTime": "15:45:17.517500",
    "BandwidthPerPixelPhaseEncode": 57.143,
    "BaseResolution": 70,
    "BodyPartExamined": "BRAIN",
    "ConsistencyInfo": "N4_VE11C_LATEST_20160120",
    "ConversionSoftware": "dcm2niix",
    "ConversionSoftwareVersion": "v1.0.20181125  (JP2:OpenJPEG) (JP-LS:CharLS) GCC5.5.0",
    "DerivedVendorReportedEchoSpacing": 0.000499999,
    "DeviceSerialNumber": "167012",
    "DwellTime": 3e-06,
    "EchoTime": 0.03,
    "EchoTrainLength": 35,
    "EffectiveEchoSpacing": 0.000249999,
    "FlipAngle": 90,
    "ImageOrientationPatientDICOM": [
      0.999686,
      0.001592,
      -0.0250243,
      -0.00418746,
      0.994567,
      -0.104011
    ],
    "ImageType": [
      "ORIGINAL",
      "PRIMARY",
      "M",
      "ND",
      "MOSAIC"
    ],
    "ImagingFrequency": 123.254,
    "InPlanePhaseEncodingDirectionDICOM": "COL",
    "InstitutionAddress": "Vassar_Street_43_Cambridge_Boston_US_02139",
    "InstitutionName": "MIT",
    "InstitutionalDepartmentName": "Department",
    "MRAcquisitionType": "2D",
    "MagneticFieldStrength": 3,
    "Manufacturer": "Siemens",
    "ManufacturersModelName": "Prisma_fit",
    "Modality": "MR",
    "ParallelReductionFactorInPlane": 2,
    "PartialFourier": 1,
    "PatientPosition": "HFS",
    "PercentPhaseFOV": 100,
    "PhaseEncodingDirection": "j-",
    "PhaseEncodingSteps": 70,
    "PhaseResolution": 1,
    "PixelBandwidth": 2380,
    "ProcedureStepDescription": "Young_Emily",
    "ProtocolName": "so_localizer",
    "PulseSequenceDetails": "%SiemensSeq%_ep2d_pace",
    "ReceiveCoilActiveElements": "HEA;HEP",
    "ReceiveCoilName": "Head_32",
    "ReconMatrixPE": 70,
    "RepetitionTime": 2,
    "SAR": 0.142413,
    "ScanOptions": "FS",
    "ScanningSequence": "EP",
    "SequenceName": "_epfid2d1_70",
    "SequenceVariant": "SK",
    "SeriesDescription": "so_localizer",
    "SeriesNumber": 17,
    "ShimSetting": [
      -5655,
      -1551,
      3153,
      261,
      -46,
      -17,
      88,
      45
    ],
    "SliceThickness": 3,
    "SliceTiming": [
      0,
      0.055,
      0.11,
      0.165,
      0.22,
      0.275,
      0.33,
      0.385,
      0.44,
      0.495,
      0.55,
      0.605,
      0.66,
      0.715,
      0.77,
      0.825,
      0.88,
      0.935,
      0.99,
      1.045,
      1.1,
      1.155,
      1.21,
      1.265,
      1.32,
      1.375,
      1.43,
      1.485,
      1.54,
      1.595,
      1.65,
      1.7025,
      1.7575,
      1.8125,
      1.8675,
      1.9225
    ],
    "SoftwareVersions": "syngo_MR_E11",
    "SpacingBetweenSlices": 3.54,
    "StationName": "MRC35115",
    "TaskName": "so",
    "TotalReadoutTime": 0.01725,
    "TxRefAmp": 291.973,
    "dataset": "ds002250",
    "modality": "bold",
    "run_id": 4,
    "subject_id": "07",
    "task_id": "so"
  },
  "dummy_trs": 0,
  "dvars_nstd": 37.354970578709654,
  "dvars_std": 1.136944244112903,
  "dvars_vstd": 0.9653428773387093,
  "efc": 0.5790336342978717,
  "fber": 307.8951721191406,
  "fd_mean": 0.34307674715965625,
  "fd_num": 71,
  "fd_perc": 56.8,
  "fwhm_avg": 2.8283589179184836,
  "fwhm_x": 2.68173,
  "fwhm_y": 2.9644766666666666,
  "fwhm_z": 2.838870087088785,
  "gcor": 0.239613,
  "gsr_x": 0.018078671768307686,
  "gsr_y": 0.04306286200881004,
  "provenance": {
    "md5sum": "f704efaf4e0578633d0e200383f81d9a",
    "settings": {
      "fd_thres": 0.2,
      "testing": false
    },
    "software": "mriqc",
    "version": "22.0.6",
    "webapi_port": null,
    "webapi_url": "https://mriqc.nimh.nih.gov/api/v1"
  },
  "size_t": 125,
  "size_x": 70,
  "size_y": 70,
  "size_z": 36,
  "snr": 2.4227778812589555,
  "spacing_tr": 2.0,
  "spacing_x": 3.0,
  "spacing_y": 3.0,
  "spacing_z": 3.5399999618530273,
  "summary_bg_k": 30.534871169303024,
  "summary_bg_mad": 8.658397182299861,
  "summary_bg_mean": 43.492061614990234,
  "summary_bg_median": 20.064001083374023,
  "summary_bg_n": 99224.0,
  "summary_bg_p05": 13.53600025177002,
  "summary_bg_p95": 156.50041275024392,
  "summary_bg_stdv": 62.89281463623047,
  "summary_fg_k": 0.4603777194510723,
  "summary_fg_mad": 149.49374798224716,
  "summary_fg_mean": 394.8352355957031,
  "summary_fg_median": 365.6960144042969,
  "summary_fg_n": 36691.0,
  "summary_fg_p05": 199.34800720214844,
  "summary_fg_p95": 676.416015625,
  "summary_fg_stdv": 150.93873596191406,
  "tsnr": 38.543192353099585
}