{
  "aor": 0.004107014925373134,
  "aqi": 0.0035866369402985073,
  "bids_meta": {
    "AcquisitionMatrixPE": 70,
    "AcquisitionNumber": 1,
    "AcquisitionTime": "16:37:29.430000",
    "BandwidthPerPixelPhaseEncode": 57.143,
    "BaseResolution": 70,
    "BodyPartExamined": "BRAIN",
    "ConsistencyInfo": "N4_VE11C_LATEST_20160120",
    "ConversionSoftware": "dcm2niix",
    "ConversionSoftwareVersion": "v1.0.20181125  (JP2:OpenJPEG) (JP-LS:CharLS) GCC5.5.0",
    "DerivedVendorReportedEchoSpacing": 0.000499999,
    "DeviceSerialNumber": "167012",
    "DwellTime": 3e-06,
    "EchoTime": 0.03,
    "EchoTrainLength": 35,
    "EffectiveEchoSpacing": 0.000249999,
    "FlipAngle": 90,
    "ImageOrientationPatientDICOM": [
      0.999686,
      0.001592,
      -0.0250243,
      -0.00418746,
      0.994567,
      -0.104011
    ],
    "ImageType": [
      "ORIGINAL",
      "PRIMARY",
      "M",
      "ND",
      "MOSAIC"
    ],
    "ImagingFrequency": 123.254,
    "InPlanePhaseEncodingDirectionDICOM": "COL",
    "InstitutionAddress": "Vassar_Street_43_Cambridge_Boston_US_02139",
    "InstitutionName": "MIT",
    "InstitutionalDepartmentName": "Department",
    "MRAcquisitionType": "2D",
    "MagneticFieldStrength": 3,
    "Manufacturer": "Siemens",
    "ManufacturersModelName": "Prisma_fit",
    "Modality": "MR",
    "ParallelReductionFactorInPlane": 2,
    "PartialFourier": 1,
    "PatientPosition": "HFS",
    "PercentPhaseFOV": 100,
    "PhaseEncodingDirection": "j-",
    "PhaseEncodingSteps": 70,
    "PhaseResolution": 1,
    "PixelBandwidth": 2380,
    "ProcedureStepDescription": "Young_Emily",
    "ProtocolName": "tom_localizer",
    "PulseSequenceDetails": "%SiemensSeq%_ep2d_pace",
    "ReceiveCoilActiveElements": "HEA;HEP",
    "ReceiveCoilName": "Head_32",
    "ReconMatrixPE": 70,
    "RepetitionTime": 2,
    "SAR": 0.142479,
    "ScanOptions": "FS",
    "ScanningSequence": "EP",
    "SequenceName": "_epfid2d1_70",
    "SequenceVariant": "SK",
    "SeriesDescription": "tom_localizer",
    "SeriesNumber": 31,
    "ShimSetting": [
      -5655,
      -1551,
      3153,
      261,
      -46,
      -17,
      88,
      45
    ],
    "SliceThickness": 3,
    "SliceTiming": [
      0,
      0.055,
      0.1075,
      0.1625,
      0.2175,
      0.2725,
      0.3275,
      0.3825,
      0.4375,
      0.4925,
      0.5475,
      0.6025,
      0.6575,
      0.7125,
      0.7675,
      0.8225,
      0.8775,
      0.9325,
      0.9875,
      1.0425,
      1.0975,
      1.1525,
      1.2075,
      1.2625,
      1.3175,
      1.3725,
      1.4275,
      1.4825,
      1.5375,
      1.5925,
      1.6475,
      1.7025,
      1.7575,
      1.8125,
      1.8675,
      1.9225
    ],
    "SoftwareVersions": "syngo_MR_E11",
    "SpacingBetweenSlices": 3.54,
    "StationName": "MRC35115",
    "TaskName": "tom",
    "TotalReadoutTime": 0.01725,
    "TxRefAmp": 291.973,
    "dataset": "ds002250",
    "modality": "bold",
    "run_id": 1,
    "subject_id": "07",
    "task_id": "tom"
  },
  "dummy_trs": 2,
  "dvars_nstd": 29.555817238421053,
  "dvars_std": 1.1512014075187973,
  "dvars_vstd": 1.028921636315789,
  "efc": 0.584189164899555,
  "fber": 307.0342712402344,
  "fd_mean": 0.2347441555406685,
  "fd_num": 38,
  "fd_perc": 28.35820895522388,
  "fwhm_avg": 2.787778428132782,
  "fwhm_x": 2.6152666666666664,
  "fwhm_y": 2.9491533333333333,
  "fwhm_z": 2.7989152843983462,
  "gcor": 0.020686,
  "gsr_x": 0.027647176757454872,
  "gsr_y": 0.03951016068458557,
  "provenance": {
    "md5sum": "661a03352442b30b05b313b15b756e29",
    "settings": {
      "fd_thres": 0.2,
      "testing": false
    },
    "software": "mriqc",
    "version": "22.0.6",
    "webapi_port": null,
    "webapi_url": "https://mriqc.nimh.nih.gov/api/v1"
  },
  "size_t": 134,
  "size_x": 70,
  "size_y": 70,
  "size_z": 36,
  "snr": 2.499240789796353,
  "spacing_tr": 2.0,
  "spacing_x": 3.0,
  "spacing_y": 3.0,
  "spacing_z": 3.5399999618530273,
  "summary_bg_k": 22.2964715326698,
  "summary_bg_mad": 8.762842013460206,
  "summary_bg_mean": 43.95700454711914,
  "summary_bg_median": 19.93283462524414,
  "summary_bg_n": 98734.0,
  "summary_bg_p05": 13.305970191955566,
  "summary_bg_p95": 162.29888076782208,
  "summary_bg_stdv": 62.724700927734375,
  "summary_fg_k": 0.2591039786999021,
  "summary_fg_mad": 145.43885263244027,
  "summary_fg_mean": 387.155517578125,
  "summary_fg_median": 360.94403076171875,
  "summary_fg_n": 37114.0,
  "summary_fg_p05": 197.36566162109375,
  "summary_fg_p95": 657.1167633056639,
  "summary_fg_stdv": 144.41952514648438,
  "tsnr": 55.900781163945794
}