{
  "aor": 0.019174522613065327,
  "aqi": 0.010147503819095478,
  "bids_meta": {
    "AcquisitionMatrixPE": 70,
    "AcquisitionNumber": 1,
    "AcquisitionTime": "16:21:44.510000",
    "BandwidthPerPixelPhaseEncode": 57.143,
    "BaseResolution": 70,
    "BodyPartExamined": "BRAIN",
    "ConsistencyInfo": "N4_VE11C_LATEST_20160120",
    "ConversionSoftware": "dcm2niix",
    "ConversionSoftwareVersion": "v1.0.20181125  (JP2:OpenJPEG) (JP-LS:CharLS) GCC5.5.0",
    "DerivedVendorReportedEchoSpacing": 0.000499999,
    "DeviceSerialNumber": "167012",
    "DwellTime": 3e-06,
    "EchoTime": 0.03,
    "EchoTrainLength": 35,
    "EffectiveEchoSpacing": 0.000249999,
    "FlipAngle": 90,
    "ImageOrientationPatientDICOM": [
      0.999686,
      0.001592,
      -0.0250243,
      -0.00418746,
      0.994567,
      -0.104011
    ],
    "ImageType": [
      "ORIGINAL",
      "PRIMARY",
      "M",
      "ND",
      "MOSAIC"
    ],
    "ImagingFrequency": 123.254,
    "InPlanePhaseEncodingDirectionDICOM": "COL",
    "InstitutionAddress": "Vassar_Street_43_Cambridge_Boston_US_02139",
    "InstitutionName": "MIT",
    "InstitutionalDepartmentName": "Department",
    "MRAcquisitionType": "2D",
    "MagneticFieldStrength": 3,
    "Manufacturer": "Siemens",
    "ManufacturersModelName": "Prisma_fit",
    "Modality": "MR",
    "ParallelReductionFactorInPlane": 2,
    "PartialFourier": 1,
    "PatientPosition": "HFS",
    "PercentPhaseFOV": 100,
    "PhaseEncodingDirection": "j-",
    "PhaseEncodingSteps": 70,
    "PhaseResolution": 1,
    "PixelBandwidth": 2380,
    "ProcedureStepDescription": "Young_Emily",
    "ProtocolName": "FIRSTTHIRD",
    "PulseSequenceDetails": "%SiemensSeq%_ep2d_pace",
    "ReceiveCoilActiveElements": "HEA;HEP",
    "ReceiveCoilName": "Head_32",
    "ReconMatrixPE": 70,
    "RepetitionTime": 2,
    "SAR": 0.142719,
    "ScanOptions": "FS",
    "ScanningSequence": "EP",
    "SequenceName": "_epfid2d1_70",
    "SequenceVariant": "SK",
    "SeriesDescription": "FIRSTTHIRD",
    "SeriesNumber": 27,
    "ShimSetting": [
      -5655,
      -1551,
      3153,
      261,
      -46,
      -17,
      88,
      45
    ],
    "SliceThickness": 3,
    "SliceTiming": [
      0,
      0.055,
      0.11,
      0.165,
      0.22,
      0.275,
      0.33,
      0.385,
      0.44,
      0.495,
      0.55,
      0.605,
      0.66,
      0.715,
      0.77,
      0.825,
      0.88,
      0.935,
      0.99,
      1.045,
      1.1,
      1.155,
      1.21,
      1.265,
      1.32,
      1.375,
      1.43,
      1.485,
      1.54,
      1.595,
      1.65,
      1.705,
      1.76,
      1.815,
      1.87,
      1.925
    ],
    "SoftwareVersions": "syngo_MR_E11",
    "SpacingBetweenSlices": 3.54,
    "StationName": "MRC35115",
    "TaskName": "firstthird",
    "TotalReadoutTime": 0.01725,
    "TxRefAmp": 291.973,
    "dataset": "ds002250",
    "modality": "bold",
    "run_id": 5,
    "subject_id": "07",
    "task_id": "firstthird"
  },
  "dummy_trs": 0,
  "dvars_nstd": 44.84456531439393,
  "dvars_std": 1.1892526340404037,
  "dvars_vstd": 1.0674228725757575,
  "efc": 0.5845951345449519,
  "fber": 272.14404296875,
  "fd_mean": 0.8022062557725451,
  "fd_num": 91,
  "fd_perc": 45.7286432160804,
  "fwhm_avg": 2.864240010326982,
  "fwhm_x": 2.6894033333333334,
  "fwhm_y": 3.0283166666666665,
  "fwhm_z": 2.875000030980946,
  "gcor": 0.0960978,
  "gsr_x": 0.02355717308819294,
  "gsr_y": 0.04365764185786247,
  "provenance": {
    "md5sum": "0a6f5666a4985b7442932a487af0aa63",
    "settings": {
      "fd_thres": 0.2,
      "testing": false
    },
    "software": "mriqc",
    "version": "22.0.6",
    "webapi_port": null,
    "webapi_url": "https://mriqc.nimh.nih.gov/api/v1"
  },
  "size_t": 199,
  "size_x": 70,
  "size_y": 70,
  "size_z": 36,
  "snr": 2.449170850755367,
  "spacing_tr": 2.0,
  "spacing_x": 3.0,
  "spacing_y": 3.0,
  "spacing_z": 3.5399999618530273,
  "summary_bg_k": 27.383888035042595,
  "summary_bg_mad": 10.303713274960149,
  "summary_bg_mean": 44.712623596191406,
  "summary_bg_median": 21.276382446289062,
  "summary_bg_n": 98874.0,
  "summary_bg_p05": 13.542713165283203,
  "summary_bg_p95": 160.20778656005854,
  "summary_bg_stdv": 63.19762420654297,
  "summary_fg_k": 0.43505460657998496,
  "summary_fg_mad": 148.78174328829226,
  "summary_fg_mean": 394.1054992675781,
  "summary_fg_median": 366.4472351074219,
  "summary_fg_n": 37238.0,
  "summary_fg_p05": 199.13617858886718,
  "summary_fg_p95": 672.5766387939453,
  "summary_fg_stdv": 149.61892700195312,
  "tsnr": 29.864290381781757
}