{
  "bids_meta": {
    "AcquisitionMatrixPE": 256,
    "AcquisitionNumber": 1,
    "AcquisitionTime": "09:28:5.752500",
    "BaseResolution": 256,
    "BodyPartExamined": "BRAIN",
    "ConsistencyInfo": "N4_VE11C_LATEST_20160120",
    "ConversionSoftware": "dcm2niix",
    "ConversionSoftwareVersion": "v1.0.20181125  (JP2:OpenJPEG) (JP-LS:CharLS) GCC5.5.0",
    "DeviceSerialNumber": "167012",
    "DwellTime": 3e-06,
    "EchoTime": 0.00169,
    "FlipAngle": 7,
    "ImageOrientationPatientDICOM": [
      -0.0247884,
      0.970362,
      -0.240383,
      -0.00511116,
      -0.240577,
      -0.970617
    ],
    "ImageType": [
      "ORIGINAL",
      "PRIMARY",
      "OTHER",
      "ND",
      "NORM",
      "MEAN"
    ],
    "ImagingFrequency": 123.253,
    "InPlanePhaseEncodingDirectionDICOM": "ROW",
    "InstitutionAddress": "Vassar_Street_43_Cambridge_Boston_US_02139",
    "InstitutionName": "McGovern_Institute_for_Brain_Research_(3T1)",
    "InstitutionalDepartmentName": "Department",
    "InversionTime": 1.4,
    "MRAcquisitionType": "3D",
    "MagneticFieldStrength": 3,
    "Manufacturer": "Siemens",
    "ManufacturersModelName": "Prisma_fit",
    "Modality": "MR",
    "PartialFourier": 1,
    "PatientPosition": "HFS",
    "PercentPhaseFOV": 100,
    "PhaseEncodingSteps": 255,
    "PhaseResolution": 1,
    "PixelBandwidth": 650,
    "ProcedureStepDescription": "Young_Emily",
    "ProtocolName": "T1w_MPRAGE_FourEcho_vNav",
    "PulseSequenceDetails": "%CustomerSeq%_tfl_mgh_epinav_ABCD",
    "ReceiveCoilActiveElements": "HEA;HEP",
    "ReceiveCoilName": "Head_32",
    "ReconMatrixPE": 256,
    "RepetitionTime": 2.53,
    "SAR": 0.045693,
    "ScanOptions": "IR_WE",
    "ScanningSequence": "GR_IR",
    "SequenceName": "tfl3d4_16ns",
    "SequenceVariant": "SK_SP_MP",
    "SeriesDescription": "T1w_MPRAGE_FourEcho_vNav_RMS",
    "SeriesNumber": 10,
    "ShimSetting": [
      -5613,
      -1502,
      3137,
      399,
      -11,
      -74,
      12,
      -8
    ],
    "SliceThickness": 1,
    "SoftwareVersions": "syngo_MR_E11",
    "StationName": "MRC35115",
    "TxRefAmp": 239.411,
    "WipMemBlock": "Prisma_epi_moco_navigator_ABCD_tfl.prot",
    "dataset": "ds002250",
    "modality": "T1w",
    "run_id": 1,
    "subject_id": "17"
  },
  "cjv": 0.3675231568713334,
  "cnr": 3.6151368129188044,
  "efc": 0.5627810832017736,
  "fber": 20887.623099750104,
  "fwhm_avg": 3.99781,
  "fwhm_x": 4.07746,
  "fwhm_y": 4.14278,
  "fwhm_z": 3.77319,
  "icvs_csf": 0.1763308906373923,
  "icvs_gm": 0.4473330668716049,
  "icvs_wm": 0.3763360424910028,
  "inu_med": 0.3367653489112854,
  "inu_range": 0.12069972604513168,
  "provenance": {
    "md5sum": "83c137600c057082d840a9bff6aec7fb",
    "settings": {
      "testing": false
    },
    "software": "mriqc",
    "version": "22.0.6",
    "warnings": {
      "large_rot_frame": true,
      "small_air_mask": false
    },
    "webapi_port": null,
    "webapi_url": "https://mriqc.nimh.nih.gov/api/v1"
  },
  "qi_1": 0.0,
  "qi_2": 0.0019082190277444225,
  "rpve_csf": 29.503271839043517,
  "rpve_gm": 12.4924951789569,
  "rpve_wm": 16.31442635980224,
  "size_x": 176,
  "size_y": 256,
  "size_z": 256,
  "snr_csf": 2.637010683522696,
  "snr_gm": 18.558283727454228,
  "snr_total": 16.767136211001006,
  "snr_wm": 29.1061142220261,
  "snrd_csf": 42.78890199310723,
  "snrd_gm": 93.37677758989773,
  "snrd_total": 84.30859038918199,
  "snrd_wm": 116.76009158454097,
  "spacing_x": 1.0,
  "spacing_y": 1.0,
  "spacing_z": 1.0,
  "summary_bg_k": 7.780493599262218,
  "summary_bg_mad": 0.0,
  "summary_bg_mean": 3.7020949558028455,
  "summary_bg_median": 0.0,
  "summary_bg_n": 2676800.0,
  "summary_bg_p05": 0.0,
  "summary_bg_p95": 14.85869656316936,
  "summary_bg_stdv": 5.611070610979365,
  "summary_csf_k": 0.04525343873966259,
  "summary_csf_mad": 120.37053924520782,
  "summary_csf_mean": 380.69632687944824,
  "summary_csf_median": 366.4756689593196,
  "summary_csf_n": 31113.0,
  "summary_csf_p05": 116.4611040428281,
  "summary_csf_p95": 607.4779002740977,
  "summary_csf_stdv": 138.97167037354458,
  "summary_gm_k": 0.24630838876003613,
  "summary_gm_mad": 41.69773703996673,
  "summary_gm_mean": 799.4031121825332,
  "summary_gm_median": 799.7474914882332,
  "summary_gm_n": 35148.0,
  "summary_gm_p05": 728.095554728061,
  "summary_gm_p95": 870.1175014860928,
  "summary_gm_stdv": 43.093215207605944,
  "summary_wm_k": 0.9629059837825085,
  "summary_wm_mad": 31.906831933897195,
  "summary_wm_mean": 1001.4883460820696,
  "summary_wm_median": 1000.0194134004414,
  "summary_wm_n": 212844.0,
  "summary_wm_p05": 948.1402257923037,
  "summary_wm_p95": 1059.706700379029,
  "summary_wm_stdv": 34.357628661299515,
  "tpm_overlap_csf": 0.12981675273677315,
  "tpm_overlap_gm": 0.4516649484403557,
  "tpm_overlap_wm": 0.49111367637867026,
  "wm2max": 0.9076901378653786
}