{
  "aor": 0.0019465829145728644,
  "aqi": 0.0033330730653266328,
  "bids_meta": {
    "AcquisitionMatrixPE": 70,
    "AcquisitionNumber": 1,
    "AcquisitionTime": "14:26:37.890000",
    "BandwidthPerPixelPhaseEncode": 57.143,
    "BaseResolution": 70,
    "BodyPartExamined": "BRAIN",
    "ConsistencyInfo": "N4_VE11C_LATEST_20160120",
    "ConversionSoftware": "dcm2niix",
    "ConversionSoftwareVersion": "v1.0.20181125  (JP2:OpenJPEG) (JP-LS:CharLS) GCC5.5.0",
    "DerivedVendorReportedEchoSpacing": 0.000499999,
    "DeviceSerialNumber": "167012",
    "DwellTime": 3e-06,
    "EchoTime": 0.03,
    "EchoTrainLength": 35,
    "EffectiveEchoSpacing": 0.000249999,
    "FlipAngle": 90,
    "ImageOrientationPatientDICOM": [
      0.998388,
      -0.00746309,
      0.0562568,
      0.00435627,
      0.998469,
      0.0551473
    ],
    "ImageType": [
      "ORIGINAL",
      "PRIMARY",
      "M",
      "ND",
      "MOSAIC"
    ],
    "ImagingFrequency": 123.253,
    "InPlanePhaseEncodingDirectionDICOM": "COL",
    "InstitutionAddress": "Vassar_Street_43_Cambridge_Boston_US_02139",
    "InstitutionName": "McGovern_Institute_for_Brain_Research_(3T1)",
    "InstitutionalDepartmentName": "Department",
    "MRAcquisitionType": "2D",
    "MagneticFieldStrength": 3,
    "Manufacturer": "Siemens",
    "ManufacturersModelName": "Prisma_fit",
    "Modality": "MR",
    "ParallelReductionFactorInPlane": 2,
    "PartialFourier": 1,
    "PatientPosition": "HFS",
    "PercentPhaseFOV": 100,
    "PhaseEncodingDirection": "j-",
    "PhaseEncodingSteps": 70,
    "PhaseResolution": 1,
    "PixelBandwidth": 2380,
    "ProcedureStepDescription": "Young_Emily",
    "ProtocolName": "FIRSTTHIRD",
    "PulseSequenceDetails": "%SiemensSeq%_ep2d_pace",
    "ReceiveCoilActiveElements": "HEA;HEP",
    "ReceiveCoilName": "Head_32",
    "ReconMatrixPE": 70,
    "RepetitionTime": 2,
    "SAR": 0.08771,
    "ScanOptions": "FS",
    "ScanningSequence": "EP",
    "SequenceName": "_epfid2d1_70",
    "SequenceVariant": "SK",
    "SeriesDescription": "FIRSTTHIRD",
    "SeriesNumber": 17,
    "ShimSetting": [
      -5597,
      -1540,
      3136,
      427,
      26,
      94,
      32,
      -31
    ],
    "SliceThickness": 3,
    "SliceTiming": [
      0,
      0.055,
      0.11,
      0.165,
      0.22,
      0.275,
      0.33,
      0.385,
      0.44,
      0.495,
      0.55,
      0.605,
      0.66,
      0.715,
      0.77,
      0.825,
      0.88,
      0.935,
      0.99,
      1.045,
      1.1,
      1.155,
      1.21,
      1.265,
      1.32,
      1.375,
      1.43,
      1.485,
      1.54,
      1.595,
      1.65,
      1.705,
      1.76,
      1.815,
      1.87,
      1.925
    ],
    "SoftwareVersions": "syngo_MR_E11",
    "SpacingBetweenSlices": 3.54,
    "StationName": "MRC35115",
    "TaskName": "firstthird",
    "TotalReadoutTime": 0.01725,
    "TxRefAmp": 221.83,
    "dataset": "ds002250",
    "modality": "bold",
    "run_id": 2,
    "subject_id": "03",
    "task_id": "firstthird"
  },
  "dummy_trs": 0,
  "dvars_nstd": 26.32919994510101,
  "dvars_std": 1.1971061467171722,
  "dvars_vstd": 1.0067038440404035,
  "efc": 0.5139920715152154,
  "fber": 620.0521850585938,
  "fd_mean": 0.22890605408586082,
  "fd_num": 103,
  "fd_perc": 51.75879396984924,
  "fwhm_avg": 2.8866777125160414,
  "fwhm_x": 2.7605,
  "fwhm_y": 3.0966799999999997,
  "fwhm_z": 2.802853137548125,
  "gcor": 0.0389963,
  "gsr_x": -0.009255548939108849,
  "gsr_y": 0.05559046193957329,
  "provenance": {
    "md5sum": "8d0e46cc9e6c1210807c4cc5409261db",
    "settings": {
      "fd_thres": 0.2,
      "testing": false
    },
    "software": "mriqc",
    "version": "22.0.6",
    "webapi_port": null,
    "webapi_url": "https://mriqc.nimh.nih.gov/api/v1"
  },
  "size_t": 199,
  "size_x": 70,
  "size_y": 70,
  "size_z": 36,
  "snr": 2.369427973324511,
  "spacing_tr": 2.0,
  "spacing_x": 3.0,
  "spacing_y": 3.0,
  "spacing_z": 3.5399999618530273,
  "summary_bg_k": 31.53154657527181,
  "summary_bg_mad": 5.155582315776891,
  "summary_bg_mean": 36.91872024536133,
  "summary_bg_median": 16.472362518310547,
  "summary_bg_n": 109782.0,
  "summary_bg_p05": 12.668341636657715,
  "summary_bg_p95": 142.51105041503897,
  "summary_bg_stdv": 61.239654541015625,
  "summary_fg_k": 0.7485510393142008,
  "summary_fg_mad": 167.73521186860725,
  "summary_fg_mean": 452.1459045410156,
  "summary_fg_median": 417.2060241699219,
  "summary_fg_n": 29595.0,
  "summary_fg_p05": 229.00301513671874,
  "summary_fg_p95": 784.8306640625,
  "summary_fg_stdv": 176.07582092285156,
  "tsnr": 68.29882642999291
}