{
  "aor": 0.003389296482412061,
  "aqi": 0.0037489568341708547,
  "bids_meta": {
    "AcquisitionMatrixPE": 70,
    "AcquisitionNumber": 1,
    "AcquisitionTime": "14:42:0.182500",
    "BandwidthPerPixelPhaseEncode": 57.143,
    "BaseResolution": 70,
    "BodyPartExamined": "BRAIN",
    "ConsistencyInfo": "N4_VE11C_LATEST_20160120",
    "ConversionSoftware": "dcm2niix",
    "ConversionSoftwareVersion": "v1.0.20181125  (JP2:OpenJPEG) (JP-LS:CharLS) GCC5.5.0",
    "DerivedVendorReportedEchoSpacing": 0.000499999,
    "DeviceSerialNumber": "167012",
    "DwellTime": 3e-06,
    "EchoTime": 0.03,
    "EchoTrainLength": 35,
    "EffectiveEchoSpacing": 0.000249999,
    "FlipAngle": 90,
    "ImageOrientationPatientDICOM": [
      0.998388,
      -0.00746309,
      0.0562568,
      0.00435627,
      0.998469,
      0.0551473
    ],
    "ImageType": [
      "ORIGINAL",
      "PRIMARY",
      "M",
      "ND",
      "MOSAIC"
    ],
    "ImagingFrequency": 123.253,
    "InPlanePhaseEncodingDirectionDICOM": "COL",
    "InstitutionAddress": "Vassar_Street_43_Cambridge_Boston_US_02139",
    "InstitutionName": "McGovern_Institute_for_Brain_Research_(3T1)",
    "InstitutionalDepartmentName": "Department",
    "MRAcquisitionType": "2D",
    "MagneticFieldStrength": 3,
    "Manufacturer": "Siemens",
    "ManufacturersModelName": "Prisma_fit",
    "Modality": "MR",
    "ParallelReductionFactorInPlane": 2,
    "PartialFourier": 1,
    "PatientPosition": "HFS",
    "PercentPhaseFOV": 100,
    "PhaseEncodingDirection": "j-",
    "PhaseEncodingSteps": 70,
    "PhaseResolution": 1,
    "PixelBandwidth": 2380,
    "ProcedureStepDescription": "Young_Emily",
    "ProtocolName": "FIRSTTHIRD",
    "PulseSequenceDetails": "%SiemensSeq%_ep2d_pace",
    "ReceiveCoilActiveElements": "HEA;HEP",
    "ReceiveCoilName": "Head_32",
    "ReconMatrixPE": 70,
    "RepetitionTime": 2,
    "SAR": 0.08771,
    "ScanOptions": "FS",
    "ScanningSequence": "EP",
    "SequenceName": "_epfid2d1_70",
    "SequenceVariant": "SK",
    "SeriesDescription": "FIRSTTHIRD",
    "SeriesNumber": 21,
    "ShimSetting": [
      -5597,
      -1540,
      3136,
      427,
      26,
      94,
      32,
      -31
    ],
    "SliceThickness": 3,
    "SliceTiming": [
      0,
      0.055,
      0.11,
      0.165,
      0.22,
      0.275,
      0.33,
      0.385,
      0.44,
      0.495,
      0.55,
      0.605,
      0.66,
      0.715,
      0.77,
      0.825,
      0.88,
      0.935,
      0.99,
      1.045,
      1.1,
      1.155,
      1.21,
      1.265,
      1.32,
      1.375,
      1.43,
      1.485,
      1.54,
      1.595,
      1.65,
      1.705,
      1.76,
      1.815,
      1.87,
      1.925
    ],
    "SoftwareVersions": "syngo_MR_E11",
    "SpacingBetweenSlices": 3.54,
    "StationName": "MRC35115",
    "TaskName": "firstthird",
    "TotalReadoutTime": 0.01725,
    "TxRefAmp": 221.83,
    "dataset": "ds002250",
    "modality": "bold",
    "run_id": 4,
    "subject_id": "03",
    "task_id": "firstthird"
  },
  "dummy_trs": 0,
  "dvars_nstd": 25.183478346262632,
  "dvars_std": 1.1737696416161618,
  "dvars_vstd": 1.007978486212121,
  "efc": 0.5139556463615392,
  "fber": 618.2679443359375,
  "fd_mean": 0.21760348727091397,
  "fd_num": 76,
  "fd_perc": 38.19095477386934,
  "fwhm_avg": 2.851105188837544,
  "fwhm_x": 2.759463333333333,
  "fwhm_y": 3.02942,
  "fwhm_z": 2.7644322331792996,
  "gcor": 0.061756,
  "gsr_x": -0.008605878800153732,
  "gsr_y": 0.05552157759666443,
  "provenance": {
    "md5sum": "97796223bf480d6970c429ca9b3248f1",
    "settings": {
      "fd_thres": 0.2,
      "testing": false
    },
    "software": "mriqc",
    "version": "22.0.6",
    "webapi_port": null,
    "webapi_url": "https://mriqc.nimh.nih.gov/api/v1"
  },
  "size_t": 199,
  "size_x": 70,
  "size_y": 70,
  "size_z": 36,
  "snr": 2.388725438042847,
  "spacing_tr": 2.0,
  "spacing_x": 3.0,
  "spacing_y": 3.0,
  "spacing_z": 3.5399999618530273,
  "summary_bg_k": 30.432944871645276,
  "summary_bg_mad": 5.185383500392448,
  "summary_bg_mean": 37.42041015625,
  "summary_bg_median": 16.542713165283203,
  "summary_bg_n": 110284.0,
  "summary_bg_p05": 12.68844223022461,
  "summary_bg_p95": 146.06958999633784,
  "summary_bg_stdv": 62.45640563964844,
  "summary_fg_k": 0.6941269093441318,
  "summary_fg_mad": 165.7981193154798,
  "summary_fg_mean": 450.9626770019531,
  "summary_fg_median": 415.9296569824219,
  "summary_fg_n": 29477.0,
  "summary_fg_p05": 229.5256286621094,
  "summary_fg_p95": 777.6220825195309,
  "summary_fg_stdv": 174.11904907226562,
  "tsnr": 63.025886388495564
}