{
  "aor": 0.004717989949748744,
  "aqi": 0.0031494703015075374,
  "bids_meta": {
    "AcquisitionMatrixPE": 70,
    "AcquisitionNumber": 1,
    "AcquisitionTime": "14:34:24.450000",
    "BandwidthPerPixelPhaseEncode": 57.143,
    "BaseResolution": 70,
    "BodyPartExamined": "BRAIN",
    "ConsistencyInfo": "N4_VE11C_LATEST_20160120",
    "ConversionSoftware": "dcm2niix",
    "ConversionSoftwareVersion": "v1.0.20181125  (JP2:OpenJPEG) (JP-LS:CharLS) GCC5.5.0",
    "DerivedVendorReportedEchoSpacing": 0.000499999,
    "DeviceSerialNumber": "167012",
    "DwellTime": 3e-06,
    "EchoTime": 0.03,
    "EchoTrainLength": 35,
    "EffectiveEchoSpacing": 0.000249999,
    "FlipAngle": 90,
    "ImageOrientationPatientDICOM": [
      0.998388,
      -0.00746309,
      0.0562568,
      0.00435627,
      0.998469,
      0.0551473
    ],
    "ImageType": [
      "ORIGINAL",
      "PRIMARY",
      "M",
      "ND",
      "MOSAIC"
    ],
    "ImagingFrequency": 123.253,
    "InPlanePhaseEncodingDirectionDICOM": "COL",
    "InstitutionAddress": "Vassar_Street_43_Cambridge_Boston_US_02139",
    "InstitutionName": "McGovern_Institute_for_Brain_Research_(3T1)",
    "InstitutionalDepartmentName": "Department",
    "MRAcquisitionType": "2D",
    "MagneticFieldStrength": 3,
    "Manufacturer": "Siemens",
    "ManufacturersModelName": "Prisma_fit",
    "Modality": "MR",
    "ParallelReductionFactorInPlane": 2,
    "PartialFourier": 1,
    "PatientPosition": "HFS",
    "PercentPhaseFOV": 100,
    "PhaseEncodingDirection": "j-",
    "PhaseEncodingSteps": 70,
    "PhaseResolution": 1,
    "PixelBandwidth": 2380,
    "ProcedureStepDescription": "Young_Emily",
    "ProtocolName": "FIRSTTHIRD",
    "PulseSequenceDetails": "%SiemensSeq%_ep2d_pace",
    "ReceiveCoilActiveElements": "HEA;HEP",
    "ReceiveCoilName": "Head_32",
    "ReconMatrixPE": 70,
    "RepetitionTime": 2,
    "SAR": 0.08771,
    "ScanOptions": "FS",
    "ScanningSequence": "EP",
    "SequenceName": "_epfid2d1_70",
    "SequenceVariant": "SK",
    "SeriesDescription": "FIRSTTHIRD",
    "SeriesNumber": 19,
    "ShimSetting": [
      -5597,
      -1540,
      3136,
      427,
      26,
      94,
      32,
      -31
    ],
    "SliceThickness": 3,
    "SliceTiming": [
      0,
      0.055,
      0.11,
      0.165,
      0.22,
      0.275,
      0.33,
      0.385,
      0.44,
      0.495,
      0.55,
      0.605,
      0.66,
      0.715,
      0.77,
      0.825,
      0.88,
      0.935,
      0.99,
      1.045,
      1.1,
      1.155,
      1.21,
      1.265,
      1.32,
      1.375,
      1.43,
      1.485,
      1.54,
      1.595,
      1.65,
      1.705,
      1.76,
      1.815,
      1.87,
      1.925
    ],
    "SoftwareVersions": "syngo_MR_E11",
    "SpacingBetweenSlices": 3.54,
    "StationName": "MRC35115",
    "TaskName": "firstthird",
    "TotalReadoutTime": 0.01725,
    "TxRefAmp": 221.83,
    "dataset": "ds002250",
    "modality": "bold",
    "run_id": 3,
    "subject_id": "03",
    "task_id": "firstthird"
  },
  "dummy_trs": 0,
  "dvars_nstd": 22.654134615454538,
  "dvars_std": 1.1139409716161617,
  "dvars_vstd": 1.0005456069191916,
  "efc": 0.5136495210937883,
  "fber": 635.0806884765625,
  "fd_mean": 0.1809546573275005,
  "fd_num": 29,
  "fd_perc": 14.57286432160804,
  "fwhm_avg": 2.833797392151212,
  "fwhm_x": 2.7351533333333333,
  "fwhm_y": 3.0230099999999998,
  "fwhm_z": 2.7432288431203036,
  "gcor": 0.047699,
  "gsr_x": -0.007018638774752617,
  "gsr_y": 0.053923092782497406,
  "provenance": {
    "md5sum": "86ff5a86334bd18f5ba0968f82ba2078",
    "settings": {
      "fd_thres": 0.2,
      "testing": false
    },
    "software": "mriqc",
    "version": "22.0.6",
    "webapi_port": null,
    "webapi_url": "https://mriqc.nimh.nih.gov/api/v1"
  },
  "size_t": 199,
  "size_x": 70,
  "size_y": 70,
  "size_z": 36,
  "snr": 2.466038965700212,
  "spacing_tr": 2.0,
  "spacing_x": 3.0,
  "spacing_y": 3.0,
  "spacing_z": 3.5399999618530273,
  "summary_bg_k": 30.639327403985718,
  "summary_bg_mad": 4.775618272368279,
  "summary_bg_mean": 36.05083084106445,
  "summary_bg_median": 16.105527877807617,
  "summary_bg_n": 110418.0,
  "summary_bg_p05": 12.52763843536377,
  "summary_bg_p95": 140.52838897705075,
  "summary_bg_stdv": 59.76900863647461,
  "summary_fg_k": 0.6114395390527494,
  "summary_fg_mad": 161.08960849788326,
  "summary_fg_mean": 441.22601318359375,
  "summary_fg_median": 409.25628662109375,
  "summary_fg_n": 29367.0,
  "summary_fg_p05": 228.52411956787108,
  "summary_fg_p95": 753.8130554199216,
  "summary_fg_stdv": 165.95411682128906,
  "tsnr": 63.906269922852516
}