{
  "aor": 0.001924874371859296,
  "aqi": 0.002170616432160804,
  "bids_meta": {
    "AcquisitionMatrixPE": 70,
    "AcquisitionNumber": 1,
    "AcquisitionTime": "14:19:5.505000",
    "BandwidthPerPixelPhaseEncode": 57.143,
    "BaseResolution": 70,
    "BodyPartExamined": "BRAIN",
    "ConsistencyInfo": "N4_VE11C_LATEST_20160120",
    "ConversionSoftware": "dcm2niix",
    "ConversionSoftwareVersion": "v1.0.20181125  (JP2:OpenJPEG) (JP-LS:CharLS) GCC5.5.0",
    "DerivedVendorReportedEchoSpacing": 0.000499999,
    "DeviceSerialNumber": "167012",
    "DwellTime": 3e-06,
    "EchoTime": 0.03,
    "EchoTrainLength": 35,
    "EffectiveEchoSpacing": 0.000249999,
    "FlipAngle": 90,
    "ImageOrientationPatientDICOM": [
      0.998388,
      -0.00746309,
      0.0562568,
      0.00435627,
      0.998469,
      0.0551473
    ],
    "ImageType": [
      "ORIGINAL",
      "PRIMARY",
      "M",
      "ND",
      "MOSAIC"
    ],
    "ImagingFrequency": 123.253,
    "InPlanePhaseEncodingDirectionDICOM": "COL",
    "InstitutionAddress": "Vassar_Street_43_Cambridge_Boston_US_02139",
    "InstitutionName": "McGovern_Institute_for_Brain_Research_(3T1)",
    "InstitutionalDepartmentName": "Department",
    "MRAcquisitionType": "2D",
    "MagneticFieldStrength": 3,
    "Manufacturer": "Siemens",
    "ManufacturersModelName": "Prisma_fit",
    "Modality": "MR",
    "ParallelReductionFactorInPlane": 2,
    "PartialFourier": 1,
    "PatientPosition": "HFS",
    "PercentPhaseFOV": 100,
    "PhaseEncodingDirection": "j-",
    "PhaseEncodingSteps": 70,
    "PhaseResolution": 1,
    "PixelBandwidth": 2380,
    "ProcedureStepDescription": "Young_Emily",
    "ProtocolName": "FIRSTTHIRD",
    "PulseSequenceDetails": "%SiemensSeq%_ep2d_pace",
    "ReceiveCoilActiveElements": "HEA;HEP",
    "ReceiveCoilName": "Head_32",
    "ReconMatrixPE": 70,
    "RepetitionTime": 2,
    "SAR": 0.08771,
    "ScanOptions": "FS",
    "ScanningSequence": "EP",
    "SequenceName": "_epfid2d1_70",
    "SequenceVariant": "SK",
    "SeriesDescription": "FIRSTTHIRD",
    "SeriesNumber": 15,
    "ShimSetting": [
      -5597,
      -1540,
      3136,
      427,
      26,
      94,
      32,
      -31
    ],
    "SliceThickness": 3,
    "SliceTiming": [
      0,
      0.055,
      0.11,
      0.165,
      0.22,
      0.275,
      0.33,
      0.385,
      0.44,
      0.495,
      0.55,
      0.605,
      0.66,
      0.715,
      0.77,
      0.825,
      0.88,
      0.935,
      0.99,
      1.045,
      1.1,
      1.155,
      1.21,
      1.265,
      1.32,
      1.375,
      1.43,
      1.485,
      1.54,
      1.595,
      1.65,
      1.705,
      1.76,
      1.815,
      1.87,
      1.925
    ],
    "SoftwareVersions": "syngo_MR_E11",
    "SpacingBetweenSlices": 3.54,
    "StationName": "MRC35115",
    "TaskName": "firstthird",
    "TotalReadoutTime": 0.01725,
    "TxRefAmp": 221.83,
    "dataset": "ds002250",
    "modality": "bold",
    "run_id": 1,
    "subject_id": "03",
    "task_id": "firstthird"
  },
  "dummy_trs": 0,
  "dvars_nstd": 18.70614281050505,
  "dvars_std": 1.1280772031818183,
  "dvars_vstd": 1.0285477708080808,
  "efc": 0.5130199000424646,
  "fber": 634.5450439453125,
  "fd_mean": 0.12506470715572152,
  "fd_num": 13,
  "fd_perc": 6.532663316582915,
  "fwhm_avg": 2.8767915354692466,
  "fwhm_x": 2.755133333333333,
  "fwhm_y": 3.0786,
  "fwhm_z": 2.7966412730744064,
  "gcor": 0.0196594,
  "gsr_x": -0.007947267033159733,
  "gsr_y": 0.05253755301237106,
  "provenance": {
    "md5sum": "589d5adfae9a245f3b0061ca3e40c000",
    "settings": {
      "fd_thres": 0.2,
      "testing": false
    },
    "software": "mriqc",
    "version": "22.0.6",
    "webapi_port": null,
    "webapi_url": "https://mriqc.nimh.nih.gov/api/v1"
  },
  "size_t": 199,
  "size_x": 70,
  "size_y": 70,
  "size_z": 36,
  "snr": 2.4136629379116115,
  "spacing_tr": 2.0,
  "spacing_x": 3.0,
  "spacing_y": 3.0,
  "spacing_z": 3.5399999618530273,
  "summary_bg_k": 30.991384103426753,
  "summary_bg_mad": 4.716015903137164,
  "summary_bg_mean": 35.662445068359375,
  "summary_bg_median": 16.060300827026367,
  "summary_bg_n": 110053.0,
  "summary_bg_p05": 12.52763843536377,
  "summary_bg_p95": 138.52261352539062,
  "summary_bg_stdv": 58.755245208740234,
  "summary_fg_k": 0.6511022659731842,
  "summary_fg_mad": 163.2054204956853,
  "summary_fg_mean": 443.21820068359375,
  "summary_fg_median": 410.15576171875,
  "summary_fg_n": 29573.0,
  "summary_fg_p05": 226.2120574951172,
  "summary_fg_p95": 762.5507446289062,
  "summary_fg_stdv": 169.92796325683594,
  "tsnr": 79.66177638992667
}