{
  "bids_meta": {
    "AcquisitionMatrixPE": 256,
    "AcquisitionNumber": 1,
    "AcquisitionTime": "11:15:17.715000",
    "BaseResolution": 256,
    "BodyPartExamined": "BRAIN",
    "ConsistencyInfo": "N4_VE11C_LATEST_20160120",
    "ConversionSoftware": "dcm2niix",
    "ConversionSoftwareVersion": "v1.0.20181125  (JP2:OpenJPEG) (JP-LS:CharLS) GCC5.5.0",
    "DeviceSerialNumber": "167012",
    "DwellTime": 3e-06,
    "EchoTime": 0.00169,
    "FlipAngle": 7,
    "ImageOrientationPatientDICOM": [
      0.0271251,
      0.927792,
      -0.37211,
      -0.0695691,
      -0.369592,
      -0.926586
    ],
    "ImageType": [
      "ORIGINAL",
      "PRIMARY",
      "OTHER",
      "ND",
      "NORM",
      "MEAN"
    ],
    "ImagingFrequency": 123.254,
    "InPlanePhaseEncodingDirectionDICOM": "ROW",
    "InstitutionAddress": "Vassar_Street_43_Cambridge_Boston_US_02139",
    "InstitutionName": "MIT",
    "InstitutionalDepartmentName": "Department",
    "InversionTime": 1.4,
    "MRAcquisitionType": "3D",
    "MagneticFieldStrength": 3,
    "Manufacturer": "Siemens",
    "ManufacturersModelName": "Prisma_fit",
    "Modality": "MR",
    "PartialFourier": 1,
    "PatientPosition": "HFS",
    "PercentPhaseFOV": 100,
    "PhaseEncodingSteps": 255,
    "PhaseResolution": 1,
    "PixelBandwidth": 650,
    "ProcedureStepDescription": "Young_Emily",
    "ProtocolName": "T1w_MPRAGE_FourEcho_vNav",
    "PulseSequenceDetails": "%CustomerSeq%_tfl_mgh_epinav_ABCD",
    "ReceiveCoilActiveElements": "HEA;HEP",
    "ReceiveCoilName": "Head_32",
    "ReconMatrixPE": 256,
    "RepetitionTime": 2.53,
    "SAR": 0.0322508,
    "ScanOptions": "IR_WE",
    "ScanningSequence": "GR_IR",
    "SequenceName": "tfl3d4_16ns",
    "SequenceVariant": "SK_SP_MP",
    "SeriesDescription": "T1w_MPRAGE_FourEcho_vNav_RMS",
    "SeriesNumber": 10,
    "ShimSetting": [
      -5622,
      -1442,
      3117,
      339,
      -48,
      30,
      -117,
      -16
    ],
    "SliceThickness": 1,
    "SoftwareVersions": "syngo_MR_E11",
    "StationName": "MRC35115",
    "TxRefAmp": 221.035,
    "WipMemBlock": "Prisma_epi_moco_navigator_ABCD_tfl.prot",
    "dataset": "ds002250",
    "modality": "T1w",
    "run_id": 1,
    "subject_id": "09"
  },
  "cjv": 0.3639151092344914,
  "cnr": 3.5242393097068954,
  "efc": 0.5377156589436457,
  "fber": 14975.505851074151,
  "fwhm_avg": 3.70191,
  "fwhm_x": 3.88543,
  "fwhm_y": 3.83193,
  "fwhm_z": 3.38837,
  "icvs_csf": 0.22354122788121886,
  "icvs_gm": 0.42315577911712815,
  "icvs_wm": 0.353302993001653,
  "inu_med": 0.33934077620506287,
  "inu_range": 0.09633049368858337,
  "provenance": {
    "md5sum": "a849753457af53a9943dd860f99f0181",
    "settings": {
      "testing": false
    },
    "software": "mriqc",
    "version": "22.0.6",
    "warnings": {
      "large_rot_frame": true,
      "small_air_mask": false
    },
    "webapi_port": null,
    "webapi_url": "https://mriqc.nimh.nih.gov/api/v1"
  },
  "qi_1": 0.0,
  "qi_2": 0.002125191666109477,
  "rpve_csf": 26.148068018867278,
  "rpve_gm": 14.066993564809447,
  "rpve_wm": 19.18495489211076,
  "size_x": 176,
  "size_y": 256,
  "size_z": 256,
  "snr_csf": 3.2931029821336133,
  "snr_gm": 15.656830422833155,
  "snr_total": 16.801784516811495,
  "snr_wm": 31.45542014546772,
  "snrd_csf": 49.82005996727028,
  "snrd_gm": 122.50236425192176,
  "snrd_total": 109.20930422096984,
  "snrd_wm": 155.30548844371748,
  "spacing_x": 1.0,
  "spacing_y": 1.0,
  "spacing_z": 1.0,
  "summary_bg_k": 5.656555678900887,
  "summary_bg_mad": 4.218372577644332,
  "summary_bg_mean": 4.89190809388745,
  "summary_bg_median": 2.845249066129327,
  "summary_bg_n": 2768431.0,
  "summary_bg_p05": 0.0,
  "summary_bg_p95": 18.56095363944769,
  "summary_bg_stdv": 6.579383048107521,
  "summary_csf_k": 2.0247045458793576,
  "summary_csf_mad": 60.61433348145312,
  "summary_csf_mean": 337.20151978592787,
  "summary_csf_median": 320.78751048259437,
  "summary_csf_n": 46519.0,
  "summary_csf_p05": 207.39765172638,
  "summary_csf_p95": 528.1106892468407,
  "summary_csf_stdv": 97.41088094882016,
  "summary_gm_k": 0.4718191075084506,
  "summary_gm_mad": 46.7984555090341,
  "summary_gm_mean": 788.6928811070527,
  "summary_gm_median": 788.7832427825779,
  "summary_gm_n": 19426.0,
  "summary_gm_p05": 705.7840812662616,
  "summary_gm_p95": 871.2525005298667,
  "summary_gm_stdv": 50.378200374144036,
  "summary_wm_k": 0.4799624984402526,
  "summary_wm_mad": 30.06652132522336,
  "summary_wm_mean": 1000.1642594914599,
  "summary_wm_median": 1000.0000207722187,
  "summary_wm_n": 179821.0,
  "summary_wm_p05": 948.1171904858202,
  "summary_wm_p95": 1052.3793374728411,
  "summary_wm_stdv": 31.790935730658404,
  "tpm_overlap_csf": 0.15446458706148722,
  "tpm_overlap_gm": 0.4473939708341431,
  "tpm_overlap_wm": 0.48580263686336655,
  "wm2max": 0.920238283515209
}