{
  "aor": 0.012306231155778894,
  "aqi": 0.004802103165829147,
  "bids_meta": {
    "AcquisitionMatrixPE": 70,
    "AcquisitionNumber": 1,
    "AcquisitionTime": "10:40:14.000000",
    "BandwidthPerPixelPhaseEncode": 57.143,
    "BaseResolution": 70,
    "BodyPartExamined": "BRAIN",
    "ConsistencyInfo": "N4_VE11C_LATEST_20160120",
    "ConversionSoftware": "dcm2niix",
    "ConversionSoftwareVersion": "v1.0.20181125  (JP2:OpenJPEG) (JP-LS:CharLS) GCC5.5.0",
    "DerivedVendorReportedEchoSpacing": 0.000499999,
    "DeviceSerialNumber": "167012",
    "DwellTime": 3e-06,
    "EchoTime": 0.03,
    "EchoTrainLength": 35,
    "EffectiveEchoSpacing": 0.000249999,
    "FlipAngle": 90,
    "ImageOrientationPatientDICOM": [
      0.994249,
      0.0501287,
      -0.0946369,
      -0.0543687,
      0.997605,
      -0.0427681
    ],
    "ImageType": [
      "ORIGINAL",
      "PRIMARY",
      "M",
      "ND",
      "MOSAIC"
    ],
    "ImagingFrequency": 123.254,
    "InPlanePhaseEncodingDirectionDICOM": "COL",
    "InstitutionAddress": "Vassar_Street_43_Cambridge_Boston_US_02139",
    "InstitutionName": "MIT",
    "InstitutionalDepartmentName": "Department",
    "MRAcquisitionType": "2D",
    "MagneticFieldStrength": 3,
    "Manufacturer": "Siemens",
    "ManufacturersModelName": "Prisma_fit",
    "Modality": "MR",
    "ParallelReductionFactorInPlane": 2,
    "PartialFourier": 1,
    "PatientPosition": "HFS",
    "PercentPhaseFOV": 100,
    "PhaseEncodingDirection": "j-",
    "PhaseEncodingSteps": 70,
    "PhaseResolution": 1,
    "PixelBandwidth": 2380,
    "ProcedureStepDescription": "Young_Emily",
    "ProtocolName": "FIRSTTHIRD",
    "PulseSequenceDetails": "%SiemensSeq%_ep2d_pace",
    "ReceiveCoilActiveElements": "HEA;HEP",
    "ReceiveCoilName": "Head_32",
    "ReconMatrixPE": 70,
    "RepetitionTime": 2,
    "SAR": 0.119935,
    "ScanOptions": "FS",
    "ScanningSequence": "EP",
    "SequenceName": "_epfid2d1_70",
    "SequenceVariant": "SK",
    "SeriesDescription": "FIRSTTHIRD",
    "SeriesNumber": 25,
    "ShimSetting": [
      -5654,
      -1540,
      3192,
      518,
      -69,
      142,
      46,
      -18
    ],
    "SliceThickness": 3,
    "SliceTiming": [
      0,
      0.055,
      0.11,
      0.165,
      0.22,
      0.275,
      0.33,
      0.385,
      0.44,
      0.495,
      0.55,
      0.605,
      0.66,
      0.715,
      0.77,
      0.825,
      0.88,
      0.935,
      0.99,
      1.045,
      1.1,
      1.155,
      1.21,
      1.265,
      1.32,
      1.375,
      1.43,
      1.485,
      1.54,
      1.595,
      1.65,
      1.705,
      1.76,
      1.815,
      1.87,
      1.925
    ],
    "SoftwareVersions": "syngo_MR_E11",
    "SpacingBetweenSlices": 3.54,
    "StationName": "MRC35115",
    "TaskName": "firstthird",
    "TotalReadoutTime": 0.01725,
    "TxRefAmp": 236.303,
    "dataset": "ds002250",
    "modality": "bold",
    "run_id": 3,
    "subject_id": "12",
    "task_id": "firstthird"
  },
  "dummy_trs": 0,
  "dvars_nstd": 33.34373446171716,
  "dvars_std": 1.2512594454545451,
  "dvars_vstd": 1.0749588837878787,
  "efc": 0.5251508716320111,
  "fber": 506.8801574707031,
  "fd_mean": 0.3427840104911358,
  "fd_num": 74,
  "fd_perc": 37.185929648241206,
  "fwhm_avg": 2.7714262433834356,
  "fwhm_x": 2.6571933333333333,
  "fwhm_y": 2.9115966666666666,
  "fwhm_z": 2.745488730150306,
  "gcor": 0.0527329,
  "gsr_x": 0.023009024560451508,
  "gsr_y": 0.013832975178956985,
  "provenance": {
    "md5sum": "e3a82fa735481a754bbb675cefa5cbd1",
    "settings": {
      "fd_thres": 0.2,
      "testing": false
    },
    "software": "mriqc",
    "version": "22.0.6",
    "webapi_port": null,
    "webapi_url": "https://mriqc.nimh.nih.gov/api/v1"
  },
  "size_t": 199,
  "size_x": 70,
  "size_y": 70,
  "size_z": 36,
  "snr": 2.6304288286334847,
  "spacing_tr": 2.0,
  "spacing_x": 3.0,
  "spacing_y": 3.0,
  "spacing_z": 3.5399999618530273,
  "summary_bg_k": 23.320391283046792,
  "summary_bg_mad": 5.7665016516770145,
  "summary_bg_mean": 35.08596420288086,
  "summary_bg_median": 17.01507568359375,
  "summary_bg_n": 110784.0,
  "summary_bg_p05": 12.572864532470703,
  "summary_bg_p95": 140.82260589599602,
  "summary_bg_stdv": 53.04327392578125,
  "summary_fg_k": 0.13270737666852872,
  "summary_fg_mad": 147.35501917464063,
  "summary_fg_mean": 413.45135498046875,
  "summary_fg_median": 387.5477294921875,
  "summary_fg_n": 30256.0,
  "summary_fg_p05": 215.83919143676758,
  "summary_fg_p95": 688.0301361083984,
  "summary_fg_stdv": 147.33009338378906,
  "tsnr": 45.976368638686836
}