{
  "aor": 0.006149044117647059,
  "aqi": 0.0034824775,
  "bids_meta": {
    "AcquisitionMatrixPE": 70,
    "AcquisitionNumber": 1,
    "AcquisitionTime": "09:58:8.062500",
    "BandwidthPerPixelPhaseEncode": 57.143,
    "BaseResolution": 70,
    "BodyPartExamined": "BRAIN",
    "ConsistencyInfo": "N4_VE11C_LATEST_20160120",
    "ConversionSoftware": "dcm2niix",
    "ConversionSoftwareVersion": "v1.0.20181125  (JP2:OpenJPEG) (JP-LS:CharLS) GCC5.5.0",
    "DerivedVendorReportedEchoSpacing": 0.000499999,
    "DeviceSerialNumber": "167012",
    "DwellTime": 3e-06,
    "EchoTime": 0.03,
    "EchoTrainLength": 35,
    "EffectiveEchoSpacing": 0.000249999,
    "FlipAngle": 90,
    "ImageOrientationPatientDICOM": [
      0.994249,
      0.0501287,
      -0.0946369,
      -0.0543687,
      0.997605,
      -0.0427681
    ],
    "ImageType": [
      "ORIGINAL",
      "PRIMARY",
      "M",
      "ND",
      "MOSAIC"
    ],
    "ImagingFrequency": 123.254,
    "InPlanePhaseEncodingDirectionDICOM": "COL",
    "InstitutionAddress": "Vassar_Street_43_Cambridge_Boston_US_02139",
    "InstitutionName": "MIT",
    "InstitutionalDepartmentName": "Department",
    "MRAcquisitionType": "2D",
    "MagneticFieldStrength": 3,
    "Manufacturer": "Siemens",
    "ManufacturersModelName": "Prisma_fit",
    "Modality": "MR",
    "ParallelReductionFactorInPlane": 2,
    "PartialFourier": 1,
    "PatientPosition": "HFS",
    "PercentPhaseFOV": 100,
    "PhaseEncodingDirection": "j-",
    "PhaseEncodingSteps": 70,
    "PhaseResolution": 1,
    "PixelBandwidth": 2380,
    "ProcedureStepDescription": "Young_Emily",
    "ProtocolName": "tom_localizer",
    "PulseSequenceDetails": "%SiemensSeq%_ep2d_pace",
    "ReceiveCoilActiveElements": "HEA;HEP",
    "ReceiveCoilName": "Head_32",
    "ReconMatrixPE": 70,
    "RepetitionTime": 2,
    "SAR": 0.119733,
    "ScanOptions": "FS",
    "ScanningSequence": "EP",
    "SequenceName": "_epfid2d1_70",
    "SequenceVariant": "SK",
    "SeriesDescription": "tom_localizer",
    "SeriesNumber": 11,
    "ShimSetting": [
      -5655,
      -1540,
      3197,
      540,
      -70,
      147,
      49,
      -20
    ],
    "SliceThickness": 3,
    "SliceTiming": [
      0,
      0.055,
      0.11,
      0.165,
      0.22,
      0.275,
      0.33,
      0.385,
      0.44,
      0.495,
      0.55,
      0.605,
      0.66,
      0.715,
      0.77,
      0.825,
      0.88,
      0.935,
      0.99,
      1.045,
      1.1,
      1.155,
      1.21,
      1.265,
      1.32,
      1.375,
      1.43,
      1.485,
      1.54,
      1.595,
      1.65,
      1.705,
      1.76,
      1.815,
      1.87,
      1.925
    ],
    "SoftwareVersions": "syngo_MR_E11",
    "SpacingBetweenSlices": 3.54,
    "StationName": "MRC35115",
    "TaskName": "tom",
    "TotalReadoutTime": 0.01725,
    "TxRefAmp": 236.303,
    "dataset": "ds002250",
    "modality": "bold",
    "run_id": 1,
    "subject_id": "12",
    "task_id": "tom"
  },
  "dummy_trs": 0,
  "dvars_nstd": 28.418307608222225,
  "dvars_std": 1.1932020260740739,
  "dvars_vstd": 1.0324016424444444,
  "efc": 0.5202727399879802,
  "fber": 556.0098266601562,
  "fd_mean": 0.2905664767624086,
  "fd_num": 59,
  "fd_perc": 43.38235294117647,
  "fwhm_avg": 2.6588924011708586,
  "fwhm_x": 2.52644,
  "fwhm_y": 2.817406666666667,
  "fwhm_z": 2.6328305368459084,
  "gcor": 0.0446348,
  "gsr_x": 0.02247702330350876,
  "gsr_y": 0.017859989777207375,
  "provenance": {
    "md5sum": "d8832a8ec37032cb58278e6b2b9a14b4",
    "settings": {
      "fd_thres": 0.2,
      "testing": false
    },
    "software": "mriqc",
    "version": "22.0.6",
    "webapi_port": null,
    "webapi_url": "https://mriqc.nimh.nih.gov/api/v1"
  },
  "size_t": 136,
  "size_x": 70,
  "size_y": 70,
  "size_z": 36,
  "snr": 2.8011259811221882,
  "spacing_tr": 2.0,
  "spacing_x": 3.0,
  "spacing_y": 3.0,
  "spacing_z": 3.5399999618530273,
  "summary_bg_k": 26.277591519404893,
  "summary_bg_mad": 5.13460116198317,
  "summary_bg_mean": 32.245880126953125,
  "summary_bg_median": 16.066177368164062,
  "summary_bg_n": 111607.0,
  "summary_bg_p05": 12.125,
  "summary_bg_p95": 125.76470947265625,
  "summary_bg_stdv": 48.12223434448242,
  "summary_fg_k": -0.07651655188417772,
  "summary_fg_mad": 138.55788253989417,
  "summary_fg_mean": 402.0389404296875,
  "summary_fg_median": 380.683837890625,
  "summary_fg_n": 29399.0,
  "summary_fg_p05": 215.54117279052736,
  "summary_fg_p95": 651.6735412597656,
  "summary_fg_stdv": 135.90155029296875,
  "tsnr": 52.65231679729186
}