{
  "aor": 0.007189296482412061,
  "aqi": 0.0038572789447236184,
  "bids_meta": {
    "AcquisitionMatrixPE": 70,
    "AcquisitionNumber": 1,
    "AcquisitionTime": "10:32:11.357500",
    "BandwidthPerPixelPhaseEncode": 57.143,
    "BaseResolution": 70,
    "BodyPartExamined": "BRAIN",
    "ConsistencyInfo": "N4_VE11C_LATEST_20160120",
    "ConversionSoftware": "dcm2niix",
    "ConversionSoftwareVersion": "v1.0.20181125  (JP2:OpenJPEG) (JP-LS:CharLS) GCC5.5.0",
    "DerivedVendorReportedEchoSpacing": 0.000499999,
    "DeviceSerialNumber": "167012",
    "DwellTime": 3e-06,
    "EchoTime": 0.03,
    "EchoTrainLength": 35,
    "EffectiveEchoSpacing": 0.000249999,
    "FlipAngle": 90,
    "ImageOrientationPatientDICOM": [
      0.994249,
      0.0501287,
      -0.0946369,
      -0.0543687,
      0.997605,
      -0.0427681
    ],
    "ImageType": [
      "ORIGINAL",
      "PRIMARY",
      "M",
      "ND",
      "MOSAIC"
    ],
    "ImagingFrequency": 123.254,
    "InPlanePhaseEncodingDirectionDICOM": "COL",
    "InstitutionAddress": "Vassar_Street_43_Cambridge_Boston_US_02139",
    "InstitutionName": "MIT",
    "InstitutionalDepartmentName": "Department",
    "MRAcquisitionType": "2D",
    "MagneticFieldStrength": 3,
    "Manufacturer": "Siemens",
    "ManufacturersModelName": "Prisma_fit",
    "Modality": "MR",
    "ParallelReductionFactorInPlane": 2,
    "PartialFourier": 1,
    "PatientPosition": "HFS",
    "PercentPhaseFOV": 100,
    "PhaseEncodingDirection": "j-",
    "PhaseEncodingSteps": 70,
    "PhaseResolution": 1,
    "PixelBandwidth": 2380,
    "ProcedureStepDescription": "Young_Emily",
    "ProtocolName": "FIRSTTHIRD",
    "PulseSequenceDetails": "%SiemensSeq%_ep2d_pace",
    "ReceiveCoilActiveElements": "HEA;HEP",
    "ReceiveCoilName": "Head_32",
    "ReconMatrixPE": 70,
    "RepetitionTime": 2,
    "SAR": 0.119935,
    "ScanOptions": "FS",
    "ScanningSequence": "EP",
    "SequenceName": "_epfid2d1_70",
    "SequenceVariant": "SK",
    "SeriesDescription": "FIRSTTHIRD",
    "SeriesNumber": 23,
    "ShimSetting": [
      -5654,
      -1540,
      3192,
      518,
      -69,
      142,
      46,
      -18
    ],
    "SliceThickness": 3,
    "SliceTiming": [
      0,
      0.055,
      0.11,
      0.165,
      0.22,
      0.275,
      0.33,
      0.385,
      0.44,
      0.495,
      0.55,
      0.605,
      0.66,
      0.715,
      0.77,
      0.825,
      0.88,
      0.935,
      0.99,
      1.045,
      1.1,
      1.155,
      1.21,
      1.265,
      1.32,
      1.375,
      1.43,
      1.485,
      1.54,
      1.595,
      1.65,
      1.705,
      1.76,
      1.815,
      1.87,
      1.925
    ],
    "SoftwareVersions": "syngo_MR_E11",
    "SpacingBetweenSlices": 3.54,
    "StationName": "MRC35115",
    "TaskName": "firstthird",
    "TotalReadoutTime": 0.01725,
    "TxRefAmp": 236.303,
    "dataset": "ds002250",
    "modality": "bold",
    "run_id": 2,
    "subject_id": "12",
    "task_id": "firstthird"
  },
  "dummy_trs": 0,
  "dvars_nstd": 30.127068991464657,
  "dvars_std": 1.1637856464141412,
  "dvars_vstd": 1.009353782979798,
  "efc": 0.5240586944349959,
  "fber": 523.0723266601562,
  "fd_mean": 0.28680338581505616,
  "fd_num": 68,
  "fd_perc": 34.17085427135678,
  "fwhm_avg": 2.7856026840705947,
  "fwhm_x": 2.6669666666666667,
  "fwhm_y": 2.941793333333333,
  "fwhm_z": 2.7480480522117836,
  "gcor": 0.186325,
  "gsr_x": 0.02232309617102146,
  "gsr_y": 0.013628223910927773,
  "provenance": {
    "md5sum": "f88c9a8cedcbe1006cae7f0a6c7f0c54",
    "settings": {
      "fd_thres": 0.2,
      "testing": false
    },
    "software": "mriqc",
    "version": "22.0.6",
    "webapi_port": null,
    "webapi_url": "https://mriqc.nimh.nih.gov/api/v1"
  },
  "size_t": 199,
  "size_x": 70,
  "size_y": 70,
  "size_z": 36,
  "snr": 2.650002225508362,
  "spacing_tr": 2.0,
  "spacing_x": 3.0,
  "spacing_y": 3.0,
  "spacing_z": 3.5399999618530273,
  "summary_bg_k": 23.362945182744248,
  "summary_bg_mad": 5.461041276767124,
  "summary_bg_mean": 34.691436767578125,
  "summary_bg_median": 16.773868560791016,
  "summary_bg_n": 110903.0,
  "summary_bg_p05": 12.522612571716309,
  "summary_bg_p95": 139.51708984374997,
  "summary_bg_stdv": 52.368255615234375,
  "summary_fg_k": 0.11672997445046729,
  "summary_fg_mad": 146.17413609963188,
  "summary_fg_mean": 413.5200500488281,
  "summary_fg_median": 387.53265380859375,
  "summary_fg_n": 30169.0,
  "summary_fg_p05": 217.14270935058593,
  "summary_fg_p95": 685.7989990234372,
  "summary_fg_stdv": 146.23619079589844,
  "tsnr": 45.72030839940999
}