{
  "aor": 0.027419759999999998,
  "aqi": 0.007735260880000001,
  "bids_meta": {
    "AcquisitionMatrixPE": 70,
    "AcquisitionNumber": 1,
    "AcquisitionTime": "11:11:44.445000",
    "BandwidthPerPixelPhaseEncode": 57.143,
    "BaseResolution": 70,
    "BodyPartExamined": "BRAIN",
    "ConsistencyInfo": "N4_VE11C_LATEST_20160120",
    "ConversionSoftware": "dcm2niix",
    "ConversionSoftwareVersion": "v1.0.20181125  (JP2:OpenJPEG) (JP-LS:CharLS) GCC5.5.0",
    "DerivedVendorReportedEchoSpacing": 0.000499999,
    "DeviceSerialNumber": "167012",
    "DwellTime": 3e-06,
    "EchoTime": 0.03,
    "EchoTrainLength": 35,
    "EffectiveEchoSpacing": 0.000249999,
    "FlipAngle": 90,
    "ImageOrientationPatientDICOM": [
      0.994249,
      0.0501287,
      -0.0946369,
      -0.0543687,
      0.997605,
      -0.0427681
    ],
    "ImageType": [
      "ORIGINAL",
      "PRIMARY",
      "M",
      "ND",
      "MOSAIC"
    ],
    "ImagingFrequency": 123.254,
    "InPlanePhaseEncodingDirectionDICOM": "COL",
    "InstitutionAddress": "Vassar_Street_43_Cambridge_Boston_US_02139",
    "InstitutionName": "MIT",
    "InstitutionalDepartmentName": "Department",
    "MRAcquisitionType": "2D",
    "MagneticFieldStrength": 3,
    "Manufacturer": "Siemens",
    "ManufacturersModelName": "Prisma_fit",
    "Modality": "MR",
    "ParallelReductionFactorInPlane": 2,
    "PartialFourier": 1,
    "PatientPosition": "HFS",
    "PercentPhaseFOV": 100,
    "PhaseEncodingDirection": "j-",
    "PhaseEncodingSteps": 70,
    "PhaseResolution": 1,
    "PixelBandwidth": 2380,
    "ProcedureStepDescription": "Young_Emily",
    "ProtocolName": "so_localizer",
    "PulseSequenceDetails": "%SiemensSeq%_ep2d_pace",
    "ReceiveCoilActiveElements": "HEA;HEP",
    "ReceiveCoilName": "Head_32",
    "ReconMatrixPE": 70,
    "RepetitionTime": 2,
    "SAR": 0.119677,
    "ScanOptions": "FS",
    "ScanningSequence": "EP",
    "SequenceName": "_epfid2d1_70",
    "SequenceVariant": "SK",
    "SeriesDescription": "so_localizer",
    "SeriesNumber": 35,
    "ShimSetting": [
      -5654,
      -1540,
      3192,
      518,
      -69,
      142,
      46,
      -18
    ],
    "SliceThickness": 3,
    "SliceTiming": [
      0,
      0.055,
      0.11,
      0.165,
      0.22,
      0.275,
      0.33,
      0.385,
      0.44,
      0.495,
      0.55,
      0.605,
      0.66,
      0.715,
      0.77,
      0.825,
      0.88,
      0.935,
      0.99,
      1.045,
      1.1,
      1.155,
      1.21,
      1.265,
      1.32,
      1.375,
      1.43,
      1.485,
      1.54,
      1.595,
      1.65,
      1.705,
      1.76,
      1.815,
      1.87,
      1.925
    ],
    "SoftwareVersions": "syngo_MR_E11",
    "SpacingBetweenSlices": 3.54,
    "StationName": "MRC35115",
    "TaskName": "so",
    "TotalReadoutTime": 0.01725,
    "TxRefAmp": 236.303,
    "dataset": "ds002250",
    "modality": "bold",
    "run_id": 4,
    "subject_id": "12",
    "task_id": "so"
  },
  "dummy_trs": 0,
  "dvars_nstd": 36.4396211867742,
  "dvars_std": 1.289177569435484,
  "dvars_vstd": 1.1593154912903227,
  "efc": 0.5268541445379917,
  "fber": 467.6979064941406,
  "fd_mean": 0.6220886263027203,
  "fd_num": 48,
  "fd_perc": 38.4,
  "fwhm_avg": 2.8723603492728955,
  "fwhm_x": 2.7700933333333335,
  "fwhm_y": 2.982326666666667,
  "fwhm_z": 2.8646610478186854,
  "gcor": 0.0250483,
  "gsr_x": 0.024435151368379593,
  "gsr_y": 0.01574105955660343,
  "provenance": {
    "md5sum": "7ef74cbda1a4c4714900da6418ea5ccc",
    "settings": {
      "fd_thres": 0.2,
      "testing": false
    },
    "software": "mriqc",
    "version": "22.0.6",
    "webapi_port": null,
    "webapi_url": "https://mriqc.nimh.nih.gov/api/v1"
  },
  "size_t": 125,
  "size_x": 70,
  "size_y": 70,
  "size_z": 36,
  "snr": 2.543367127147844,
  "spacing_tr": 2.0,
  "spacing_x": 3.0,
  "spacing_y": 3.0,
  "spacing_z": 3.5399999618530273,
  "summary_bg_k": 23.65503867906467,
  "summary_bg_mad": 7.0927681876017195,
  "summary_bg_mean": 37.34239196777344,
  "summary_bg_median": 18.07200050354004,
  "summary_bg_n": 111113.0,
  "summary_bg_p05": 12.648000717163086,
  "summary_bg_p95": 151.34720764160153,
  "summary_bg_stdv": 56.26164245605469,
  "summary_fg_k": 0.44023730581745335,
  "summary_fg_mad": 151.09498371567346,
  "summary_fg_mean": 422.65380859375,
  "summary_fg_median": 394.0000305175781,
  "summary_fg_n": 30059.0,
  "summary_fg_p05": 221.19041595458984,
  "summary_fg_p95": 714.0912170410156,
  "summary_fg_stdv": 154.91018676757812,
  "tsnr": 36.63205312611535
}