{
  "aor": 0.0011794472361809046,
  "aqi": 0.0026208856783919597,
  "bids_meta": {
    "AcquisitionMatrixPE": 70,
    "AcquisitionNumber": 1,
    "AcquisitionTime": "09:40:2.027500",
    "BandwidthPerPixelPhaseEncode": 57.143,
    "BaseResolution": 70,
    "BodyPartExamined": "BRAIN",
    "ConsistencyInfo": "N4_VE11C_LATEST_20160120",
    "ConversionSoftware": "dcm2niix",
    "ConversionSoftwareVersion": "v1.0.20181125  (JP2:OpenJPEG) (JP-LS:CharLS) GCC5.5.0",
    "DerivedVendorReportedEchoSpacing": 0.000499999,
    "DeviceSerialNumber": "167012",
    "DwellTime": 3e-06,
    "EchoTime": 0.03,
    "EchoTrainLength": 35,
    "EffectiveEchoSpacing": 0.000249999,
    "FlipAngle": 90,
    "ImageOrientationPatientDICOM": [
      0.999359,
      0.0356176,
      -0.00352267,
      -0.0341999,
      0.921261,
      -0.387438
    ],
    "ImageType": [
      "ORIGINAL",
      "PRIMARY",
      "M",
      "ND",
      "MOSAIC"
    ],
    "ImagingFrequency": 123.254,
    "InPlanePhaseEncodingDirectionDICOM": "COL",
    "InstitutionAddress": "Vassar_Street_43_Cambridge_Boston_US_02139",
    "InstitutionName": "McGovern_Institute_for_Brain_Research_(3T1)",
    "InstitutionalDepartmentName": "Department",
    "MRAcquisitionType": "2D",
    "MagneticFieldStrength": 3,
    "Manufacturer": "Siemens",
    "ManufacturersModelName": "Prisma_fit",
    "Modality": "MR",
    "ParallelReductionFactorInPlane": 2,
    "PartialFourier": 1,
    "PatientPosition": "HFS",
    "PercentPhaseFOV": 100,
    "PhaseEncodingDirection": "j-",
    "PhaseEncodingSteps": 70,
    "PhaseResolution": 1,
    "PixelBandwidth": 2380,
    "ProcedureStepDescription": "Young_Emily",
    "ProtocolName": "FIRSTTHIRD",
    "PulseSequenceDetails": "%SiemensSeq%_ep2d_pace",
    "ReceiveCoilActiveElements": "HEA;HEP",
    "ReceiveCoilName": "Head_32",
    "ReconMatrixPE": 70,
    "RepetitionTime": 2,
    "SAR": 0.12357,
    "ScanOptions": "FS",
    "ScanningSequence": "EP",
    "SequenceName": "_epfid2d1_70",
    "SequenceVariant": "SK",
    "SeriesDescription": "FIRSTTHIRD",
    "SeriesNumber": 19,
    "ShimSetting": [
      -5603,
      -1435,
      3115,
      317,
      0,
      153,
      -88,
      6
    ],
    "SliceThickness": 3,
    "SliceTiming": [
      0,
      0.055,
      0.11,
      0.165,
      0.22,
      0.275,
      0.33,
      0.385,
      0.44,
      0.495,
      0.55,
      0.605,
      0.66,
      0.715,
      0.77,
      0.825,
      0.88,
      0.935,
      0.99,
      1.045,
      1.1,
      1.155,
      1.21,
      1.265,
      1.32,
      1.375,
      1.43,
      1.485,
      1.54,
      1.595,
      1.65,
      1.705,
      1.76,
      1.815,
      1.87,
      1.925
    ],
    "SoftwareVersions": "syngo_MR_E11",
    "SpacingBetweenSlices": 3.54,
    "StationName": "MRC35115",
    "TaskName": "firstthird",
    "TotalReadoutTime": 0.01725,
    "TxRefAmp": 254.52,
    "dataset": "ds002250",
    "modality": "bold",
    "run_id": 1,
    "subject_id": "05",
    "task_id": "firstthird"
  },
  "dummy_trs": 0,
  "dvars_nstd": 28.124731660909088,
  "dvars_std": 1.2004852359090907,
  "dvars_vstd": 1.0117620912121215,
  "efc": 0.5571686779488657,
  "fber": 435.0343933105469,
  "fd_mean": 0.17370904444349505,
  "fd_num": 59,
  "fd_perc": 29.64824120603015,
  "fwhm_avg": 2.8245114605995263,
  "fwhm_x": 2.6081433333333335,
  "fwhm_y": 2.9407300000000003,
  "fwhm_z": 2.9246610484652447,
  "gcor": 0.0158389,
  "gsr_x": -0.0024801648687571287,
  "gsr_y": 0.09161733835935593,
  "provenance": {
    "md5sum": "3200c0d75749c11c59cd05be376e97b0",
    "settings": {
      "fd_thres": 0.2,
      "testing": false
    },
    "software": "mriqc",
    "version": "22.0.6",
    "webapi_port": null,
    "webapi_url": "https://mriqc.nimh.nih.gov/api/v1"
  },
  "size_t": 199,
  "size_x": 70,
  "size_y": 70,
  "size_z": 36,
  "snr": 2.4968348754230165,
  "spacing_tr": 2.0,
  "spacing_x": 3.0,
  "spacing_y": 3.0,
  "spacing_z": 3.5399999618530273,
  "summary_bg_k": 53.009437322476536,
  "summary_bg_mad": 4.567011393979035,
  "summary_bg_mean": 34.26561737060547,
  "summary_bg_median": 15.798995018005371,
  "summary_bg_n": 101309.0,
  "summary_bg_p05": 12.35175895690918,
  "summary_bg_p95": 122.32663269042946,
  "summary_bg_stdv": 55.05561828613281,
  "summary_fg_k": 0.9429581467556245,
  "summary_fg_mad": 129.05344673581212,
  "summary_fg_mean": 363.2112121582031,
  "summary_fg_median": 340.13568115234375,
  "summary_fg_n": 34395.0,
  "summary_fg_p05": 185.7587890625,
  "summary_fg_p95": 624.6804016113281,
  "summary_fg_stdv": 136.22476196289062,
  "tsnr": 68.97125890140887
}