{
  "aor": 0.0016924120603015074,
  "aqi": 0.002770373567839196,
  "bids_meta": {
    "AcquisitionMatrixPE": 70,
    "AcquisitionNumber": 1,
    "AcquisitionTime": "09:55:27.965000",
    "BandwidthPerPixelPhaseEncode": 57.143,
    "BaseResolution": 70,
    "BodyPartExamined": "BRAIN",
    "ConsistencyInfo": "N4_VE11C_LATEST_20160120",
    "ConversionSoftware": "dcm2niix",
    "ConversionSoftwareVersion": "v1.0.20181125  (JP2:OpenJPEG) (JP-LS:CharLS) GCC5.5.0",
    "DerivedVendorReportedEchoSpacing": 0.000499999,
    "DeviceSerialNumber": "167012",
    "DwellTime": 3e-06,
    "EchoTime": 0.03,
    "EchoTrainLength": 35,
    "EffectiveEchoSpacing": 0.000249999,
    "FlipAngle": 90,
    "ImageOrientationPatientDICOM": [
      0.999359,
      0.0356176,
      -0.00352267,
      -0.0341999,
      0.921261,
      -0.387438
    ],
    "ImageType": [
      "ORIGINAL",
      "PRIMARY",
      "M",
      "ND",
      "MOSAIC"
    ],
    "ImagingFrequency": 123.254,
    "InPlanePhaseEncodingDirectionDICOM": "COL",
    "InstitutionAddress": "Vassar_Street_43_Cambridge_Boston_US_02139",
    "InstitutionName": "McGovern_Institute_for_Brain_Research_(3T1)",
    "InstitutionalDepartmentName": "Department",
    "MRAcquisitionType": "2D",
    "MagneticFieldStrength": 3,
    "Manufacturer": "Siemens",
    "ManufacturersModelName": "Prisma_fit",
    "Modality": "MR",
    "ParallelReductionFactorInPlane": 2,
    "PartialFourier": 1,
    "PatientPosition": "HFS",
    "PercentPhaseFOV": 100,
    "PhaseEncodingDirection": "j-",
    "PhaseEncodingSteps": 70,
    "PhaseResolution": 1,
    "PixelBandwidth": 2380,
    "ProcedureStepDescription": "Young_Emily",
    "ProtocolName": "FIRSTTHIRD",
    "PulseSequenceDetails": "%SiemensSeq%_ep2d_pace",
    "ReceiveCoilActiveElements": "HEA;HEP",
    "ReceiveCoilName": "Head_32",
    "ReconMatrixPE": 70,
    "RepetitionTime": 2,
    "SAR": 0.12357,
    "ScanOptions": "FS",
    "ScanningSequence": "EP",
    "SequenceName": "_epfid2d1_70",
    "SequenceVariant": "SK",
    "SeriesDescription": "FIRSTTHIRD",
    "SeriesNumber": 23,
    "ShimSetting": [
      -5603,
      -1435,
      3115,
      317,
      0,
      153,
      -88,
      6
    ],
    "SliceThickness": 3,
    "SliceTiming": [
      0,
      0.055,
      0.11,
      0.165,
      0.22,
      0.275,
      0.33,
      0.385,
      0.44,
      0.495,
      0.55,
      0.605,
      0.66,
      0.715,
      0.77,
      0.825,
      0.88,
      0.935,
      0.99,
      1.045,
      1.1,
      1.155,
      1.21,
      1.265,
      1.32,
      1.375,
      1.43,
      1.485,
      1.54,
      1.595,
      1.6475,
      1.7025,
      1.7575,
      1.8125,
      1.8675,
      1.9225
    ],
    "SoftwareVersions": "syngo_MR_E11",
    "SpacingBetweenSlices": 3.54,
    "StationName": "MRC35115",
    "TaskName": "firstthird",
    "TotalReadoutTime": 0.01725,
    "TxRefAmp": 254.52,
    "dataset": "ds002250",
    "modality": "bold",
    "run_id": 3,
    "subject_id": "05",
    "task_id": "firstthird"
  },
  "dummy_trs": 0,
  "dvars_nstd": 26.215791904343426,
  "dvars_std": 1.191515449343435,
  "dvars_vstd": 1.0115065740909093,
  "efc": 0.5592760920248936,
  "fber": 421.89080810546875,
  "fd_mean": 0.1353291852369857,
  "fd_num": 21,
  "fd_perc": 10.552763819095478,
  "fwhm_avg": 2.8101001233987524,
  "fwhm_x": 2.5986166666666666,
  "fwhm_y": 2.9351299999999996,
  "fwhm_z": 2.896553703529592,
  "gcor": 0.0248532,
  "gsr_x": -0.001615295186638832,
  "gsr_y": 0.09292135387659073,
  "provenance": {
    "md5sum": "bbe08775a6dd6d222e24d283ac4674d9",
    "settings": {
      "fd_thres": 0.2,
      "testing": false
    },
    "software": "mriqc",
    "version": "22.0.6",
    "webapi_port": null,
    "webapi_url": "https://mriqc.nimh.nih.gov/api/v1"
  },
  "size_t": 199,
  "size_x": 70,
  "size_y": 70,
  "size_z": 36,
  "snr": 2.469175880883891,
  "spacing_tr": 2.0,
  "spacing_x": 3.0,
  "spacing_y": 3.0,
  "spacing_z": 3.5399999618530273,
  "summary_bg_k": 47.35820324947822,
  "summary_bg_mad": 4.745817087752721,
  "summary_bg_mean": 35.22330093383789,
  "summary_bg_median": 16.035175323486328,
  "summary_bg_n": 101001.0,
  "summary_bg_p05": 12.442211151123047,
  "summary_bg_p95": 127.56281280517578,
  "summary_bg_stdv": 56.38209533691406,
  "summary_fg_k": 0.8475564378499842,
  "summary_fg_mad": 130.9979369165862,
  "summary_fg_mean": 364.18157958984375,
  "summary_fg_median": 340.6482238769531,
  "summary_fg_n": 34601.0,
  "summary_fg_p05": 183.94471740722656,
  "summary_fg_p95": 629.1055297851562,
  "summary_fg_stdv": 137.9582977294922,
  "tsnr": 71.0802332162857
}