{
  "aor": 0.00190192,
  "aqi": 0.0024148239199999998,
  "bids_meta": {
    "AcquisitionMatrixPE": 70,
    "AcquisitionNumber": 1,
    "AcquisitionTime": "09:28:40.980000",
    "BandwidthPerPixelPhaseEncode": 57.143,
    "BaseResolution": 70,
    "BodyPartExamined": "BRAIN",
    "ConsistencyInfo": "N4_VE11C_LATEST_20160120",
    "ConversionSoftware": "dcm2niix",
    "ConversionSoftwareVersion": "v1.0.20181125  (JP2:OpenJPEG) (JP-LS:CharLS) GCC5.5.0",
    "DerivedVendorReportedEchoSpacing": 0.000499999,
    "DeviceSerialNumber": "167012",
    "DwellTime": 3e-06,
    "EchoTime": 0.03,
    "EchoTrainLength": 35,
    "EffectiveEchoSpacing": 0.000249999,
    "FlipAngle": 90,
    "ImageOrientationPatientDICOM": [
      0.999359,
      0.0356176,
      -0.00352267,
      -0.0341999,
      0.921261,
      -0.387438
    ],
    "ImageType": [
      "ORIGINAL",
      "PRIMARY",
      "M",
      "ND",
      "MOSAIC"
    ],
    "ImagingFrequency": 123.254,
    "InPlanePhaseEncodingDirectionDICOM": "COL",
    "InstitutionAddress": "Vassar_Street_43_Cambridge_Boston_US_02139",
    "InstitutionName": "McGovern_Institute_for_Brain_Research_(3T1)",
    "InstitutionalDepartmentName": "Department",
    "MRAcquisitionType": "2D",
    "MagneticFieldStrength": 3,
    "Manufacturer": "Siemens",
    "ManufacturersModelName": "Prisma_fit",
    "Modality": "MR",
    "ParallelReductionFactorInPlane": 2,
    "PartialFourier": 1,
    "PatientPosition": "HFS",
    "PercentPhaseFOV": 100,
    "PhaseEncodingDirection": "j-",
    "PhaseEncodingSteps": 70,
    "PhaseResolution": 1,
    "PixelBandwidth": 2380,
    "ProcedureStepDescription": "Young_Emily",
    "ProtocolName": "so_localizer",
    "PulseSequenceDetails": "%SiemensSeq%_ep2d_pace",
    "ReceiveCoilActiveElements": "HEA;HEP",
    "ReceiveCoilName": "Head_32",
    "ReconMatrixPE": 70,
    "RepetitionTime": 2,
    "SAR": 0.123305,
    "ScanOptions": "FS",
    "ScanningSequence": "EP",
    "SequenceName": "_epfid2d1_70",
    "SequenceVariant": "SK",
    "SeriesDescription": "so_localizer",
    "SeriesNumber": 15,
    "ShimSetting": [
      -5603,
      -1435,
      3115,
      317,
      0,
      153,
      -88,
      6
    ],
    "SliceThickness": 3,
    "SliceTiming": [
      0,
      0.055,
      0.11,
      0.165,
      0.22,
      0.275,
      0.33,
      0.385,
      0.44,
      0.495,
      0.55,
      0.605,
      0.66,
      0.715,
      0.77,
      0.825,
      0.88,
      0.935,
      0.99,
      1.045,
      1.1,
      1.155,
      1.21,
      1.265,
      1.32,
      1.375,
      1.43,
      1.485,
      1.54,
      1.595,
      1.65,
      1.705,
      1.76,
      1.815,
      1.87,
      1.925
    ],
    "SoftwareVersions": "syngo_MR_E11",
    "SpacingBetweenSlices": 3.54,
    "StationName": "MRC35115",
    "TaskName": "so",
    "TotalReadoutTime": 0.01725,
    "TxRefAmp": 254.52,
    "dataset": "ds002250",
    "modality": "bold",
    "run_id": 3,
    "subject_id": "05",
    "task_id": "so"
  },
  "dummy_trs": 0,
  "dvars_nstd": 27.853318415000015,
  "dvars_std": 1.2204498293548391,
  "dvars_vstd": 1.0281504206451617,
  "efc": 0.5555649607138969,
  "fber": 439.77490234375,
  "fd_mean": 0.164032237301706,
  "fd_num": 31,
  "fd_perc": 24.8,
  "fwhm_avg": 2.819409144163799,
  "fwhm_x": 2.60178,
  "fwhm_y": 2.9461366666666664,
  "fwhm_z": 2.9103107658247303,
  "gcor": 0.0152387,
  "gsr_x": -0.0029341005720198154,
  "gsr_y": 0.09305696189403534,
  "provenance": {
    "md5sum": "4c35e6bd4a704cd56a2443024a099cd0",
    "settings": {
      "fd_thres": 0.2,
      "testing": false
    },
    "software": "mriqc",
    "version": "22.0.6",
    "webapi_port": null,
    "webapi_url": "https://mriqc.nimh.nih.gov/api/v1"
  },
  "size_t": 125,
  "size_x": 70,
  "size_y": 70,
  "size_z": 36,
  "snr": 2.5015102280900874,
  "spacing_tr": 2.0,
  "spacing_x": 3.0,
  "spacing_y": 3.0,
  "spacing_z": 3.5399999618530273,
  "summary_bg_k": 62.77224235274774,
  "summary_bg_mad": 4.447806655516806,
  "summary_bg_mean": 33.88397979736328,
  "summary_bg_median": 15.680000305175781,
  "summary_bg_n": 101454.0,
  "summary_bg_p05": 12.312000274658203,
  "summary_bg_p95": 118.69360313415514,
  "summary_bg_stdv": 55.82707977294922,
  "summary_fg_k": 0.9096103240923568,
  "summary_fg_mad": 128.22731044712518,
  "summary_fg_mean": 362.1513977050781,
  "summary_fg_median": 339.0400085449219,
  "summary_fg_n": 34524.0,
  "summary_fg_p05": 184.7248031616211,
  "summary_fg_p95": 622.2408416748046,
  "summary_fg_stdv": 135.53216552734375,
  "tsnr": 72.93032895075157
}