{
  "aor": 0.00487024,
  "aqi": 0.004091309280000001,
  "bids_meta": {
    "AcquisitionMatrixPE": 70,
    "AcquisitionNumber": 1,
    "AcquisitionTime": "09:33:34.405000",
    "BandwidthPerPixelPhaseEncode": 57.143,
    "BaseResolution": 70,
    "BodyPartExamined": "BRAIN",
    "ConsistencyInfo": "N4_VE11C_LATEST_20160120",
    "ConversionSoftware": "dcm2niix",
    "ConversionSoftwareVersion": "v1.0.20181125  (JP2:OpenJPEG) (JP-LS:CharLS) GCC5.5.0",
    "DerivedVendorReportedEchoSpacing": 0.000499999,
    "DeviceSerialNumber": "167012",
    "DwellTime": 3e-06,
    "EchoTime": 0.03,
    "EchoTrainLength": 35,
    "EffectiveEchoSpacing": 0.000249999,
    "FlipAngle": 90,
    "ImageOrientationPatientDICOM": [
      0.999359,
      0.0356176,
      -0.00352267,
      -0.0341999,
      0.921261,
      -0.387438
    ],
    "ImageType": [
      "ORIGINAL",
      "PRIMARY",
      "M",
      "ND",
      "MOSAIC"
    ],
    "ImagingFrequency": 123.254,
    "InPlanePhaseEncodingDirectionDICOM": "COL",
    "InstitutionAddress": "Vassar_Street_43_Cambridge_Boston_US_02139",
    "InstitutionName": "McGovern_Institute_for_Brain_Research_(3T1)",
    "InstitutionalDepartmentName": "Department",
    "MRAcquisitionType": "2D",
    "MagneticFieldStrength": 3,
    "Manufacturer": "Siemens",
    "ManufacturersModelName": "Prisma_fit",
    "Modality": "MR",
    "ParallelReductionFactorInPlane": 2,
    "PartialFourier": 1,
    "PatientPosition": "HFS",
    "PercentPhaseFOV": 100,
    "PhaseEncodingDirection": "j-",
    "PhaseEncodingSteps": 70,
    "PhaseResolution": 1,
    "PixelBandwidth": 2380,
    "ProcedureStepDescription": "Young_Emily",
    "ProtocolName": "so_localizer",
    "PulseSequenceDetails": "%SiemensSeq%_ep2d_pace",
    "ReceiveCoilActiveElements": "HEA;HEP",
    "ReceiveCoilName": "Head_32",
    "ReconMatrixPE": 70,
    "RepetitionTime": 2,
    "SAR": 0.123305,
    "ScanOptions": "FS",
    "ScanningSequence": "EP",
    "SequenceName": "_epfid2d1_70",
    "SequenceVariant": "SK",
    "SeriesDescription": "so_localizer",
    "SeriesNumber": 17,
    "ShimSetting": [
      -5603,
      -1435,
      3115,
      317,
      0,
      153,
      -88,
      6
    ],
    "SliceThickness": 3,
    "SliceTiming": [
      0,
      0.055,
      0.11,
      0.165,
      0.22,
      0.275,
      0.33,
      0.385,
      0.44,
      0.495,
      0.55,
      0.605,
      0.66,
      0.715,
      0.77,
      0.825,
      0.88,
      0.935,
      0.99,
      1.045,
      1.1,
      1.155,
      1.21,
      1.265,
      1.32,
      1.375,
      1.43,
      1.485,
      1.54,
      1.5925,
      1.6475,
      1.7025,
      1.7575,
      1.8125,
      1.8675,
      1.9225
    ],
    "SoftwareVersions": "syngo_MR_E11",
    "SpacingBetweenSlices": 3.54,
    "StationName": "MRC35115",
    "TaskName": "so",
    "TotalReadoutTime": 0.01725,
    "TxRefAmp": 254.52,
    "dataset": "ds002250",
    "modality": "bold",
    "run_id": 4,
    "subject_id": "05",
    "task_id": "so"
  },
  "dummy_trs": 0,
  "dvars_nstd": 29.00294313145163,
  "dvars_std": 1.2299908762096772,
  "dvars_vstd": 1.042007886693548,
  "efc": 0.5567000108460844,
  "fber": 432.0710754394531,
  "fd_mean": 0.18994946474866845,
  "fd_num": 44,
  "fd_perc": 35.2,
  "fwhm_avg": 2.824613965294636,
  "fwhm_x": 2.5978499999999998,
  "fwhm_y": 2.9549466666666664,
  "fwhm_z": 2.921045229217241,
  "gcor": 0.0482422,
  "gsr_x": -0.003433802630752325,
  "gsr_y": 0.09421006590127945,
  "provenance": {
    "md5sum": "f84eda8ef1cc05b46d4975f9fab401e7",
    "settings": {
      "fd_thres": 0.2,
      "testing": false
    },
    "software": "mriqc",
    "version": "22.0.6",
    "webapi_port": null,
    "webapi_url": "https://mriqc.nimh.nih.gov/api/v1"
  },
  "size_t": 125,
  "size_x": 70,
  "size_y": 70,
  "size_z": 36,
  "snr": 2.5032316699422243,
  "spacing_tr": 2.0,
  "spacing_x": 3.0,
  "spacing_y": 3.0,
  "spacing_z": 3.5399999618530273,
  "summary_bg_k": 61.11203741967579,
  "summary_bg_mad": 4.6494414960762205,
  "summary_bg_mean": 34.42308044433594,
  "summary_bg_median": 15.856000900268555,
  "summary_bg_n": 101345.0,
  "summary_bg_p05": 12.336000442504883,
  "summary_bg_p95": 122.03840484619084,
  "summary_bg_stdv": 57.041526794433594,
  "summary_fg_k": 0.9294602517239774,
  "summary_fg_mad": 129.0457097674477,
  "summary_fg_mean": 363.3745422363281,
  "summary_fg_median": 340.3000183105469,
  "summary_fg_n": 34504.0,
  "summary_fg_p05": 186.44000244140625,
  "summary_fg_p95": 624.8852539062499,
  "summary_fg_stdv": 135.9423065185547,
  "tsnr": 65.24547384295147
}