{
  "aor": 0.0008543434343434344,
  "aqi": 0.0022498162626262627,
  "bids_meta": {
    "AcquisitionMatrixPE": 70,
    "AcquisitionNumber": 1,
    "AcquisitionTime": "09:47:30.682500",
    "BandwidthPerPixelPhaseEncode": 57.143,
    "BaseResolution": 70,
    "BodyPartExamined": "BRAIN",
    "ConsistencyInfo": "N4_VE11C_LATEST_20160120",
    "ConversionSoftware": "dcm2niix",
    "ConversionSoftwareVersion": "v1.0.20181125  (JP2:OpenJPEG) (JP-LS:CharLS) GCC5.5.0",
    "DerivedVendorReportedEchoSpacing": 0.000499999,
    "DeviceSerialNumber": "167012",
    "DwellTime": 3e-06,
    "EchoTime": 0.03,
    "EchoTrainLength": 35,
    "EffectiveEchoSpacing": 0.000249999,
    "FlipAngle": 90,
    "ImageOrientationPatientDICOM": [
      0.999359,
      0.0356176,
      -0.00352267,
      -0.0341999,
      0.921261,
      -0.387438
    ],
    "ImageType": [
      "ORIGINAL",
      "PRIMARY",
      "M",
      "ND",
      "MOSAIC"
    ],
    "ImagingFrequency": 123.254,
    "InPlanePhaseEncodingDirectionDICOM": "COL",
    "InstitutionAddress": "Vassar_Street_43_Cambridge_Boston_US_02139",
    "InstitutionName": "McGovern_Institute_for_Brain_Research_(3T1)",
    "InstitutionalDepartmentName": "Department",
    "MRAcquisitionType": "2D",
    "MagneticFieldStrength": 3,
    "Manufacturer": "Siemens",
    "ManufacturersModelName": "Prisma_fit",
    "Modality": "MR",
    "ParallelReductionFactorInPlane": 2,
    "PartialFourier": 1,
    "PatientPosition": "HFS",
    "PercentPhaseFOV": 100,
    "PhaseEncodingDirection": "j-",
    "PhaseEncodingSteps": 70,
    "PhaseResolution": 1,
    "PixelBandwidth": 2380,
    "ProcedureStepDescription": "Young_Emily",
    "ProtocolName": "FIRSTTHIRD",
    "PulseSequenceDetails": "%SiemensSeq%_ep2d_pace",
    "ReceiveCoilActiveElements": "HEA;HEP",
    "ReceiveCoilName": "Head_32",
    "ReconMatrixPE": 70,
    "RepetitionTime": 2,
    "SAR": 0.12357,
    "ScanOptions": "FS",
    "ScanningSequence": "EP",
    "SequenceName": "_epfid2d1_70",
    "SequenceVariant": "SK",
    "SeriesDescription": "FIRSTTHIRD",
    "SeriesNumber": 21,
    "ShimSetting": [
      -5603,
      -1435,
      3115,
      317,
      0,
      153,
      -88,
      6
    ],
    "SliceThickness": 3,
    "SliceTiming": [
      0,
      0.055,
      0.11,
      0.165,
      0.22,
      0.275,
      0.33,
      0.385,
      0.44,
      0.495,
      0.55,
      0.605,
      0.66,
      0.715,
      0.77,
      0.825,
      0.88,
      0.935,
      0.99,
      1.045,
      1.1,
      1.155,
      1.21,
      1.265,
      1.32,
      1.375,
      1.43,
      1.485,
      1.54,
      1.595,
      1.65,
      1.705,
      1.76,
      1.815,
      1.87,
      1.925
    ],
    "SoftwareVersions": "syngo_MR_E11",
    "SpacingBetweenSlices": 3.54,
    "StationName": "MRC35115",
    "TaskName": "firstthird",
    "TotalReadoutTime": 0.01725,
    "TxRefAmp": 254.52,
    "dataset": "ds002250",
    "modality": "bold",
    "run_id": 2,
    "subject_id": "05",
    "task_id": "firstthird"
  },
  "dummy_trs": 1,
  "dvars_nstd": 27.28761034888327,
  "dvars_std": 1.2036247521319794,
  "dvars_vstd": 1.019634336497462,
  "efc": 0.5581904588449191,
  "fber": 432.4805908203125,
  "fd_mean": 0.16445571584144486,
  "fd_num": 51,
  "fd_perc": 25.757575757575758,
  "fwhm_avg": 2.821726413456853,
  "fwhm_x": 2.6193066666666667,
  "fwhm_y": 2.9383866666666667,
  "fwhm_z": 2.9074859070372274,
  "gcor": 0.0121236,
  "gsr_x": -0.0012634090380743146,
  "gsr_y": 0.09219593554735184,
  "provenance": {
    "md5sum": "597dd7274161a4cba8b9d124ba0fcf49",
    "settings": {
      "fd_thres": 0.2,
      "testing": false
    },
    "software": "mriqc",
    "version": "22.0.6",
    "webapi_port": null,
    "webapi_url": "https://mriqc.nimh.nih.gov/api/v1"
  },
  "size_t": 198,
  "size_x": 70,
  "size_y": 70,
  "size_z": 36,
  "snr": 2.4918781721499976,
  "spacing_tr": 2.0,
  "spacing_x": 3.0,
  "spacing_y": 3.0,
  "spacing_z": 3.5399999618530273,
  "summary_bg_k": 51.20315524613958,
  "summary_bg_mad": 4.597566197771899,
  "summary_bg_mean": 34.90049362182617,
  "summary_bg_median": 15.863636016845703,
  "summary_bg_n": 101301.0,
  "summary_bg_p05": 12.378787994384766,
  "summary_bg_p95": 125.8787841796875,
  "summary_bg_stdv": 56.287044525146484,
  "summary_fg_k": 0.8598614330462082,
  "summary_fg_mad": 129.86245762961062,
  "summary_fg_mean": 363.2650451660156,
  "summary_fg_median": 340.1464538574219,
  "summary_fg_n": 34489.0,
  "summary_fg_p05": 185.00606079101564,
  "summary_fg_p95": 624.7302978515625,
  "summary_fg_stdv": 136.50006103515625,
  "tsnr": 70.79682803642936
}