{
  "aor": 0.009446432160804022,
  "aqi": 0.00392193864321608,
  "bids_meta": {
    "AcquisitionMatrixPE": 70,
    "AcquisitionNumber": 1,
    "AcquisitionTime": "10:02:58.262500",
    "BandwidthPerPixelPhaseEncode": 57.143,
    "BaseResolution": 70,
    "BodyPartExamined": "BRAIN",
    "ConsistencyInfo": "N4_VE11C_LATEST_20160120",
    "ConversionSoftware": "dcm2niix",
    "ConversionSoftwareVersion": "v1.0.20181125  (JP2:OpenJPEG) (JP-LS:CharLS) GCC5.5.0",
    "DerivedVendorReportedEchoSpacing": 0.000499999,
    "DeviceSerialNumber": "167012",
    "DwellTime": 3e-06,
    "EchoTime": 0.03,
    "EchoTrainLength": 35,
    "EffectiveEchoSpacing": 0.000249999,
    "FlipAngle": 90,
    "ImageOrientationPatientDICOM": [
      0.999359,
      0.0356176,
      -0.00352267,
      -0.0341999,
      0.921261,
      -0.387438
    ],
    "ImageType": [
      "ORIGINAL",
      "PRIMARY",
      "M",
      "ND",
      "MOSAIC"
    ],
    "ImagingFrequency": 123.254,
    "InPlanePhaseEncodingDirectionDICOM": "COL",
    "InstitutionAddress": "Vassar_Street_43_Cambridge_Boston_US_02139",
    "InstitutionName": "McGovern_Institute_for_Brain_Research_(3T1)",
    "InstitutionalDepartmentName": "Department",
    "MRAcquisitionType": "2D",
    "MagneticFieldStrength": 3,
    "Manufacturer": "Siemens",
    "ManufacturersModelName": "Prisma_fit",
    "Modality": "MR",
    "ParallelReductionFactorInPlane": 2,
    "PartialFourier": 1,
    "PatientPosition": "HFS",
    "PercentPhaseFOV": 100,
    "PhaseEncodingDirection": "j-",
    "PhaseEncodingSteps": 70,
    "PhaseResolution": 1,
    "PixelBandwidth": 2380,
    "ProcedureStepDescription": "Young_Emily",
    "ProtocolName": "FIRSTTHIRD",
    "PulseSequenceDetails": "%SiemensSeq%_ep2d_pace",
    "ReceiveCoilActiveElements": "HEA;HEP",
    "ReceiveCoilName": "Head_32",
    "ReconMatrixPE": 70,
    "RepetitionTime": 2,
    "SAR": 0.12357,
    "ScanOptions": "FS",
    "ScanningSequence": "EP",
    "SequenceName": "_epfid2d1_70",
    "SequenceVariant": "SK",
    "SeriesDescription": "FIRSTTHIRD",
    "SeriesNumber": 25,
    "ShimSetting": [
      -5603,
      -1435,
      3115,
      317,
      0,
      153,
      -88,
      6
    ],
    "SliceThickness": 3,
    "SliceTiming": [
      0,
      0.055,
      0.11,
      0.165,
      0.22,
      0.275,
      0.33,
      0.385,
      0.44,
      0.495,
      0.55,
      0.605,
      0.66,
      0.715,
      0.77,
      0.825,
      0.88,
      0.935,
      0.99,
      1.045,
      1.1,
      1.155,
      1.21,
      1.265,
      1.32,
      1.375,
      1.43,
      1.485,
      1.54,
      1.595,
      1.65,
      1.705,
      1.76,
      1.815,
      1.87,
      1.925
    ],
    "SoftwareVersions": "syngo_MR_E11",
    "SpacingBetweenSlices": 3.54,
    "StationName": "MRC35115",
    "TaskName": "firstthird",
    "TotalReadoutTime": 0.01725,
    "TxRefAmp": 254.52,
    "dataset": "ds002250",
    "modality": "bold",
    "run_id": 4,
    "subject_id": "05",
    "task_id": "firstthird"
  },
  "dummy_trs": 0,
  "dvars_nstd": 30.60553789606061,
  "dvars_std": 1.2657337062626266,
  "dvars_vstd": 1.0780942892424246,
  "efc": 0.5601508731263888,
  "fber": 419.1998596191406,
  "fd_mean": 0.2210690362074872,
  "fd_num": 55,
  "fd_perc": 27.63819095477387,
  "fwhm_avg": 2.8266154342218996,
  "fwhm_x": 2.61977,
  "fwhm_y": 2.938833333333333,
  "fwhm_z": 2.9212429693323663,
  "gcor": 0.0538175,
  "gsr_x": -0.00038038461934775114,
  "gsr_y": 0.09263520687818527,
  "provenance": {
    "md5sum": "29d586f2963d3fd716a888d4fa712dab",
    "settings": {
      "fd_thres": 0.2,
      "testing": false
    },
    "software": "mriqc",
    "version": "22.0.6",
    "webapi_port": null,
    "webapi_url": "https://mriqc.nimh.nih.gov/api/v1"
  },
  "size_t": 199,
  "size_x": 70,
  "size_y": 70,
  "size_z": 36,
  "snr": 2.481816026291721,
  "spacing_tr": 2.0,
  "spacing_x": 3.0,
  "spacing_y": 3.0,
  "spacing_z": 3.5399999618530273,
  "summary_bg_k": 45.92949021173623,
  "summary_bg_mad": 4.857569055701661,
  "summary_bg_mean": 35.358367919921875,
  "summary_bg_median": 16.135677337646484,
  "summary_bg_n": 101069.0,
  "summary_bg_p05": 12.442211151123047,
  "summary_bg_p95": 128.87637634277326,
  "summary_bg_stdv": 55.980064392089844,
  "summary_fg_k": 0.8678494019229621,
  "summary_fg_mad": 130.86758483554635,
  "summary_fg_mean": 364.9627380371094,
  "summary_fg_median": 341.4924621582031,
  "summary_fg_n": 34578.0,
  "summary_fg_p05": 185.29572525024415,
  "summary_fg_p95": 628.0568023681642,
  "summary_fg_stdv": 137.5958251953125,
  "tsnr": 57.55829242640175
}