{
  "aor": 0.010742160000000002,
  "aqi": 0.004086305520000001,
  "bids_meta": {
    "AcquisitionMatrixPE": 70,
    "AcquisitionNumber": 1,
    "AcquisitionTime": "14:54:33.015000",
    "BandwidthPerPixelPhaseEncode": 57.143,
    "BaseResolution": 70,
    "BodyPartExamined": "BRAIN",
    "ConsistencyInfo": "N4_VE11C_LATEST_20160120",
    "ConversionSoftware": "dcm2niix",
    "ConversionSoftwareVersion": "v1.0.20181125  (JP2:OpenJPEG) (JP-LS:CharLS) GCC5.5.0",
    "DerivedVendorReportedEchoSpacing": 0.000499999,
    "DeviceSerialNumber": "167012",
    "DwellTime": 3e-06,
    "EchoTime": 0.03,
    "EchoTrainLength": 35,
    "EffectiveEchoSpacing": 0.000249999,
    "FlipAngle": 90,
    "ImageOrientationPatientDICOM": [
      0.998388,
      -0.00746309,
      0.0562568,
      0.00435627,
      0.998469,
      0.0551473
    ],
    "ImageType": [
      "ORIGINAL",
      "PRIMARY",
      "M",
      "ND",
      "MOSAIC"
    ],
    "ImagingFrequency": 123.253,
    "InPlanePhaseEncodingDirectionDICOM": "COL",
    "InstitutionAddress": "Vassar_Street_43_Cambridge_Boston_US_02139",
    "InstitutionName": "McGovern_Institute_for_Brain_Research_(3T1)",
    "InstitutionalDepartmentName": "Department",
    "MRAcquisitionType": "2D",
    "MagneticFieldStrength": 3,
    "Manufacturer": "Siemens",
    "ManufacturersModelName": "Prisma_fit",
    "Modality": "MR",
    "ParallelReductionFactorInPlane": 2,
    "PartialFourier": 1,
    "PatientPosition": "HFS",
    "PercentPhaseFOV": 100,
    "PhaseEncodingDirection": "j-",
    "PhaseEncodingSteps": 70,
    "PhaseResolution": 1,
    "PixelBandwidth": 2380,
    "ProcedureStepDescription": "Young_Emily",
    "ProtocolName": "so_localizer",
    "PulseSequenceDetails": "%SiemensSeq%_ep2d_pace",
    "ReceiveCoilActiveElements": "HEA;HEP",
    "ReceiveCoilName": "Head_32",
    "ReconMatrixPE": 70,
    "RepetitionTime": 2,
    "SAR": 0.0875216,
    "ScanOptions": "FS",
    "ScanningSequence": "EP",
    "SequenceName": "_epfid2d1_70",
    "SequenceVariant": "SK",
    "SeriesDescription": "so_localizer",
    "SeriesNumber": 25,
    "ShimSetting": [
      -5597,
      -1540,
      3136,
      427,
      26,
      94,
      32,
      -31
    ],
    "SliceThickness": 3,
    "SliceTiming": [
      0,
      0.055,
      0.11,
      0.165,
      0.22,
      0.275,
      0.33,
      0.385,
      0.44,
      0.495,
      0.55,
      0.605,
      0.66,
      0.715,
      0.77,
      0.825,
      0.88,
      0.935,
      0.99,
      1.045,
      1.1,
      1.155,
      1.21,
      1.265,
      1.32,
      1.375,
      1.43,
      1.485,
      1.54,
      1.595,
      1.65,
      1.705,
      1.76,
      1.815,
      1.87,
      1.925
    ],
    "SoftwareVersions": "syngo_MR_E11",
    "SpacingBetweenSlices": 3.54,
    "StationName": "MRC35115",
    "TaskName": "so",
    "TotalReadoutTime": 0.01725,
    "TxRefAmp": 221.83,
    "dataset": "ds002250",
    "modality": "bold",
    "run_id": 1,
    "subject_id": "03",
    "task_id": "so"
  },
  "dummy_trs": 0,
  "dvars_nstd": 22.21549323250001,
  "dvars_std": 1.131860386693548,
  "dvars_vstd": 1.0395222637096775,
  "efc": 0.5068918130258516,
  "fber": 604.767333984375,
  "fd_mean": 0.2105806866566259,
  "fd_num": 18,
  "fd_perc": 14.4,
  "fwhm_avg": 2.993019577185524,
  "fwhm_x": 2.901706666666667,
  "fwhm_y": 3.201363333333333,
  "fwhm_z": 2.8759887315565713,
  "gcor": 0.0559006,
  "gsr_x": -0.0020470486488193274,
  "gsr_y": 0.03471365198493004,
  "provenance": {
    "md5sum": "2f14a431b7e8dc85c8e9e29373bbb975",
    "settings": {
      "fd_thres": 0.2,
      "testing": false
    },
    "software": "mriqc",
    "version": "22.0.6",
    "webapi_port": null,
    "webapi_url": "https://mriqc.nimh.nih.gov/api/v1"
  },
  "size_t": 125,
  "size_x": 70,
  "size_y": 70,
  "size_z": 36,
  "snr": 2.2826162116866526,
  "spacing_tr": 2.0,
  "spacing_x": 3.0,
  "spacing_y": 3.0,
  "spacing_z": 3.5399999618530273,
  "summary_bg_k": 32.01346844067265,
  "summary_bg_mad": 6.143902258747058,
  "summary_bg_mean": 38.037906646728516,
  "summary_bg_median": 17.576000213623047,
  "summary_bg_n": 111027.0,
  "summary_bg_p05": 12.928000450134277,
  "summary_bg_p95": 147.33361053466794,
  "summary_bg_stdv": 61.030155181884766,
  "summary_fg_k": 0.7283051168056103,
  "summary_fg_mad": 183.771504034828,
  "summary_fg_mean": 476.8736877441406,
  "summary_fg_median": 438.31201171875,
  "summary_fg_n": 29009.0,
  "summary_fg_p05": 235.63201293945315,
  "summary_fg_p95": 840.2528442382812,
  "summary_fg_stdv": 192.01846313476562,
  "tsnr": 59.71922471560538
}